{
  "aor": 0.001474644549763033,
  "aqi": 0.014569591563981042,
  "bids_meta": {
    "AcquisitionDateTime": "2013-09-09T11:06:56.148438",
    "ConversionSoftware": "dcm2niix",
    "ConversionSoftwareVersion": "v1.0.20170207",
    "EchoTime": 0.03,
    "EffectiveEchoSpacing": 0.000265001,
    "FlipAngle": 90,
    "ImageType": [
      "ORIGINAL",
      "PRIMARY",
      "M",
      "ND",
      "MOSAIC"
    ],
    "MagneticFieldStrength": 3,
    "Manufacturer": "Siemens",
    "ManufacturersModelName": "TrioTim",
    "PhaseEncodingDirection": "j",
    "ProcedureStepDescription": "Studies_bbsrc_age",
    "ProtocolName": "ep2d_bold_PtoA_iPAT2_block_3",
    "RepetitionTime": 2,
    "TaskName": "Emoreg Run3",
    "dataset": "ds002366",
    "modality": "bold",
    "session_id": "1",
    "subject_id": "ER028",
    "task_id": "emoregRun3"
  },
  "dummy_trs": 0,
  "dvars_nstd": 35.45438513061906,
  "dvars_std": 1.0680234051904764,
  "dvars_vstd": 1.012153251666667,
  "efc": 0.5580303856945491,
  "fber": 582.0563354492188,
  "fd_mean": 0.17224128228473976,
  "fd_num": 67,
  "fd_perc": 31.753554502369667,
  "fwhm_avg": 1.7740154548285247,
  "fwhm_x": 1.7377500000000001,
  "fwhm_y": 1.9715168233487466,
  "fwhm_z": 1.6127795411368278,
  "gcor": 0.0114517,
  "gsr_x": 0.007651031482964754,
  "gsr_y": 0.025322450324892998,
  "provenance": {
    "md5sum": "d536b0ea506694802892c5c4970bcbbb",
    "settings": {
      "fd_thres": 0.2,
      "testing": false
    },
    "software": "mriqc",
    "version": "23.0.1",
    "webapi_port": null,
    "webapi_url": "https://mriqc.nimh.nih.gov/api/v1"
  },
  "size_t": 211,
  "size_x": 64,
  "size_y": 64,
  "size_z": 30,
  "snr": 5.52167221062972,
  "spacing_tr": 2.0,
  "spacing_x": 3.0,
  "spacing_y": 2.999999761581421,
  "spacing_z": 3.989999771118164,
  "summary_bg_k": 96.23638860200087,
  "summary_bg_mad": 8.95182792876599,
  "summary_bg_mean": 54.3008918762207,
  "summary_bg_median": 38.744075775146484,
  "summary_bg_n": 68170.0,
  "summary_bg_p05": 30.31279754638672,
  "summary_bg_p95": 129.77938995361288,
  "summary_bg_stdv": 53.22899627685547,
  "summary_fg_k": 2.2584380382130735,
  "summary_fg_mad": 132.61209022000105,
  "summary_fg_mean": 956.2772216796875,
  "summary_fg_median": 937.623291015625,
  "summary_fg_n": 25488.0,
  "summary_fg_p05": 728.2955291748046,
  "summary_fg_p95": 1266.1173583984369,
  "summary_fg_stdv": 169.8045196533203,
  "tsnr": 41.23109372961335
}