{
  "bids_meta": {
    "AcquisitionDateTime": "2013-12-02T14:57:28.812500",
    "ConversionSoftware": "dcm2niix",
    "ConversionSoftwareVersion": "v1.0.20170207",
    "EchoTime": 0.00302,
    "FlipAngle": 9,
    "ImageType": [
      "ORIGINAL",
      "PRIMARY",
      "M",
      "ND",
      "NORM"
    ],
    "MagneticFieldStrength": 3,
    "Manufacturer": "Siemens",
    "ManufacturersModelName": "TrioTim",
    "PhaseEncodingDirection": "i-",
    "ProcedureStepDescription": "Studies_bbsrc_age",
    "ProtocolName": "MPRAGE",
    "RepetitionTime": 2.02,
    "dataset": "ds002366",
    "modality": "T1w",
    "session_id": "1",
    "subject_id": "ER046"
  },
  "cjv": 0.3862718423692756,
  "cnr": 3.520386068398733,
  "efc": 0.5216415575393181,
  "fber": 12062.670345318618,
  "fwhm_avg": 4.58181704,
  "fwhm_x": 4.65783,
  "fwhm_y": 4.77100032,
  "fwhm_z": 4.3166208,
  "icvs_csf": 0.3290210730407464,
  "icvs_gm": 0.3799571779140885,
  "icvs_wm": 0.2910217490451651,
  "inu_med": 0.6583186388015747,
  "inu_range": 0.3346221804618836,
  "provenance": {
    "md5sum": "6a3fcbc76a8be98d7de0f082e7b1f148",
    "settings": {
      "testing": false
    },
    "software": "mriqc",
    "version": "23.0.1",
    "warnings": {
      "large_rot_frame": true,
      "small_air_mask": false
    },
    "webapi_port": null,
    "webapi_url": "https://mriqc.nimh.nih.gov/api/v1"
  },
  "qi_1": 0.0,
  "qi_2": 0.013234677087668002,
  "rpve_csf": 19.183985270990757,
  "rpve_gm": 14.934784542019594,
  "rpve_wm": 21.895204443261566,
  "size_x": 192,
  "size_y": 256,
  "size_z": 256,
  "snr_csf": 3.984770152481398,
  "snr_gm": 13.736110702424485,
  "snr_total": 12.387524818030967,
  "snr_wm": 19.441693599187015,
  "snrd_csf": 30.37003982972891,
  "snrd_gm": 78.97009505450289,
  "snrd_total": 72.17653894781405,
  "snrd_wm": 107.18948195921037,
  "spacing_x": 1.0,
  "spacing_y": 0.9765625,
  "spacing_z": 0.9765625,
  "summary_bg_k": 9.367013513860027,
  "summary_bg_mad": 6.112214982632479,
  "summary_bg_mean": 5.614040818776191,
  "summary_bg_median": 4.122626356780529,
  "summary_bg_n": 4156896.0,
  "summary_bg_p05": 0.0,
  "summary_bg_p95": 23.15687996149063,
  "summary_bg_stdv": 8.390792161434302,
  "summary_csf_k": 2.30450610926646,
  "summary_csf_mad": 56.37542968023787,
  "summary_csf_mean": 290.2392118543221,
  "summary_csf_median": 283.3428465742618,
  "summary_csf_n": 152603.0,
  "summary_csf_p05": 193.85115422308445,
  "summary_csf_p95": 418.4465752132237,
  "summary_csf_stdv": 71.10621374996647,
  "summary_gm_k": 0.3505392053321752,
  "summary_gm_mad": 51.88880378873105,
  "summary_gm_mean": 734.55714941544,
  "summary_gm_median": 736.7659592293203,
  "summary_gm_n": 17436.0,
  "summary_gm_p05": 642.8830119422637,
  "summary_gm_p95": 818.8292490360327,
  "summary_gm_stdv": 53.635621258735256,
  "summary_wm_k": 0.21288419015623505,
  "summary_wm_mad": 49.808049752090206,
  "summary_wm_mean": 1000.2212940758328,
  "summary_wm_median": 1000.0438956096768,
  "summary_wm_n": 142057.0,
  "summary_wm_p05": 916.1002057492733,
  "summary_wm_p95": 1085.763823421672,
  "summary_wm_stdv": 51.437924923211575,
  "tpm_overlap_csf": 0.13884954835883895,
  "tpm_overlap_gm": 0.40082073745952995,
  "tpm_overlap_wm": 0.42273062368640885,
  "wm2max": 0.8390253187627782
}