{
  "bids_meta": {
    "AcquisitionDateTime": "2013-11-12T10:51:28.835938",
    "ConversionSoftware": "dcm2niix",
    "ConversionSoftwareVersion": "v1.0.20170207",
    "EchoTime": 0.00302,
    "FlipAngle": 9,
    "ImageType": [
      "ORIGINAL",
      "PRIMARY",
      "M",
      "ND",
      "NORM"
    ],
    "MagneticFieldStrength": 3,
    "Manufacturer": "Siemens",
    "ManufacturersModelName": "TrioTim",
    "PhaseEncodingDirection": "i-",
    "ProcedureStepDescription": "Studies_bbsrc_age",
    "ProtocolName": "MPRAGE",
    "RepetitionTime": 2.02,
    "dataset": "ds002366",
    "modality": "T1w",
    "session_id": "1",
    "subject_id": "ER048"
  },
  "cjv": 0.3586586885113996,
  "cnr": 3.828613040587078,
  "efc": 0.5047381041556939,
  "fber": 19808.680860190456,
  "fwhm_avg": 4.740344613333334,
  "fwhm_x": 4.65927,
  "fwhm_y": 5.16818944,
  "fwhm_z": 4.3935744,
  "icvs_csf": 0.2842359950821223,
  "icvs_gm": 0.38788952963243295,
  "icvs_wm": 0.32787447528544483,
  "inu_med": 0.5374200344085693,
  "inu_range": 0.18881412744522097,
  "provenance": {
    "md5sum": "c342088a38867c5fef263ab8dd029b90",
    "settings": {
      "testing": false
    },
    "software": "mriqc",
    "version": "23.0.1",
    "warnings": {
      "large_rot_frame": true,
      "small_air_mask": false
    },
    "webapi_port": null,
    "webapi_url": "https://mriqc.nimh.nih.gov/api/v1"
  },
  "qi_1": 0.0,
  "qi_2": 0.020413262438576302,
  "rpve_csf": 26.22360722249233,
  "rpve_gm": 17.773811155856396,
  "rpve_wm": 24.657171339465663,
  "size_x": 192,
  "size_y": 256,
  "size_z": 256,
  "snr_csf": 3.0602676532114628,
  "snr_gm": 12.074105648379117,
  "snr_total": 13.639741080490532,
  "snr_wm": 25.78484993988102,
  "snrd_csf": 28.27635990712685,
  "snrd_gm": 71.60691338933061,
  "snrd_total": 66.21160113088445,
  "snrd_wm": 98.75153009619589,
  "spacing_x": 1.0,
  "spacing_y": 0.9765625,
  "spacing_z": 0.9765625,
  "summary_bg_k": 12.03741826005579,
  "summary_bg_mad": 0.0,
  "summary_bg_mean": 4.284802037085067,
  "summary_bg_median": 0.0,
  "summary_bg_n": 3927446.0,
  "summary_bg_p05": 0.0,
  "summary_bg_p95": 18.21317248046398,
  "summary_bg_stdv": 6.634318722798039,
  "summary_csf_k": 0.9191461226841091,
  "summary_csf_mad": 77.57585557869966,
  "summary_csf_mean": 288.2727049408414,
  "summary_csf_median": 286.34401010908186,
  "summary_csf_n": 68340.0,
  "summary_csf_p05": 121.23385128751397,
  "summary_csf_p95": 447.13338439539075,
  "summary_csf_stdv": 93.5676050443643,
  "summary_gm_k": 0.04812436663098518,
  "summary_gm_mad": 60.64159641793557,
  "summary_gm_mean": 723.2637795545394,
  "summary_gm_median": 725.1361490227282,
  "summary_gm_n": 20140.0,
  "summary_gm_p05": 622.7936202548444,
  "summary_gm_p95": 818.4311874823644,
  "summary_gm_stdv": 60.05564035375025,
  "summary_wm_k": 0.20397598390599203,
  "summary_wm_mad": 37.947678289006575,
  "summary_wm_mean": 999.0780068841191,
  "summary_wm_median": 1000.0194234699011,
  "summary_wm_n": 151734.0,
  "summary_wm_p05": 934.0257368013263,
  "summary_wm_p95": 1061.1885570026934,
  "summary_wm_stdv": 38.78308892592788,
  "tpm_overlap_csf": 0.15565303520723658,
  "tpm_overlap_gm": 0.4622329154821145,
  "tpm_overlap_wm": 0.5206920004985033,
  "wm2max": 0.907359328120904
}