{
  "aor": 0.009185876777251186,
  "aqi": 0.026201479146919424,
  "bids_meta": {
    "AcquisitionDateTime": "2013-08-30T94:64:7.656250",
    "ConversionSoftware": "dcm2niix",
    "ConversionSoftwareVersion": "v1.0.20170207",
    "EchoTime": 0.03,
    "EffectiveEchoSpacing": 0.000265001,
    "FlipAngle": 90,
    "ImageType": [
      "ORIGINAL",
      "PRIMARY",
      "M",
      "ND",
      "MOSAIC"
    ],
    "MagneticFieldStrength": 3,
    "Manufacturer": "Siemens",
    "ManufacturersModelName": "TrioTim",
    "PhaseEncodingDirection": "j",
    "ProcedureStepDescription": "Studies_bbsrc_age",
    "ProtocolName": "ep2d_bold_PtoA_iPAT2_block_1",
    "RepetitionTime": 2,
    "TaskName": "Emoreg Run1",
    "dataset": "ds002366",
    "modality": "bold",
    "session_id": "1",
    "subject_id": "ER015",
    "task_id": "emoregRun1"
  },
  "dummy_trs": 0,
  "dvars_nstd": 58.862390172999994,
  "dvars_std": 1.1999733384761897,
  "dvars_vstd": 1.0848293350476188,
  "efc": 0.6039036317831807,
  "fber": 469.6444091796875,
  "fd_mean": 0.4750516158775284,
  "fd_num": 149,
  "fd_perc": 70.61611374407583,
  "fwhm_avg": 1.8063828732099372,
  "fwhm_x": 1.7972833333333333,
  "fwhm_y": 1.97771,
  "fwhm_z": 1.6441552862964777,
  "gcor": 0.0138266,
  "gsr_x": 0.01867724023759365,
  "gsr_y": 0.03517276048660278,
  "provenance": {
    "md5sum": "dc346bc6fd63dbc8ba2ff5c0eff84719",
    "settings": {
      "fd_thres": 0.2,
      "testing": false
    },
    "software": "mriqc",
    "version": "23.0.1",
    "webapi_port": null,
    "webapi_url": "https://mriqc.nimh.nih.gov/api/v1"
  },
  "size_t": 211,
  "size_x": 64,
  "size_y": 64,
  "size_z": 30,
  "snr": 4.900722148667837,
  "spacing_tr": 2.0,
  "spacing_x": 3.0,
  "spacing_y": 3.0,
  "spacing_z": 3.9900002479553223,
  "summary_bg_k": 36.67150975344083,
  "summary_bg_mad": 12.531855533850944,
  "summary_bg_mean": 63.40740203857422,
  "summary_bg_median": 41.52369689941406,
  "summary_bg_n": 61546.0,
  "summary_bg_p05": 28.906399250030518,
  "summary_bg_p95": 165.92654418945312,
  "summary_bg_stdv": 70.33301544189453,
  "summary_fg_k": 2.197649207013419,
  "summary_fg_mad": 137.3901885074481,
  "summary_fg_mean": 922.524169921875,
  "summary_fg_median": 899.30810546875,
  "summary_fg_n": 31282.0,
  "summary_fg_p05": 667.8981231689453,
  "summary_fg_p95": 1263.8259094238279,
  "summary_fg_stdv": 183.50228881835938,
  "tsnr": 27.8692307760939
}