{
  "aor": 0.007057345971563981,
  "aqi": 0.029062952132701426,
  "bids_meta": {
    "AcquisitionDateTime": "2013-08-30T95:50:0.210938",
    "ConversionSoftware": "dcm2niix",
    "ConversionSoftwareVersion": "v1.0.20170207",
    "EchoTime": 0.03,
    "EffectiveEchoSpacing": 0.000265001,
    "FlipAngle": 90,
    "ImageType": [
      "ORIGINAL",
      "PRIMARY",
      "M",
      "ND",
      "MOSAIC"
    ],
    "MagneticFieldStrength": 3,
    "Manufacturer": "Siemens",
    "ManufacturersModelName": "TrioTim",
    "PhaseEncodingDirection": "j",
    "ProcedureStepDescription": "Studies_bbsrc_age",
    "ProtocolName": "ep2d_bold_PtoA_iPAT2_block_2",
    "RepetitionTime": 2,
    "TaskName": "Emoreg Run2",
    "dataset": "ds002366",
    "modality": "bold",
    "session_id": "1",
    "subject_id": "ER015",
    "task_id": "emoregRun2"
  },
  "dummy_trs": 0,
  "dvars_nstd": 57.832067943952346,
  "dvars_std": 1.1759132302857143,
  "dvars_vstd": 1.060354536857143,
  "efc": 0.6035897192582382,
  "fber": 463.7780456542969,
  "fd_mean": 0.5165425738636338,
  "fd_num": 175,
  "fd_perc": 82.93838862559242,
  "fwhm_avg": 1.797848554351857,
  "fwhm_x": 1.77649,
  "fwhm_y": 1.9860833333333332,
  "fwhm_z": 1.6309723297222383,
  "gcor": 0.0167018,
  "gsr_x": 0.01840048097074032,
  "gsr_y": 0.03649844974279404,
  "provenance": {
    "md5sum": "365830c375d47ccb827b15fe04648f21",
    "settings": {
      "fd_thres": 0.2,
      "testing": false
    },
    "software": "mriqc",
    "version": "23.0.1",
    "webapi_port": null,
    "webapi_url": "https://mriqc.nimh.nih.gov/api/v1"
  },
  "size_t": 211,
  "size_x": 64,
  "size_y": 64,
  "size_z": 30,
  "snr": 4.927861554646667,
  "spacing_tr": 2.0,
  "spacing_x": 3.0,
  "spacing_y": 3.0,
  "spacing_z": 3.9900002479553223,
  "summary_bg_k": 38.68041194180741,
  "summary_bg_mad": 12.907774353120205,
  "summary_bg_mean": 63.684139251708984,
  "summary_bg_median": 42.194313049316406,
  "summary_bg_n": 61686.0,
  "summary_bg_p05": 29.497631072998047,
  "summary_bg_p95": 166.08175659179688,
  "summary_bg_stdv": 67.77704620361328,
  "summary_fg_k": 2.153514318610907,
  "summary_fg_mad": 136.96850110887414,
  "summary_fg_mean": 930.7639770507812,
  "summary_fg_median": 907.06640625,
  "summary_fg_n": 31237.0,
  "summary_fg_p05": 676.8948120117187,
  "summary_fg_p95": 1276.6417724609375,
  "summary_fg_stdv": 184.06602478027344,
  "tsnr": 26.82414428854827
}