{
  "aor": 0.006117819905213271,
  "aqi": 0.025325570142180096,
  "bids_meta": {
    "AcquisitionDateTime": "2013-08-30T10:10:3.507812",
    "ConversionSoftware": "dcm2niix",
    "ConversionSoftwareVersion": "v1.0.20170207",
    "EchoTime": 0.03,
    "EffectiveEchoSpacing": 0.000265001,
    "FlipAngle": 90,
    "ImageType": [
      "ORIGINAL",
      "PRIMARY",
      "M",
      "ND",
      "MOSAIC"
    ],
    "MagneticFieldStrength": 3,
    "Manufacturer": "Siemens",
    "ManufacturersModelName": "TrioTim",
    "PhaseEncodingDirection": "j",
    "ProcedureStepDescription": "Studies_bbsrc_age",
    "ProtocolName": "ep2d_bold_PtoA_iPAT2_block_4",
    "RepetitionTime": 2,
    "TaskName": "Emoreg Run4",
    "dataset": "ds002366",
    "modality": "bold",
    "session_id": "1",
    "subject_id": "ER015",
    "task_id": "emoregRun4"
  },
  "dummy_trs": 0,
  "dvars_nstd": 58.93319878352379,
  "dvars_std": 1.1965124322380944,
  "dvars_vstd": 1.0630419274285712,
  "efc": 0.6078554113048642,
  "fber": 439.09173583984375,
  "fd_mean": 0.4742648208515047,
  "fd_num": 159,
  "fd_perc": 75.35545023696683,
  "fwhm_avg": 1.805380032245397,
  "fwhm_x": 1.78151,
  "fwhm_y": 1.9648833333333335,
  "fwhm_z": 1.6697467634028578,
  "gcor": 0.0164706,
  "gsr_x": 0.016032468527555466,
  "gsr_y": 0.0380999892950058,
  "provenance": {
    "md5sum": "d898280c04a87660ef29e94d79a4836a",
    "settings": {
      "fd_thres": 0.2,
      "testing": false
    },
    "software": "mriqc",
    "version": "23.0.1",
    "webapi_port": null,
    "webapi_url": "https://mriqc.nimh.nih.gov/api/v1"
  },
  "size_t": 211,
  "size_x": 64,
  "size_y": 64,
  "size_z": 30,
  "snr": 4.988795712806287,
  "spacing_tr": 2.0,
  "spacing_x": 3.0,
  "spacing_y": 3.0,
  "spacing_z": 3.9900002479553223,
  "summary_bg_k": 36.501740034275656,
  "summary_bg_mad": 12.282414655760734,
  "summary_bg_mean": 66.35199737548828,
  "summary_bg_median": 43.50237274169922,
  "summary_bg_n": 61466.0,
  "summary_bg_p05": 32.48815155029297,
  "summary_bg_p95": 174.7689666748047,
  "summary_bg_stdv": 69.33853912353516,
  "summary_fg_k": 2.30996229305703,
  "summary_fg_mad": 134.69889989779386,
  "summary_fg_mean": 936.0919189453125,
  "summary_fg_median": 912.1090087890625,
  "summary_fg_n": 31325.0,
  "summary_fg_p05": 688.699560546875,
  "summary_fg_p95": 1276.8739990234374,
  "summary_fg_stdv": 182.82858276367188,
  "tsnr": 29.458968206541613
}