{
  "bids_meta": {
    "AcquisitionDateTime": "2013-07-05T10:34:52.726562",
    "ConversionSoftware": "dcm2niix",
    "ConversionSoftwareVersion": "v1.0.20170207",
    "EchoTime": 0.00302,
    "FlipAngle": 9,
    "ImageType": [
      "ORIGINAL",
      "PRIMARY",
      "M",
      "ND",
      "NORM"
    ],
    "MagneticFieldStrength": 3,
    "Manufacturer": "Siemens",
    "ManufacturersModelName": "TrioTim",
    "PhaseEncodingDirection": "i-",
    "ProcedureStepDescription": "Studies_bbsrc_age",
    "ProtocolName": "MPRAGE",
    "RepetitionTime": 2.02,
    "dataset": "ds002366",
    "modality": "T1w",
    "session_id": "1",
    "subject_id": "ER009"
  },
  "cjv": 0.485246381036571,
  "cnr": 2.8115711660324263,
  "efc": 0.5492686156841724,
  "fber": 2896.473742947486,
  "fwhm_avg": 4.027026506666666,
  "fwhm_x": 4.10542,
  "fwhm_y": 4.2709094400000005,
  "fwhm_z": 3.7047500799999997,
  "icvs_csf": 0.2698735248075748,
  "icvs_gm": 0.38801390853579865,
  "icvs_wm": 0.34211256665662654,
  "inu_med": 0.7811227440834045,
  "inu_range": 0.5060315728187561,
  "provenance": {
    "md5sum": "245a8e2f5b60b0383a362f809985a166",
    "settings": {
      "testing": false
    },
    "software": "mriqc",
    "version": "23.0.1",
    "warnings": {
      "large_rot_frame": true,
      "small_air_mask": false
    },
    "webapi_port": null,
    "webapi_url": "https://mriqc.nimh.nih.gov/api/v1"
  },
  "qi_1": 0.00025339664447377255,
  "qi_2": 0.0038306014930538923,
  "rpve_csf": 21.800819709268083,
  "rpve_gm": 13.632033015256484,
  "rpve_wm": 17.0244845114694,
  "size_x": 192,
  "size_y": 256,
  "size_z": 256,
  "snr_csf": 3.1534461991702925,
  "snr_gm": 11.579451353316212,
  "snr_total": 9.800604330569234,
  "snr_wm": 14.668915439221195,
  "snrd_csf": 19.01346594816248,
  "snrd_gm": 49.299111664759806,
  "snrd_total": 45.224202003648465,
  "snrd_wm": 67.36002839802312,
  "spacing_x": 1.0,
  "spacing_y": 0.9765625,
  "spacing_z": 0.9765625,
  "summary_bg_k": 27.076929088225572,
  "summary_bg_mad": 9.726494437934056,
  "summary_bg_mean": 14.737460250934372,
  "summary_bg_median": 6.5604208037257195,
  "summary_bg_n": 4201805.0,
  "summary_bg_p05": 0.0,
  "summary_bg_p95": 57.310845889151096,
  "summary_bg_stdv": 21.276490718248855,
  "summary_csf_k": 1.4661834376639566,
  "summary_csf_mad": 75.15093344026407,
  "summary_csf_mean": 288.83591590188547,
  "summary_csf_median": 282.28376684710383,
  "summary_csf_n": 105843.0,
  "summary_csf_p05": 156.08850251883268,
  "summary_csf_p95": 446.6625369759275,
  "summary_csf_stdv": 89.51553808526388,
  "summary_gm_k": 0.030190731852846486,
  "summary_gm_mad": 62.62577786688673,
  "summary_gm_mean": 731.1637498126224,
  "summary_gm_median": 731.9201549515128,
  "summary_gm_n": 13291.0,
  "summary_gm_p05": 625.916751823388,
  "summary_gm_p95": 834.17916696053,
  "summary_gm_stdv": 63.206156982243805,
  "summary_wm_k": 0.16313659624081023,
  "summary_wm_mad": 67.48902508585375,
  "summary_wm_mean": 1001.9980500217999,
  "summary_wm_median": 1000.0618826132268,
  "summary_wm_n": 143122.0,
  "summary_wm_p05": 893.9501706510782,
  "summary_wm_p95": 1117.2520410269499,
  "summary_wm_stdv": 68.17534622866587,
  "tpm_overlap_csf": 0.1527005933104771,
  "tpm_overlap_gm": 0.4108143413836858,
  "tpm_overlap_wm": 0.46448401827071795,
  "wm2max": 0.6666872962825432
}