{
  "aor": 0.006311943127962085,
  "aqi": 0.02803714834123223,
  "bids_meta": {
    "AcquisitionDateTime": "2013-07-19T11:58:43.226562",
    "ConversionSoftware": "dcm2niix",
    "ConversionSoftwareVersion": "v1.0.20170207",
    "EchoTime": 0.03,
    "EffectiveEchoSpacing": 0.000265001,
    "FlipAngle": 90,
    "ImageType": [
      "ORIGINAL",
      "PRIMARY",
      "M",
      "ND",
      "MOSAIC"
    ],
    "MagneticFieldStrength": 3,
    "Manufacturer": "Siemens",
    "ManufacturersModelName": "TrioTim",
    "PhaseEncodingDirection": "j",
    "ProcedureStepDescription": "Studies_bbsrc_age",
    "ProtocolName": "ep2d_bold_PtoA_iPAT2_block_3",
    "RepetitionTime": 2,
    "TaskName": "Emoreg Run3",
    "dataset": "ds002366",
    "modality": "bold",
    "session_id": "1",
    "subject_id": "ER017",
    "task_id": "emoregRun3"
  },
  "dummy_trs": 0,
  "dvars_nstd": 56.72723045352375,
  "dvars_std": 1.148846908,
  "dvars_vstd": 1.046868565904762,
  "efc": 0.5706275966656686,
  "fber": 560.2621459960938,
  "fd_mean": 0.794808923061717,
  "fd_num": 193,
  "fd_perc": 91.4691943127962,
  "fwhm_avg": 1.969081235031607,
  "fwhm_x": 1.9535099999999999,
  "fwhm_y": 2.2055833333333332,
  "fwhm_z": 1.7481503717614886,
  "gcor": 0.0191941,
  "gsr_x": -0.003610367886722088,
  "gsr_y": 0.033965155482292175,
  "provenance": {
    "md5sum": "5130a5ed1609ac136cba582ddce1e40b",
    "settings": {
      "fd_thres": 0.2,
      "testing": false
    },
    "software": "mriqc",
    "version": "23.0.1",
    "webapi_port": null,
    "webapi_url": "https://mriqc.nimh.nih.gov/api/v1"
  },
  "size_t": 211,
  "size_x": 64,
  "size_y": 64,
  "size_z": 30,
  "snr": 5.174214725204188,
  "spacing_tr": 2.0,
  "spacing_x": 3.0,
  "spacing_y": 3.0,
  "spacing_z": 3.990000009536743,
  "summary_bg_k": 136.721491191397,
  "summary_bg_mad": 8.199981806709525,
  "summary_bg_mean": 49.813568115234375,
  "summary_bg_median": 37.843605041503906,
  "summary_bg_n": 65343.0,
  "summary_bg_p05": 29.137441635131836,
  "summary_bg_p95": 102.73318176269522,
  "summary_bg_stdv": 46.11940383911133,
  "summary_fg_k": 2.1045656145081297,
  "summary_fg_mad": 135.6334894798694,
  "summary_fg_mean": 923.1116943359375,
  "summary_fg_median": 899.8104858398438,
  "summary_fg_n": 27985.0,
  "summary_fg_p05": 682.1071166992188,
  "summary_fg_p95": 1239.137451171875,
  "summary_fg_stdv": 173.8997039794922,
  "tsnr": 27.501633625477552
}