{
  "aor": 0.00528,
  "aqi": 0.03188218625592417,
  "bids_meta": {
    "AcquisitionDateTime": "2013-07-09T94:73:4.578125",
    "ConversionSoftware": "dcm2niix",
    "ConversionSoftwareVersion": "v1.0.20170207",
    "EchoTime": 0.03,
    "EffectiveEchoSpacing": 0.000265001,
    "FlipAngle": 90,
    "ImageType": [
      "ORIGINAL",
      "PRIMARY",
      "M",
      "ND",
      "MOSAIC"
    ],
    "MagneticFieldStrength": 3,
    "Manufacturer": "Siemens",
    "ManufacturersModelName": "TrioTim",
    "PhaseEncodingDirection": "j",
    "ProcedureStepDescription": "Studies_bbsrc_age",
    "ProtocolName": "ep2d_bold_PtoA_iPAT2_block_3",
    "RepetitionTime": 2,
    "TaskName": "Emoreg Run3",
    "dataset": "ds002366",
    "modality": "bold",
    "session_id": "1",
    "subject_id": "ER007",
    "task_id": "emoregRun3"
  },
  "dummy_trs": 0,
  "dvars_nstd": 65.71134999590474,
  "dvars_std": 1.1075073591904754,
  "dvars_vstd": 1.0313628997142856,
  "efc": 0.596004351744319,
  "fber": 324.5386962890625,
  "fd_mean": 0.5470210916699663,
  "fd_num": 174,
  "fd_perc": 82.46445497630332,
  "fwhm_avg": 1.9652908506895717,
  "fwhm_x": 1.9597533333333335,
  "fwhm_y": 2.1277633333333332,
  "fwhm_z": 1.8083558854020487,
  "gcor": 0.0163601,
  "gsr_x": 0.006378691177815199,
  "gsr_y": 0.0378311350941658,
  "provenance": {
    "md5sum": "149fee98c83820757dc399b374b16147",
    "settings": {
      "fd_thres": 0.2,
      "testing": false
    },
    "software": "mriqc",
    "version": "23.0.1",
    "webapi_port": null,
    "webapi_url": "https://mriqc.nimh.nih.gov/api/v1"
  },
  "size_t": 211,
  "size_x": 64,
  "size_y": 64,
  "size_z": 30,
  "snr": 4.240531444471586,
  "spacing_tr": 2.0,
  "spacing_x": 3.0,
  "spacing_y": 3.0,
  "spacing_z": 3.990000009536743,
  "summary_bg_k": 120.34187709958658,
  "summary_bg_mad": 12.317547731403726,
  "summary_bg_mean": 60.930458068847656,
  "summary_bg_median": 47.540287017822266,
  "summary_bg_n": 62967.0,
  "summary_bg_p05": 33.62227592468262,
  "summary_bg_p95": 129.16303558349605,
  "summary_bg_stdv": 49.53947067260742,
  "summary_fg_k": 1.7770262358206397,
  "summary_fg_mad": 162.12007314407663,
  "summary_fg_mean": 891.8717041015625,
  "summary_fg_median": 860.751220703125,
  "summary_fg_n": 29404.0,
  "summary_fg_p05": 611.5414886474609,
  "summary_fg_p95": 1261.0993896484374,
  "summary_fg_stdv": 202.9784698486328,
  "tsnr": 21.64646636636462
}