{
  "aor": 0.0026434597156398103,
  "aqi": 0.028432994786729855,
  "bids_meta": {
    "AcquisitionDateTime": "2013-07-09T95:50:4.742188",
    "ConversionSoftware": "dcm2niix",
    "ConversionSoftwareVersion": "v1.0.20170207",
    "EchoTime": 0.03,
    "EffectiveEchoSpacing": 0.000265001,
    "FlipAngle": 90,
    "ImageType": [
      "ORIGINAL",
      "PRIMARY",
      "M",
      "ND",
      "MOSAIC"
    ],
    "MagneticFieldStrength": 3,
    "Manufacturer": "Siemens",
    "ManufacturersModelName": "TrioTim",
    "PhaseEncodingDirection": "j",
    "ProcedureStepDescription": "Studies_bbsrc_age",
    "ProtocolName": "ep2d_bold_PtoA_iPAT2_block_4",
    "RepetitionTime": 2,
    "TaskName": "Emoreg Run4",
    "dataset": "ds002366",
    "modality": "bold",
    "session_id": "1",
    "subject_id": "ER007",
    "task_id": "emoregRun4"
  },
  "dummy_trs": 0,
  "dvars_nstd": 57.80536562576193,
  "dvars_std": 1.0487101364285714,
  "dvars_vstd": 0.9870502605714283,
  "efc": 0.5990467833780535,
  "fber": 322.2037353515625,
  "fd_mean": 0.4103955820549479,
  "fd_num": 163,
  "fd_perc": 77.25118483412322,
  "fwhm_avg": 1.9653815524541756,
  "fwhm_x": 1.9503766666666669,
  "fwhm_y": 2.150236666666667,
  "fwhm_z": 1.7955313240291928,
  "gcor": 0.0136278,
  "gsr_x": 0.004170628264546394,
  "gsr_y": 0.03569038584828377,
  "provenance": {
    "md5sum": "7b4d6c457c94ab886a0b5135186a31fc",
    "settings": {
      "fd_thres": 0.2,
      "testing": false
    },
    "software": "mriqc",
    "version": "23.0.1",
    "webapi_port": null,
    "webapi_url": "https://mriqc.nimh.nih.gov/api/v1"
  },
  "size_t": 211,
  "size_x": 64,
  "size_y": 64,
  "size_z": 30,
  "snr": 4.302413609128833,
  "spacing_tr": 2.0,
  "spacing_x": 3.0,
  "spacing_y": 3.0,
  "spacing_z": 3.990000009536743,
  "summary_bg_k": 114.03770964890313,
  "summary_bg_mad": 11.101950100970518,
  "summary_bg_mean": 62.29451370239258,
  "summary_bg_median": 47.60663604736328,
  "summary_bg_n": 62743.0,
  "summary_bg_p05": 36.37440872192383,
  "summary_bg_p95": 132.26493682861326,
  "summary_bg_stdv": 50.565067291259766,
  "summary_fg_k": 1.718729917004982,
  "summary_fg_mad": 159.99810776792629,
  "summary_fg_mean": 895.8645629882812,
  "summary_fg_median": 864.348388671875,
  "summary_fg_n": 29480.0,
  "summary_fg_p05": 623.3791717529297,
  "summary_fg_p95": 1262.0159423828125,
  "summary_fg_stdv": 200.89508056640625,
  "tsnr": 23.58912939444417
}