{
  "aor": 0.004463838862559241,
  "aqi": 0.029727004739336493,
  "bids_meta": {
    "AcquisitionDateTime": "2013-07-09T93:23:6.421875",
    "ConversionSoftware": "dcm2niix",
    "ConversionSoftwareVersion": "v1.0.20170207",
    "EchoTime": 0.03,
    "EffectiveEchoSpacing": 0.000265001,
    "FlipAngle": 90,
    "ImageType": [
      "ORIGINAL",
      "PRIMARY",
      "M",
      "ND",
      "MOSAIC"
    ],
    "MagneticFieldStrength": 3,
    "Manufacturer": "Siemens",
    "ManufacturersModelName": "TrioTim",
    "PhaseEncodingDirection": "j",
    "ProcedureStepDescription": "Studies_bbsrc_age",
    "ProtocolName": "ep2d_bold_PtoA_iPAT2_block_1",
    "RepetitionTime": 2,
    "TaskName": "Emoreg Run1",
    "dataset": "ds002366",
    "modality": "bold",
    "session_id": "1",
    "subject_id": "ER007",
    "task_id": "emoregRun1"
  },
  "dummy_trs": 0,
  "dvars_nstd": 65.14861898904765,
  "dvars_std": 1.113347776285714,
  "dvars_vstd": 1.0355244711428568,
  "efc": 0.5997804543588214,
  "fber": 310.49542236328125,
  "fd_mean": 0.5747876159108629,
  "fd_num": 178,
  "fd_perc": 84.36018957345972,
  "fwhm_avg": 1.960787300216601,
  "fwhm_x": 1.9926533333333334,
  "fwhm_y": 2.16928,
  "fwhm_z": 1.7204285673164699,
  "gcor": 0.014885,
  "gsr_x": 0.0026688617654144764,
  "gsr_y": 0.036126717925071716,
  "provenance": {
    "md5sum": "940cfe9d60c4456c47c41288e71d30c8",
    "settings": {
      "fd_thres": 0.2,
      "testing": false
    },
    "software": "mriqc",
    "version": "23.0.1",
    "webapi_port": null,
    "webapi_url": "https://mriqc.nimh.nih.gov/api/v1"
  },
  "size_t": 211,
  "size_x": 64,
  "size_y": 64,
  "size_z": 30,
  "snr": 4.2748624116071445,
  "spacing_tr": 2.0,
  "spacing_x": 3.0,
  "spacing_y": 3.0,
  "spacing_z": 3.990000009536743,
  "summary_bg_k": 100.60527712407315,
  "summary_bg_mad": 12.619685395119113,
  "summary_bg_mean": 62.92531204223633,
  "summary_bg_median": 48.5971565246582,
  "summary_bg_n": 62576.0,
  "summary_bg_p05": 34.68720626831055,
  "summary_bg_p95": 133.63152313232422,
  "summary_bg_stdv": 49.541751861572266,
  "summary_fg_k": 1.789579397237799,
  "summary_fg_mad": 161.0133699499651,
  "summary_fg_mean": 890.7548828125,
  "summary_fg_median": 859.6730346679688,
  "summary_fg_n": 29542.0,
  "summary_fg_p05": 613.7732513427735,
  "summary_fg_p95": 1262.5785034179685,
  "summary_fg_stdv": 201.09617614746094,
  "tsnr": 21.732267277955543
}