{
  "aor": 0.003395308056872038,
  "aqi": 0.014806837014218007,
  "bids_meta": {
    "AcquisitionDateTime": "2013-10-08T95:54:7.382812",
    "ConversionSoftware": "dcm2niix",
    "ConversionSoftwareVersion": "v1.0.20170207",
    "EchoTime": 0.03,
    "EffectiveEchoSpacing": 0.000265001,
    "FlipAngle": 90,
    "ImageType": [
      "ORIGINAL",
      "PRIMARY",
      "M",
      "ND",
      "MOSAIC"
    ],
    "MagneticFieldStrength": 3,
    "Manufacturer": "Siemens",
    "ManufacturersModelName": "TrioTim",
    "PhaseEncodingDirection": "j",
    "ProcedureStepDescription": "Studies_bbsrc_age",
    "ProtocolName": "ep2d_bold_PtoA_iPAT2_block_2",
    "RepetitionTime": 2,
    "TaskName": "Emoreg Run2",
    "dataset": "ds002366",
    "modality": "bold",
    "session_id": "1",
    "subject_id": "ER039",
    "task_id": "emoregRun2"
  },
  "dummy_trs": 0,
  "dvars_nstd": 38.08378088795237,
  "dvars_std": 1.0844691884761894,
  "dvars_vstd": 1.0193321007142853,
  "efc": 0.5695676515913879,
  "fber": 804.6260986328125,
  "fd_mean": 0.2183898152583915,
  "fd_num": 68,
  "fd_perc": 32.22748815165877,
  "fwhm_avg": 1.9024985199077555,
  "fwhm_x": 1.92267,
  "fwhm_y": 2.0332666666666666,
  "fwhm_z": 1.7515588930565997,
  "gcor": 0.0221678,
  "gsr_x": -0.006155758630484343,
  "gsr_y": 0.025281185284256935,
  "provenance": {
    "md5sum": "faef88d86f162ab23a31e5e4c38956da",
    "settings": {
      "fd_thres": 0.2,
      "testing": false
    },
    "software": "mriqc",
    "version": "23.0.1",
    "webapi_port": null,
    "webapi_url": "https://mriqc.nimh.nih.gov/api/v1"
  },
  "size_t": 211,
  "size_x": 64,
  "size_y": 64,
  "size_z": 30,
  "snr": 5.158683666365707,
  "spacing_tr": 2.0,
  "spacing_x": 3.0,
  "spacing_y": 3.0,
  "spacing_z": 3.990000009536743,
  "summary_bg_k": 81.08898591646746,
  "summary_bg_mad": 10.659277306843844,
  "summary_bg_mean": 52.21689224243164,
  "summary_bg_median": 34.09478759765625,
  "summary_bg_n": 64040.0,
  "summary_bg_p05": 25.19881582260132,
  "summary_bg_p95": 133.88412246704078,
  "summary_bg_stdv": 59.9127311706543,
  "summary_fg_k": 1.446396867199236,
  "summary_fg_mad": 157.85849667445368,
  "summary_fg_mean": 994.9905395507812,
  "summary_fg_median": 979.5213623046875,
  "summary_fg_n": 27890.0,
  "summary_fg_p05": 700.6313079833984,
  "summary_fg_p95": 1329.4860717773438,
  "summary_fg_stdv": 189.874755859375,
  "tsnr": 36.97108635742916
}