{
  "aor": 0.004045497630331753,
  "aqi": 0.014360310000000001,
  "bids_meta": {
    "AcquisitionDateTime": "2013-10-08T10:03:20.343750",
    "ConversionSoftware": "dcm2niix",
    "ConversionSoftwareVersion": "v1.0.20170207",
    "EchoTime": 0.03,
    "EffectiveEchoSpacing": 0.000265001,
    "FlipAngle": 90,
    "ImageType": [
      "ORIGINAL",
      "PRIMARY",
      "M",
      "ND",
      "MOSAIC"
    ],
    "MagneticFieldStrength": 3,
    "Manufacturer": "Siemens",
    "ManufacturersModelName": "TrioTim",
    "PhaseEncodingDirection": "j",
    "ProcedureStepDescription": "Studies_bbsrc_age",
    "ProtocolName": "ep2d_bold_PtoA_iPAT2_block_3",
    "RepetitionTime": 2,
    "TaskName": "Emoreg Run3",
    "dataset": "ds002366",
    "modality": "bold",
    "session_id": "1",
    "subject_id": "ER039",
    "task_id": "emoregRun3"
  },
  "dummy_trs": 0,
  "dvars_nstd": 38.34034705395239,
  "dvars_std": 1.0674811913333333,
  "dvars_vstd": 1.0101237270000005,
  "efc": 0.5696597690494836,
  "fber": 819.7913208007812,
  "fd_mean": 0.2488306317591582,
  "fd_num": 83,
  "fd_perc": 39.33649289099526,
  "fwhm_avg": 1.8945552534176702,
  "fwhm_x": 1.91165,
  "fwhm_y": 2.0323766666666665,
  "fwhm_z": 1.739639093586343,
  "gcor": 0.0180356,
  "gsr_x": -0.006727933883666992,
  "gsr_y": 0.02528366446495056,
  "provenance": {
    "md5sum": "20091daed7f87669ae5d6cf11fc1cb4f",
    "settings": {
      "fd_thres": 0.2,
      "testing": false
    },
    "software": "mriqc",
    "version": "23.0.1",
    "webapi_port": null,
    "webapi_url": "https://mriqc.nimh.nih.gov/api/v1"
  },
  "size_t": 211,
  "size_x": 64,
  "size_y": 64,
  "size_z": 30,
  "snr": 5.1405009165491995,
  "spacing_tr": 2.0,
  "spacing_x": 3.0,
  "spacing_y": 3.0,
  "spacing_z": 3.990000009536743,
  "summary_bg_k": 85.28724323707887,
  "summary_bg_mad": 10.36416116814629,
  "summary_bg_mean": 52.37343215942383,
  "summary_bg_median": 33.8625602722168,
  "summary_bg_n": 64054.0,
  "summary_bg_p05": 25.150000762939452,
  "summary_bg_p95": 134.15047531127925,
  "summary_bg_stdv": 60.29289627075195,
  "summary_fg_k": 1.4744490043912926,
  "summary_fg_mad": 158.0446816149185,
  "summary_fg_mean": 995.30517578125,
  "summary_fg_median": 980.1895751953125,
  "summary_fg_n": 27900.0,
  "summary_fg_p05": 701.0483917236328,
  "summary_fg_p95": 1330.1371948242188,
  "summary_fg_stdv": 190.67636108398438,
  "tsnr": 37.124317828565836
}