{
  "aor": 0.006389763033175356,
  "aqi": 0.017401206682464455,
  "bids_meta": {
    "AcquisitionDateTime": "2013-10-08T10:10:53.046875",
    "ConversionSoftware": "dcm2niix",
    "ConversionSoftwareVersion": "v1.0.20170207",
    "EchoTime": 0.03,
    "EffectiveEchoSpacing": 0.000265001,
    "FlipAngle": 90,
    "ImageType": [
      "ORIGINAL",
      "PRIMARY",
      "M",
      "ND",
      "MOSAIC"
    ],
    "MagneticFieldStrength": 3,
    "Manufacturer": "Siemens",
    "ManufacturersModelName": "TrioTim",
    "PhaseEncodingDirection": "j",
    "ProcedureStepDescription": "Studies_bbsrc_age",
    "ProtocolName": "ep2d_bold_PtoA_iPAT2_block_4",
    "RepetitionTime": 2,
    "TaskName": "Emoreg Run4",
    "dataset": "ds002366",
    "modality": "bold",
    "session_id": "1",
    "subject_id": "ER039",
    "task_id": "emoregRun4"
  },
  "dummy_trs": 0,
  "dvars_nstd": 43.04726424438093,
  "dvars_std": 1.0824187120952389,
  "dvars_vstd": 1.0215762776190476,
  "efc": 0.5701018734177243,
  "fber": 807.3486328125,
  "fd_mean": 0.3058907705989374,
  "fd_num": 124,
  "fd_perc": 58.76777251184834,
  "fwhm_avg": 1.8966048691359196,
  "fwhm_x": 1.9205233333333334,
  "fwhm_y": 2.0451133333333336,
  "fwhm_z": 1.7241779407410922,
  "gcor": 0.0300694,
  "gsr_x": -0.006805547047406435,
  "gsr_y": 0.025323446840047836,
  "provenance": {
    "md5sum": "fc48e82511dd0f6d06b6e7d14a39b7c8",
    "settings": {
      "fd_thres": 0.2,
      "testing": false
    },
    "software": "mriqc",
    "version": "23.0.1",
    "webapi_port": null,
    "webapi_url": "https://mriqc.nimh.nih.gov/api/v1"
  },
  "size_t": 211,
  "size_x": 64,
  "size_y": 64,
  "size_z": 30,
  "snr": 5.14013341460963,
  "spacing_tr": 2.0,
  "spacing_x": 3.0,
  "spacing_y": 3.0,
  "spacing_z": 3.990000009536743,
  "summary_bg_k": 82.65103708091407,
  "summary_bg_mad": 10.420372958039353,
  "summary_bg_mean": 52.67035675048828,
  "summary_bg_median": 33.995262145996094,
  "summary_bg_n": 63982.0,
  "summary_bg_p05": 25.208532333374023,
  "summary_bg_p95": 135.20332260131832,
  "summary_bg_stdv": 60.69309616088867,
  "summary_fg_k": 1.515265748729063,
  "summary_fg_mad": 157.25066958084392,
  "summary_fg_mean": 994.86376953125,
  "summary_fg_median": 979.6043090820312,
  "summary_fg_n": 27962.0,
  "summary_fg_p05": 699.3614135742188,
  "summary_fg_p95": 1328.160662841797,
  "summary_fg_stdv": 190.57614135742188,
  "tsnr": 33.51553096290445
}