{
  "aor": 0.015700047393364933,
  "aqi": 0.03429689289099526,
  "bids_meta": {
    "AcquisitionDateTime": "2013-08-23T94:72:7.718750",
    "ConversionSoftware": "dcm2niix",
    "ConversionSoftwareVersion": "v1.0.20170207",
    "EchoTime": 0.03,
    "EffectiveEchoSpacing": 0.000265001,
    "FlipAngle": 90,
    "ImageType": [
      "ORIGINAL",
      "PRIMARY",
      "M",
      "ND",
      "MOSAIC"
    ],
    "MagneticFieldStrength": 3,
    "Manufacturer": "Siemens",
    "ManufacturersModelName": "TrioTim",
    "PhaseEncodingDirection": "j",
    "ProcedureStepDescription": "Studies_bbsrc_age",
    "ProtocolName": "ep2d_bold_PtoA_iPAT2_block_1",
    "RepetitionTime": 2,
    "TaskName": "Emoreg Run1",
    "dataset": "ds002366",
    "modality": "bold",
    "session_id": "1",
    "subject_id": "ER018",
    "task_id": "emoregRun1"
  },
  "dummy_trs": 0,
  "dvars_nstd": 54.21229904728571,
  "dvars_std": 1.2157061799523803,
  "dvars_vstd": 1.1123181574761911,
  "efc": 0.5492928367870173,
  "fber": 806.6575927734375,
  "fd_mean": 0.5727004525108724,
  "fd_num": 185,
  "fd_perc": 87.67772511848341,
  "fwhm_avg": 1.785733825739838,
  "fwhm_x": 1.7514366666666668,
  "fwhm_y": 1.9687999999999999,
  "fwhm_z": 1.6369648105528478,
  "gcor": 0.0439543,
  "gsr_x": 0.0028615270275622606,
  "gsr_y": 0.025696294382214546,
  "provenance": {
    "md5sum": "51d0e08bb0eccd7ffc0604a2c5f7fbc6",
    "settings": {
      "fd_thres": 0.2,
      "testing": false
    },
    "software": "mriqc",
    "version": "23.0.1",
    "webapi_port": null,
    "webapi_url": "https://mriqc.nimh.nih.gov/api/v1"
  },
  "size_t": 211,
  "size_x": 64,
  "size_y": 64,
  "size_z": 30,
  "snr": 5.723889021400668,
  "spacing_tr": 2.0,
  "spacing_x": 3.0,
  "spacing_y": 3.0,
  "spacing_z": 3.9900002479553223,
  "summary_bg_k": 92.24910643928749,
  "summary_bg_mad": 9.598269168214847,
  "summary_bg_mean": 46.7920036315918,
  "summary_bg_median": 31.265403747558594,
  "summary_bg_n": 68057.0,
  "summary_bg_p05": 23.03791618347168,
  "summary_bg_p95": 113.35166473388664,
  "summary_bg_stdv": 55.830841064453125,
  "summary_fg_k": 1.8200494940235572,
  "summary_fg_mad": 128.32938413502035,
  "summary_fg_mean": 901.3544311523438,
  "summary_fg_median": 888.66357421875,
  "summary_fg_n": 24788.0,
  "summary_fg_p05": 677.4424407958984,
  "summary_fg_p95": 1175.9154785156247,
  "summary_fg_stdv": 155.2520751953125,
  "tsnr": 24.90900894580409
}