{
  "aor": 0.005553554502369669,
  "aqi": 0.048102662559241706,
  "bids_meta": {
    "AcquisitionDateTime": "2013-08-23T10:03:21.593750",
    "ConversionSoftware": "dcm2niix",
    "ConversionSoftwareVersion": "v1.0.20170207",
    "EchoTime": 0.03,
    "EffectiveEchoSpacing": 0.000265001,
    "FlipAngle": 90,
    "ImageType": [
      "ORIGINAL",
      "PRIMARY",
      "M",
      "ND",
      "MOSAIC"
    ],
    "MagneticFieldStrength": 3,
    "Manufacturer": "Siemens",
    "ManufacturersModelName": "TrioTim",
    "PhaseEncodingDirection": "j",
    "ProcedureStepDescription": "Studies_bbsrc_age",
    "ProtocolName": "ep2d_bold_PtoA_iPAT2_block_3",
    "RepetitionTime": 2,
    "TaskName": "Emoreg Run3",
    "dataset": "ds002366",
    "modality": "bold",
    "session_id": "1",
    "subject_id": "ER018",
    "task_id": "emoregRun3"
  },
  "dummy_trs": 0,
  "dvars_nstd": 56.21749531014286,
  "dvars_std": 1.0431417613333336,
  "dvars_vstd": 0.9799643420000002,
  "efc": 0.548443097809049,
  "fber": 817.2755737304688,
  "fd_mean": 0.6665429041289049,
  "fd_num": 196,
  "fd_perc": 92.8909952606635,
  "fwhm_avg": 1.8251287968460446,
  "fwhm_x": 1.81182,
  "fwhm_y": 2.0433033333333332,
  "fwhm_z": 1.6202630572048,
  "gcor": 0.0345975,
  "gsr_x": 0.004097641445696354,
  "gsr_y": 0.03037283755838871,
  "provenance": {
    "md5sum": "6a669d4c34b0f2040ccfce92b4b3c203",
    "settings": {
      "fd_thres": 0.2,
      "testing": false
    },
    "software": "mriqc",
    "version": "23.0.1",
    "webapi_port": null,
    "webapi_url": "https://mriqc.nimh.nih.gov/api/v1"
  },
  "size_t": 211,
  "size_x": 64,
  "size_y": 64,
  "size_z": 30,
  "snr": 5.71961363599015,
  "spacing_tr": 2.0,
  "spacing_x": 3.0,
  "spacing_y": 3.0,
  "spacing_z": 3.9900002479553223,
  "summary_bg_k": 97.433745599675,
  "summary_bg_mad": 9.535027369786008,
  "summary_bg_mean": 46.41746139526367,
  "summary_bg_median": 31.023696899414062,
  "summary_bg_n": 68385.0,
  "summary_bg_p05": 22.412322998046875,
  "summary_bg_p95": 112.12986145019525,
  "summary_bg_stdv": 53.43374252319336,
  "summary_fg_k": 1.6198403914555515,
  "summary_fg_mad": 127.84801801555375,
  "summary_fg_mean": 902.3580322265625,
  "summary_fg_median": 889.7440795898438,
  "summary_fg_n": 24695.0,
  "summary_fg_p05": 679.6597412109375,
  "summary_fg_p95": 1176.106201171875,
  "summary_fg_stdv": 155.55702209472656,
  "tsnr": 21.206307947461028
}