{
  "bids_meta": {
    "AcquisitionDateTime": "2013-09-10T11:09:54.812500",
    "ConversionSoftware": "dcm2niix",
    "ConversionSoftwareVersion": "v1.0.20170207",
    "EchoTime": 0.00302,
    "FlipAngle": 9,
    "ImageType": [
      "ORIGINAL",
      "PRIMARY",
      "M",
      "ND",
      "NORM"
    ],
    "MagneticFieldStrength": 3,
    "Manufacturer": "Siemens",
    "ManufacturersModelName": "TrioTim",
    "PhaseEncodingDirection": "i-",
    "ProcedureStepDescription": "Studies_bbsrc_age",
    "ProtocolName": "MPRAGE",
    "RepetitionTime": 2.02,
    "dataset": "ds002366",
    "modality": "T1w",
    "session_id": "1",
    "subject_id": "ER029"
  },
  "cjv": 0.41147799975810906,
  "cnr": 3.291638204416159,
  "efc": 0.5633791195211116,
  "fber": 7672.560959389322,
  "fwhm_avg": 4.16628368,
  "fwhm_x": 4.3179,
  "fwhm_y": 4.3984793600000005,
  "fwhm_z": 3.78247168,
  "icvs_csf": 0.2943956101060725,
  "icvs_gm": 0.385226448125288,
  "icvs_wm": 0.3203779417686395,
  "inu_med": 0.6992303133010864,
  "inu_range": 0.38988029956817627,
  "provenance": {
    "md5sum": "f5da5445d577a5b888a383037ae644cb",
    "settings": {
      "testing": false
    },
    "software": "mriqc",
    "version": "23.0.1",
    "warnings": {
      "large_rot_frame": true,
      "small_air_mask": false
    },
    "webapi_port": null,
    "webapi_url": "https://mriqc.nimh.nih.gov/api/v1"
  },
  "qi_1": 3.764318562109558e-05,
  "qi_2": 0.0049043898137051505,
  "rpve_csf": 19.77987348760106,
  "rpve_gm": 13.904863584833235,
  "rpve_wm": 18.901993428324737,
  "size_x": 192,
  "size_y": 256,
  "size_z": 256,
  "snr_csf": 3.2566199344087567,
  "snr_gm": 12.230308769431847,
  "snr_total": 11.433890815759609,
  "snr_wm": 18.81474374343822,
  "snrd_csf": 22.19773865266508,
  "snrd_gm": 60.248286565038974,
  "snrd_total": 54.90340768953299,
  "snrd_wm": 82.2641978508949,
  "spacing_x": 1.0,
  "spacing_y": 0.9765625,
  "spacing_z": 0.9765625,
  "summary_bg_k": 178.98309588154444,
  "summary_bg_mad": 7.964014144179056,
  "summary_bg_mean": 9.531727979203335,
  "summary_bg_median": 5.371645910665393,
  "summary_bg_n": 3297668.0,
  "summary_bg_p05": 0.0,
  "summary_bg_p95": 36.75336675718427,
  "summary_bg_stdv": 14.137295654750169,
  "summary_csf_k": 1.5966441184365614,
  "summary_csf_mad": 71.10454733511061,
  "summary_csf_mean": 275.8217096165762,
  "summary_csf_median": 269.8416766319424,
  "summary_csf_n": 119942.0,
  "summary_csf_p05": 154.75095028905199,
  "summary_csf_p95": 420.8131985422224,
  "summary_csf_stdv": 82.85908616308166,
  "summary_gm_k": 0.19424880048011373,
  "summary_gm_mad": 58.453577498424266,
  "summary_gm_mean": 731.5026208970659,
  "summary_gm_median": 732.3943630158901,
  "summary_gm_n": 17889.0,
  "summary_gm_p05": 630.9447901040315,
  "summary_gm_p95": 827.2488912355154,
  "summary_gm_stdv": 59.88188082687918,
  "summary_wm_k": 0.21388661489042482,
  "summary_wm_mad": 51.670828610080385,
  "summary_wm_mean": 1000.534224053996,
  "summary_wm_median": 1000.0256973113865,
  "summary_wm_n": 185417.0,
  "summary_wm_p05": 914.3620809465647,
  "summary_wm_p95": 1089.2155807524914,
  "summary_wm_stdv": 53.15102954632875,
  "tpm_overlap_csf": 0.1574161818952066,
  "tpm_overlap_gm": 0.4245890012691676,
  "tpm_overlap_wm": 0.48778718938251353,
  "wm2max": 0.7429777158242472
}