{
  "aor": 0.0009251658767772512,
  "aqi": 0.01622810488151659,
  "bids_meta": {
    "AcquisitionDateTime": "2013-10-29T11:13:26.421875",
    "ConversionSoftware": "dcm2niix",
    "ConversionSoftwareVersion": "v1.0.20170207",
    "EchoTime": 0.03,
    "EffectiveEchoSpacing": 0.000265001,
    "FlipAngle": 90,
    "ImageType": [
      "ORIGINAL",
      "PRIMARY",
      "M",
      "ND",
      "MOSAIC"
    ],
    "MagneticFieldStrength": 3,
    "Manufacturer": "Siemens",
    "ManufacturersModelName": "TrioTim",
    "PhaseEncodingDirection": "j",
    "ProcedureStepDescription": "Studies_bbsrc_age",
    "ProtocolName": "ep2d_bold_PtoA_iPAT2_block_1",
    "RepetitionTime": 2,
    "TaskName": "Emoreg Run1",
    "dataset": "ds002366",
    "modality": "bold",
    "session_id": "1",
    "subject_id": "ER038",
    "task_id": "emoregRun1"
  },
  "dummy_trs": 0,
  "dvars_nstd": 32.57225877671427,
  "dvars_std": 0.9739371832857141,
  "dvars_vstd": 0.9652422150000002,
  "efc": 0.5855727924977181,
  "fber": 473.5658874511719,
  "fd_mean": 0.18399023024618907,
  "fd_num": 55,
  "fd_perc": 26.066350710900473,
  "fwhm_avg": 1.9888573952914144,
  "fwhm_x": 1.9275333333333335,
  "fwhm_y": 2.1968733333333335,
  "fwhm_z": 1.8421655192075757,
  "gcor": 0.00535183,
  "gsr_x": 0.007221731822937727,
  "gsr_y": 0.033279526978731155,
  "provenance": {
    "md5sum": "d7996ff4ee5f53ce5dacd8a1a4f3fb1e",
    "settings": {
      "fd_thres": 0.2,
      "testing": false
    },
    "software": "mriqc",
    "version": "23.0.1",
    "webapi_port": null,
    "webapi_url": "https://mriqc.nimh.nih.gov/api/v1"
  },
  "size_t": 211,
  "size_x": 64,
  "size_y": 64,
  "size_z": 30,
  "snr": 4.807784005356484,
  "spacing_tr": 2.0,
  "spacing_x": 3.0,
  "spacing_y": 3.0,
  "spacing_z": 3.989999771118164,
  "summary_bg_k": 31.99561938753525,
  "summary_bg_mad": 12.472128739689994,
  "summary_bg_mean": 59.33245849609375,
  "summary_bg_median": 38.55450439453125,
  "summary_bg_n": 64813.0,
  "summary_bg_p05": 27.587678909301758,
  "summary_bg_p95": 165.89573974609362,
  "summary_bg_stdv": 58.598915100097656,
  "summary_fg_k": 1.8735503047286421,
  "summary_fg_mad": 138.33871368166538,
  "summary_fg_mean": 852.5026245117188,
  "summary_fg_median": 836.6967163085938,
  "summary_fg_n": 27587.0,
  "summary_fg_p05": 582.4521667480469,
  "summary_fg_p95": 1155.0862915039058,
  "summary_fg_stdv": 174.0264434814453,
  "tsnr": 34.76943111070432
}