{
  "bids_meta": {
    "AcquisitionDateTime": "2013-10-02T10:00:32.171875",
    "ConversionSoftware": "dcm2niix",
    "ConversionSoftwareVersion": "v1.0.20170207",
    "EchoTime": 0.00302,
    "FlipAngle": 9,
    "ImageType": [
      "ORIGINAL",
      "PRIMARY",
      "M",
      "ND",
      "NORM"
    ],
    "MagneticFieldStrength": 3,
    "Manufacturer": "Siemens",
    "ManufacturersModelName": "TrioTim",
    "PhaseEncodingDirection": "i-",
    "ProcedureStepDescription": "Studies_bbsrc_age",
    "ProtocolName": "MPRAGE",
    "RepetitionTime": 2.02,
    "dataset": "ds002366",
    "modality": "T1w",
    "session_id": "1",
    "subject_id": "ER039"
  },
  "cjv": 0.4054585173599225,
  "cnr": 3.464505760419651,
  "efc": 0.53360238490896,
  "fber": 11485.227618128265,
  "fwhm_avg": 4.733655440000001,
  "fwhm_x": 4.65915,
  "fwhm_y": 4.73504768,
  "fwhm_z": 4.8067686400000005,
  "icvs_csf": 0.2873717342506163,
  "icvs_gm": 0.37334202578265424,
  "icvs_wm": 0.33928623996672946,
  "inu_med": 0.6316827535629272,
  "inu_range": 0.29798745214939104,
  "provenance": {
    "md5sum": "e312e7ef1eb4231870938d82a75c393c",
    "settings": {
      "testing": false
    },
    "software": "mriqc",
    "version": "23.0.1",
    "warnings": {
      "large_rot_frame": true,
      "small_air_mask": false
    },
    "webapi_port": null,
    "webapi_url": "https://mriqc.nimh.nih.gov/api/v1"
  },
  "qi_1": 0.0,
  "qi_2": 0.015176197406599073,
  "rpve_csf": 20.961429680335442,
  "rpve_gm": 14.558327214205448,
  "rpve_wm": 18.550661506107126,
  "size_x": 192,
  "size_y": 256,
  "size_z": 256,
  "snr_csf": 3.25487203441156,
  "snr_gm": 13.712125701410445,
  "snr_total": 12.28775683203161,
  "snr_wm": 19.896272760272826,
  "snrd_csf": 25.46999588905186,
  "snrd_gm": 64.55182212787807,
  "snrd_total": 58.97958975572413,
  "snrd_wm": 86.91695125024245,
  "spacing_x": 1.0,
  "spacing_y": 0.9765625,
  "spacing_z": 0.9765625,
  "summary_bg_k": 9.31677683063442,
  "summary_bg_mad": 0.0,
  "summary_bg_mean": 5.030469716310509,
  "summary_bg_median": 0.0,
  "summary_bg_n": 3651845.0,
  "summary_bg_p05": 0.0,
  "summary_bg_p95": 19.75650042295456,
  "summary_bg_stdv": 7.53749835148175,
  "summary_csf_k": 1.7741529903611069,
  "summary_csf_mad": 62.42651057956212,
  "summary_csf_mean": 301.71468500183687,
  "summary_csf_median": 293.0382925234735,
  "summary_csf_n": 95686.0,
  "summary_csf_p05": 159.0645240303129,
  "summary_csf_p95": 467.92653861129656,
  "summary_csf_stdv": 90.03019417409482,
  "summary_gm_k": 0.057300035087165746,
  "summary_gm_mad": 54.17010111581358,
  "summary_gm_mean": 740.623393637131,
  "summary_gm_median": 742.6838943371549,
  "summary_gm_n": 16822.0,
  "summary_gm_p05": 647.8909705265426,
  "summary_gm_p95": 826.4131779109127,
  "summary_gm_stdv": 54.16095472001168,
  "summary_wm_k": 0.03885777632875431,
  "summary_wm_mad": 50.16089119882704,
  "summary_wm_mean": 999.1837383717485,
  "summary_wm_median": 999.9999645333737,
  "summary_wm_n": 169611.0,
  "summary_wm_p05": 915.3927514720708,
  "summary_wm_p95": 1080.2854431271553,
  "summary_wm_stdv": 50.2605200811195,
  "tpm_overlap_csf": 0.1633555715911601,
  "tpm_overlap_gm": 0.42329200433181136,
  "tpm_overlap_wm": 0.4774759111373558,
  "wm2max": 0.7847701983143999
}