{
  "bids_meta": {
    "AcquisitionDateTime": "2013-07-31T12:59:42.835938",
    "ConversionSoftware": "dcm2niix",
    "ConversionSoftwareVersion": "v1.0.20170207",
    "EchoTime": 0.00302,
    "FlipAngle": 9,
    "ImageType": [
      "ORIGINAL",
      "PRIMARY",
      "M",
      "ND",
      "NORM"
    ],
    "MagneticFieldStrength": 3,
    "Manufacturer": "Siemens",
    "ManufacturersModelName": "TrioTim",
    "PhaseEncodingDirection": "i-",
    "ProcedureStepDescription": "Studies_bbsrc_age",
    "ProtocolName": "MPRAGE",
    "RepetitionTime": 2.02,
    "dataset": "ds002366",
    "modality": "T1w",
    "session_id": "1",
    "subject_id": "ER021"
  },
  "cjv": 0.41774567937989565,
  "cnr": 3.2458689358205786,
  "efc": 0.5360121396663358,
  "fber": 8836.866380683387,
  "fwhm_avg": 4.014830506666667,
  "fwhm_x": 4.1528,
  "fwhm_y": 4.2016870399999995,
  "fwhm_z": 3.6900044800000003,
  "icvs_csf": 0.30837194486662406,
  "icvs_gm": 0.37967097737415617,
  "icvs_wm": 0.31195707775921977,
  "inu_med": 0.597865879535675,
  "inu_range": 0.23495408743619917,
  "provenance": {
    "md5sum": "ff03d2a27c458eee2b4d2f5e20f3c3b8",
    "settings": {
      "testing": false
    },
    "software": "mriqc",
    "version": "23.0.1",
    "warnings": {
      "large_rot_frame": true,
      "small_air_mask": false
    },
    "webapi_port": null,
    "webapi_url": "https://mriqc.nimh.nih.gov/api/v1"
  },
  "qi_1": 0.0,
  "qi_2": 0.015442809628847604,
  "rpve_csf": 20.930954533279763,
  "rpve_gm": 15.615652759186196,
  "rpve_wm": 22.04462426401412,
  "size_x": 192,
  "size_y": 256,
  "size_z": 256,
  "snr_csf": 3.2643595265071075,
  "snr_gm": 12.332937219546988,
  "snr_total": 12.139154401403994,
  "snr_wm": 20.820166458157892,
  "snrd_csf": 26.508241187711665,
  "snrd_gm": 69.5906313940193,
  "snrd_total": 63.06557434288114,
  "snrd_wm": 93.09785044691247,
  "spacing_x": 1.0,
  "spacing_y": 0.9765625,
  "spacing_z": 0.9765625,
  "summary_bg_k": 7.577143705238322,
  "summary_bg_mad": 7.0374306833301485,
  "summary_bg_mean": 6.264836056115663,
  "summary_bg_median": 4.7466748636215925,
  "summary_bg_n": 3284655.0,
  "summary_bg_p05": 0.0,
  "summary_bg_p95": 22.616509644314647,
  "summary_bg_stdv": 8.44530642632382,
  "summary_csf_k": 1.8682006234104849,
  "summary_csf_mad": 63.14870955416037,
  "summary_csf_mean": 293.3532835606187,
  "summary_csf_median": 284.74972524121404,
  "summary_csf_n": 91218.0,
  "summary_csf_p05": 168.4143086572178,
  "summary_csf_p95": 457.17840090207756,
  "summary_csf_stdv": 87.22941272397044,
  "summary_gm_k": 0.29492460472299475,
  "summary_gm_mad": 58.97141112715691,
  "summary_gm_mean": 745.4148862794347,
  "summary_gm_median": 747.5378328002989,
  "summary_gm_n": 11545.0,
  "summary_gm_p05": 641.674291697517,
  "summary_gm_p95": 840.1106842849404,
  "summary_gm_stdv": 60.61049722641727,
  "summary_wm_k": 0.2853211737837973,
  "summary_wm_mad": 46.51478248447093,
  "summary_wm_mean": 1000.2926448305058,
  "summary_wm_median": 1000.0507822297513,
  "summary_wm_n": 150481.0,
  "summary_wm_p05": 921.794105200097,
  "summary_wm_p95": 1079.3735573571175,
  "summary_wm_stdv": 48.032635156240175,
  "tpm_overlap_csf": 0.1564026840331113,
  "tpm_overlap_gm": 0.42295075628972856,
  "tpm_overlap_wm": 0.4633112675198305,
  "wm2max": 0.7096495415066394
}