{
  "aor": 0.005014928909952606,
  "aqi": 0.019513810189573457,
  "bids_meta": {
    "AcquisitionDateTime": "2013-09-19T95:01:3.976562",
    "ConversionSoftware": "dcm2niix",
    "ConversionSoftwareVersion": "v1.0.20170207",
    "EchoTime": 0.03,
    "EffectiveEchoSpacing": 0.000265001,
    "FlipAngle": 90,
    "ImageType": [
      "ORIGINAL",
      "PRIMARY",
      "M",
      "ND",
      "MOSAIC"
    ],
    "MagneticFieldStrength": 3,
    "Manufacturer": "Siemens",
    "ManufacturersModelName": "TrioTim",
    "PhaseEncodingDirection": "j",
    "ProcedureStepDescription": "Studies_bbsrc_age",
    "ProtocolName": "ep2d_bold_PtoA_iPAT2_block_2",
    "RepetitionTime": 2,
    "TaskName": "Emoreg Run2",
    "dataset": "ds002366",
    "modality": "bold",
    "session_id": "1",
    "subject_id": "ER033",
    "task_id": "emoregRun2"
  },
  "dummy_trs": 0,
  "dvars_nstd": 55.42141498357143,
  "dvars_std": 1.1665347653809526,
  "dvars_vstd": 1.0462269359047622,
  "efc": 0.6052160975538797,
  "fber": 497.0334167480469,
  "fd_mean": 0.4105884500544949,
  "fd_num": 162,
  "fd_perc": 76.77725118483413,
  "fwhm_avg": 1.8323932568021644,
  "fwhm_x": 1.8231233333333332,
  "fwhm_y": 1.9881466666666665,
  "fwhm_z": 1.685909770406494,
  "gcor": 0.0236295,
  "gsr_x": 0.017739709466695786,
  "gsr_y": 0.03881460800766945,
  "provenance": {
    "md5sum": "43f142286003b1d9f59b1b776a2b64b6",
    "settings": {
      "fd_thres": 0.2,
      "testing": false
    },
    "software": "mriqc",
    "version": "23.0.1",
    "webapi_port": null,
    "webapi_url": "https://mriqc.nimh.nih.gov/api/v1"
  },
  "size_t": 211,
  "size_x": 64,
  "size_y": 64,
  "size_z": 30,
  "snr": 4.851298044470463,
  "spacing_tr": 2.0,
  "spacing_x": 3.0,
  "spacing_y": 3.0,
  "spacing_z": 3.990000009536743,
  "summary_bg_k": 61.165474859363314,
  "summary_bg_mad": 14.818997832198873,
  "summary_bg_mean": 65.05894470214844,
  "summary_bg_median": 40.113746643066406,
  "summary_bg_n": 60920.0,
  "summary_bg_p05": 27.800949096679688,
  "summary_bg_p95": 177.19977645874016,
  "summary_bg_stdv": 79.3777847290039,
  "summary_fg_k": 1.4042197677966897,
  "summary_fg_mad": 151.37650077510773,
  "summary_fg_mean": 923.20703125,
  "summary_fg_median": 897.5118408203125,
  "summary_fg_n": 31060.0,
  "summary_fg_p05": 662.1775085449219,
  "summary_fg_p95": 1262.5090942382812,
  "summary_fg_stdv": 185.00149536132812,
  "tsnr": 30.72482803836465
}