{
  "aor": 0.002163270142180094,
  "aqi": 0.018229977440758296,
  "bids_meta": {
    "AcquisitionDateTime": "2013-10-22T10:19:29.125000",
    "ConversionSoftware": "dcm2niix",
    "ConversionSoftwareVersion": "v1.0.20170207",
    "EchoTime": 0.03,
    "EffectiveEchoSpacing": 0.000265001,
    "FlipAngle": 90,
    "ImageType": [
      "ORIGINAL",
      "PRIMARY",
      "M",
      "ND",
      "MOSAIC"
    ],
    "MagneticFieldStrength": 3,
    "Manufacturer": "Siemens",
    "ManufacturersModelName": "TrioTim",
    "PhaseEncodingDirection": "j",
    "ProcedureStepDescription": "Studies_bbsrc_age",
    "ProtocolName": "ep2d_bold_PtoA_iPAT2_block_2",
    "RepetitionTime": 2,
    "TaskName": "Emoreg Run2",
    "dataset": "ds002366",
    "modality": "bold",
    "session_id": "1",
    "subject_id": "ER043",
    "task_id": "emoregRun2"
  },
  "dummy_trs": 0,
  "dvars_nstd": 54.57351898919047,
  "dvars_std": 1.1117979793333337,
  "dvars_vstd": 1.0023017543809525,
  "efc": 0.6051082904125988,
  "fber": 510.6204528808594,
  "fd_mean": 0.48845923227267213,
  "fd_num": 195,
  "fd_perc": 92.41706161137441,
  "fwhm_avg": 1.907549541710947,
  "fwhm_x": 1.8917033333333333,
  "fwhm_y": 2.11075983225188,
  "fwhm_z": 1.7201854595476274,
  "gcor": 0.0102894,
  "gsr_x": 0.012098806910216808,
  "gsr_y": 0.03425410017371178,
  "provenance": {
    "md5sum": "5893079f1b3c71c322b110742a7e0afc",
    "settings": {
      "fd_thres": 0.2,
      "testing": false
    },
    "software": "mriqc",
    "version": "23.0.1",
    "webapi_port": null,
    "webapi_url": "https://mriqc.nimh.nih.gov/api/v1"
  },
  "size_t": 211,
  "size_x": 64,
  "size_y": 64,
  "size_z": 30,
  "snr": 4.866349311620658,
  "spacing_tr": 2.0,
  "spacing_x": 3.0,
  "spacing_y": 3.000000238418579,
  "spacing_z": 3.990000009536743,
  "summary_bg_k": 28.47546844904389,
  "summary_bg_mad": 15.700829830103988,
  "summary_bg_mean": 81.25114440917969,
  "summary_bg_median": 41.473934173583984,
  "summary_bg_n": 62306.0,
  "summary_bg_p05": 27.49881601333618,
  "summary_bg_p95": 288.7310485839844,
  "summary_bg_stdv": 116.71076965332031,
  "summary_fg_k": 1.0691285069349767,
  "summary_fg_mad": 172.31911677465095,
  "summary_fg_mean": 954.6425170898438,
  "summary_fg_median": 936.5355834960938,
  "summary_fg_n": 29625.0,
  "summary_fg_p05": 671.367822265625,
  "summary_fg_p95": 1300.0541015625,
  "summary_fg_stdv": 192.4481201171875,
  "tsnr": 31.380192639306188
}