{
  "aor": 0.002571658767772512,
  "aqi": 0.018202804454976306,
  "bids_meta": {
    "AcquisitionDateTime": "2013-10-22T10:27:1.203125",
    "ConversionSoftware": "dcm2niix",
    "ConversionSoftwareVersion": "v1.0.20170207",
    "EchoTime": 0.03,
    "EffectiveEchoSpacing": 0.000265001,
    "FlipAngle": 90,
    "ImageType": [
      "ORIGINAL",
      "PRIMARY",
      "M",
      "ND",
      "MOSAIC"
    ],
    "MagneticFieldStrength": 3,
    "Manufacturer": "Siemens",
    "ManufacturersModelName": "TrioTim",
    "PhaseEncodingDirection": "j",
    "ProcedureStepDescription": "Studies_bbsrc_age",
    "ProtocolName": "ep2d_bold_PtoA_iPAT2_block_3",
    "RepetitionTime": 2,
    "TaskName": "Emoreg Run3",
    "dataset": "ds002366",
    "modality": "bold",
    "session_id": "1",
    "subject_id": "ER043",
    "task_id": "emoregRun3"
  },
  "dummy_trs": 0,
  "dvars_nstd": 56.4165875031429,
  "dvars_std": 1.124820635285715,
  "dvars_vstd": 1.0082968944285706,
  "efc": 0.6055487307235321,
  "fber": 519.2019653320312,
  "fd_mean": 0.5512490952589139,
  "fd_num": 198,
  "fd_perc": 93.8388625592417,
  "fwhm_avg": 1.903664170109544,
  "fwhm_x": 1.8891566666666666,
  "fwhm_y": 2.1047631660617854,
  "fwhm_z": 1.7170726776001801,
  "gcor": 0.0135532,
  "gsr_x": 0.0128270098939538,
  "gsr_y": 0.034047652035951614,
  "provenance": {
    "md5sum": "fa356a09e8a8cfeacee6d7e207350541",
    "settings": {
      "fd_thres": 0.2,
      "testing": false
    },
    "software": "mriqc",
    "version": "23.0.1",
    "webapi_port": null,
    "webapi_url": "https://mriqc.nimh.nih.gov/api/v1"
  },
  "size_t": 211,
  "size_x": 64,
  "size_y": 64,
  "size_z": 30,
  "snr": 4.890637435799698,
  "spacing_tr": 2.0,
  "spacing_x": 3.0,
  "spacing_y": 3.000000238418579,
  "spacing_z": 3.990000009536743,
  "summary_bg_k": 29.655899006883864,
  "summary_bg_mad": 15.19140447503956,
  "summary_bg_mean": 81.57201385498047,
  "summary_bg_median": 41.113746643066406,
  "summary_bg_n": 62232.0,
  "summary_bg_p05": 27.82938575744629,
  "summary_bg_p95": 294.29906463623024,
  "summary_bg_stdv": 117.38684844970703,
  "summary_fg_k": 1.0938246540159957,
  "summary_fg_mad": 171.27919583378997,
  "summary_fg_mean": 954.2434692382812,
  "summary_fg_median": 935.3128051757812,
  "summary_fg_n": 29631.0,
  "summary_fg_p05": 674.9715881347656,
  "summary_fg_p95": 1296.1801147460938,
  "summary_fg_stdv": 191.2423553466797,
  "tsnr": 30.678118205163628
}