{
  "aor": 0.0034388625592417063,
  "aqi": 0.022730874834123223,
  "bids_meta": {
    "AcquisitionDateTime": "2013-10-22T10:34:35.304688",
    "ConversionSoftware": "dcm2niix",
    "ConversionSoftwareVersion": "v1.0.20170207",
    "EchoTime": 0.03,
    "EffectiveEchoSpacing": 0.000265001,
    "FlipAngle": 90,
    "ImageType": [
      "ORIGINAL",
      "PRIMARY",
      "M",
      "ND",
      "MOSAIC"
    ],
    "MagneticFieldStrength": 3,
    "Manufacturer": "Siemens",
    "ManufacturersModelName": "TrioTim",
    "PhaseEncodingDirection": "j",
    "ProcedureStepDescription": "Studies_bbsrc_age",
    "ProtocolName": "ep2d_bold_PtoA_iPAT2_block_4",
    "RepetitionTime": 2,
    "TaskName": "Emoreg Run4",
    "dataset": "ds002366",
    "modality": "bold",
    "session_id": "1",
    "subject_id": "ER043",
    "task_id": "emoregRun4"
  },
  "dummy_trs": 0,
  "dvars_nstd": 67.70647355933336,
  "dvars_std": 1.1712009078571428,
  "dvars_vstd": 1.0297637594761901,
  "efc": 0.6064400711341887,
  "fber": 512.66796875,
  "fd_mean": 0.6691534050519655,
  "fd_num": 203,
  "fd_perc": 96.2085308056872,
  "fwhm_avg": 1.9135778874477483,
  "fwhm_x": 1.91206,
  "fwhm_y": 2.1158064985174736,
  "fwhm_z": 1.7128671638257709,
  "gcor": 0.0150953,
  "gsr_x": 0.012594150379300117,
  "gsr_y": 0.03520349785685539,
  "provenance": {
    "md5sum": "7aa26b332a0dde3234849252f6177f91",
    "settings": {
      "fd_thres": 0.2,
      "testing": false
    },
    "software": "mriqc",
    "version": "23.0.1",
    "webapi_port": null,
    "webapi_url": "https://mriqc.nimh.nih.gov/api/v1"
  },
  "size_t": 211,
  "size_x": 64,
  "size_y": 64,
  "size_z": 30,
  "snr": 4.904041442502019,
  "spacing_tr": 2.0,
  "spacing_x": 3.0,
  "spacing_y": 3.000000238418579,
  "spacing_z": 3.990000009536743,
  "summary_bg_k": 30.352332541971485,
  "summary_bg_mad": 15.303830882665,
  "summary_bg_mean": 82.39630126953125,
  "summary_bg_median": 41.34597396850586,
  "summary_bg_n": 62210.0,
  "summary_bg_p05": 28.295973300933838,
  "summary_bg_p95": 297.93508605956976,
  "summary_bg_stdv": 118.32076263427734,
  "summary_fg_k": 1.140314930027313,
  "summary_fg_mad": 169.69117176564086,
  "summary_fg_mean": 953.483154296875,
  "summary_fg_median": 934.0616455078125,
  "summary_fg_n": 29691.0,
  "summary_fg_p05": 676.93603515625,
  "summary_fg_p95": 1293.0474243164062,
  "summary_fg_stdv": 190.4645233154297,
  "tsnr": 27.375559820677154
}