{
  "aor": 0.000763791469194313,
  "aqi": 0.015923782274881518,
  "bids_meta": {
    "AcquisitionDateTime": "2013-11-06T13:03:55.218750",
    "ConversionSoftware": "dcm2niix",
    "ConversionSoftwareVersion": "v1.0.20170207",
    "EchoTime": 0.03,
    "EffectiveEchoSpacing": 0.000265001,
    "FlipAngle": 90,
    "ImageType": [
      "ORIGINAL",
      "PRIMARY",
      "M",
      "ND",
      "MOSAIC"
    ],
    "MagneticFieldStrength": 3,
    "Manufacturer": "Siemens",
    "ManufacturersModelName": "TrioTim",
    "PhaseEncodingDirection": "j",
    "ProcedureStepDescription": "Studies_bbsrc_age",
    "ProtocolName": "ep2d_bold_PtoA_iPAT2_block_4",
    "RepetitionTime": 2,
    "TaskName": "Emoreg Run4",
    "dataset": "ds002366",
    "modality": "bold",
    "session_id": "1",
    "subject_id": "ER042",
    "task_id": "emoregRun4"
  },
  "dummy_trs": 0,
  "dvars_nstd": 37.63570598419047,
  "dvars_std": 1.134158769666667,
  "dvars_vstd": 1.004270757523809,
  "efc": 0.5673744240600588,
  "fber": 649.5697021484375,
  "fd_mean": 0.13716859980365909,
  "fd_num": 20,
  "fd_perc": 9.47867298578199,
  "fwhm_avg": 1.733396647000844,
  "fwhm_x": 1.7243566666666668,
  "fwhm_y": 1.91628681895946,
  "fwhm_z": 1.5595464553764051,
  "gcor": 0.00427119,
  "gsr_x": 0.00463695777580142,
  "gsr_y": 0.025966398417949677,
  "provenance": {
    "md5sum": "68b9a145b89f68b438910e56ab386d2a",
    "settings": {
      "fd_thres": 0.2,
      "testing": false
    },
    "software": "mriqc",
    "version": "23.0.1",
    "webapi_port": null,
    "webapi_url": "https://mriqc.nimh.nih.gov/api/v1"
  },
  "size_t": 211,
  "size_x": 64,
  "size_y": 64,
  "size_z": 30,
  "snr": 6.115412940541779,
  "spacing_tr": 2.0,
  "spacing_x": 3.0,
  "spacing_y": 2.999999761581421,
  "spacing_z": 3.989999771118164,
  "summary_bg_k": 83.53975504483597,
  "summary_bg_mad": 11.024659596827385,
  "summary_bg_mean": 52.227657318115234,
  "summary_bg_median": 34.568721771240234,
  "summary_bg_n": 66943.0,
  "summary_bg_p05": 24.872039794921875,
  "summary_bg_p95": 123.84360961914007,
  "summary_bg_stdv": 63.254661560058594,
  "summary_fg_k": 2.7207900613618508,
  "summary_fg_mad": 113.86528013678763,
  "summary_fg_mean": 887.578125,
  "summary_fg_median": 880.4881591796875,
  "summary_fg_n": 26524.0,
  "summary_fg_p05": 670.7639862060547,
  "summary_fg_p95": 1133.414971923828,
  "summary_fg_stdv": 143.97581481933594,
  "tsnr": 43.00158100062981
}