{
  "aor": 0.00040549763033175353,
  "aqi": 0.0157577990521327,
  "bids_meta": {
    "AcquisitionDateTime": "2013-11-06T12:47:58.851562",
    "ConversionSoftware": "dcm2niix",
    "ConversionSoftwareVersion": "v1.0.20170207",
    "EchoTime": 0.03,
    "EffectiveEchoSpacing": 0.000265001,
    "FlipAngle": 90,
    "ImageType": [
      "ORIGINAL",
      "PRIMARY",
      "M",
      "ND",
      "MOSAIC"
    ],
    "MagneticFieldStrength": 3,
    "Manufacturer": "Siemens",
    "ManufacturersModelName": "TrioTim",
    "PhaseEncodingDirection": "j",
    "ProcedureStepDescription": "Studies_bbsrc_age",
    "ProtocolName": "ep2d_bold_PtoA_iPAT2_block_2",
    "RepetitionTime": 2,
    "TaskName": "Emoreg Run2",
    "dataset": "ds002366",
    "modality": "bold",
    "session_id": "1",
    "subject_id": "ER042",
    "task_id": "emoregRun2"
  },
  "dummy_trs": 0,
  "dvars_nstd": 41.26925284985715,
  "dvars_std": 1.12532319952381,
  "dvars_vstd": 0.9982597794285718,
  "efc": 0.5676703291077091,
  "fber": 670.7572631835938,
  "fd_mean": 0.17302780413020646,
  "fd_num": 72,
  "fd_perc": 34.12322274881517,
  "fwhm_avg": 1.6888632864575925,
  "fwhm_x": 1.68128,
  "fwhm_y": 1.8597934811364396,
  "fwhm_z": 1.5255163782363381,
  "gcor": 0.00446918,
  "gsr_x": 0.004066679161041975,
  "gsr_y": 0.02680159918963909,
  "provenance": {
    "md5sum": "297583d766de2671481947814d94909e",
    "settings": {
      "fd_thres": 0.2,
      "testing": false
    },
    "software": "mriqc",
    "version": "23.0.1",
    "webapi_port": null,
    "webapi_url": "https://mriqc.nimh.nih.gov/api/v1"
  },
  "size_t": 211,
  "size_x": 64,
  "size_y": 64,
  "size_z": 30,
  "snr": 6.255821887529783,
  "spacing_tr": 2.0,
  "spacing_x": 3.0,
  "spacing_y": 2.999999761581421,
  "spacing_z": 3.989999771118164,
  "summary_bg_k": 98.954913839405,
  "summary_bg_mad": 9.851225050572944,
  "summary_bg_mean": 53.02532958984375,
  "summary_bg_median": 34.64455032348633,
  "summary_bg_n": 66765.0,
  "summary_bg_p05": 26.03791618347168,
  "summary_bg_p95": 123.36682891845686,
  "summary_bg_stdv": 68.70365142822266,
  "summary_fg_k": 2.9655273805734916,
  "summary_fg_mad": 111.2653872937771,
  "summary_fg_mean": 907.1599731445312,
  "summary_fg_median": 898.6635131835938,
  "summary_fg_n": 26687.0,
  "summary_fg_p05": 696.9578247070312,
  "summary_fg_p95": 1154.9426757812498,
  "summary_fg_stdv": 143.649658203125,
  "tsnr": 44.03113657201175
}