{
  "aor": 0.0005826066350710901,
  "aqi": 0.0179832682464455,
  "bids_meta": {
    "AcquisitionDateTime": "2013-11-06T12:55:54.250000",
    "ConversionSoftware": "dcm2niix",
    "ConversionSoftwareVersion": "v1.0.20170207",
    "EchoTime": 0.03,
    "EffectiveEchoSpacing": 0.000265001,
    "FlipAngle": 90,
    "ImageType": [
      "ORIGINAL",
      "PRIMARY",
      "M",
      "ND",
      "MOSAIC"
    ],
    "MagneticFieldStrength": 3,
    "Manufacturer": "Siemens",
    "ManufacturersModelName": "TrioTim",
    "PhaseEncodingDirection": "j",
    "ProcedureStepDescription": "Studies_bbsrc_age",
    "ProtocolName": "ep2d_bold_PtoA_iPAT2_block_3",
    "RepetitionTime": 2,
    "TaskName": "Emoreg Run3",
    "dataset": "ds002366",
    "modality": "bold",
    "session_id": "1",
    "subject_id": "ER042",
    "task_id": "emoregRun3"
  },
  "dummy_trs": 0,
  "dvars_nstd": 39.9412617635714,
  "dvars_std": 1.1140364815714288,
  "dvars_vstd": 0.9984888526190473,
  "efc": 0.5683263837012041,
  "fber": 670.0454711914062,
  "fd_mean": 0.17149937826535594,
  "fd_num": 64,
  "fd_perc": 30.33175355450237,
  "fwhm_avg": 1.6947304464044615,
  "fwhm_x": 1.6874766666666667,
  "fwhm_y": 1.8819401495631654,
  "fwhm_z": 1.5147745229835523,
  "gcor": 0.00762209,
  "gsr_x": 0.004953478462994099,
  "gsr_y": 0.0271055456250906,
  "provenance": {
    "md5sum": "a9171c405cddad44af6ac09e8d3dc4c7",
    "settings": {
      "fd_thres": 0.2,
      "testing": false
    },
    "software": "mriqc",
    "version": "23.0.1",
    "webapi_port": null,
    "webapi_url": "https://mriqc.nimh.nih.gov/api/v1"
  },
  "size_t": 211,
  "size_x": 64,
  "size_y": 64,
  "size_z": 30,
  "snr": 6.283905013023779,
  "spacing_tr": 2.0,
  "spacing_x": 3.0,
  "spacing_y": 2.999999761581421,
  "spacing_z": 3.989999771118164,
  "summary_bg_k": 94.18231261268417,
  "summary_bg_mad": 10.181474264913492,
  "summary_bg_mean": 53.38083267211914,
  "summary_bg_median": 34.70142364501953,
  "summary_bg_n": 66793.0,
  "summary_bg_p05": 25.872039794921875,
  "summary_bg_p95": 125.20379638671875,
  "summary_bg_stdv": 68.43292236328125,
  "summary_fg_k": 2.889648170587871,
  "summary_fg_mad": 111.4692179515642,
  "summary_fg_mean": 907.2569580078125,
  "summary_fg_median": 898.5853271484375,
  "summary_fg_n": 26702.0,
  "summary_fg_p05": 698.7509521484375,
  "summary_fg_p95": 1152.8831726074213,
  "summary_fg_stdv": 142.9952392578125,
  "tsnr": 42.058710318873636
}