{
  "aor": 0.0003365876777251185,
  "aqi": 0.01648220047393365,
  "bids_meta": {
    "AcquisitionDateTime": "2013-11-06T12:40:13.117188",
    "ConversionSoftware": "dcm2niix",
    "ConversionSoftwareVersion": "v1.0.20170207",
    "EchoTime": 0.03,
    "EffectiveEchoSpacing": 0.000265001,
    "FlipAngle": 90,
    "ImageType": [
      "ORIGINAL",
      "PRIMARY",
      "M",
      "ND",
      "MOSAIC"
    ],
    "MagneticFieldStrength": 3,
    "Manufacturer": "Siemens",
    "ManufacturersModelName": "TrioTim",
    "PhaseEncodingDirection": "j",
    "ProcedureStepDescription": "Studies_bbsrc_age",
    "ProtocolName": "ep2d_bold_PtoA_iPAT2_block_1",
    "RepetitionTime": 2,
    "TaskName": "Emoreg Run1",
    "dataset": "ds002366",
    "modality": "bold",
    "session_id": "1",
    "subject_id": "ER042",
    "task_id": "emoregRun1"
  },
  "dummy_trs": 0,
  "dvars_nstd": 40.23207386604761,
  "dvars_std": 1.1184316463809518,
  "dvars_vstd": 0.9933502354761905,
  "efc": 0.5676888120299464,
  "fber": 665.994384765625,
  "fd_mean": 0.14375078695729368,
  "fd_num": 30,
  "fd_perc": 14.218009478672986,
  "fwhm_avg": 1.7075852590489273,
  "fwhm_x": 1.69336,
  "fwhm_y": 1.8805134827831176,
  "fwhm_z": 1.5488822943636649,
  "gcor": 0.00685767,
  "gsr_x": 0.0037035243585705757,
  "gsr_y": 0.027236083522439003,
  "provenance": {
    "md5sum": "eda9d2095918573a734bec31d42ff3f1",
    "settings": {
      "fd_thres": 0.2,
      "testing": false
    },
    "software": "mriqc",
    "version": "23.0.1",
    "webapi_port": null,
    "webapi_url": "https://mriqc.nimh.nih.gov/api/v1"
  },
  "size_t": 211,
  "size_x": 64,
  "size_y": 64,
  "size_z": 30,
  "snr": 6.250505785180631,
  "spacing_tr": 2.0,
  "spacing_x": 3.0,
  "spacing_y": 2.999999761581421,
  "spacing_z": 3.989999771118164,
  "summary_bg_k": 97.6548032489003,
  "summary_bg_mad": 10.047969143037982,
  "summary_bg_mean": 52.51461410522461,
  "summary_bg_median": 34.60663604736328,
  "summary_bg_n": 66700.0,
  "summary_bg_p05": 26.18483543395996,
  "summary_bg_p95": 119.03554992675761,
  "summary_bg_stdv": 66.96426391601562,
  "summary_fg_k": 2.8291543588302277,
  "summary_fg_mad": 112.15780813599525,
  "summary_fg_mean": 906.2073364257812,
  "summary_fg_median": 897.8862915039062,
  "summary_fg_n": 26699.0,
  "summary_fg_p05": 693.357861328125,
  "summary_fg_p95": 1155.5232543945312,
  "summary_fg_stdv": 143.64749145507812,
  "tsnr": 43.079152534366585
}