{
  "aor": 0.0016519905213270144,
  "aqi": 0.012666359431279623,
  "bids_meta": {
    "AcquisitionDateTime": "2013-10-08T94:81:3.859375",
    "ConversionSoftware": "dcm2niix",
    "ConversionSoftwareVersion": "v1.0.20170207",
    "EchoTime": 0.03,
    "EffectiveEchoSpacing": 0.000265001,
    "FlipAngle": 90,
    "ImageType": [
      "ORIGINAL",
      "PRIMARY",
      "M",
      "ND",
      "MOSAIC"
    ],
    "MagneticFieldStrength": 3,
    "Manufacturer": "Siemens",
    "ManufacturersModelName": "TrioTim",
    "PhaseEncodingDirection": "j",
    "ProcedureStepDescription": "Studies_bbsrc_age",
    "ProtocolName": "ep2d_bold_PtoA_iPAT2_block_1",
    "RepetitionTime": 2,
    "TaskName": "Emoreg Run1",
    "dataset": "ds002366",
    "modality": "bold",
    "session_id": "1",
    "subject_id": "ER039",
    "task_id": "emoregRun1"
  },
  "dummy_trs": 0,
  "dvars_nstd": 36.7558107104762,
  "dvars_std": 1.0539065395714282,
  "dvars_vstd": 0.9971770311428574,
  "efc": 0.5672633482347809,
  "fber": 839.831298828125,
  "fd_mean": 0.19265123390616973,
  "fd_num": 80,
  "fd_perc": 37.91469194312796,
  "fwhm_avg": 1.8897078599373114,
  "fwhm_x": 1.9157766666666667,
  "fwhm_y": 2.0179133333333334,
  "fwhm_z": 1.7354335798119338,
  "gcor": 0.0177795,
  "gsr_x": -0.004095893353223801,
  "gsr_y": 0.02815144509077072,
  "provenance": {
    "md5sum": "e8f7fff2a6c1ce499dac2cb82f4e0a80",
    "settings": {
      "fd_thres": 0.2,
      "testing": false
    },
    "software": "mriqc",
    "version": "23.0.1",
    "webapi_port": null,
    "webapi_url": "https://mriqc.nimh.nih.gov/api/v1"
  },
  "size_t": 211,
  "size_x": 64,
  "size_y": 64,
  "size_z": 30,
  "snr": 5.148636320172693,
  "spacing_tr": 2.0,
  "spacing_x": 3.0,
  "spacing_y": 3.0,
  "spacing_z": 3.990000009536743,
  "summary_bg_k": 38.183550095845945,
  "summary_bg_mad": 9.86527375628724,
  "summary_bg_mean": 50.14861297607422,
  "summary_bg_median": 33.526065826416016,
  "summary_bg_n": 64103.0,
  "summary_bg_p05": 24.815166473388672,
  "summary_bg_p95": 126.37393875122068,
  "summary_bg_stdv": 51.137046813964844,
  "summary_fg_k": 1.5366295122964706,
  "summary_fg_mad": 157.3631044719873,
  "summary_fg_mean": 1000.03662109375,
  "summary_fg_median": 983.66357421875,
  "summary_fg_n": 27804.0,
  "summary_fg_p05": 706.3552459716797,
  "summary_fg_p95": 1333.4239501953123,
  "summary_fg_stdv": 191.04978942871094,
  "tsnr": 40.58412065485027
}