{
  "aor": 0.0065597630331753545,
  "aqi": 0.03803124597156398,
  "bids_meta": {
    "AcquisitionDateTime": "2013-07-19T11:43:32.750000",
    "ConversionSoftware": "dcm2niix",
    "ConversionSoftwareVersion": "v1.0.20170207",
    "EchoTime": 0.03,
    "EffectiveEchoSpacing": 0.000265001,
    "FlipAngle": 90,
    "ImageType": [
      "ORIGINAL",
      "PRIMARY",
      "M",
      "ND",
      "MOSAIC"
    ],
    "MagneticFieldStrength": 3,
    "Manufacturer": "Siemens",
    "ManufacturersModelName": "TrioTim",
    "PhaseEncodingDirection": "j",
    "ProcedureStepDescription": "Studies_bbsrc_age",
    "ProtocolName": "ep2d_bold_PtoA_iPAT2_block_1",
    "RepetitionTime": 2,
    "TaskName": "Emoreg Run1",
    "dataset": "ds002366",
    "modality": "bold",
    "session_id": "1",
    "subject_id": "ER017",
    "task_id": "emoregRun1"
  },
  "dummy_trs": 0,
  "dvars_nstd": 60.49770714909522,
  "dvars_std": 1.1216048280952384,
  "dvars_vstd": 1.0341135799047623,
  "efc": 0.5684638467209301,
  "fber": 572.7700805664062,
  "fd_mean": 0.9869769874591929,
  "fd_num": 189,
  "fd_perc": 89.57345971563981,
  "fwhm_avg": 1.9884378849425801,
  "fwhm_x": 1.9531666666666665,
  "fwhm_y": 2.204683333333333,
  "fwhm_z": 1.8074636548277403,
  "gcor": 0.0158692,
  "gsr_x": -0.0023862586822360754,
  "gsr_y": 0.03454163670539856,
  "provenance": {
    "md5sum": "2710ef314da15d4512a5490028bbf7cb",
    "settings": {
      "fd_thres": 0.2,
      "testing": false
    },
    "software": "mriqc",
    "version": "23.0.1",
    "webapi_port": null,
    "webapi_url": "https://mriqc.nimh.nih.gov/api/v1"
  },
  "size_t": 211,
  "size_x": 64,
  "size_y": 64,
  "size_z": 30,
  "snr": 5.240059747662445,
  "spacing_tr": 2.0,
  "spacing_x": 3.0,
  "spacing_y": 3.0,
  "spacing_z": 3.990000009536743,
  "summary_bg_k": 146.9334824787627,
  "summary_bg_mad": 8.607524353032519,
  "summary_bg_mean": 48.1418571472168,
  "summary_bg_median": 37.15639877319336,
  "summary_bg_n": 65658.0,
  "summary_bg_p05": 28.03791618347168,
  "summary_bg_p95": 96.39479293823237,
  "summary_bg_stdv": 43.26591110229492,
  "summary_fg_k": 2.1997638422501975,
  "summary_fg_mad": 134.14382897443488,
  "summary_fg_mean": 917.8837280273438,
  "summary_fg_median": 894.4644775390625,
  "summary_fg_n": 27885.0,
  "summary_fg_p05": 683.6587890625,
  "summary_fg_p95": 1230.1346923828123,
  "summary_fg_stdv": 170.69432067871094,
  "tsnr": 23.640788160962984
}