{
  "aor": 0.005514549763033175,
  "aqi": 0.04173657914691943,
  "bids_meta": {
    "AcquisitionDateTime": "2013-07-19T11:51:5.695312",
    "ConversionSoftware": "dcm2niix",
    "ConversionSoftwareVersion": "v1.0.20170207",
    "EchoTime": 0.03,
    "EffectiveEchoSpacing": 0.000265001,
    "FlipAngle": 90,
    "ImageType": [
      "ORIGINAL",
      "PRIMARY",
      "M",
      "ND",
      "MOSAIC"
    ],
    "MagneticFieldStrength": 3,
    "Manufacturer": "Siemens",
    "ManufacturersModelName": "TrioTim",
    "PhaseEncodingDirection": "j",
    "ProcedureStepDescription": "Studies_bbsrc_age",
    "ProtocolName": "ep2d_bold_PtoA_iPAT2_block_2",
    "RepetitionTime": 2,
    "TaskName": "Emoreg Run2",
    "dataset": "ds002366",
    "modality": "bold",
    "session_id": "1",
    "subject_id": "ER017",
    "task_id": "emoregRun2"
  },
  "dummy_trs": 0,
  "dvars_nstd": 63.81716987971433,
  "dvars_std": 1.0839326882380946,
  "dvars_vstd": 1.0000681227142847,
  "efc": 0.5705433240491657,
  "fber": 548.9830322265625,
  "fd_mean": 1.0906937141506143,
  "fd_num": 205,
  "fd_perc": 97.1563981042654,
  "fwhm_avg": 1.9791425299382794,
  "fwhm_x": 1.9744033333333333,
  "fwhm_y": 2.21832,
  "fwhm_z": 1.7447042564815045,
  "gcor": 0.0211987,
  "gsr_x": -0.0036212012637406588,
  "gsr_y": 0.03522674739360809,
  "provenance": {
    "md5sum": "430708606385e9ba6712344383b917d7",
    "settings": {
      "fd_thres": 0.2,
      "testing": false
    },
    "software": "mriqc",
    "version": "23.0.1",
    "webapi_port": null,
    "webapi_url": "https://mriqc.nimh.nih.gov/api/v1"
  },
  "size_t": 211,
  "size_x": 64,
  "size_y": 64,
  "size_z": 30,
  "snr": 5.2655854882248745,
  "spacing_tr": 2.0,
  "spacing_x": 3.0,
  "spacing_y": 3.0,
  "spacing_z": 3.990000009536743,
  "summary_bg_k": 137.90147029587442,
  "summary_bg_mad": 8.990470352998242,
  "summary_bg_mean": 49.80182647705078,
  "summary_bg_median": 38.10663604736328,
  "summary_bg_n": 65372.0,
  "summary_bg_p05": 28.57819938659668,
  "summary_bg_p95": 102.90285034179674,
  "summary_bg_stdv": 45.37556457519531,
  "summary_fg_k": 2.062810306173266,
  "summary_fg_mad": 133.9401340529349,
  "summary_fg_mean": 918.6359252929688,
  "summary_fg_median": 895.4407958984375,
  "summary_fg_n": 27850.0,
  "summary_fg_p05": 681.8346008300781,
  "summary_fg_p95": 1229.2436584472655,
  "summary_fg_stdv": 170.05226135253906,
  "tsnr": 22.73554318823153
}