{
  "aor": 0.00428,
  "aqi": 0.02928250476190476,
  "bids_meta": {
    "AcquisitionDateTime": "2013-07-19T12:06:56.882812",
    "ConversionSoftware": "dcm2niix",
    "ConversionSoftwareVersion": "v1.0.20170207",
    "EchoTime": 0.03,
    "EffectiveEchoSpacing": 0.000265001,
    "FlipAngle": 90,
    "ImageType": [
      "ORIGINAL",
      "PRIMARY",
      "M",
      "ND",
      "MOSAIC"
    ],
    "MagneticFieldStrength": 3,
    "Manufacturer": "Siemens",
    "ManufacturersModelName": "TrioTim",
    "PhaseEncodingDirection": "j",
    "ProcedureStepDescription": "Studies_bbsrc_age",
    "ProtocolName": "ep2d_bold_PtoA_iPAT2_block_4",
    "RepetitionTime": 2,
    "TaskName": "Emoreg Run4",
    "dataset": "ds002366",
    "modality": "bold",
    "session_id": "1",
    "subject_id": "ER017",
    "task_id": "emoregRun4"
  },
  "dummy_trs": 1,
  "dvars_nstd": 51.9723934922488,
  "dvars_std": 1.0928779172727285,
  "dvars_vstd": 1.020433462488039,
  "efc": 0.5708648436932284,
  "fber": 554.7250366210938,
  "fd_mean": 0.6026903794100502,
  "fd_num": 191,
  "fd_perc": 90.95238095238095,
  "fwhm_avg": 1.9470609092274742,
  "fwhm_x": 1.9414333333333333,
  "fwhm_y": 2.1646566666666667,
  "fwhm_z": 1.7350927276824226,
  "gcor": 0.014919,
  "gsr_x": -0.005233598407357931,
  "gsr_y": 0.0370347835123539,
  "provenance": {
    "md5sum": "36f1261bab5f966c923f021b0853215e",
    "settings": {
      "fd_thres": 0.2,
      "testing": false
    },
    "software": "mriqc",
    "version": "23.0.1",
    "webapi_port": null,
    "webapi_url": "https://mriqc.nimh.nih.gov/api/v1"
  },
  "size_t": 210,
  "size_x": 64,
  "size_y": 64,
  "size_z": 30,
  "snr": 5.114324474260741,
  "spacing_tr": 2.0,
  "spacing_x": 3.0,
  "spacing_y": 3.0,
  "spacing_z": 3.990000009536743,
  "summary_bg_k": 134.4549720596799,
  "summary_bg_mad": 9.22390283272923,
  "summary_bg_mean": 51.166297912597656,
  "summary_bg_median": 38.21666717529297,
  "summary_bg_n": 65032.0,
  "summary_bg_p05": 28.526429748535158,
  "summary_bg_p95": 109.96881294250487,
  "summary_bg_stdv": 47.16244888305664,
  "summary_fg_k": 1.9192124822714405,
  "summary_fg_mad": 137.67731600008227,
  "summary_fg_mean": 925.2589111328125,
  "summary_fg_median": 899.3976440429688,
  "summary_fg_n": 27786.0,
  "summary_fg_p05": 680.9262084960938,
  "summary_fg_p95": 1247.3643188476562,
  "summary_fg_stdv": 175.85537719726562,
  "tsnr": 27.29896266013384
}