{
  "aor": 0.0005729857819905212,
  "aqi": 0.018292277251184836,
  "bids_meta": {
    "AcquisitionDateTime": "2014-02-28T12:58:20.820312",
    "ConversionSoftware": "dcm2niix",
    "ConversionSoftwareVersion": "v1.0.20170207",
    "EchoTime": 0.03,
    "EffectiveEchoSpacing": 0.000265001,
    "FlipAngle": 90,
    "ImageType": [
      "ORIGINAL",
      "PRIMARY",
      "M",
      "ND",
      "MOSAIC"
    ],
    "MagneticFieldStrength": 3,
    "Manufacturer": "Siemens",
    "ManufacturersModelName": "TrioTim",
    "PhaseEncodingDirection": "j",
    "ProcedureStepDescription": "Studies_bbsrc_age",
    "ProtocolName": "ep2d_bold_PtoA_iPAT2_block_3",
    "RepetitionTime": 2,
    "TaskName": "Emoreg Run3",
    "dataset": "ds002366",
    "modality": "bold",
    "session_id": "1",
    "subject_id": "ER050",
    "task_id": "emoregRun3"
  },
  "dummy_trs": 0,
  "dvars_nstd": 40.836850266285694,
  "dvars_std": 1.0495158652380951,
  "dvars_vstd": 1.0040471399523812,
  "efc": 0.588832086456995,
  "fber": 362.1688232421875,
  "fd_mean": 0.2017896932219101,
  "fd_num": 98,
  "fd_perc": 46.44549763033175,
  "fwhm_avg": 1.7049642404457683,
  "fwhm_x": 1.6899933333333335,
  "fwhm_y": 1.86018,
  "fwhm_z": 1.5647193880039714,
  "gcor": 0.00563465,
  "gsr_x": -0.009151029400527477,
  "gsr_y": 0.031587906181812286,
  "provenance": {
    "md5sum": "9783bb64e030f9aca12ea4f3caf634a5",
    "settings": {
      "fd_thres": 0.2,
      "testing": false
    },
    "software": "mriqc",
    "version": "23.0.1",
    "webapi_port": null,
    "webapi_url": "https://mriqc.nimh.nih.gov/api/v1"
  },
  "size_t": 211,
  "size_x": 64,
  "size_y": 64,
  "size_z": 30,
  "snr": 6.170538234155243,
  "spacing_tr": 2.0,
  "spacing_x": 3.0,
  "spacing_y": 3.0,
  "spacing_z": 3.989999771118164,
  "summary_bg_k": 64.32434520537622,
  "summary_bg_mad": 9.260998428856466,
  "summary_bg_mean": 62.86486053466797,
  "summary_bg_median": 46.9763069152832,
  "summary_bg_n": 65942.0,
  "summary_bg_p05": 36.839100456237794,
  "summary_bg_p95": 132.13697662353513,
  "summary_bg_stdv": 60.6566276550293,
  "summary_fg_k": 1.7365776781257658,
  "summary_fg_mad": 124.20128168104041,
  "summary_fg_mean": 914.2738037109375,
  "summary_fg_median": 902.4502563476562,
  "summary_fg_n": 27384.0,
  "summary_fg_p05": 700.8966857910157,
  "summary_fg_p95": 1171.365930175781,
  "summary_fg_stdv": 146.24879455566406,
  "tsnr": 35.2300248676911
}