{
  "aor": 0.000440521327014218,
  "aqi": 0.019982069194312793,
  "bids_meta": {
    "AcquisitionDateTime": "2014-02-28T12:43:18.578125",
    "ConversionSoftware": "dcm2niix",
    "ConversionSoftwareVersion": "v1.0.20170207",
    "EchoTime": 0.03,
    "EffectiveEchoSpacing": 0.000265001,
    "FlipAngle": 90,
    "ImageType": [
      "ORIGINAL",
      "PRIMARY",
      "M",
      "ND",
      "MOSAIC"
    ],
    "MagneticFieldStrength": 3,
    "Manufacturer": "Siemens",
    "ManufacturersModelName": "TrioTim",
    "PhaseEncodingDirection": "j",
    "ProcedureStepDescription": "Studies_bbsrc_age",
    "ProtocolName": "ep2d_bold_PtoA_iPAT2_block_1",
    "RepetitionTime": 2,
    "TaskName": "Emoreg Run1",
    "dataset": "ds002366",
    "modality": "bold",
    "session_id": "1",
    "subject_id": "ER050",
    "task_id": "emoregRun1"
  },
  "dummy_trs": 0,
  "dvars_nstd": 42.676475088952394,
  "dvars_std": 1.0564911082857145,
  "dvars_vstd": 0.9977821789047627,
  "efc": 0.5883461222925771,
  "fber": 362.19134521484375,
  "fd_mean": 0.166420360639968,
  "fd_num": 48,
  "fd_perc": 22.748815165876778,
  "fwhm_avg": 1.7223099466866547,
  "fwhm_x": 1.71473,
  "fwhm_y": 1.8713,
  "fwhm_z": 1.5808998400599643,
  "gcor": 0.00827589,
  "gsr_x": -0.008930174633860588,
  "gsr_y": 0.0307299941778183,
  "provenance": {
    "md5sum": "43a1f193ae83af8c8fc41bb59f005fb3",
    "settings": {
      "fd_thres": 0.2,
      "testing": false
    },
    "software": "mriqc",
    "version": "23.0.1",
    "webapi_port": null,
    "webapi_url": "https://mriqc.nimh.nih.gov/api/v1"
  },
  "size_t": 211,
  "size_x": 64,
  "size_y": 64,
  "size_z": 30,
  "snr": 6.088680803112276,
  "spacing_tr": 2.0,
  "spacing_x": 3.0,
  "spacing_y": 3.0,
  "spacing_z": 3.989999771118164,
  "summary_bg_k": 66.30953060147846,
  "summary_bg_mad": 8.277277966531287,
  "summary_bg_mean": 62.56663513183594,
  "summary_bg_median": 47.113746643066406,
  "summary_bg_n": 65996.0,
  "summary_bg_p05": 38.535545349121094,
  "summary_bg_p95": 128.16351699829102,
  "summary_bg_stdv": 59.722225189208984,
  "summary_fg_k": 1.7425028362926973,
  "summary_fg_mad": 124.91104672625822,
  "summary_fg_mean": 915.539306640625,
  "summary_fg_median": 903.3460083007812,
  "summary_fg_n": 27375.0,
  "summary_fg_p05": 699.1033325195312,
  "summary_fg_p95": 1176.559765625,
  "summary_fg_stdv": 148.3621063232422,
  "tsnr": 33.92859168967698
}