{
  "bids_meta": {
    "AcquisitionDateTime": "2014-02-10T15:47:6.859375",
    "ConversionSoftware": "dcm2niix",
    "ConversionSoftwareVersion": "v1.0.20170207",
    "EchoTime": 0.00302,
    "FlipAngle": 9,
    "ImageType": [
      "ORIGINAL",
      "PRIMARY",
      "M",
      "ND",
      "NORM"
    ],
    "MagneticFieldStrength": 3,
    "Manufacturer": "Siemens",
    "ManufacturersModelName": "TrioTim",
    "PhaseEncodingDirection": "i-",
    "ProcedureStepDescription": "Studies_bbsrc_age",
    "ProtocolName": "MPRAGE",
    "RepetitionTime": 2.02,
    "dataset": "ds002366",
    "modality": "T1w",
    "session_id": "1",
    "subject_id": "ER058"
  },
  "cjv": 0.41975538767307774,
  "cnr": 3.2300176690639923,
  "efc": 0.4979225184046736,
  "fber": 11981.210419998317,
  "fwhm_avg": 4.087588986666667,
  "fwhm_x": 4.20487,
  "fwhm_y": 4.27500544,
  "fwhm_z": 3.78289152,
  "icvs_csf": 0.24554252919065875,
  "icvs_gm": 0.40796183754971277,
  "icvs_wm": 0.34649563325962845,
  "inu_med": 0.5376119017601013,
  "inu_range": 0.20716557800769791,
  "provenance": {
    "md5sum": "c48fbe43592e838dc3b0896f5c718860",
    "settings": {
      "testing": false
    },
    "software": "mriqc",
    "version": "23.0.1",
    "warnings": {
      "large_rot_frame": true,
      "small_air_mask": false
    },
    "webapi_port": null,
    "webapi_url": "https://mriqc.nimh.nih.gov/api/v1"
  },
  "qi_1": 0.0,
  "qi_2": 0.005197234677088571,
  "rpve_csf": 24.897485608732694,
  "rpve_gm": 14.739003474707637,
  "rpve_wm": 19.998091328492915,
  "size_x": 192,
  "size_y": 256,
  "size_z": 256,
  "snr_csf": 2.827090151045276,
  "snr_gm": 11.459823971816787,
  "snr_total": 12.428925514231253,
  "snr_wm": 22.999862419831693,
  "snrd_csf": 28.2756156712162,
  "snrd_gm": 80.09308610996287,
  "snrd_total": 71.94226107793325,
  "snrd_wm": 107.45808145262065,
  "spacing_x": 1.0,
  "spacing_y": 0.9765625,
  "spacing_z": 0.9765625,
  "summary_bg_k": 6.918747135010827,
  "summary_bg_mad": 6.096807734860337,
  "summary_bg_mean": 7.412124177666191,
  "summary_bg_median": 4.112234326079488,
  "summary_bg_n": 3975852.0,
  "summary_bg_p05": 0.0,
  "summary_bg_p95": 26.786321936175227,
  "summary_bg_stdv": 9.774197164231722,
  "summary_csf_k": 2.2799810229490607,
  "summary_csf_mad": 64.80805570094635,
  "summary_csf_mean": 269.9157287248465,
  "summary_csf_median": 263.1375578157604,
  "summary_csf_n": 60149.0,
  "summary_csf_p05": 117.10552823394538,
  "summary_csf_p95": 441.8039154969156,
  "summary_csf_stdv": 93.07639882951473,
  "summary_gm_k": -0.01724727272015114,
  "summary_gm_mad": 64.82489771126365,
  "summary_gm_mean": 743.7760410501637,
  "summary_gm_median": 745.3595112469047,
  "summary_gm_n": 24628.0,
  "summary_gm_p05": 635.0187220769934,
  "summary_gm_p95": 849.0059918854386,
  "summary_gm_stdv": 65.03977552941339,
  "summary_wm_k": 0.2569907912250371,
  "summary_wm_mad": 42.07134177259979,
  "summary_wm_mean": 999.9671360594618,
  "summary_wm_median": 1000.0226856172085,
  "summary_wm_n": 182446.0,
  "summary_wm_p05": 928.3880180474371,
  "summary_wm_p95": 1071.3619993403554,
  "summary_wm_stdv": 43.47938812677794,
  "tpm_overlap_csf": 0.15370901802472856,
  "tpm_overlap_gm": 0.44571420403822304,
  "tpm_overlap_wm": 0.5024085895781712,
  "wm2max": 0.8251729568872788
}