{
  "aor": 0.0010414218009478673,
  "aqi": 0.011911489668246447,
  "bids_meta": {
    "AcquisitionDateTime": "2013-10-09T10:36:11.265625",
    "ConversionSoftware": "dcm2niix",
    "ConversionSoftwareVersion": "v1.0.20170207",
    "EchoTime": 0.03,
    "EffectiveEchoSpacing": 0.000265001,
    "FlipAngle": 90,
    "ImageType": [
      "ORIGINAL",
      "PRIMARY",
      "M",
      "ND",
      "MOSAIC"
    ],
    "MagneticFieldStrength": 3,
    "Manufacturer": "Siemens",
    "ManufacturersModelName": "TrioTim",
    "PhaseEncodingDirection": "j",
    "ProcedureStepDescription": "Studies_bbsrc_age",
    "ProtocolName": "ep2d_bold_PtoA_iPAT2_block_1",
    "RepetitionTime": 2,
    "TaskName": "Emoreg Run1",
    "dataset": "ds002366",
    "modality": "bold",
    "session_id": "1",
    "subject_id": "ER037",
    "task_id": "emoregRun1"
  },
  "dummy_trs": 0,
  "dvars_nstd": 31.883528409619068,
  "dvars_std": 1.0460518591428574,
  "dvars_vstd": 1.0124343125714284,
  "efc": 0.5602838164420402,
  "fber": 766.35107421875,
  "fd_mean": 0.15950605360335418,
  "fd_num": 39,
  "fd_perc": 18.48341232227488,
  "fwhm_avg": 1.7089646938191236,
  "fwhm_x": 1.6812699999999998,
  "fwhm_y": 1.8743233333333331,
  "fwhm_z": 1.5713007481240373,
  "gcor": 0.0083824,
  "gsr_x": -0.007168556563556194,
  "gsr_y": 0.03219781070947647,
  "provenance": {
    "md5sum": "c455a1fb062f22af24b8941d50d88725",
    "settings": {
      "fd_thres": 0.2,
      "testing": false
    },
    "software": "mriqc",
    "version": "23.0.1",
    "webapi_port": null,
    "webapi_url": "https://mriqc.nimh.nih.gov/api/v1"
  },
  "size_t": 211,
  "size_x": 64,
  "size_y": 64,
  "size_z": 30,
  "snr": 5.917929767584086,
  "spacing_tr": 2.0,
  "spacing_x": 3.0,
  "spacing_y": 3.0,
  "spacing_z": 3.990000009536743,
  "summary_bg_k": 47.86592122684545,
  "summary_bg_mad": 8.192957453852378,
  "summary_bg_mean": 47.927127838134766,
  "summary_bg_median": 30.023696899414062,
  "summary_bg_n": 67023.0,
  "summary_bg_p05": 23.142181396484375,
  "summary_bg_p95": 122.54929275512693,
  "summary_bg_stdv": 58.22644805908203,
  "summary_fg_k": 1.5821315182692857,
  "summary_fg_mad": 122.35685176656956,
  "summary_fg_mean": 847.5418701171875,
  "summary_fg_median": 834.9953002929688,
  "summary_fg_n": 25788.0,
  "summary_fg_p05": 640.9940887451172,
  "summary_fg_p95": 1093.1349182128904,
  "summary_fg_stdv": 141.09310913085938,
  "tsnr": 43.11252381792292
}