{
  "aor": 0.0015764454976303316,
  "aqi": 0.012619462227488153,
  "bids_meta": {
    "AcquisitionDateTime": "2013-10-09T10:43:42.148438",
    "ConversionSoftware": "dcm2niix",
    "ConversionSoftwareVersion": "v1.0.20170207",
    "EchoTime": 0.03,
    "EffectiveEchoSpacing": 0.000265001,
    "FlipAngle": 90,
    "ImageType": [
      "ORIGINAL",
      "PRIMARY",
      "M",
      "ND",
      "MOSAIC"
    ],
    "MagneticFieldStrength": 3,
    "Manufacturer": "Siemens",
    "ManufacturersModelName": "TrioTim",
    "PhaseEncodingDirection": "j",
    "ProcedureStepDescription": "Studies_bbsrc_age",
    "ProtocolName": "ep2d_bold_PtoA_iPAT2_block_2",
    "RepetitionTime": 2,
    "TaskName": "Emoreg Run2",
    "dataset": "ds002366",
    "modality": "bold",
    "session_id": "1",
    "subject_id": "ER037",
    "task_id": "emoregRun2"
  },
  "dummy_trs": 0,
  "dvars_nstd": 33.82280331595238,
  "dvars_std": 1.0527776496190475,
  "dvars_vstd": 1.0097118290476195,
  "efc": 0.5607397087136863,
  "fber": 772.1510009765625,
  "fd_mean": 0.1950522638624649,
  "fd_num": 61,
  "fd_perc": 28.90995260663507,
  "fwhm_avg": 1.7052033655067618,
  "fwhm_x": 1.6856933333333333,
  "fwhm_y": 1.86921,
  "fwhm_z": 1.5607067631869525,
  "gcor": 0.013809,
  "gsr_x": -0.007069922983646393,
  "gsr_y": 0.03257434442639351,
  "provenance": {
    "md5sum": "f5b7ec8688bb79dc2fcabf4760a8b016",
    "settings": {
      "fd_thres": 0.2,
      "testing": false
    },
    "software": "mriqc",
    "version": "23.0.1",
    "webapi_port": null,
    "webapi_url": "https://mriqc.nimh.nih.gov/api/v1"
  },
  "size_t": 211,
  "size_x": 64,
  "size_y": 64,
  "size_z": 30,
  "snr": 5.854733817133779,
  "spacing_tr": 2.0,
  "spacing_x": 3.0,
  "spacing_y": 3.0,
  "spacing_z": 3.990000009536743,
  "summary_bg_k": 43.96468732375411,
  "summary_bg_mad": 8.2070118152453,
  "summary_bg_mean": 48.00578308105469,
  "summary_bg_median": 29.94312858581543,
  "summary_bg_n": 67001.0,
  "summary_bg_p05": 22.914691925048828,
  "summary_bg_p95": 125.23223114013672,
  "summary_bg_stdv": 57.65977478027344,
  "summary_fg_k": 1.636807299750993,
  "summary_fg_mad": 123.07001021896474,
  "summary_fg_mean": 848.392822265625,
  "summary_fg_median": 835.63037109375,
  "summary_fg_n": 25901.0,
  "summary_fg_p05": 638.848388671875,
  "summary_fg_p95": 1097.388671875,
  "summary_fg_stdv": 142.72454833984375,
  "tsnr": 41.73524840263417
}