{
  "aor": 0.00197739336492891,
  "aqi": 0.01815123981042654,
  "bids_meta": {
    "AcquisitionDateTime": "2013-10-09T10:58:52.515625",
    "ConversionSoftware": "dcm2niix",
    "ConversionSoftwareVersion": "v1.0.20170207",
    "EchoTime": 0.03,
    "EffectiveEchoSpacing": 0.000265001,
    "FlipAngle": 90,
    "ImageType": [
      "ORIGINAL",
      "PRIMARY",
      "M",
      "ND",
      "MOSAIC"
    ],
    "MagneticFieldStrength": 3,
    "Manufacturer": "Siemens",
    "ManufacturersModelName": "TrioTim",
    "PhaseEncodingDirection": "j",
    "ProcedureStepDescription": "Studies_bbsrc_age",
    "ProtocolName": "ep2d_bold_PtoA_iPAT2_block_4",
    "RepetitionTime": 2,
    "TaskName": "Emoreg Run4",
    "dataset": "ds002366",
    "modality": "bold",
    "session_id": "1",
    "subject_id": "ER037",
    "task_id": "emoregRun4"
  },
  "dummy_trs": 0,
  "dvars_nstd": 36.24691889661906,
  "dvars_std": 1.0524104937619043,
  "dvars_vstd": 0.9981205087619048,
  "efc": 0.5616594569598072,
  "fber": 757.8507080078125,
  "fd_mean": 0.2599529621798011,
  "fd_num": 88,
  "fd_perc": 41.70616113744076,
  "fwhm_avg": 1.722139455733408,
  "fwhm_x": 1.6971833333333333,
  "fwhm_y": 1.9098866666666667,
  "fwhm_z": 1.5593483672002244,
  "gcor": 0.0171149,
  "gsr_x": -0.008066928945481777,
  "gsr_y": 0.03396368771791458,
  "provenance": {
    "md5sum": "4b38ed363492994d6442526536136ba0",
    "settings": {
      "fd_thres": 0.2,
      "testing": false
    },
    "software": "mriqc",
    "version": "23.0.1",
    "webapi_port": null,
    "webapi_url": "https://mriqc.nimh.nih.gov/api/v1"
  },
  "size_t": 211,
  "size_x": 64,
  "size_y": 64,
  "size_z": 30,
  "snr": 5.836549291946735,
  "spacing_tr": 2.0,
  "spacing_x": 3.0,
  "spacing_y": 3.0,
  "spacing_z": 3.990000009536743,
  "summary_bg_k": 45.67496256393441,
  "summary_bg_mad": 9.183702269034704,
  "summary_bg_mean": 48.49277114868164,
  "summary_bg_median": 30.350711822509766,
  "summary_bg_n": 66993.0,
  "summary_bg_p05": 21.93838882446289,
  "summary_bg_p95": 126.3507186889647,
  "summary_bg_stdv": 57.55174255371094,
  "summary_fg_k": 1.5831438612812292,
  "summary_fg_mad": 124.27163832318446,
  "summary_fg_mean": 849.686279296875,
  "summary_fg_median": 836.9005126953125,
  "summary_fg_n": 25913.0,
  "summary_fg_p05": 639.3658935546875,
  "summary_fg_p95": 1099.7896240234375,
  "summary_fg_stdv": 143.3868408203125,
  "tsnr": 36.260421346873045
}