{
  "bids_meta": {
    "AcquisitionDateTime": "2013-07-11T13:53:24.093750",
    "ConversionSoftware": "dcm2niix",
    "ConversionSoftwareVersion": "v1.0.20170207",
    "EchoTime": 0.00302,
    "FlipAngle": 9,
    "ImageType": [
      "ORIGINAL",
      "PRIMARY",
      "M",
      "ND",
      "NORM"
    ],
    "MagneticFieldStrength": 3,
    "Manufacturer": "Siemens",
    "ManufacturersModelName": "TrioTim",
    "PhaseEncodingDirection": "i-",
    "ProcedureStepDescription": "Studies_bbsrc_age",
    "ProtocolName": "MPRAGE",
    "RepetitionTime": 2.02,
    "dataset": "ds002366",
    "modality": "T1w",
    "session_id": "1",
    "subject_id": "ER012"
  },
  "cjv": 0.47670742576787206,
  "cnr": 2.8061327440981527,
  "efc": 0.5620246059766806,
  "fber": 8767.353361094587,
  "fwhm_avg": 4.0645994666666665,
  "fwhm_x": 4.15632,
  "fwhm_y": 4.3045683200000004,
  "fwhm_z": 3.73291008,
  "icvs_csf": 0.30981422940787406,
  "icvs_gm": 0.3450987733165859,
  "icvs_wm": 0.34508699727554004,
  "inu_med": 0.615367591381073,
  "inu_range": 0.3218709975481033,
  "provenance": {
    "md5sum": "6ac7d3dae0bd1786356ecfd3cce6151a",
    "settings": {
      "testing": false
    },
    "software": "mriqc",
    "version": "23.0.1",
    "warnings": {
      "large_rot_frame": true,
      "small_air_mask": false
    },
    "webapi_port": null,
    "webapi_url": "https://mriqc.nimh.nih.gov/api/v1"
  },
  "qi_1": 0.00010638607588565047,
  "qi_2": 0.006097269573837351,
  "rpve_csf": 20.20290466015121,
  "rpve_gm": 15.294958072234529,
  "rpve_wm": 18.018072915163238,
  "size_x": 192,
  "size_y": 256,
  "size_z": 256,
  "snr_csf": 3.6537036658870283,
  "snr_gm": 12.552131753896555,
  "snr_total": 11.520692165226173,
  "snr_wm": 18.356241075894932,
  "snrd_csf": 27.253695577725107,
  "snrd_gm": 71.2989370531039,
  "snrd_total": 63.80906638777282,
  "snrd_wm": 92.87456653248947,
  "spacing_x": 1.0,
  "spacing_y": 0.9765625,
  "spacing_z": 0.9765625,
  "summary_bg_k": 134.44035121117966,
  "summary_bg_mad": 7.054185653360887,
  "summary_bg_mean": 8.080825750416617,
  "summary_bg_median": 4.757975919172168,
  "summary_bg_n": 3420554.0,
  "summary_bg_p05": 0.0,
  "summary_bg_p95": 30.638064589351416,
  "summary_bg_stdv": 12.076547720093522,
  "summary_csf_k": 3.2146201265064924,
  "summary_csf_mad": 52.96755585962885,
  "summary_csf_mean": 295.9089482522957,
  "summary_csf_median": 293.45435293391347,
  "summary_csf_n": 136115.0,
  "summary_csf_p05": 171.947199113667,
  "summary_csf_p95": 429.5654675234109,
  "summary_csf_stdv": 80.31665997080997,
  "summary_gm_k": 0.12891888895467707,
  "summary_gm_mad": 59.61398511684171,
  "summary_gm_mean": 764.9332542207791,
  "summary_gm_median": 767.7117907963693,
  "summary_gm_n": 6271.0,
  "summary_gm_p05": 660.1072775954381,
  "summary_gm_p95": 862.0324752749875,
  "summary_gm_stdv": 61.1569884808002,
  "summary_wm_k": 0.5200790944844349,
  "summary_wm_mad": 51.13265207696273,
  "summary_wm_mean": 1000.7670628851993,
  "summary_wm_median": 1000.0275283064693,
  "summary_wm_n": 144630.0,
  "summary_wm_p05": 913.2013434693217,
  "summary_wm_p95": 1091.984351338539,
  "summary_wm_stdv": 54.47869566395687,
  "tpm_overlap_csf": 0.1459118666299861,
  "tpm_overlap_gm": 0.37907012304452964,
  "tpm_overlap_wm": 0.4203443747647954,
  "wm2max": 0.7790995453245547
}