{
  "aor": 0.0007950710900473933,
  "aqi": 0.017861493270142182,
  "bids_meta": {
    "AcquisitionDateTime": "2013-07-18T10:09:28.617188",
    "ConversionSoftware": "dcm2niix",
    "ConversionSoftwareVersion": "v1.0.20170207",
    "EchoTime": 0.03,
    "EffectiveEchoSpacing": 0.000265001,
    "FlipAngle": 90,
    "ImageType": [
      "ORIGINAL",
      "PRIMARY",
      "M",
      "ND",
      "MOSAIC"
    ],
    "MagneticFieldStrength": 3,
    "Manufacturer": "Siemens",
    "ManufacturersModelName": "TrioTim",
    "PhaseEncodingDirection": "j",
    "ProcedureStepDescription": "Studies_bbsrc_age",
    "ProtocolName": "ep2d_bold_PtoA_iPAT2_block_3",
    "RepetitionTime": 2,
    "TaskName": "Emoreg Run3",
    "dataset": "ds002366",
    "modality": "bold",
    "session_id": "1",
    "subject_id": "ER011",
    "task_id": "emoregRun3"
  },
  "dummy_trs": 0,
  "dvars_nstd": 39.75793864833332,
  "dvars_std": 1.0035131644285713,
  "dvars_vstd": 0.9535472831428567,
  "efc": 0.5657941639240831,
  "fber": 642.5308227539062,
  "fd_mean": 0.24713661950774932,
  "fd_num": 129,
  "fd_perc": 61.13744075829384,
  "fwhm_avg": 2.067389121294353,
  "fwhm_x": 2.0667633333333333,
  "fwhm_y": 2.23679,
  "fwhm_z": 1.8986140305497257,
  "gcor": 0.00933828,
  "gsr_x": 0.003422433976083994,
  "gsr_y": 0.025410791859030724,
  "provenance": {
    "md5sum": "5d616749740f0f2c0a87b41abb2b5c5a",
    "settings": {
      "fd_thres": 0.2,
      "testing": false
    },
    "software": "mriqc",
    "version": "23.0.1",
    "webapi_port": null,
    "webapi_url": "https://mriqc.nimh.nih.gov/api/v1"
  },
  "size_t": 211,
  "size_x": 64,
  "size_y": 64,
  "size_z": 30,
  "snr": 4.7418929446069935,
  "spacing_tr": 2.0,
  "spacing_x": 3.0,
  "spacing_y": 3.0,
  "spacing_z": 3.990000009536743,
  "summary_bg_k": 85.3423886840208,
  "summary_bg_mad": 9.099381756355795,
  "summary_bg_mean": 48.55289077758789,
  "summary_bg_median": 35.65876770019531,
  "summary_bg_n": 65308.0,
  "summary_bg_p05": 27.537204265594482,
  "summary_bg_p95": 107.98578643798828,
  "summary_bg_stdv": 40.10157012939453,
  "summary_fg_k": 1.7402658136541085,
  "summary_fg_mad": 167.10544074191722,
  "summary_fg_mean": 940.5020751953125,
  "summary_fg_median": 915.412353515625,
  "summary_fg_n": 27326.0,
  "summary_fg_p05": 670.8448333740234,
  "summary_fg_p95": 1275.034423828125,
  "summary_fg_stdv": 193.04434204101562,
  "tsnr": 35.02584327990189
}