{
  "aor": 0.002276872037914692,
  "aqi": 0.013034120805687204,
  "bids_meta": {
    "AcquisitionDateTime": "2013-07-18T10:01:55.593750",
    "ConversionSoftware": "dcm2niix",
    "ConversionSoftwareVersion": "v1.0.20170207",
    "EchoTime": 0.03,
    "EffectiveEchoSpacing": 0.000265001,
    "FlipAngle": 90,
    "ImageType": [
      "ORIGINAL",
      "PRIMARY",
      "M",
      "ND",
      "MOSAIC"
    ],
    "MagneticFieldStrength": 3,
    "Manufacturer": "Siemens",
    "ManufacturersModelName": "TrioTim",
    "PhaseEncodingDirection": "j",
    "ProcedureStepDescription": "Studies_bbsrc_age",
    "ProtocolName": "ep2d_bold_PtoA_iPAT2_block_2",
    "RepetitionTime": 2,
    "TaskName": "Emoreg Run2",
    "dataset": "ds002366",
    "modality": "bold",
    "session_id": "1",
    "subject_id": "ER011",
    "task_id": "emoregRun2"
  },
  "dummy_trs": 0,
  "dvars_nstd": 40.47402563566668,
  "dvars_std": 1.0756373120952376,
  "dvars_vstd": 1.0050990439047618,
  "efc": 0.5643268813931654,
  "fber": 645.0603637695312,
  "fd_mean": 0.22382464771530422,
  "fd_num": 116,
  "fd_perc": 54.976303317535546,
  "fwhm_avg": 2.0472241756307175,
  "fwhm_x": 2.0601933333333333,
  "fwhm_y": 2.2254666666666667,
  "fwhm_z": 1.8560125268921517,
  "gcor": 0.0103082,
  "gsr_x": 0.0022968484554439783,
  "gsr_y": 0.02600104734301567,
  "provenance": {
    "md5sum": "bb03599679d423d84e0df0aff0e4513b",
    "settings": {
      "fd_thres": 0.2,
      "testing": false
    },
    "software": "mriqc",
    "version": "23.0.1",
    "webapi_port": null,
    "webapi_url": "https://mriqc.nimh.nih.gov/api/v1"
  },
  "size_t": 211,
  "size_x": 64,
  "size_y": 64,
  "size_z": 30,
  "snr": 4.731781925350439,
  "spacing_tr": 2.0,
  "spacing_x": 3.0,
  "spacing_y": 3.0,
  "spacing_z": 3.990000009536743,
  "summary_bg_k": 87.45059759712095,
  "summary_bg_mad": 8.73400229421157,
  "summary_bg_mean": 48.07111358642578,
  "summary_bg_median": 35.42654037475586,
  "summary_bg_n": 65431.0,
  "summary_bg_p05": 27.540285110473633,
  "summary_bg_p95": 106.06872177124023,
  "summary_bg_stdv": 40.045745849609375,
  "summary_fg_k": 1.7480851233366552,
  "summary_fg_mad": 167.08082722852404,
  "summary_fg_mean": 938.8597412109375,
  "summary_fg_median": 913.1658935546875,
  "summary_fg_n": 27148.0,
  "summary_fg_p05": 671.8808532714844,
  "summary_fg_p95": 1274.3486083984374,
  "summary_fg_stdv": 192.98207092285156,
  "tsnr": 37.35122851841152
}