{
  "aor": 0.0011381042654028434,
  "aqi": 0.019449312132701423,
  "bids_meta": {
    "AcquisitionDateTime": "2013-07-18T95:41:9.757812",
    "ConversionSoftware": "dcm2niix",
    "ConversionSoftwareVersion": "v1.0.20170207",
    "EchoTime": 0.03,
    "EffectiveEchoSpacing": 0.000265001,
    "FlipAngle": 90,
    "ImageType": [
      "ORIGINAL",
      "PRIMARY",
      "M",
      "ND",
      "MOSAIC"
    ],
    "MagneticFieldStrength": 3,
    "Manufacturer": "Siemens",
    "ManufacturersModelName": "TrioTim",
    "PhaseEncodingDirection": "j",
    "ProcedureStepDescription": "Studies_bbsrc_age",
    "ProtocolName": "ep2d_bold_PtoA_iPAT2_block_1",
    "RepetitionTime": 2,
    "TaskName": "Emoreg Run1",
    "dataset": "ds002366",
    "modality": "bold",
    "session_id": "1",
    "subject_id": "ER011",
    "task_id": "emoregRun1"
  },
  "dummy_trs": 0,
  "dvars_nstd": 39.33964039942859,
  "dvars_std": 1.0164748505714285,
  "dvars_vstd": 0.9581011415238097,
  "efc": 0.5638234446270184,
  "fber": 626.7570190429688,
  "fd_mean": 0.2234601788262388,
  "fd_num": 113,
  "fd_perc": 53.55450236966825,
  "fwhm_avg": 2.065481953383531,
  "fwhm_x": 2.05704,
  "fwhm_y": 2.2520599999999997,
  "fwhm_z": 1.8873458601505932,
  "gcor": 0.00619314,
  "gsr_x": 0.0018794324714690447,
  "gsr_y": 0.0261050034314394,
  "provenance": {
    "md5sum": "1d97b1078b57127b06a451484b41b0fb",
    "settings": {
      "fd_thres": 0.2,
      "testing": false
    },
    "software": "mriqc",
    "version": "23.0.1",
    "webapi_port": null,
    "webapi_url": "https://mriqc.nimh.nih.gov/api/v1"
  },
  "size_t": 211,
  "size_x": 64,
  "size_y": 64,
  "size_z": 30,
  "snr": 4.691247449701078,
  "spacing_tr": 2.0,
  "spacing_x": 3.0,
  "spacing_y": 3.0,
  "spacing_z": 3.990000009536743,
  "summary_bg_k": 61.02259135759897,
  "summary_bg_mad": 10.497666290021801,
  "summary_bg_mean": 48.33604049682617,
  "summary_bg_median": 36.1327018737793,
  "summary_bg_n": 65591.0,
  "summary_bg_p05": 26.293840408325195,
  "summary_bg_p95": 105.82228088378906,
  "summary_bg_stdv": 38.88042449951172,
  "summary_fg_k": 1.8534871698695463,
  "summary_fg_mad": 166.047964574592,
  "summary_fg_mean": 936.5057983398438,
  "summary_fg_median": 911.703857421875,
  "summary_fg_n": 27142.0,
  "summary_fg_p05": 666.7358184814454,
  "summary_fg_p95": 1274.2806335449216,
  "summary_fg_stdv": 194.33787536621094,
  "tsnr": 32.565025570685975
}