{
  "aor": 0.0027632227488151658,
  "aqi": 0.01287911085308057,
  "bids_meta": {
    "AcquisitionDateTime": "2013-07-18T10:17:3.820312",
    "ConversionSoftware": "dcm2niix",
    "ConversionSoftwareVersion": "v1.0.20170207",
    "EchoTime": 0.03,
    "EffectiveEchoSpacing": 0.000265001,
    "FlipAngle": 90,
    "ImageType": [
      "ORIGINAL",
      "PRIMARY",
      "M",
      "ND",
      "MOSAIC"
    ],
    "MagneticFieldStrength": 3,
    "Manufacturer": "Siemens",
    "ManufacturersModelName": "TrioTim",
    "PhaseEncodingDirection": "j",
    "ProcedureStepDescription": "Studies_bbsrc_age",
    "ProtocolName": "ep2d_bold_PtoA_iPAT2_block_4",
    "RepetitionTime": 2,
    "TaskName": "Emoreg Run4",
    "dataset": "ds002366",
    "modality": "bold",
    "session_id": "1",
    "subject_id": "ER011",
    "task_id": "emoregRun4"
  },
  "dummy_trs": 0,
  "dvars_nstd": 39.87492264347618,
  "dvars_std": 1.1087528740476191,
  "dvars_vstd": 1.032976851333333,
  "efc": 0.5665735964808082,
  "fber": 627.8756103515625,
  "fd_mean": 0.234231019930829,
  "fd_num": 110,
  "fd_perc": 52.132701421800945,
  "fwhm_avg": 2.0446256793722126,
  "fwhm_x": 2.05377,
  "fwhm_y": 2.2016233333333335,
  "fwhm_z": 1.878483704783304,
  "gcor": 0.00828285,
  "gsr_x": 0.002410678891465068,
  "gsr_y": 0.025649303570389748,
  "provenance": {
    "md5sum": "f5df4c13701a212704286c41c031e397",
    "settings": {
      "fd_thres": 0.2,
      "testing": false
    },
    "software": "mriqc",
    "version": "23.0.1",
    "webapi_port": null,
    "webapi_url": "https://mriqc.nimh.nih.gov/api/v1"
  },
  "size_t": 211,
  "size_x": 64,
  "size_y": 64,
  "size_z": 30,
  "snr": 4.763167216198355,
  "spacing_tr": 2.0,
  "spacing_x": 3.0,
  "spacing_y": 3.0,
  "spacing_z": 3.990000009536743,
  "summary_bg_k": 67.4750199829758,
  "summary_bg_mad": 8.986961004408982,
  "summary_bg_mean": 48.82096862792969,
  "summary_bg_median": 35.98104476928711,
  "summary_bg_n": 65148.0,
  "summary_bg_p05": 28.09952735900879,
  "summary_bg_p95": 109.88199653625449,
  "summary_bg_stdv": 40.251434326171875,
  "summary_fg_k": 1.657665325553106,
  "summary_fg_mad": 166.07950063862697,
  "summary_fg_mean": 941.4072265625,
  "summary_fg_median": 915.30810546875,
  "summary_fg_n": 27265.0,
  "summary_fg_p05": 674.2227661132813,
  "summary_fg_p95": 1274.5526611328125,
  "summary_fg_stdv": 192.1602325439453,
  "tsnr": 38.420322188641876
}