{
  "aor": 0.0030552132701421797,
  "aqi": 0.02282495260663507,
  "bids_meta": {
    "AcquisitionDateTime": "2013-09-19T95:74:8.125000",
    "ConversionSoftware": "dcm2niix",
    "ConversionSoftwareVersion": "v1.0.20170207",
    "EchoTime": 0.03,
    "EffectiveEchoSpacing": 0.000265001,
    "FlipAngle": 90,
    "ImageType": [
      "ORIGINAL",
      "PRIMARY",
      "M",
      "ND",
      "MOSAIC"
    ],
    "MagneticFieldStrength": 3,
    "Manufacturer": "Siemens",
    "ManufacturersModelName": "TrioTim",
    "PhaseEncodingDirection": "j",
    "ProcedureStepDescription": "Studies_bbsrc_age",
    "ProtocolName": "ep2d_bold_PtoA_iPAT2_block_3",
    "RepetitionTime": 2,
    "TaskName": "Emoreg Run3",
    "dataset": "ds002366",
    "modality": "bold",
    "session_id": "1",
    "subject_id": "ER033",
    "task_id": "emoregRun3"
  },
  "dummy_trs": 0,
  "dvars_nstd": 56.07842697866666,
  "dvars_std": 1.1300216319047622,
  "dvars_vstd": 1.0201835459523807,
  "efc": 0.6057726058620134,
  "fber": 487.9331359863281,
  "fd_mean": 0.43234054892441076,
  "fd_num": 170,
  "fd_perc": 80.56872037914692,
  "fwhm_avg": 1.8298152618151693,
  "fwhm_x": 1.8142266666666667,
  "fwhm_y": 1.9899033333333334,
  "fwhm_z": 1.6853157854455079,
  "gcor": 0.0223009,
  "gsr_x": 0.017964987084269524,
  "gsr_y": 0.039750609546899796,
  "provenance": {
    "md5sum": "debee2808f773133cf045bdd8612729f",
    "settings": {
      "fd_thres": 0.2,
      "testing": false
    },
    "software": "mriqc",
    "version": "23.0.1",
    "webapi_port": null,
    "webapi_url": "https://mriqc.nimh.nih.gov/api/v1"
  },
  "size_t": 211,
  "size_x": 64,
  "size_y": 64,
  "size_z": 30,
  "snr": 4.882059049119599,
  "spacing_tr": 2.0,
  "spacing_x": 3.0,
  "spacing_y": 3.0,
  "spacing_z": 3.990000009536743,
  "summary_bg_k": 61.68577638691747,
  "summary_bg_mad": 14.411458113715192,
  "summary_bg_mean": 65.80368041992188,
  "summary_bg_median": 40.540287017822266,
  "summary_bg_n": 61120.0,
  "summary_bg_p05": 28.625356197357178,
  "summary_bg_p95": 179.37986145019525,
  "summary_bg_stdv": 79.71188354492188,
  "summary_fg_k": 1.3572559427150015,
  "summary_fg_mad": 150.62112833742611,
  "summary_fg_mean": 923.9817504882812,
  "summary_fg_median": 898.573486328125,
  "summary_fg_n": 31013.0,
  "summary_fg_p05": 665.0237182617187,
  "summary_fg_p95": 1260.5374755859373,
  "summary_fg_stdv": 184.05328369140625,
  "tsnr": 29.32626934198197
}