{
  "aor": 0.0052460663507109,
  "aqi": 0.027814602843601897,
  "bids_meta": {
    "AcquisitionDateTime": "2013-09-19T94:24:1.117188",
    "ConversionSoftware": "dcm2niix",
    "ConversionSoftwareVersion": "v1.0.20170207",
    "EchoTime": 0.03,
    "EffectiveEchoSpacing": 0.000265001,
    "FlipAngle": 90,
    "ImageType": [
      "ORIGINAL",
      "PRIMARY",
      "M",
      "ND",
      "MOSAIC"
    ],
    "MagneticFieldStrength": 3,
    "Manufacturer": "Siemens",
    "ManufacturersModelName": "TrioTim",
    "PhaseEncodingDirection": "j",
    "ProcedureStepDescription": "Studies_bbsrc_age",
    "ProtocolName": "ep2d_bold_PtoA_iPAT2_block_1",
    "RepetitionTime": 2,
    "TaskName": "Emoreg Run1",
    "dataset": "ds002366",
    "modality": "bold",
    "session_id": "1",
    "subject_id": "ER033",
    "task_id": "emoregRun1"
  },
  "dummy_trs": 0,
  "dvars_nstd": 62.56221126366665,
  "dvars_std": 1.1333684428571433,
  "dvars_vstd": 1.0291160453333332,
  "efc": 0.6063414163080993,
  "fber": 492.0520324707031,
  "fd_mean": 0.618576860919417,
  "fd_num": 194,
  "fd_perc": 91.94312796208531,
  "fwhm_avg": 1.847724159065174,
  "fwhm_x": 1.8385,
  "fwhm_y": 2.0280133333333334,
  "fwhm_z": 1.6766591438621885,
  "gcor": 0.0281295,
  "gsr_x": 0.01613561622798443,
  "gsr_y": 0.041034944355487823,
  "provenance": {
    "md5sum": "9c345b6825a7f89d853469eebc3342f2",
    "settings": {
      "fd_thres": 0.2,
      "testing": false
    },
    "software": "mriqc",
    "version": "23.0.1",
    "webapi_port": null,
    "webapi_url": "https://mriqc.nimh.nih.gov/api/v1"
  },
  "size_t": 211,
  "size_x": 64,
  "size_y": 64,
  "size_z": 30,
  "snr": 4.85240291415162,
  "spacing_tr": 2.0,
  "spacing_x": 3.0,
  "spacing_y": 3.0,
  "spacing_z": 3.990000009536743,
  "summary_bg_k": 59.237156616618776,
  "summary_bg_mad": 16.674003865705846,
  "summary_bg_mean": 65.80245971679688,
  "summary_bg_median": 40.819908142089844,
  "summary_bg_n": 60724.0,
  "summary_bg_p05": 26.459716796875,
  "summary_bg_p95": 179.54360733032226,
  "summary_bg_stdv": 78.65029907226562,
  "summary_fg_k": 1.2995003377431251,
  "summary_fg_mad": 155.3570578850158,
  "summary_fg_mean": 929.1154174804688,
  "summary_fg_median": 903.3365478515625,
  "summary_fg_n": 31231.0,
  "summary_fg_p05": 666.331787109375,
  "summary_fg_p95": 1268.30810546875,
  "summary_fg_stdv": 186.1597442626953,
  "tsnr": 24.671818594797514
}