{
  "aor": 0.005492748815165877,
  "aqi": 0.02215843876777251,
  "bids_meta": {
    "AcquisitionDateTime": "2013-09-19T10:05:26.093750",
    "ConversionSoftware": "dcm2niix",
    "ConversionSoftwareVersion": "v1.0.20170207",
    "EchoTime": 0.03,
    "EffectiveEchoSpacing": 0.000265001,
    "FlipAngle": 90,
    "ImageType": [
      "ORIGINAL",
      "PRIMARY",
      "M",
      "ND",
      "MOSAIC"
    ],
    "MagneticFieldStrength": 3,
    "Manufacturer": "Siemens",
    "ManufacturersModelName": "TrioTim",
    "PhaseEncodingDirection": "j",
    "ProcedureStepDescription": "Studies_bbsrc_age",
    "ProtocolName": "ep2d_bold_PtoA_iPAT2_block_4",
    "RepetitionTime": 2,
    "TaskName": "Emoreg Run4",
    "dataset": "ds002366",
    "modality": "bold",
    "session_id": "1",
    "subject_id": "ER033",
    "task_id": "emoregRun4"
  },
  "dummy_trs": 0,
  "dvars_nstd": 59.792117872333336,
  "dvars_std": 1.1763090328571422,
  "dvars_vstd": 1.050763372190476,
  "efc": 0.6051131042926671,
  "fber": 494.1095886230469,
  "fd_mean": 0.549877498264651,
  "fd_num": 195,
  "fd_perc": 92.41706161137441,
  "fwhm_avg": 1.8285724213744359,
  "fwhm_x": 1.8044533333333332,
  "fwhm_y": 1.9880233333333335,
  "fwhm_z": 1.6932405974566413,
  "gcor": 0.0221417,
  "gsr_x": 0.017601514235138893,
  "gsr_y": 0.04109467938542366,
  "provenance": {
    "md5sum": "876729542ad5dbd23501e4b40c8512c0",
    "settings": {
      "fd_thres": 0.2,
      "testing": false
    },
    "software": "mriqc",
    "version": "23.0.1",
    "webapi_port": null,
    "webapi_url": "https://mriqc.nimh.nih.gov/api/v1"
  },
  "size_t": 211,
  "size_x": 64,
  "size_y": 64,
  "size_z": 30,
  "snr": 4.851824445826605,
  "spacing_tr": 2.0,
  "spacing_x": 3.0,
  "spacing_y": 3.0,
  "spacing_z": 3.990000009536743,
  "summary_bg_k": 62.16778301963552,
  "summary_bg_mad": 15.992429550613997,
  "summary_bg_mean": 65.18184661865234,
  "summary_bg_median": 40.48341369628906,
  "summary_bg_n": 61151.0,
  "summary_bg_p05": 26.52132797241211,
  "summary_bg_p95": 180.36730194091797,
  "summary_bg_stdv": 77.13199615478516,
  "summary_fg_k": 1.3794888513841723,
  "summary_fg_mad": 152.45510655779069,
  "summary_fg_mean": 920.800537109375,
  "summary_fg_median": 896.331787109375,
  "summary_fg_n": 31019.0,
  "summary_fg_p05": 660.8313049316406,
  "summary_fg_p95": 1257.4896118164058,
  "summary_fg_stdv": 184.7382049560547,
  "tsnr": 28.286539578111842
}