{
  "aor": 0.0034884285714285716,
  "aqi": 0.03271875476190476,
  "bids_meta": {
    "AcquisitionDateTime": "2014-05-06T11:55:56.335938",
    "ConversionSoftware": "dcm2niix",
    "ConversionSoftwareVersion": "v1.0.20170207",
    "EchoTime": 0.03,
    "EffectiveEchoSpacing": 0.000265001,
    "FlipAngle": 90,
    "ImageType": [
      "ORIGINAL",
      "PRIMARY",
      "M",
      "ND",
      "MOSAIC"
    ],
    "MagneticFieldStrength": 3,
    "Manufacturer": "Siemens",
    "ManufacturersModelName": "TrioTim",
    "PhaseEncodingDirection": "j",
    "ProcedureStepDescription": "Studies_bbsrc_age",
    "ProtocolName": "ep2d_bold_PtoA_iPAT2_block_2",
    "RepetitionTime": 2,
    "TaskName": "Emoreg Run2",
    "dataset": "ds002366",
    "modality": "bold",
    "session_id": "1",
    "subject_id": "ER067",
    "task_id": "emoregRun2"
  },
  "dummy_trs": 1,
  "dvars_nstd": 37.90376258047846,
  "dvars_std": 1.0352400055980864,
  "dvars_vstd": 0.9992352129186599,
  "efc": 0.5687120884128432,
  "fber": 664.851318359375,
  "fd_mean": 0.2788090219559526,
  "fd_num": 151,
  "fd_perc": 71.9047619047619,
  "fwhm_avg": 1.8313719118161715,
  "fwhm_x": 1.8347333333333333,
  "fwhm_y": 2.0277533333333335,
  "fwhm_z": 1.6316290687818478,
  "gcor": 0.00532131,
  "gsr_x": -0.008058485575020313,
  "gsr_y": 0.03323737531900406,
  "provenance": {
    "md5sum": "71899825dcc79f7e3d2a1c3093a0a00a",
    "settings": {
      "fd_thres": 0.2,
      "testing": false
    },
    "software": "mriqc",
    "version": "23.0.1",
    "webapi_port": null,
    "webapi_url": "https://mriqc.nimh.nih.gov/api/v1"
  },
  "size_t": 210,
  "size_x": 64,
  "size_y": 64,
  "size_z": 30,
  "snr": 6.092333860677526,
  "spacing_tr": 2.0,
  "spacing_x": 3.0,
  "spacing_y": 3.0,
  "spacing_z": 3.990000009536743,
  "summary_bg_k": 103.41867804676936,
  "summary_bg_mad": 14.197684772898409,
  "summary_bg_mean": 56.68994903564453,
  "summary_bg_median": 37.30000305175781,
  "summary_bg_n": 66183.0,
  "summary_bg_p05": 24.371429443359375,
  "summary_bg_p95": 135.47572021484373,
  "summary_bg_stdv": 71.06099700927734,
  "summary_fg_k": 2.2148475973752424,
  "summary_fg_mad": 124.49614614203898,
  "summary_fg_mean": 955.0556030273438,
  "summary_fg_median": 949.4666748046875,
  "summary_fg_n": 26993.0,
  "summary_fg_p05": 713.6171752929688,
  "summary_fg_p95": 1223.4666748046873,
  "summary_fg_stdv": 155.84324645996094,
  "tsnr": 29.65179399534827
}