{
  "aor": 0.0050966350710900474,
  "aqi": 0.03037612606635071,
  "bids_meta": {
    "AcquisitionDateTime": "2013-07-08T10:52:19.617188",
    "ConversionSoftware": "dcm2niix",
    "ConversionSoftwareVersion": "v1.0.20170207",
    "EchoTime": 0.03,
    "EffectiveEchoSpacing": 0.000265001,
    "FlipAngle": 90,
    "ImageType": [
      "ORIGINAL",
      "PRIMARY",
      "M",
      "ND",
      "MOSAIC"
    ],
    "MagneticFieldStrength": 3,
    "Manufacturer": "Siemens",
    "ManufacturersModelName": "TrioTim",
    "PhaseEncodingDirection": "j",
    "ProcedureStepDescription": "Studies_bbsrc_age",
    "ProtocolName": "ep2d_bold_PtoA_iPAT2_block_2",
    "RepetitionTime": 2,
    "TaskName": "Emoreg Run2",
    "dataset": "ds002366",
    "modality": "bold",
    "session_id": "1",
    "subject_id": "ER008",
    "task_id": "emoregRun2"
  },
  "dummy_trs": 0,
  "dvars_nstd": 68.72335152404759,
  "dvars_std": 1.128858063714286,
  "dvars_vstd": 1.020457777285715,
  "efc": 0.5613845309203555,
  "fber": 616.8452758789062,
  "fd_mean": 0.9349427167121694,
  "fd_num": 205,
  "fd_perc": 97.1563981042654,
  "fwhm_avg": 1.9350011014011477,
  "fwhm_x": 1.90364,
  "fwhm_y": 2.1997066666666667,
  "fwhm_z": 1.7016566375367763,
  "gcor": 0.0355053,
  "gsr_x": 0.01726738177239895,
  "gsr_y": 0.04186035692691803,
  "provenance": {
    "md5sum": "3d5a4b65ef63f13963a40a4e6027ab3a",
    "settings": {
      "fd_thres": 0.2,
      "testing": false
    },
    "software": "mriqc",
    "version": "23.0.1",
    "webapi_port": null,
    "webapi_url": "https://mriqc.nimh.nih.gov/api/v1"
  },
  "size_t": 211,
  "size_x": 64,
  "size_y": 64,
  "size_z": 30,
  "snr": 5.062343842950912,
  "spacing_tr": 2.0,
  "spacing_x": 3.0,
  "spacing_y": 3.0,
  "spacing_z": 3.990000009536743,
  "summary_bg_k": 38.25719101514591,
  "summary_bg_mad": 13.596375848908517,
  "summary_bg_mean": 54.66880416870117,
  "summary_bg_median": 34.93838882446289,
  "summary_bg_n": 67665.0,
  "summary_bg_p05": 22.772512435913086,
  "summary_bg_p95": 139.74029235839825,
  "summary_bg_stdv": 62.46635437011719,
  "summary_fg_k": 1.083975863659668,
  "summary_fg_mad": 149.34231153127857,
  "summary_fg_mean": 876.7955932617188,
  "summary_fg_median": 861.5782470703125,
  "summary_fg_n": 25677.0,
  "summary_fg_p05": 626.5488159179688,
  "summary_fg_p95": 1176.8227783203124,
  "summary_fg_stdv": 170.1902313232422,
  "tsnr": 23.094438121654093
}