{
  "bids_meta": {
    "AcquisitionDateTime": "2014-05-01T11:05:21.859375",
    "ConversionSoftware": "dcm2niix",
    "ConversionSoftwareVersion": "v1.0.20170207",
    "EchoTime": 0.00302,
    "FlipAngle": 9,
    "ImageType": [
      "ORIGINAL",
      "PRIMARY",
      "M",
      "ND",
      "NORM"
    ],
    "MagneticFieldStrength": 3,
    "Manufacturer": "Siemens",
    "ManufacturersModelName": "TrioTim",
    "PhaseEncodingDirection": "i-",
    "ProcedureStepDescription": "Studies_bbsrc_age",
    "ProtocolName": "MPRAGE",
    "RepetitionTime": 2.02,
    "dataset": "ds002366",
    "modality": "T1w",
    "session_id": "1",
    "subject_id": "ER067"
  },
  "cjv": 0.4308402775983746,
  "cnr": 3.2735953304241576,
  "efc": 0.5509386703172015,
  "fber": 11291.801068126262,
  "fwhm_avg": 4.807807786666667,
  "fwhm_x": 4.76568,
  "fwhm_y": 4.96114688,
  "fwhm_z": 4.69659648,
  "icvs_csf": 0.23971738628460174,
  "icvs_gm": 0.3722495323905652,
  "icvs_wm": 0.38803308132483305,
  "inu_med": 0.5666914582252502,
  "inu_range": 0.2725455865263938,
  "provenance": {
    "md5sum": "0378f28863bfac544bd595464194cbff",
    "settings": {
      "testing": false
    },
    "software": "mriqc",
    "version": "23.0.1",
    "warnings": {
      "large_rot_frame": true,
      "small_air_mask": false
    },
    "webapi_port": null,
    "webapi_url": "https://mriqc.nimh.nih.gov/api/v1"
  },
  "qi_1": 0.0,
  "qi_2": 0.01091630828460508,
  "rpve_csf": 26.595878818291226,
  "rpve_gm": 15.916898397914803,
  "rpve_wm": 18.475095587169882,
  "size_x": 192,
  "size_y": 256,
  "size_z": 256,
  "snr_csf": 3.570858725724097,
  "snr_gm": 14.172801763536924,
  "snr_total": 12.671001876114396,
  "snr_wm": 20.269345139082166,
  "snrd_csf": 25.555540579896192,
  "snrd_gm": 62.197739452751584,
  "snrd_total": 56.52976229373068,
  "snrd_wm": 81.83600684854427,
  "spacing_x": 1.0,
  "spacing_y": 0.9765625,
  "spacing_z": 0.9765625,
  "summary_bg_k": 9.610251823470733,
  "summary_bg_mad": 0.0,
  "summary_bg_mean": 5.464344845279696,
  "summary_bg_median": 0.0,
  "summary_bg_n": 3096709.0,
  "summary_bg_p05": 0.0,
  "summary_bg_p95": 21.337201250717044,
  "summary_bg_stdv": 8.00547843696971,
  "summary_csf_k": 2.518184564159836,
  "summary_csf_mad": 65.96729256351043,
  "summary_csf_mean": 318.40848370754935,
  "summary_csf_median": 312.27745711803436,
  "summary_csf_n": 62591.0,
  "summary_csf_p05": 186.23235850594938,
  "summary_csf_p95": 470.46023153234273,
  "summary_csf_stdv": 87.45094289811479,
  "summary_gm_k": 0.1165676150841275,
  "summary_gm_mad": 53.45423173344324,
  "summary_gm_mean": 758.6427617449667,
  "summary_gm_median": 760.0289985677227,
  "summary_gm_n": 15616.0,
  "summary_gm_p05": 667.9678107239306,
  "summary_gm_p95": 842.9183548479341,
  "summary_gm_stdv": 53.62416520836031,
  "summary_wm_k": -0.03219959457656474,
  "summary_wm_mad": 49.93493337498685,
  "summary_wm_mean": 1000.9352328045233,
  "summary_wm_median": 999.9999819789082,
  "summary_wm_n": 200604.0,
  "summary_wm_p05": 921.8778681289405,
  "summary_wm_p95": 1083.2124293781817,
  "summary_wm_stdv": 49.33546114299361,
  "tpm_overlap_csf": 0.16735938547218704,
  "tpm_overlap_gm": 0.43105015232393595,
  "tpm_overlap_wm": 0.5076725957740595,
  "wm2max": 0.7408891060087933
}