{
  "aor": 0.0014844075829383888,
  "aqi": 0.031317950710900475,
  "bids_meta": {
    "AcquisitionDateTime": "2013-08-07T11:49:29.187500",
    "ConversionSoftware": "dcm2niix",
    "ConversionSoftwareVersion": "v1.0.20170207",
    "EchoTime": 0.03,
    "EffectiveEchoSpacing": 0.000265001,
    "FlipAngle": 90,
    "ImageType": [
      "ORIGINAL",
      "PRIMARY",
      "M",
      "ND",
      "MOSAIC"
    ],
    "MagneticFieldStrength": 3,
    "Manufacturer": "Siemens",
    "ManufacturersModelName": "TrioTim",
    "PhaseEncodingDirection": "j",
    "ProcedureStepDescription": "Studies_bbsrc_age",
    "ProtocolName": "ep2d_bold_PtoA_iPAT2_block_2",
    "RepetitionTime": 2,
    "TaskName": "Emoreg Run2",
    "dataset": "ds002366",
    "modality": "bold",
    "session_id": "1",
    "subject_id": "ER021",
    "task_id": "emoregRun2"
  },
  "dummy_trs": 0,
  "dvars_nstd": 90.00820247090473,
  "dvars_std": 1.1419398365238098,
  "dvars_vstd": 0.9910726149047617,
  "efc": 0.554017511497432,
  "fber": 750.9693603515625,
  "fd_mean": 0.7159370765724649,
  "fd_num": 203,
  "fd_perc": 96.2085308056872,
  "fwhm_avg": 1.8143524799025121,
  "fwhm_x": 1.8441466666666668,
  "fwhm_y": 1.9666,
  "fwhm_z": 1.6323107730408701,
  "gcor": 0.0129776,
  "gsr_x": -0.0059639993123710155,
  "gsr_y": 0.03661496937274933,
  "provenance": {
    "md5sum": "8a115b79c310ede40422d64c18cb3547",
    "settings": {
      "fd_thres": 0.2,
      "testing": false
    },
    "software": "mriqc",
    "version": "23.0.1",
    "webapi_port": null,
    "webapi_url": "https://mriqc.nimh.nih.gov/api/v1"
  },
  "size_t": 211,
  "size_x": 64,
  "size_y": 64,
  "size_z": 30,
  "snr": 4.759826203156947,
  "spacing_tr": 2.0,
  "spacing_x": 3.0,
  "spacing_y": 3.0,
  "spacing_z": 3.990000009536743,
  "summary_bg_k": 233.9138945600794,
  "summary_bg_mad": 8.593469991639596,
  "summary_bg_mean": 44.61799240112305,
  "summary_bg_median": 31.194313049316406,
  "summary_bg_n": 66427.0,
  "summary_bg_p05": 22.81990623474121,
  "summary_bg_p95": 99.57298736572255,
  "summary_bg_stdv": 56.39530563354492,
  "summary_fg_k": 1.2440090212164279,
  "summary_fg_mad": 150.77577721385592,
  "summary_fg_mean": 881.65673828125,
  "summary_fg_median": 858.3223266601562,
  "summary_fg_n": 26499.0,
  "summary_fg_p05": 628.6924133300781,
  "summary_fg_p95": 1212.1479248046876,
  "summary_fg_stdv": 180.322998046875,
  "tsnr": 24.777741380850784
}