{
  "aor": 0.002316208530805687,
  "aqi": 0.034086456398104266,
  "bids_meta": {
    "AcquisitionDateTime": "2013-08-07T11:41:52.281250",
    "ConversionSoftware": "dcm2niix",
    "ConversionSoftwareVersion": "v1.0.20170207",
    "EchoTime": 0.03,
    "EffectiveEchoSpacing": 0.000265001,
    "FlipAngle": 90,
    "ImageType": [
      "ORIGINAL",
      "PRIMARY",
      "M",
      "ND",
      "MOSAIC"
    ],
    "MagneticFieldStrength": 3,
    "Manufacturer": "Siemens",
    "ManufacturersModelName": "TrioTim",
    "PhaseEncodingDirection": "j",
    "ProcedureStepDescription": "Studies_bbsrc_age",
    "ProtocolName": "ep2d_bold_PtoA_iPAT2_block_1",
    "RepetitionTime": 2,
    "TaskName": "Emoreg Run1",
    "dataset": "ds002366",
    "modality": "bold",
    "session_id": "1",
    "subject_id": "ER021",
    "task_id": "emoregRun1"
  },
  "dummy_trs": 0,
  "dvars_nstd": 95.94765441514282,
  "dvars_std": 1.1432727876190483,
  "dvars_vstd": 1.002444877666667,
  "efc": 0.5544676389991198,
  "fber": 746.7501831054688,
  "fd_mean": 0.9694027016831496,
  "fd_num": 204,
  "fd_perc": 96.6824644549763,
  "fwhm_avg": 1.8241368407942247,
  "fwhm_x": 1.8509766666666667,
  "fwhm_y": 1.97589,
  "fwhm_z": 1.6455438557160076,
  "gcor": 0.014344,
  "gsr_x": -0.005540130659937859,
  "gsr_y": 0.03783181309700012,
  "provenance": {
    "md5sum": "19734de9f20998d64397eec077fa2dc6",
    "settings": {
      "fd_thres": 0.2,
      "testing": false
    },
    "software": "mriqc",
    "version": "23.0.1",
    "webapi_port": null,
    "webapi_url": "https://mriqc.nimh.nih.gov/api/v1"
  },
  "size_t": 211,
  "size_x": 64,
  "size_y": 64,
  "size_z": 30,
  "snr": 4.776573703629089,
  "spacing_tr": 2.0,
  "spacing_x": 3.0,
  "spacing_y": 3.0,
  "spacing_z": 3.990000009536743,
  "summary_bg_k": 246.40385674396157,
  "summary_bg_mad": 9.0150640715162,
  "summary_bg_mean": 44.45905685424805,
  "summary_bg_median": 31.322275161743164,
  "summary_bg_n": 66330.0,
  "summary_bg_p05": 22.597156524658203,
  "summary_bg_p95": 99.63033294677734,
  "summary_bg_stdv": 55.20171356201172,
  "summary_fg_k": 1.199927184907546,
  "summary_fg_mad": 152.99262225468541,
  "summary_fg_mean": 881.17138671875,
  "summary_fg_median": 858.6185302734375,
  "summary_fg_n": 26596.0,
  "summary_fg_p05": 628.8365173339844,
  "summary_fg_p95": 1208.50244140625,
  "summary_fg_stdv": 179.75277709960938,
  "tsnr": 22.832599057699554
}