{
  "aor": 0.0005410900473933649,
  "aqi": 0.018737817535545022,
  "bids_meta": {
    "AcquisitionDateTime": "2014-02-28T12:50:47.804688",
    "ConversionSoftware": "dcm2niix",
    "ConversionSoftwareVersion": "v1.0.20170207",
    "EchoTime": 0.03,
    "EffectiveEchoSpacing": 0.000265001,
    "FlipAngle": 90,
    "ImageType": [
      "ORIGINAL",
      "PRIMARY",
      "M",
      "ND",
      "MOSAIC"
    ],
    "MagneticFieldStrength": 3,
    "Manufacturer": "Siemens",
    "ManufacturersModelName": "TrioTim",
    "PhaseEncodingDirection": "j",
    "ProcedureStepDescription": "Studies_bbsrc_age",
    "ProtocolName": "ep2d_bold_PtoA_iPAT2_block_2",
    "RepetitionTime": 2,
    "TaskName": "Emoreg Run2",
    "dataset": "ds002366",
    "modality": "bold",
    "session_id": "1",
    "subject_id": "ER050",
    "task_id": "emoregRun2"
  },
  "dummy_trs": 0,
  "dvars_nstd": 41.08720259890477,
  "dvars_std": 1.041832423761905,
  "dvars_vstd": 0.9999952198571429,
  "efc": 0.5882613742311292,
  "fber": 361.9761657714844,
  "fd_mean": 0.20505489146898784,
  "fd_num": 97,
  "fd_perc": 45.97156398104266,
  "fwhm_avg": 1.704632694777832,
  "fwhm_x": 1.6910766666666666,
  "fwhm_y": 1.86529,
  "fwhm_z": 1.5575314176668298,
  "gcor": 0.00883398,
  "gsr_x": -0.009305214509367943,
  "gsr_y": 0.03144614025950432,
  "provenance": {
    "md5sum": "3d00d3d5e296bf6da22395e0ee7c48d0",
    "settings": {
      "fd_thres": 0.2,
      "testing": false
    },
    "software": "mriqc",
    "version": "23.0.1",
    "webapi_port": null,
    "webapi_url": "https://mriqc.nimh.nih.gov/api/v1"
  },
  "size_t": 211,
  "size_x": 64,
  "size_y": 64,
  "size_z": 30,
  "snr": 6.133866162757374,
  "spacing_tr": 2.0,
  "spacing_x": 3.0,
  "spacing_y": 3.0,
  "spacing_z": 3.989999771118164,
  "summary_bg_k": 65.17310228544991,
  "summary_bg_mad": 9.710692748000973,
  "summary_bg_mean": 62.42798614501953,
  "summary_bg_median": 47.0568733215332,
  "summary_bg_n": 65972.0,
  "summary_bg_p05": 36.194313049316406,
  "summary_bg_p95": 131.71563720703125,
  "summary_bg_stdv": 58.99763488769531,
  "summary_fg_k": 1.7348061254213087,
  "summary_fg_mad": 125.53285465743872,
  "summary_fg_mean": 914.6919555664062,
  "summary_fg_median": 903.322265625,
  "summary_fg_n": 27368.0,
  "summary_fg_p05": 700.5545043945312,
  "summary_fg_p95": 1174.0004821777343,
  "summary_fg_stdv": 147.26531982421875,
  "tsnr": 34.726035464089364
}