{
  "aor": 0.0010082464454976303,
  "aqi": 0.01863768672985782,
  "bids_meta": {
    "AcquisitionDateTime": "2014-02-28T13:05:51.210938",
    "ConversionSoftware": "dcm2niix",
    "ConversionSoftwareVersion": "v1.0.20170207",
    "EchoTime": 0.03,
    "EffectiveEchoSpacing": 0.000265001,
    "FlipAngle": 90,
    "ImageType": [
      "ORIGINAL",
      "PRIMARY",
      "M",
      "ND",
      "MOSAIC"
    ],
    "MagneticFieldStrength": 3,
    "Manufacturer": "Siemens",
    "ManufacturersModelName": "TrioTim",
    "PhaseEncodingDirection": "j",
    "ProcedureStepDescription": "Studies_bbsrc_age",
    "ProtocolName": "ep2d_bold_PtoA_iPAT2_block_4",
    "RepetitionTime": 2,
    "TaskName": "Emoreg Run4",
    "dataset": "ds002366",
    "modality": "bold",
    "session_id": "1",
    "subject_id": "ER050",
    "task_id": "emoregRun4"
  },
  "dummy_trs": 0,
  "dvars_nstd": 40.9439093632381,
  "dvars_std": 1.0557774305714285,
  "dvars_vstd": 1.0106790252857147,
  "efc": 0.5886370351683049,
  "fber": 354.8580322265625,
  "fd_mean": 0.20883799352127677,
  "fd_num": 101,
  "fd_perc": 47.867298578199055,
  "fwhm_avg": 1.6994814251687493,
  "fwhm_x": 1.66131,
  "fwhm_y": 1.8674600000000001,
  "fwhm_z": 1.569674275506248,
  "gcor": 0.00626489,
  "gsr_x": -0.009071072563529015,
  "gsr_y": 0.03221838176250458,
  "provenance": {
    "md5sum": "55744157f69481df77d06721741e0d2f",
    "settings": {
      "fd_thres": 0.2,
      "testing": false
    },
    "software": "mriqc",
    "version": "23.0.1",
    "webapi_port": null,
    "webapi_url": "https://mriqc.nimh.nih.gov/api/v1"
  },
  "size_t": 211,
  "size_x": 64,
  "size_y": 64,
  "size_z": 30,
  "snr": 6.181461114469144,
  "spacing_tr": 2.0,
  "spacing_x": 3.0,
  "spacing_y": 3.0,
  "spacing_z": 3.989999771118164,
  "summary_bg_k": 72.23482679523273,
  "summary_bg_mad": 10.36416116814629,
  "summary_bg_mean": 62.87029266357422,
  "summary_bg_median": 47.445499420166016,
  "summary_bg_n": 65952.0,
  "summary_bg_p05": 35.18009567260742,
  "summary_bg_p95": 133.89217910766595,
  "summary_bg_stdv": 60.47123718261719,
  "summary_fg_k": 1.5431241964193632,
  "summary_fg_mad": 124.5842389923634,
  "summary_fg_mean": 913.9922485351562,
  "summary_fg_median": 901.9005126953125,
  "summary_fg_n": 27318.0,
  "summary_fg_p05": 699.8557159423829,
  "summary_fg_p95": 1171.2685058593747,
  "summary_fg_stdv": 145.90142822265625,
  "tsnr": 34.82378588290885
}