{
  "bids_meta": {
    "AcquisitionDateTime": "2014-02-11T95:90:7.820312",
    "ConversionSoftware": "dcm2niix",
    "ConversionSoftwareVersion": "v1.0.20170207",
    "EchoTime": 0.00302,
    "FlipAngle": 9,
    "ImageType": [
      "ORIGINAL",
      "PRIMARY",
      "M",
      "ND",
      "NORM"
    ],
    "MagneticFieldStrength": 3,
    "Manufacturer": "Siemens",
    "ManufacturersModelName": "TrioTim",
    "PhaseEncodingDirection": "i-",
    "ProcedureStepDescription": "Studies_bbsrc_age",
    "ProtocolName": "MPRAGE",
    "RepetitionTime": 2.02,
    "dataset": "ds002366",
    "modality": "T1w",
    "session_id": "1",
    "subject_id": "ER050"
  },
  "cjv": 0.3859613087725078,
  "cnr": 3.5099927098558115,
  "efc": 0.5213569239881368,
  "fber": 19280.139273356403,
  "fwhm_avg": 4.452054186666667,
  "fwhm_x": 4.4464,
  "fwhm_y": 4.6805606399999995,
  "fwhm_z": 4.22920192,
  "icvs_csf": 0.23599130243197303,
  "icvs_gm": 0.4085233873338314,
  "icvs_wm": 0.35548531023419555,
  "inu_med": 0.4734804630279541,
  "inu_range": 0.20059082508087156,
  "provenance": {
    "md5sum": "4dc52d868d8fd5975a6c43393d8def45",
    "settings": {
      "testing": false
    },
    "software": "mriqc",
    "version": "23.0.1",
    "warnings": {
      "large_rot_frame": true,
      "small_air_mask": false
    },
    "webapi_port": null,
    "webapi_url": "https://mriqc.nimh.nih.gov/api/v1"
  },
  "qi_1": 0.0,
  "qi_2": 0.013862524920020101,
  "rpve_csf": 26.349090510721314,
  "rpve_gm": 15.197423623425205,
  "rpve_wm": 20.340758480307997,
  "size_x": 192,
  "size_y": 256,
  "size_z": 256,
  "snr_csf": 3.2422776504051347,
  "snr_gm": 12.75582736895869,
  "snr_total": 13.490006285187691,
  "snr_wm": 24.47191383619925,
  "snrd_csf": 30.811804081526542,
  "snrd_gm": 81.89191855957962,
  "snrd_total": 74.05151215977604,
  "snrd_wm": 109.45081383822196,
  "spacing_x": 1.0,
  "spacing_y": 0.9765625,
  "spacing_z": 0.9765625,
  "summary_bg_k": 9.151706120585683,
  "summary_bg_mad": 0.0,
  "summary_bg_mean": 3.8025840156823945,
  "summary_bg_median": 0.0,
  "summary_bg_n": 3406307.0,
  "summary_bg_p05": 0.0,
  "summary_bg_p95": 15.933786034584045,
  "summary_bg_stdv": 5.9858018944731075,
  "summary_csf_k": 1.5221387652331453,
  "summary_csf_mad": 70.5751062406528,
  "summary_csf_mean": 294.3237280000576,
  "summary_csf_median": 281.51901686936617,
  "summary_csf_n": 50075.0,
  "summary_csf_p05": 177.0641973093152,
  "summary_csf_p95": 463.72407320067276,
  "summary_csf_stdv": 86.8266805732839,
  "summary_gm_k": 0.1405853968611388,
  "summary_gm_mad": 57.122854470003034,
  "summary_gm_mean": 747.8659063080595,
  "summary_gm_median": 748.2240358740091,
  "summary_gm_n": 28769.0,
  "summary_gm_p05": 650.3950156733393,
  "summary_gm_p95": 844.225096732378,
  "summary_gm_stdv": 58.65640935089743,
  "summary_wm_k": 0.11681810207354504,
  "summary_wm_mad": 40.061461980398455,
  "summary_wm_mean": 1000.3514766616875,
  "summary_wm_median": 1000.0221157371998,
  "summary_wm_n": 190078.0,
  "summary_wm_p05": 933.2551262006164,
  "summary_wm_p95": 1068.0062694847584,
  "summary_wm_stdv": 40.863967234849504,
  "tpm_overlap_csf": 0.16776714466618714,
  "tpm_overlap_gm": 0.46229956406836137,
  "tpm_overlap_wm": 0.5241534256717364,
  "wm2max": 0.9062067582472676
}