{
  "bids_meta": {
    "AcquisitionDateTime": "2013-10-09T12:32:55.843750",
    "ConversionSoftware": "dcm2niix",
    "ConversionSoftwareVersion": "v1.0.20170207",
    "EchoTime": 0.00302,
    "FlipAngle": 9,
    "ImageType": [
      "ORIGINAL",
      "PRIMARY",
      "M",
      "ND",
      "NORM"
    ],
    "MagneticFieldStrength": 3,
    "Manufacturer": "Siemens",
    "ManufacturersModelName": "TrioTim",
    "PhaseEncodingDirection": "i-",
    "ProcedureStepDescription": "Studies_bbsrc_age",
    "ProtocolName": "MPRAGE",
    "RepetitionTime": 2.02,
    "dataset": "ds002366",
    "modality": "T1w",
    "session_id": "1",
    "subject_id": "ER037"
  },
  "cjv": 0.38612527718094297,
  "cnr": 3.414310917446119,
  "efc": 0.5216358758608458,
  "fber": 21098.882975206612,
  "fwhm_avg": 4.288708,
  "fwhm_x": 4.35694,
  "fwhm_y": 4.518860800000001,
  "fwhm_z": 3.9903231999999997,
  "icvs_csf": 0.2649361825971177,
  "icvs_gm": 0.38772822415669483,
  "icvs_wm": 0.34733559324618746,
  "inu_med": 0.4696695953607559,
  "inu_range": 0.17834978699684145,
  "provenance": {
    "md5sum": "5fb7f3c5b8f1506b25c37e8af4d9c3b8",
    "settings": {
      "testing": false
    },
    "software": "mriqc",
    "version": "23.0.1",
    "warnings": {
      "large_rot_frame": true,
      "small_air_mask": false
    },
    "webapi_port": null,
    "webapi_url": "https://mriqc.nimh.nih.gov/api/v1"
  },
  "qi_1": 0.0,
  "qi_2": 0.010848641921087804,
  "rpve_csf": 23.90125697950386,
  "rpve_gm": 15.538825722087727,
  "rpve_wm": 20.52761022023541,
  "size_x": 192,
  "size_y": 256,
  "size_z": 256,
  "snr_csf": 2.629978086799377,
  "snr_gm": 11.901447945485028,
  "snr_total": 13.577803594254297,
  "snr_wm": 26.201984750478484,
  "snrd_csf": 39.60141087723144,
  "snrd_gm": 110.59828257014635,
  "snrd_total": 99.3551663121362,
  "snrd_wm": 147.8658054890308,
  "spacing_x": 1.0,
  "spacing_y": 0.9765625,
  "spacing_z": 0.9765625,
  "summary_bg_k": 12.719822885641696,
  "summary_bg_mad": 4.430614684895756,
  "summary_bg_mean": 4.304657906394725,
  "summary_bg_median": 2.98840419203043,
  "summary_bg_n": 3798591.0,
  "summary_bg_p05": 0.0,
  "summary_bg_p95": 16.85712505504489,
  "summary_bg_stdv": 6.558491867743577,
  "summary_csf_k": 1.0536439809776041,
  "summary_csf_mad": 76.94292826023194,
  "summary_csf_mean": 273.363255149674,
  "summary_csf_median": 267.81994188576937,
  "summary_csf_n": 67590.0,
  "summary_csf_p05": 94.41778864320368,
  "summary_csf_p95": 459.27352960519437,
  "summary_csf_stdv": 101.83277268084059,
  "summary_gm_k": 0.2356957367655208,
  "summary_gm_mad": 60.53093301899836,
  "summary_gm_mean": 746.2043891182664,
  "summary_gm_median": 747.9638971053064,
  "summary_gm_n": 17768.0,
  "summary_gm_p05": 638.5051755322144,
  "summary_gm_p95": 846.0477421587333,
  "summary_gm_stdv": 62.844693534272785,
  "summary_wm_k": 0.3382555879235718,
  "summary_wm_mad": 36.78658248938096,
  "summary_wm_mean": 998.8383302966275,
  "summary_wm_median": 1000.0000140331686,
  "summary_wm_n": 197331.0,
  "summary_wm_p05": 935.286331705749,
  "summary_wm_p95": 1060.5467665717006,
  "summary_wm_stdv": 38.16495161489311,
  "tpm_overlap_csf": 0.1606512652588619,
  "tpm_overlap_gm": 0.4667492144152059,
  "tpm_overlap_wm": 0.5392319290134678,
  "wm2max": 0.9086590028335007
}