{
  "aor": 0.007161990521327014,
  "aqi": 0.029746849289099528,
  "bids_meta": {
    "AcquisitionDateTime": "2013-07-08T10:59:55.015625",
    "ConversionSoftware": "dcm2niix",
    "ConversionSoftwareVersion": "v1.0.20170207",
    "EchoTime": 0.03,
    "EffectiveEchoSpacing": 0.000265001,
    "FlipAngle": 90,
    "ImageType": [
      "ORIGINAL",
      "PRIMARY",
      "M",
      "ND",
      "MOSAIC"
    ],
    "MagneticFieldStrength": 3,
    "Manufacturer": "Siemens",
    "ManufacturersModelName": "TrioTim",
    "PhaseEncodingDirection": "j",
    "ProcedureStepDescription": "Studies_bbsrc_age",
    "ProtocolName": "ep2d_bold_PtoA_iPAT2_block_3",
    "RepetitionTime": 2,
    "TaskName": "Emoreg Run3",
    "dataset": "ds002366",
    "modality": "bold",
    "session_id": "1",
    "subject_id": "ER008",
    "task_id": "emoregRun3"
  },
  "dummy_trs": 0,
  "dvars_nstd": 71.56672069042854,
  "dvars_std": 1.1833462971428566,
  "dvars_vstd": 1.0524646991904762,
  "efc": 0.5628943657738515,
  "fber": 616.4142456054688,
  "fd_mean": 0.8065012202937607,
  "fd_num": 207,
  "fd_perc": 98.10426540284361,
  "fwhm_avg": 1.959515813127226,
  "fwhm_x": 1.9412233333333333,
  "fwhm_y": 2.1686799999999997,
  "fwhm_z": 1.7686441060483447,
  "gcor": 0.0363378,
  "gsr_x": 0.016807645559310913,
  "gsr_y": 0.03854287043213844,
  "provenance": {
    "md5sum": "0a61a249b7d806dfac0794931e38b1d2",
    "settings": {
      "fd_thres": 0.2,
      "testing": false
    },
    "software": "mriqc",
    "version": "23.0.1",
    "webapi_port": null,
    "webapi_url": "https://mriqc.nimh.nih.gov/api/v1"
  },
  "size_t": 211,
  "size_x": 64,
  "size_y": 64,
  "size_z": 30,
  "snr": 5.0881642713017605,
  "spacing_tr": 2.0,
  "spacing_x": 3.0,
  "spacing_y": 3.0,
  "spacing_z": 3.990000009536743,
  "summary_bg_k": 37.868550773372874,
  "summary_bg_mad": 12.345653626350257,
  "summary_bg_mean": 54.88947296142578,
  "summary_bg_median": 34.88151931762695,
  "summary_bg_n": 67487.0,
  "summary_bg_p05": 24.350711822509766,
  "summary_bg_p95": 142.6023773193359,
  "summary_bg_stdv": 62.91343307495117,
  "summary_fg_k": 1.2063268718121956,
  "summary_fg_mad": 147.64189781741513,
  "summary_fg_mean": 877.54296875,
  "summary_fg_median": 861.1232299804688,
  "summary_fg_n": 25749.0,
  "summary_fg_p05": 632.6294067382812,
  "summary_fg_p95": 1177.3905517578123,
  "summary_fg_stdv": 169.23716735839844,
  "tsnr": 23.779491307679564
}