{
  "aor": 0.007165402843601896,
  "aqi": 0.0348899327014218,
  "bids_meta": {
    "AcquisitionDateTime": "2013-07-08T11:07:39.382812",
    "ConversionSoftware": "dcm2niix",
    "ConversionSoftwareVersion": "v1.0.20170207",
    "EchoTime": 0.03,
    "EffectiveEchoSpacing": 0.000265001,
    "FlipAngle": 90,
    "ImageType": [
      "ORIGINAL",
      "PRIMARY",
      "M",
      "ND",
      "MOSAIC"
    ],
    "MagneticFieldStrength": 3,
    "Manufacturer": "Siemens",
    "ManufacturersModelName": "TrioTim",
    "PhaseEncodingDirection": "j",
    "ProcedureStepDescription": "Studies_bbsrc_age",
    "ProtocolName": "ep2d_bold_PtoA_iPAT2_block_4",
    "RepetitionTime": 2,
    "TaskName": "Emoreg Run4",
    "dataset": "ds002366",
    "modality": "bold",
    "session_id": "1",
    "subject_id": "ER008",
    "task_id": "emoregRun4"
  },
  "dummy_trs": 0,
  "dvars_nstd": 76.1477382298095,
  "dvars_std": 1.1822881485238104,
  "dvars_vstd": 1.0553039063809526,
  "efc": 0.5625508568010821,
  "fber": 621.3399047851562,
  "fd_mean": 1.0213176137345672,
  "fd_num": 207,
  "fd_perc": 98.10426540284361,
  "fwhm_avg": 1.964574543282921,
  "fwhm_x": 1.9396466666666665,
  "fwhm_y": 2.1816233333333335,
  "fwhm_z": 1.7724536298487632,
  "gcor": 0.0441934,
  "gsr_x": 0.01764276623725891,
  "gsr_y": 0.03966694697737694,
  "provenance": {
    "md5sum": "06eaf26b02aa5943396502f8d38fd139",
    "settings": {
      "fd_thres": 0.2,
      "testing": false
    },
    "software": "mriqc",
    "version": "23.0.1",
    "webapi_port": null,
    "webapi_url": "https://mriqc.nimh.nih.gov/api/v1"
  },
  "size_t": 211,
  "size_x": 64,
  "size_y": 64,
  "size_z": 30,
  "snr": 5.149419000404791,
  "spacing_tr": 2.0,
  "spacing_x": 3.0,
  "spacing_y": 3.0,
  "spacing_z": 3.990000009536743,
  "summary_bg_k": 37.73446487708782,
  "summary_bg_mad": 12.6196825672798,
  "summary_bg_mean": 55.15125274658203,
  "summary_bg_median": 34.890995025634766,
  "summary_bg_n": 67676.0,
  "summary_bg_p05": 24.232229232788086,
  "summary_bg_p95": 143.3376808166504,
  "summary_bg_stdv": 63.635005950927734,
  "summary_fg_k": 1.1384722602286983,
  "summary_fg_mad": 147.55756033770032,
  "summary_fg_mean": 880.4060668945312,
  "summary_fg_median": 863.8341674804688,
  "summary_fg_n": 25631.0,
  "summary_fg_p05": 637.7630615234375,
  "summary_fg_p95": 1177.1209106445312,
  "summary_fg_stdv": 167.7504425048828,
  "tsnr": 21.88351964985486
}