{
  "aor": 0.0035297630331753553,
  "aqi": 0.028253044075829382,
  "bids_meta": {
    "AcquisitionDateTime": "2013-07-08T10:44:1.101562",
    "ConversionSoftware": "dcm2niix",
    "ConversionSoftwareVersion": "v1.0.20170207",
    "EchoTime": 0.03,
    "EffectiveEchoSpacing": 0.000265001,
    "FlipAngle": 90,
    "ImageType": [
      "ORIGINAL",
      "PRIMARY",
      "M",
      "ND",
      "MOSAIC"
    ],
    "MagneticFieldStrength": 3,
    "Manufacturer": "Siemens",
    "ManufacturersModelName": "TrioTim",
    "PhaseEncodingDirection": "j",
    "ProcedureStepDescription": "Studies_bbsrc_age",
    "ProtocolName": "ep2d_bold_PtoA_iPAT2_block_1",
    "RepetitionTime": 2,
    "TaskName": "Emoreg Run1",
    "dataset": "ds002366",
    "modality": "bold",
    "session_id": "1",
    "subject_id": "ER008",
    "task_id": "emoregRun1"
  },
  "dummy_trs": 0,
  "dvars_nstd": 61.72125878119047,
  "dvars_std": 1.1142262529999998,
  "dvars_vstd": 1.0155279295238093,
  "efc": 0.5594264109143335,
  "fber": 627.9002075195312,
  "fd_mean": 0.737142871029485,
  "fd_num": 200,
  "fd_perc": 94.7867298578199,
  "fwhm_avg": 1.957324267608037,
  "fwhm_x": 1.9297166666666667,
  "fwhm_y": 2.1877999999999997,
  "fwhm_z": 1.7544561361574442,
  "gcor": 0.0282497,
  "gsr_x": 0.01796661876142025,
  "gsr_y": 0.039325691759586334,
  "provenance": {
    "md5sum": "c973a3416d27584bac15dfd1ff9452ef",
    "settings": {
      "fd_thres": 0.2,
      "testing": false
    },
    "software": "mriqc",
    "version": "23.0.1",
    "webapi_port": null,
    "webapi_url": "https://mriqc.nimh.nih.gov/api/v1"
  },
  "size_t": 211,
  "size_x": 64,
  "size_y": 64,
  "size_z": 30,
  "snr": 5.0307593231409,
  "spacing_tr": 2.0,
  "spacing_x": 3.0,
  "spacing_y": 3.0,
  "spacing_z": 3.990000009536743,
  "summary_bg_k": 39.04088676524293,
  "summary_bg_mad": 12.633736928672722,
  "summary_bg_mean": 53.539344787597656,
  "summary_bg_median": 34.440757751464844,
  "summary_bg_n": 67881.0,
  "summary_bg_p05": 23.30805778503418,
  "summary_bg_p95": 133.78199768066406,
  "summary_bg_stdv": 61.410457611083984,
  "summary_fg_k": 1.128575388351619,
  "summary_fg_mad": 148.53775731223968,
  "summary_fg_mean": 873.82373046875,
  "summary_fg_median": 858.7203979492188,
  "summary_fg_n": 25594.0,
  "summary_fg_p05": 624.1815582275391,
  "summary_fg_p95": 1171.376611328125,
  "summary_fg_stdv": 170.69065856933594,
  "tsnr": 24.768936737673357
}