{
  "bids_meta": {
    "AcquisitionDateTime": "2013-09-05T15:59:37.828125",
    "ConversionSoftware": "dcm2niix",
    "ConversionSoftwareVersion": "v1.0.20170207",
    "EchoTime": 0.00302,
    "FlipAngle": 9,
    "ImageType": [
      "ORIGINAL",
      "PRIMARY",
      "M",
      "ND",
      "NORM"
    ],
    "MagneticFieldStrength": 3,
    "Manufacturer": "Siemens",
    "ManufacturersModelName": "TrioTim",
    "PhaseEncodingDirection": "i-",
    "ProcedureStepDescription": "Studies_bbsrc_age",
    "ProtocolName": "MPRAGE",
    "RepetitionTime": 2.02,
    "dataset": "ds002366",
    "modality": "T1w",
    "session_id": "1",
    "subject_id": "ER033"
  },
  "cjv": 0.4476124195145782,
  "cnr": 3.1554131382825013,
  "efc": 0.5375236814613777,
  "fber": 16544.729113573405,
  "fwhm_avg": 4.4218428266666665,
  "fwhm_x": 4.52234,
  "fwhm_y": 4.5773414400000005,
  "fwhm_z": 4.16584704,
  "icvs_csf": 0.2703009072177041,
  "icvs_gm": 0.3813041003865322,
  "icvs_wm": 0.34839499239576377,
  "inu_med": 0.6049285531044006,
  "inu_range": 0.2872011318802833,
  "provenance": {
    "md5sum": "5e533234a3534c985e8c5f4a5913cd25",
    "settings": {
      "testing": false
    },
    "software": "mriqc",
    "version": "23.0.1",
    "warnings": {
      "large_rot_frame": true,
      "small_air_mask": false
    },
    "webapi_port": null,
    "webapi_url": "https://mriqc.nimh.nih.gov/api/v1"
  },
  "qi_1": 0.0,
  "qi_2": 0.008338826258905151,
  "rpve_csf": 20.06876148675569,
  "rpve_gm": 13.26271064104168,
  "rpve_wm": 17.142208677014022,
  "size_x": 192,
  "size_y": 256,
  "size_z": 256,
  "snr_csf": 3.2153951566183068,
  "snr_gm": 10.664012086131287,
  "snr_total": 11.40925354264602,
  "snr_wm": 20.348353385188467,
  "snrd_csf": 32.39537216610005,
  "snrd_gm": 79.30774328402772,
  "snrd_total": 73.36573949030877,
  "snrd_wm": 108.39410302079854,
  "spacing_x": 1.0,
  "spacing_y": 0.9765625,
  "spacing_z": 0.9765625,
  "summary_bg_k": 23.552212486623525,
  "summary_bg_mad": 6.044164885299274,
  "summary_bg_mean": 6.456469965724889,
  "summary_bg_median": 4.0767272636294365,
  "summary_bg_n": 4439620.0,
  "summary_bg_p05": 0.0,
  "summary_bg_p95": 25.520783968269825,
  "summary_bg_stdv": 10.477402771234766,
  "summary_csf_k": 1.140337648818731,
  "summary_csf_mad": 78.18983244681952,
  "summary_csf_mean": 305.04475980793205,
  "summary_csf_median": 298.8735947087407,
  "summary_csf_n": 83298.0,
  "summary_csf_p05": 163.6346480846405,
  "summary_csf_p95": 468.049528435245,
  "summary_csf_stdv": 92.95025530095667,
  "summary_gm_k": -0.2850674844938723,
  "summary_gm_mad": 72.14566756152024,
  "summary_gm_mean": 729.7627153751289,
  "summary_gm_median": 731.6782842315733,
  "summary_gm_n": 14470.0,
  "summary_gm_p05": 616.2220690399408,
  "summary_gm_p95": 839.6302578214555,
  "summary_gm_stdv": 68.60954350865697,
  "summary_wm_k": 0.2648101133552583,
  "summary_wm_mad": 47.969008020323145,
  "summary_wm_mean": 1001.2469913215069,
  "summary_wm_median": 1000.0235542580485,
  "summary_wm_n": 216615.0,
  "summary_wm_p05": 922.6599958389997,
  "summary_wm_p95": 1083.0426880717278,
  "summary_wm_stdv": 49.14506972766625,
  "tpm_overlap_csf": 0.16522317635462683,
  "tpm_overlap_gm": 0.42668218605897135,
  "tpm_overlap_wm": 0.5057626818827821,
  "wm2max": 0.8052103295827562
}