{
  "bids_meta": {
    "AcquisitionDateTime": "2013-08-16T10:02:35.804688",
    "ConversionSoftware": "dcm2niix",
    "ConversionSoftwareVersion": "v1.0.20170207",
    "EchoTime": 0.00302,
    "FlipAngle": 9,
    "ImageType": [
      "ORIGINAL",
      "PRIMARY",
      "M",
      "ND",
      "NORM"
    ],
    "MagneticFieldStrength": 3,
    "Manufacturer": "Siemens",
    "ManufacturersModelName": "TrioTim",
    "PhaseEncodingDirection": "i-",
    "ProcedureStepDescription": "Studies_bbsrc_age",
    "ProtocolName": "MPRAGE",
    "RepetitionTime": 2.02,
    "dataset": "ds002366",
    "modality": "T1w",
    "session_id": "1",
    "subject_id": "ER018"
  },
  "cjv": 0.40402453759848617,
  "cnr": 3.3049421512230057,
  "efc": 0.5483714114264576,
  "fber": 8233.304170676276,
  "fwhm_avg": 3.9639868000000003,
  "fwhm_x": 4.06773,
  "fwhm_y": 4.17572864,
  "fwhm_z": 3.6485017600000003,
  "icvs_csf": 0.2951666627438992,
  "icvs_gm": 0.3911785945084516,
  "icvs_wm": 0.3136547427476492,
  "inu_med": 0.651458203792572,
  "inu_range": 0.2782599091529846,
  "provenance": {
    "md5sum": "d2b45b7864b7ec2bbced2da7efc54e95",
    "settings": {
      "testing": false
    },
    "software": "mriqc",
    "version": "23.0.1",
    "warnings": {
      "large_rot_frame": true,
      "small_air_mask": false
    },
    "webapi_port": null,
    "webapi_url": "https://mriqc.nimh.nih.gov/api/v1"
  },
  "qi_1": 0.0,
  "qi_2": 0.007177419398914859,
  "rpve_csf": 22.562943036889898,
  "rpve_gm": 15.864182210987856,
  "rpve_wm": 22.85744296074384,
  "size_x": 192,
  "size_y": 256,
  "size_z": 256,
  "snr_csf": 3.243558281844523,
  "snr_gm": 11.281494541014565,
  "snr_total": 11.956250541042985,
  "snr_wm": 21.343698800269866,
  "snrd_csf": 27.115534643340286,
  "snrd_gm": 74.85069066339406,
  "snrd_total": 68.01923003996079,
  "snrd_wm": 102.09146481314804,
  "spacing_x": 1.0,
  "spacing_y": 0.9765625,
  "spacing_z": 0.9765625,
  "summary_bg_k": 9.49913958666564,
  "summary_bg_mad": 6.417299840364653,
  "summary_bg_mean": 6.66113330014302,
  "summary_bg_median": 4.32840296626091,
  "summary_bg_n": 2913428.0,
  "summary_bg_p05": 0.0,
  "summary_bg_p95": 27.150891333818436,
  "summary_bg_stdv": 9.992326513665557,
  "summary_csf_k": 2.678270298425451,
  "summary_csf_mad": 54.70147564460566,
  "summary_csf_mean": 272.87158790970176,
  "summary_csf_median": 265.6065456569195,
  "summary_csf_n": 92032.0,
  "summary_csf_p05": 154.64203324913979,
  "summary_csf_p95": 425.76787135154,
  "summary_csf_stdv": 81.88695240279121,
  "summary_gm_k": 0.28064710416183347,
  "summary_gm_mad": 62.199764495513016,
  "summary_gm_mean": 729.7005885028891,
  "summary_gm_median": 733.1897987127304,
  "summary_gm_n": 16472.0,
  "summary_gm_p05": 616.2662096008659,
  "summary_gm_p95": 830.6760809212922,
  "summary_gm_stdv": 64.988511944905,
  "summary_wm_k": 0.20833706771980465,
  "summary_wm_mad": 45.60744111146858,
  "summary_wm_mean": 999.4432182176586,
  "summary_wm_median": 1000.0231109857559,
  "summary_wm_n": 135949.0,
  "summary_wm_p05": 921.648926794529,
  "summary_wm_p95": 1075.7122965455055,
  "summary_wm_stdv": 46.85314585827868,
  "tpm_overlap_csf": 0.14956227805781605,
  "tpm_overlap_gm": 0.41874903619571896,
  "tpm_overlap_wm": 0.438911339335009,
  "wm2max": 0.844759596198878
}