{
  "aor": 0.001601090047393365,
  "aqi": 0.016960695924170616,
  "bids_meta": {
    "AcquisitionDateTime": "2013-09-09T11:14:31.015625",
    "ConversionSoftware": "dcm2niix",
    "ConversionSoftwareVersion": "v1.0.20170207",
    "EchoTime": 0.03,
    "EffectiveEchoSpacing": 0.000265001,
    "FlipAngle": 90,
    "ImageType": [
      "ORIGINAL",
      "PRIMARY",
      "M",
      "ND",
      "MOSAIC"
    ],
    "MagneticFieldStrength": 3,
    "Manufacturer": "Siemens",
    "ManufacturersModelName": "TrioTim",
    "PhaseEncodingDirection": "j",
    "ProcedureStepDescription": "Studies_bbsrc_age",
    "ProtocolName": "ep2d_bold_PtoA_iPAT2_block_4",
    "RepetitionTime": 2,
    "TaskName": "Emoreg Run4",
    "dataset": "ds002366",
    "modality": "bold",
    "session_id": "1",
    "subject_id": "ER028",
    "task_id": "emoregRun4"
  },
  "dummy_trs": 0,
  "dvars_nstd": 34.461968330714306,
  "dvars_std": 1.0410440659523807,
  "dvars_vstd": 1.0022032194285713,
  "efc": 0.5567330747314724,
  "fber": 589.1844482421875,
  "fd_mean": 0.16929707423497548,
  "fd_num": 54,
  "fd_perc": 25.592417061611375,
  "fwhm_avg": 1.778846958916702,
  "fwhm_x": 1.7390533333333333,
  "fwhm_y": 1.9819034908408715,
  "fwhm_z": 1.6155840525759009,
  "gcor": 0.0155966,
  "gsr_x": 0.007869206368923187,
  "gsr_y": 0.026197044178843498,
  "provenance": {
    "md5sum": "dd3bdc23f4321b05f75a430d1da0b331",
    "settings": {
      "fd_thres": 0.2,
      "testing": false
    },
    "software": "mriqc",
    "version": "23.0.1",
    "webapi_port": null,
    "webapi_url": "https://mriqc.nimh.nih.gov/api/v1"
  },
  "size_t": 211,
  "size_x": 64,
  "size_y": 64,
  "size_z": 30,
  "snr": 5.562721995321307,
  "spacing_tr": 2.0,
  "spacing_x": 3.0,
  "spacing_y": 2.999999761581421,
  "spacing_z": 3.989999771118164,
  "summary_bg_k": 101.68525170633542,
  "summary_bg_mad": 8.765620365586674,
  "summary_bg_mean": 53.52855682373047,
  "summary_bg_median": 38.414695739746094,
  "summary_bg_n": 68312.0,
  "summary_bg_p05": 29.981042861938477,
  "summary_bg_p95": 126.15853462219236,
  "summary_bg_stdv": 52.1026725769043,
  "summary_fg_k": 2.3656045544367403,
  "summary_fg_mad": 131.438695263497,
  "summary_fg_mean": 953.4601440429688,
  "summary_fg_median": 934.6824951171875,
  "summary_fg_n": 25415.0,
  "summary_fg_p05": 728.9251220703125,
  "summary_fg_p95": 1260.554064941406,
  "summary_fg_stdv": 168.02279663085938,
  "tsnr": 39.55002870038152
}