{
  "aor": 0.0016494786729857821,
  "aqi": 0.01299977848341232,
  "bids_meta": {
    "AcquisitionDateTime": "2013-09-09T10:51:36.140625",
    "ConversionSoftware": "dcm2niix",
    "ConversionSoftwareVersion": "v1.0.20170207",
    "EchoTime": 0.03,
    "EffectiveEchoSpacing": 0.000265001,
    "FlipAngle": 90,
    "ImageType": [
      "ORIGINAL",
      "PRIMARY",
      "M",
      "ND",
      "MOSAIC"
    ],
    "MagneticFieldStrength": 3,
    "Manufacturer": "Siemens",
    "ManufacturersModelName": "TrioTim",
    "PhaseEncodingDirection": "j",
    "ProcedureStepDescription": "Studies_bbsrc_age",
    "ProtocolName": "ep2d_bold_PtoA_iPAT2_block_1",
    "RepetitionTime": 2,
    "TaskName": "Emoreg Run1",
    "dataset": "ds002366",
    "modality": "bold",
    "session_id": "1",
    "subject_id": "ER028",
    "task_id": "emoregRun1"
  },
  "dummy_trs": 0,
  "dvars_nstd": 39.132307115952386,
  "dvars_std": 1.1161740862857146,
  "dvars_vstd": 1.0208637515238097,
  "efc": 0.5610367429430809,
  "fber": 587.5457153320312,
  "fd_mean": 0.18234080679457987,
  "fd_num": 69,
  "fd_perc": 32.70142180094787,
  "fwhm_avg": 1.8150996756400442,
  "fwhm_x": 1.7762233333333333,
  "fwhm_y": 2.013566826690581,
  "fwhm_z": 1.6555088668962177,
  "gcor": 0.0152799,
  "gsr_x": 0.006811493542045355,
  "gsr_y": 0.023574737831950188,
  "provenance": {
    "md5sum": "351c43d04183af41bfb499dc021cf4a8",
    "settings": {
      "fd_thres": 0.2,
      "testing": false
    },
    "software": "mriqc",
    "version": "23.0.1",
    "webapi_port": null,
    "webapi_url": "https://mriqc.nimh.nih.gov/api/v1"
  },
  "size_t": 211,
  "size_x": 64,
  "size_y": 64,
  "size_z": 30,
  "snr": 5.47822074987539,
  "spacing_tr": 2.0,
  "spacing_x": 3.0,
  "spacing_y": 2.999999761581421,
  "spacing_z": 3.989999771118164,
  "summary_bg_k": 72.61355369745148,
  "summary_bg_mad": 9.008036890819739,
  "summary_bg_mean": 55.51708221435547,
  "summary_bg_median": 38.995262145996094,
  "summary_bg_n": 67564.0,
  "summary_bg_p05": 30.88696813583374,
  "summary_bg_p95": 132.8786727905273,
  "summary_bg_stdv": 55.626869201660156,
  "summary_fg_k": 2.2563575523543813,
  "summary_fg_mad": 137.23205573298287,
  "summary_fg_mean": 965.9091186523438,
  "summary_fg_median": 947.56640625,
  "summary_fg_n": 25678.0,
  "summary_fg_p05": 734.5028747558594,
  "summary_fg_p95": 1282.1038757324218,
  "summary_fg_stdv": 172.96636962890625,
  "tsnr": 41.769735762965865
}