{
  "aor": 0.0008017061611374408,
  "aqi": 0.012057706398104264,
  "bids_meta": {
    "AcquisitionDateTime": "2013-09-09T10:59:14.117188",
    "ConversionSoftware": "dcm2niix",
    "ConversionSoftwareVersion": "v1.0.20170207",
    "EchoTime": 0.03,
    "EffectiveEchoSpacing": 0.000265001,
    "FlipAngle": 90,
    "ImageType": [
      "ORIGINAL",
      "PRIMARY",
      "M",
      "ND",
      "MOSAIC"
    ],
    "MagneticFieldStrength": 3,
    "Manufacturer": "Siemens",
    "ManufacturersModelName": "TrioTim",
    "PhaseEncodingDirection": "j",
    "ProcedureStepDescription": "Studies_bbsrc_age",
    "ProtocolName": "ep2d_bold_PtoA_iPAT2_block_2",
    "RepetitionTime": 2,
    "TaskName": "Emoreg Run2",
    "dataset": "ds002366",
    "modality": "bold",
    "session_id": "1",
    "subject_id": "ER028",
    "task_id": "emoregRun2"
  },
  "dummy_trs": 0,
  "dvars_nstd": 35.85093177638095,
  "dvars_std": 1.0808932905714288,
  "dvars_vstd": 1.0092272923809527,
  "efc": 0.5596105269692885,
  "fber": 589.177734375,
  "fd_mean": 0.1557573283677413,
  "fd_num": 45,
  "fd_perc": 21.327014218009477,
  "fwhm_avg": 1.7950090566329575,
  "fwhm_x": 1.7529333333333332,
  "fwhm_y": 2.001660159077657,
  "fwhm_z": 1.630433677487883,
  "gcor": 0.0119128,
  "gsr_x": 0.006683073937892914,
  "gsr_y": 0.02462909370660782,
  "provenance": {
    "md5sum": "f189a0cd11ddd8b479f1595dbc21b8b8",
    "settings": {
      "fd_thres": 0.2,
      "testing": false
    },
    "software": "mriqc",
    "version": "23.0.1",
    "webapi_port": null,
    "webapi_url": "https://mriqc.nimh.nih.gov/api/v1"
  },
  "size_t": 211,
  "size_x": 64,
  "size_y": 64,
  "size_z": 30,
  "snr": 5.525545097527554,
  "spacing_tr": 2.0,
  "spacing_x": 3.0,
  "spacing_y": 2.999999761581421,
  "spacing_z": 3.989999771118164,
  "summary_bg_k": 81.60951841693054,
  "summary_bg_mad": 9.225859697534844,
  "summary_bg_mean": 54.689537048339844,
  "summary_bg_median": 38.81516647338867,
  "summary_bg_n": 67746.0,
  "summary_bg_p05": 30.530807495117188,
  "summary_bg_p95": 130.86137771606445,
  "summary_bg_stdv": 53.99351501464844,
  "summary_fg_k": 2.335638638004916,
  "summary_fg_mad": 134.32653001686427,
  "summary_fg_mean": 961.4942016601562,
  "summary_fg_median": 942.1279907226562,
  "summary_fg_n": 25691.0,
  "summary_fg_p05": 732.1588134765625,
  "summary_fg_p95": 1269.8910522460938,
  "summary_fg_stdv": 170.50076293945312,
  "tsnr": 44.050816662143916
}