{
  "bids_meta": {
    "AcquisitionDateTime": "2013-10-29T12:41:1.812500",
    "ConversionSoftware": "dcm2niix",
    "ConversionSoftwareVersion": "v1.0.20170207",
    "EchoTime": 0.00302,
    "FlipAngle": 9,
    "ImageType": [
      "ORIGINAL",
      "PRIMARY",
      "M",
      "ND",
      "NORM"
    ],
    "MagneticFieldStrength": 3,
    "Manufacturer": "Siemens",
    "ManufacturersModelName": "TrioTim",
    "PhaseEncodingDirection": "i-",
    "ProcedureStepDescription": "Studies_bbsrc_age",
    "ProtocolName": "MPRAGE",
    "RepetitionTime": 2.02,
    "dataset": "ds002366",
    "modality": "T1w",
    "session_id": "1",
    "subject_id": "ER041"
  },
  "cjv": 0.45594111497653683,
  "cnr": 2.9579081842517843,
  "efc": 0.5478358722661977,
  "fber": 5388.779169310712,
  "fwhm_avg": 4.238464693333333,
  "fwhm_x": 4.25826,
  "fwhm_y": 4.50219008,
  "fwhm_z": 3.954944,
  "icvs_csf": 0.27427341819546025,
  "icvs_gm": 0.3630016879424049,
  "icvs_wm": 0.36272489386213486,
  "inu_med": 0.6396176218986511,
  "inu_range": 0.313767123222351,
  "provenance": {
    "md5sum": "1ff999a00262145bbb71dbefee525f30",
    "settings": {
      "testing": false
    },
    "software": "mriqc",
    "version": "23.0.1",
    "warnings": {
      "large_rot_frame": true,
      "small_air_mask": false
    },
    "webapi_port": null,
    "webapi_url": "https://mriqc.nimh.nih.gov/api/v1"
  },
  "qi_1": 0.0,
  "qi_2": 0.0037096105296586966,
  "rpve_csf": 23.423694403032595,
  "rpve_gm": 15.892038948727233,
  "rpve_wm": 19.03049574430175,
  "size_x": 192,
  "size_y": 256,
  "size_z": 256,
  "snr_csf": 3.183363168498891,
  "snr_gm": 13.075322049019459,
  "snr_total": 11.861500611413069,
  "snr_wm": 19.325816616720857,
  "snrd_csf": 23.92030896021457,
  "snrd_gm": 60.39553406615549,
  "snrd_total": 54.43186163730144,
  "snrd_wm": 78.97974188553425,
  "spacing_x": 1.0,
  "spacing_y": 0.9765625,
  "spacing_z": 0.9765625,
  "summary_bg_k": 5.961952077424927,
  "summary_bg_mad": 8.295212664729783,
  "summary_bg_mean": 10.840427281174323,
  "summary_bg_median": 5.595035918056965,
  "summary_bg_n": 3301910.0,
  "summary_bg_p05": 0.0,
  "summary_bg_p95": 41.33962557464838,
  "summary_bg_stdv": 15.192346231810763,
  "summary_csf_k": 1.2680025584757164,
  "summary_csf_mad": 75.42353316248384,
  "summary_csf_mean": 309.9597579545848,
  "summary_csf_median": 302.87440879642963,
  "summary_csf_n": 68068.0,
  "summary_csf_p05": 158.57949314005674,
  "summary_csf_p95": 481.8002102773635,
  "summary_csf_stdv": 95.1422027472154,
  "summary_gm_k": 0.14618721869633822,
  "summary_gm_mad": 56.6905055096699,
  "summary_gm_mean": 761.9265564902872,
  "summary_gm_median": 764.7167812362313,
  "summary_gm_n": 10802.0,
  "summary_gm_p05": 660.5854729413986,
  "summary_gm_p95": 852.1690488085151,
  "summary_gm_stdv": 58.48279534152108,
  "summary_wm_k": 0.21989984429079357,
  "summary_wm_mad": 50.59686587444185,
  "summary_wm_mean": 1001.2963847130925,
  "summary_wm_median": 1000.0264908894897,
  "summary_wm_n": 170677.0,
  "summary_wm_p05": 918.6995943933725,
  "summary_wm_p95": 1088.3272947147489,
  "summary_wm_stdv": 51.74547503634269,
  "tpm_overlap_csf": 0.16090544892305994,
  "tpm_overlap_gm": 0.4223177404310987,
  "tpm_overlap_wm": 0.5050375401493943,
  "wm2max": 0.6623055038460187
}