{
  "aor": 0.0015635545023696684,
  "aqi": 0.018186187677725115,
  "bids_meta": {
    "AcquisitionDateTime": "2013-11-05T11:11:8.273438",
    "ConversionSoftware": "dcm2niix",
    "ConversionSoftwareVersion": "v1.0.20170207",
    "EchoTime": 0.03,
    "EffectiveEchoSpacing": 0.000265001,
    "FlipAngle": 90,
    "ImageType": [
      "ORIGINAL",
      "PRIMARY",
      "M",
      "ND",
      "MOSAIC"
    ],
    "MagneticFieldStrength": 3,
    "Manufacturer": "Siemens",
    "ManufacturersModelName": "TrioTim",
    "PhaseEncodingDirection": "j",
    "ProcedureStepDescription": "Studies_bbsrc_age",
    "ProtocolName": "ep2d_bold_PtoA_iPAT2_block_3",
    "RepetitionTime": 2,
    "TaskName": "Emoreg Run3",
    "dataset": "ds002366",
    "modality": "bold",
    "session_id": "1",
    "subject_id": "ER041",
    "task_id": "emoregRun3"
  },
  "dummy_trs": 0,
  "dvars_nstd": 42.8514335087619,
  "dvars_std": 1.1655805246190478,
  "dvars_vstd": 1.008040821523809,
  "efc": 0.5603658901256724,
  "fber": 724.0467529296875,
  "fd_mean": 0.27974907157382206,
  "fd_num": 115,
  "fd_perc": 54.502369668246445,
  "fwhm_avg": 1.6845228693090057,
  "fwhm_x": 1.6327833333333333,
  "fwhm_y": 1.91071,
  "fwhm_z": 1.5100752745936845,
  "gcor": 0.0178674,
  "gsr_x": -0.008488165214657784,
  "gsr_y": 0.03599883243441582,
  "provenance": {
    "md5sum": "6c7cf2ddf01fc233fabdd9d5840625de",
    "settings": {
      "fd_thres": 0.2,
      "testing": false
    },
    "software": "mriqc",
    "version": "23.0.1",
    "webapi_port": null,
    "webapi_url": "https://mriqc.nimh.nih.gov/api/v1"
  },
  "size_t": 211,
  "size_x": 64,
  "size_y": 64,
  "size_z": 30,
  "snr": 5.923953514991038,
  "spacing_tr": 2.0,
  "spacing_x": 3.0,
  "spacing_y": 3.0,
  "spacing_z": 3.989999771118164,
  "summary_bg_k": 113.60153699037677,
  "summary_bg_mad": 9.03614278576627,
  "summary_bg_mean": 50.877159118652344,
  "summary_bg_median": 34.65876770019531,
  "summary_bg_n": 66946.0,
  "summary_bg_p05": 26.331754684448242,
  "summary_bg_p95": 121.27133178710938,
  "summary_bg_stdv": 57.058128356933594,
  "summary_fg_k": 2.6521458816791785,
  "summary_fg_mad": 123.40726964696586,
  "summary_fg_mean": 938.7939453125,
  "summary_fg_median": 934.14697265625,
  "summary_fg_n": 26106.0,
  "summary_fg_p05": 695.1362762451172,
  "summary_fg_p95": 1196.5166625976562,
  "summary_fg_stdv": 157.686767578125,
  "tsnr": 40.52256086561829
}