{
  "aor": 0.0015387142857142858,
  "aqi": 0.014901937142857143,
  "bids_meta": {
    "AcquisitionDateTime": "2013-11-05T11:03:37.718750",
    "ConversionSoftware": "dcm2niix",
    "ConversionSoftwareVersion": "v1.0.20170207",
    "EchoTime": 0.03,
    "EffectiveEchoSpacing": 0.000265001,
    "FlipAngle": 90,
    "ImageType": [
      "ORIGINAL",
      "PRIMARY",
      "M",
      "ND",
      "MOSAIC"
    ],
    "MagneticFieldStrength": 3,
    "Manufacturer": "Siemens",
    "ManufacturersModelName": "TrioTim",
    "PhaseEncodingDirection": "j",
    "ProcedureStepDescription": "Studies_bbsrc_age",
    "ProtocolName": "ep2d_bold_PtoA_iPAT2_block_2",
    "RepetitionTime": 2,
    "TaskName": "Emoreg Run2",
    "dataset": "ds002366",
    "modality": "bold",
    "session_id": "1",
    "subject_id": "ER041",
    "task_id": "emoregRun2"
  },
  "dummy_trs": 1,
  "dvars_nstd": 41.67467299822965,
  "dvars_std": 1.1702311535885177,
  "dvars_vstd": 1.0206462691866025,
  "efc": 0.5610159422267368,
  "fber": 719.6851806640625,
  "fd_mean": 0.23128695975074787,
  "fd_num": 86,
  "fd_perc": 40.95238095238095,
  "fwhm_avg": 1.6987338471383477,
  "fwhm_x": 1.6422100000000002,
  "fwhm_y": 1.9237433333333334,
  "fwhm_z": 1.530248208081709,
  "gcor": 0.0103695,
  "gsr_x": -0.008359246887266636,
  "gsr_y": 0.03527193143963814,
  "provenance": {
    "md5sum": "b56c7473987bb0cb008a29dca31fa1e1",
    "settings": {
      "fd_thres": 0.2,
      "testing": false
    },
    "software": "mriqc",
    "version": "23.0.1",
    "webapi_port": null,
    "webapi_url": "https://mriqc.nimh.nih.gov/api/v1"
  },
  "size_t": 210,
  "size_x": 64,
  "size_y": 64,
  "size_z": 30,
  "snr": 5.8756020946371565,
  "spacing_tr": 2.0,
  "spacing_x": 3.0,
  "spacing_y": 3.0,
  "spacing_z": 3.989999771118164,
  "summary_bg_k": 108.85550616494665,
  "summary_bg_mad": 7.886032258177591,
  "summary_bg_mean": 50.74458312988281,
  "summary_bg_median": 34.647621154785156,
  "summary_bg_n": 66760.0,
  "summary_bg_p05": 27.66190528869629,
  "summary_bg_p95": 119.63881378173822,
  "summary_bg_stdv": 57.192222595214844,
  "summary_fg_k": 2.557274420246534,
  "summary_fg_mad": 125.22695031175647,
  "summary_fg_mean": 936.1195068359375,
  "summary_fg_median": 932.1428833007812,
  "summary_fg_n": 26146.0,
  "summary_fg_p05": 690.6702575683594,
  "summary_fg_p95": 1198.6607666015625,
  "summary_fg_stdv": 158.64332580566406,
  "tsnr": 43.430082573904656
}