{
  "aor": 0.001005924170616114,
  "aqi": 0.01388810469194313,
  "bids_meta": {
    "AcquisitionDateTime": "2013-11-05T10:56:6.476562",
    "ConversionSoftware": "dcm2niix",
    "ConversionSoftwareVersion": "v1.0.20170207",
    "EchoTime": 0.03,
    "EffectiveEchoSpacing": 0.000265001,
    "FlipAngle": 90,
    "ImageType": [
      "ORIGINAL",
      "PRIMARY",
      "M",
      "ND",
      "MOSAIC"
    ],
    "MagneticFieldStrength": 3,
    "Manufacturer": "Siemens",
    "ManufacturersModelName": "TrioTim",
    "PhaseEncodingDirection": "j",
    "ProcedureStepDescription": "Studies_bbsrc_age",
    "ProtocolName": "ep2d_bold_PtoA_iPAT2_block_1",
    "RepetitionTime": 2,
    "TaskName": "Emoreg Run1",
    "dataset": "ds002366",
    "modality": "bold",
    "session_id": "1",
    "subject_id": "ER041",
    "task_id": "emoregRun1"
  },
  "dummy_trs": 0,
  "dvars_nstd": 39.55938232966668,
  "dvars_std": 1.1487229228571436,
  "dvars_vstd": 1.0101480827142855,
  "efc": 0.5605132780586254,
  "fber": 713.778076171875,
  "fd_mean": 0.1942470833765227,
  "fd_num": 64,
  "fd_perc": 30.33175355450237,
  "fwhm_avg": 1.7050652006612144,
  "fwhm_x": 1.64325,
  "fwhm_y": 1.9344066666666666,
  "fwhm_z": 1.5375389353169762,
  "gcor": 0.010263,
  "gsr_x": -0.008491240441799164,
  "gsr_y": 0.03499770164489746,
  "provenance": {
    "md5sum": "d8a1555dd83b685b7d247eb290d9745e",
    "settings": {
      "fd_thres": 0.2,
      "testing": false
    },
    "software": "mriqc",
    "version": "23.0.1",
    "webapi_port": null,
    "webapi_url": "https://mriqc.nimh.nih.gov/api/v1"
  },
  "size_t": 211,
  "size_x": 64,
  "size_y": 64,
  "size_z": 30,
  "snr": 5.8683393429495645,
  "spacing_tr": 2.0,
  "spacing_x": 3.0,
  "spacing_y": 3.0,
  "spacing_z": 3.989999771118164,
  "summary_bg_k": 108.69667603683813,
  "summary_bg_mad": 8.2070118152453,
  "summary_bg_mean": 50.38260269165039,
  "summary_bg_median": 34.810428619384766,
  "summary_bg_n": 66773.0,
  "summary_bg_p05": 27.331754684448242,
  "summary_bg_p95": 117.69668579101562,
  "summary_bg_stdv": 55.622093200683594,
  "summary_fg_k": 2.474226798433687,
  "summary_fg_mad": 125.09365727782954,
  "summary_fg_mean": 937.6918334960938,
  "summary_fg_median": 933.9573974609375,
  "summary_fg_n": 26157.0,
  "summary_fg_p05": 692.063525390625,
  "summary_fg_p95": 1198.5839355468738,
  "summary_fg_stdv": 159.14886474609375,
  "tsnr": 44.91953418578487
}