{
  "aor": 0.004551895734597156,
  "aqi": 0.017704619905213267,
  "bids_meta": {
    "AcquisitionDateTime": "2013-11-05T11:18:36.078125",
    "ConversionSoftware": "dcm2niix",
    "ConversionSoftwareVersion": "v1.0.20170207",
    "EchoTime": 0.03,
    "EffectiveEchoSpacing": 0.000265001,
    "FlipAngle": 90,
    "ImageType": [
      "ORIGINAL",
      "PRIMARY",
      "M",
      "ND",
      "MOSAIC"
    ],
    "MagneticFieldStrength": 3,
    "Manufacturer": "Siemens",
    "ManufacturersModelName": "TrioTim",
    "PhaseEncodingDirection": "j",
    "ProcedureStepDescription": "Studies_bbsrc_age",
    "ProtocolName": "ep2d_bold_PtoA_iPAT2_block_4",
    "RepetitionTime": 2,
    "TaskName": "Emoreg Run4",
    "dataset": "ds002366",
    "modality": "bold",
    "session_id": "1",
    "subject_id": "ER041",
    "task_id": "emoregRun4"
  },
  "dummy_trs": 0,
  "dvars_nstd": 42.89841682804759,
  "dvars_std": 1.201865406761904,
  "dvars_vstd": 1.0420901122857142,
  "efc": 0.5596843397970012,
  "fber": 735.5736083984375,
  "fd_mean": 0.2583858595766539,
  "fd_num": 106,
  "fd_perc": 50.23696682464455,
  "fwhm_avg": 1.6977071970147841,
  "fwhm_x": 1.6444966666666667,
  "fwhm_y": 1.9270233333333333,
  "fwhm_z": 1.5216015910443523,
  "gcor": 0.0127194,
  "gsr_x": -0.008274893276393414,
  "gsr_y": 0.036139894276857376,
  "provenance": {
    "md5sum": "20b91f474c4ea715dab74086403fcaca",
    "settings": {
      "fd_thres": 0.2,
      "testing": false
    },
    "software": "mriqc",
    "version": "23.0.1",
    "webapi_port": null,
    "webapi_url": "https://mriqc.nimh.nih.gov/api/v1"
  },
  "size_t": 211,
  "size_x": 64,
  "size_y": 64,
  "size_z": 30,
  "snr": 5.927951319617543,
  "spacing_tr": 2.0,
  "spacing_x": 3.0,
  "spacing_y": 3.0,
  "spacing_z": 3.989999771118164,
  "summary_bg_k": 115.51675677770267,
  "summary_bg_mad": 8.719947932818647,
  "summary_bg_mean": 50.251495361328125,
  "summary_bg_median": 34.20853042602539,
  "summary_bg_n": 66915.0,
  "summary_bg_p05": 26.0284366607666,
  "summary_bg_p95": 121.54882125854479,
  "summary_bg_stdv": 56.60679244995117,
  "summary_fg_k": 2.607001352859153,
  "summary_fg_mad": 123.93428840432527,
  "summary_fg_mean": 936.2322998046875,
  "summary_fg_median": 931.445556640625,
  "summary_fg_n": 26115.0,
  "summary_fg_p05": 691.8692260742188,
  "summary_fg_p95": 1192.9891357421875,
  "summary_fg_stdv": 157.12472534179688,
  "tsnr": 40.334391824901104
}