{
  "aor": 0.001606729857819905,
  "aqi": 0.014309392606635071,
  "bids_meta": {
    "AcquisitionDateTime": "2013-10-09T10:51:17.843750",
    "ConversionSoftware": "dcm2niix",
    "ConversionSoftwareVersion": "v1.0.20170207",
    "EchoTime": 0.03,
    "EffectiveEchoSpacing": 0.000265001,
    "FlipAngle": 90,
    "ImageType": [
      "ORIGINAL",
      "PRIMARY",
      "M",
      "ND",
      "MOSAIC"
    ],
    "MagneticFieldStrength": 3,
    "Manufacturer": "Siemens",
    "ManufacturersModelName": "TrioTim",
    "PhaseEncodingDirection": "j",
    "ProcedureStepDescription": "Studies_bbsrc_age",
    "ProtocolName": "ep2d_bold_PtoA_iPAT2_block_3",
    "RepetitionTime": 2,
    "TaskName": "Emoreg Run3",
    "dataset": "ds002366",
    "modality": "bold",
    "session_id": "1",
    "subject_id": "ER037",
    "task_id": "emoregRun3"
  },
  "dummy_trs": 0,
  "dvars_nstd": 34.44099166509524,
  "dvars_std": 1.0646230199047622,
  "dvars_vstd": 1.0119511220000004,
  "efc": 0.5611680846091398,
  "fber": 754.4757080078125,
  "fd_mean": 0.18591760922006334,
  "fd_num": 55,
  "fd_perc": 26.066350710900473,
  "fwhm_avg": 1.705070825830634,
  "fwhm_x": 1.6859,
  "fwhm_y": 1.8766533333333333,
  "fwhm_z": 1.5526591441585684,
  "gcor": 0.00979335,
  "gsr_x": -0.007635272108018398,
  "gsr_y": 0.032675255089998245,
  "provenance": {
    "md5sum": "e77d28124f3a56f3025adf9301e8ba5c",
    "settings": {
      "fd_thres": 0.2,
      "testing": false
    },
    "software": "mriqc",
    "version": "23.0.1",
    "webapi_port": null,
    "webapi_url": "https://mriqc.nimh.nih.gov/api/v1"
  },
  "size_t": 211,
  "size_x": 64,
  "size_y": 64,
  "size_z": 30,
  "snr": 5.8952865182651655,
  "spacing_tr": 2.0,
  "spacing_x": 3.0,
  "spacing_y": 3.0,
  "spacing_z": 3.990000009536743,
  "summary_bg_k": 43.20663315047895,
  "summary_bg_mad": 8.284302319388434,
  "summary_bg_mean": 48.19895935058594,
  "summary_bg_median": 30.24644660949707,
  "summary_bg_n": 66973.0,
  "summary_bg_p05": 23.2824649810791,
  "summary_bg_p95": 125.1895751953125,
  "summary_bg_stdv": 57.2691764831543,
  "summary_fg_k": 1.6234914029267413,
  "summary_fg_mad": 121.8966152624607,
  "summary_fg_mean": 848.392822265625,
  "summary_fg_median": 836.0047607421875,
  "summary_fg_n": 25894.0,
  "summary_fg_p05": 640.8310791015625,
  "summary_fg_p95": 1096.149072265625,
  "summary_fg_stdv": 141.8062744140625,
  "tsnr": 40.87209868186619
}