{
  "bids_meta": {
    "AcquisitionDateTime": "2013-07-10T12:32:55.257812",
    "ConversionSoftware": "dcm2niix",
    "ConversionSoftwareVersion": "v1.0.20170207",
    "EchoTime": 0.00302,
    "FlipAngle": 9,
    "ImageType": [
      "ORIGINAL",
      "PRIMARY",
      "M",
      "ND",
      "NORM"
    ],
    "MagneticFieldStrength": 3,
    "Manufacturer": "Siemens",
    "ManufacturersModelName": "TrioTim",
    "PhaseEncodingDirection": "i-",
    "ProcedureStepDescription": "Studies_bbsrc_age",
    "ProtocolName": "MPRAGE",
    "RepetitionTime": 2.02,
    "dataset": "ds002366",
    "modality": "T1w",
    "session_id": "1",
    "subject_id": "ER010"
  },
  "cjv": 0.4281652958615316,
  "cnr": 3.040126013420394,
  "efc": 0.5675069572858294,
  "fber": 7975.992313739192,
  "fwhm_avg": 3.8491436266666668,
  "fwhm_x": 3.93694,
  "fwhm_y": 4.06536192,
  "fwhm_z": 3.54512896,
  "icvs_csf": 0.32599567372580057,
  "icvs_gm": 0.36161601901910123,
  "icvs_wm": 0.3123883072550982,
  "inu_med": 0.6402016878128052,
  "inu_range": 0.34191271662712097,
  "provenance": {
    "md5sum": "02e0ef2d1e8d323569df0c456e1b253b",
    "settings": {
      "testing": false
    },
    "software": "mriqc",
    "version": "23.0.1",
    "warnings": {
      "large_rot_frame": true,
      "small_air_mask": false
    },
    "webapi_port": null,
    "webapi_url": "https://mriqc.nimh.nih.gov/api/v1"
  },
  "qi_1": 0.0003601097356760025,
  "qi_2": 0.003903448135346426,
  "rpve_csf": 18.442818289887818,
  "rpve_gm": 14.506775216525432,
  "rpve_wm": 19.137398803642686,
  "size_x": 192,
  "size_y": 256,
  "size_z": 256,
  "snr_csf": 3.457706989625593,
  "snr_gm": 12.951198532818958,
  "snr_total": 11.826499721764156,
  "snr_wm": 19.070593642847914,
  "snrd_csf": 26.89628721463108,
  "snrd_gm": 71.24428256258771,
  "snrd_total": 64.07832797214958,
  "snrd_wm": 94.09441413922995,
  "spacing_x": 1.0,
  "spacing_y": 0.9765625,
  "spacing_z": 0.9765625,
  "summary_bg_k": 108.05727071922173,
  "summary_bg_mad": 6.962542834634248,
  "summary_bg_mean": 9.455935915019047,
  "summary_bg_median": 4.696163777261972,
  "summary_bg_n": 3227530.0,
  "summary_bg_p05": 0.0,
  "summary_bg_p95": 37.11666792631149,
  "summary_bg_stdv": 14.61400907019692,
  "summary_csf_k": 2.4655080722975606,
  "summary_csf_mad": 62.117626133092294,
  "summary_csf_mean": 296.53603822623404,
  "summary_csf_median": 285.8436072617769,
  "summary_csf_n": 128391.0,
  "summary_csf_p05": 188.58209481462836,
  "summary_csf_p95": 454.79234267026186,
  "summary_csf_stdv": 82.6682234616923,
  "summary_gm_k": 0.30283416372457417,
  "summary_gm_mad": 56.20365902656562,
  "summary_gm_mean": 754.8069030771214,
  "summary_gm_median": 757.1573935821652,
  "summary_gm_n": 10195.0,
  "summary_gm_p05": 652.1358948452398,
  "summary_gm_p95": 845.4594176663086,
  "summary_gm_stdv": 58.45947438699366,
  "summary_wm_k": 0.7416079225451959,
  "summary_wm_mad": 47.77311017258077,
  "summary_wm_mean": 999.8840361447026,
  "summary_wm_median": 999.999983124435,
  "summary_wm_n": 147999.0,
  "summary_wm_p05": 914.2525589745492,
  "summary_wm_p95": 1086.7092721443623,
  "summary_wm_stdv": 52.4365745212452,
  "tpm_overlap_csf": 0.15644930782220323,
  "tpm_overlap_gm": 0.39246847198925244,
  "tpm_overlap_wm": 0.454001244697833,
  "wm2max": 0.7897935472338904
}