{
  "aor": 0.000816445497630332,
  "aqi": 0.01040189739336493,
  "bids_meta": {
    "AcquisitionDateTime": "2013-10-29T11:21:4.796875",
    "ConversionSoftware": "dcm2niix",
    "ConversionSoftwareVersion": "v1.0.20170207",
    "EchoTime": 0.03,
    "EffectiveEchoSpacing": 0.000265001,
    "FlipAngle": 90,
    "ImageType": [
      "ORIGINAL",
      "PRIMARY",
      "M",
      "ND",
      "MOSAIC"
    ],
    "MagneticFieldStrength": 3,
    "Manufacturer": "Siemens",
    "ManufacturersModelName": "TrioTim",
    "PhaseEncodingDirection": "j",
    "ProcedureStepDescription": "Studies_bbsrc_age",
    "ProtocolName": "ep2d_bold_PtoA_iPAT2_block_2",
    "RepetitionTime": 2,
    "TaskName": "Emoreg Run2",
    "dataset": "ds002366",
    "modality": "bold",
    "session_id": "1",
    "subject_id": "ER038",
    "task_id": "emoregRun2"
  },
  "dummy_trs": 0,
  "dvars_nstd": 32.92771513809522,
  "dvars_std": 1.0270901180476188,
  "dvars_vstd": 1.0030065079999997,
  "efc": 0.5844606673407226,
  "fber": 476.5655822753906,
  "fd_mean": 0.14284978651442798,
  "fd_num": 25,
  "fd_perc": 11.848341232227488,
  "fwhm_avg": 1.9805744346181597,
  "fwhm_x": 1.9131733333333332,
  "fwhm_y": 2.180893333333333,
  "fwhm_z": 1.847656637187813,
  "gcor": 0.00886719,
  "gsr_x": 0.008883853442966938,
  "gsr_y": 0.035065144300460815,
  "provenance": {
    "md5sum": "c95b998ba23d9dc58def6371da220730",
    "settings": {
      "fd_thres": 0.2,
      "testing": false
    },
    "software": "mriqc",
    "version": "23.0.1",
    "webapi_port": null,
    "webapi_url": "https://mriqc.nimh.nih.gov/api/v1"
  },
  "size_t": 211,
  "size_x": 64,
  "size_y": 64,
  "size_z": 30,
  "snr": 4.8462486259303486,
  "spacing_tr": 2.0,
  "spacing_x": 3.0,
  "spacing_y": 3.0,
  "spacing_z": 3.990000009536743,
  "summary_bg_k": 39.98750162735103,
  "summary_bg_mad": 11.614891874222492,
  "summary_bg_mean": 58.5911865234375,
  "summary_bg_median": 38.11848449707031,
  "summary_bg_n": 64893.0,
  "summary_bg_p05": 27.851185607910157,
  "summary_bg_p95": 159.75640563964834,
  "summary_bg_stdv": 58.96639633178711,
  "summary_fg_k": 2.020027108325933,
  "summary_fg_mad": 136.97555939580306,
  "summary_fg_mean": 848.4999389648438,
  "summary_fg_median": 835.1658935546875,
  "summary_fg_n": 27497.0,
  "summary_fg_p05": 581.795263671875,
  "summary_fg_p95": 1148.7166015624998,
  "summary_fg_stdv": 172.32931518554688,
  "tsnr": 40.943036957178265
}