{
  "aor": 0.0027197630331753553,
  "aqi": 0.012432349952606635,
  "bids_meta": {
    "AcquisitionDateTime": "2013-10-29T11:28:47.031250",
    "ConversionSoftware": "dcm2niix",
    "ConversionSoftwareVersion": "v1.0.20170207",
    "EchoTime": 0.03,
    "EffectiveEchoSpacing": 0.000265001,
    "FlipAngle": 90,
    "ImageType": [
      "ORIGINAL",
      "PRIMARY",
      "M",
      "ND",
      "MOSAIC"
    ],
    "MagneticFieldStrength": 3,
    "Manufacturer": "Siemens",
    "ManufacturersModelName": "TrioTim",
    "PhaseEncodingDirection": "j",
    "ProcedureStepDescription": "Studies_bbsrc_age",
    "ProtocolName": "ep2d_bold_PtoA_iPAT2_block_3",
    "RepetitionTime": 2,
    "TaskName": "Emoreg Run3",
    "dataset": "ds002366",
    "modality": "bold",
    "session_id": "1",
    "subject_id": "ER038",
    "task_id": "emoregRun3"
  },
  "dummy_trs": 0,
  "dvars_nstd": 34.44189929038095,
  "dvars_std": 1.0604723194285712,
  "dvars_vstd": 1.0278152352857144,
  "efc": 0.5836882475969364,
  "fber": 485.5455322265625,
  "fd_mean": 0.19006314423364543,
  "fd_num": 64,
  "fd_perc": 30.33175355450237,
  "fwhm_avg": 1.9777036827739698,
  "fwhm_x": 1.9337766666666667,
  "fwhm_y": 2.1962466666666667,
  "fwhm_z": 1.8030877149885753,
  "gcor": 0.0094666,
  "gsr_x": 0.008243236690759659,
  "gsr_y": 0.03533269837498665,
  "provenance": {
    "md5sum": "0dff0c6b0811f0f10c7ff3fb5cd987d2",
    "settings": {
      "fd_thres": 0.2,
      "testing": false
    },
    "software": "mriqc",
    "version": "23.0.1",
    "webapi_port": null,
    "webapi_url": "https://mriqc.nimh.nih.gov/api/v1"
  },
  "size_t": 211,
  "size_x": 64,
  "size_y": 64,
  "size_z": 30,
  "snr": 4.862453820543241,
  "spacing_tr": 2.0,
  "spacing_x": 3.0,
  "spacing_y": 3.0,
  "spacing_z": 3.990000009536743,
  "summary_bg_k": 39.36338632400312,
  "summary_bg_mad": 11.144110357309973,
  "summary_bg_mean": 58.26655578613281,
  "summary_bg_median": 37.73933792114258,
  "summary_bg_n": 65105.0,
  "summary_bg_p05": 28.03317642211914,
  "summary_bg_p95": 160.235070800781,
  "summary_bg_stdv": 58.15434265136719,
  "summary_fg_k": 2.0377030275689947,
  "summary_fg_mad": 135.61249560079878,
  "summary_fg_mean": 845.8101196289062,
  "summary_fg_median": 831.1232299804688,
  "summary_fg_n": 27347.0,
  "summary_fg_p05": 582.8905456542968,
  "summary_fg_p95": 1140.951672363281,
  "summary_fg_stdv": 170.923583984375,
  "tsnr": 38.55628631415311
}