{
  "aor": 0.0012878672985781989,
  "aqi": 0.014252862037914692,
  "bids_meta": {
    "AcquisitionDateTime": "2013-10-29T11:36:22.531250",
    "ConversionSoftware": "dcm2niix",
    "ConversionSoftwareVersion": "v1.0.20170207",
    "EchoTime": 0.03,
    "EffectiveEchoSpacing": 0.000265001,
    "FlipAngle": 90,
    "ImageType": [
      "ORIGINAL",
      "PRIMARY",
      "M",
      "ND",
      "MOSAIC"
    ],
    "MagneticFieldStrength": 3,
    "Manufacturer": "Siemens",
    "ManufacturersModelName": "TrioTim",
    "PhaseEncodingDirection": "j",
    "ProcedureStepDescription": "Studies_bbsrc_age",
    "ProtocolName": "ep2d_bold_PtoA_iPAT2_block_4",
    "RepetitionTime": 2,
    "TaskName": "Emoreg Run4",
    "dataset": "ds002366",
    "modality": "bold",
    "session_id": "1",
    "subject_id": "ER038",
    "task_id": "emoregRun4"
  },
  "dummy_trs": 0,
  "dvars_nstd": 33.6205068772857,
  "dvars_std": 1.018006674190476,
  "dvars_vstd": 0.9928022884285714,
  "efc": 0.5837009063185973,
  "fber": 486.8638916015625,
  "fd_mean": 0.14662213086056192,
  "fd_num": 30,
  "fd_perc": 14.218009478672986,
  "fwhm_avg": 1.9842610010441222,
  "fwhm_x": 1.9188033333333332,
  "fwhm_y": 2.198776666666667,
  "fwhm_z": 1.835203003132366,
  "gcor": 0.00570753,
  "gsr_x": 0.00930542591959238,
  "gsr_y": 0.035541970282793045,
  "provenance": {
    "md5sum": "5a3138c9cb43d65804bf7fe925e237d4",
    "settings": {
      "fd_thres": 0.2,
      "testing": false
    },
    "software": "mriqc",
    "version": "23.0.1",
    "webapi_port": null,
    "webapi_url": "https://mriqc.nimh.nih.gov/api/v1"
  },
  "size_t": 211,
  "size_x": 64,
  "size_y": 64,
  "size_z": 30,
  "snr": 4.865900829246508,
  "spacing_tr": 2.0,
  "spacing_x": 3.0,
  "spacing_y": 3.0,
  "spacing_z": 3.990000009536743,
  "summary_bg_k": 38.09546618582938,
  "summary_bg_mad": 10.518747832111186,
  "summary_bg_mean": 58.047393798828125,
  "summary_bg_median": 37.57820129394531,
  "summary_bg_n": 65076.0,
  "summary_bg_p05": 28.66350746154785,
  "summary_bg_p95": 159.0355567932129,
  "summary_bg_stdv": 57.92042541503906,
  "summary_fg_k": 2.017570073861699,
  "summary_fg_mad": 134.9168471294388,
  "summary_fg_mean": 843.9736938476562,
  "summary_fg_median": 830.8128662109375,
  "summary_fg_n": 27386.0,
  "summary_fg_p05": 578.5462341308594,
  "summary_fg_p95": 1140.2784729003906,
  "summary_fg_stdv": 170.7387237548828,
  "tsnr": 37.48911968013272
}