{
  "aor": 0.002722857142857143,
  "aqi": 0.00905186142857143,
  "bids_meta": {
    "AcquisitionDateTime": "2013-07-18T11:12:11.500000",
    "ConversionSoftware": "dcm2niix",
    "ConversionSoftwareVersion": "v1.0.20170207",
    "EchoTime": 0.03,
    "EffectiveEchoSpacing": 0.000265001,
    "FlipAngle": 90,
    "ImageType": [
      "ORIGINAL",
      "PRIMARY",
      "M",
      "ND",
      "MOSAIC"
    ],
    "MagneticFieldStrength": 3,
    "Manufacturer": "Siemens",
    "ManufacturersModelName": "TrioTim",
    "PhaseEncodingDirection": "j",
    "ProcedureStepDescription": "Studies_bbsrc_age",
    "ProtocolName": "ep2d_bold_PtoA_iPAT2_block_1",
    "RepetitionTime": 2,
    "TaskName": "Emoreg Run1",
    "dataset": "ds002366",
    "modality": "bold",
    "session_id": "1",
    "subject_id": "ER010",
    "task_id": "emoregRun1"
  },
  "dummy_trs": 1,
  "dvars_nstd": 37.97459637038277,
  "dvars_std": 1.1135617926315786,
  "dvars_vstd": 1.028456757081339,
  "efc": 0.5797519794665839,
  "fber": 570.8883056640625,
  "fd_mean": 0.12639588301027133,
  "fd_num": 30,
  "fd_perc": 14.285714285714286,
  "fwhm_avg": 2.065700758672416,
  "fwhm_x": 2.0259966666666664,
  "fwhm_y": 2.2111933333333336,
  "fwhm_z": 1.9599122760172483,
  "gcor": 0.0183058,
  "gsr_x": 0.010307266376912594,
  "gsr_y": 0.04037947952747345,
  "provenance": {
    "md5sum": "bb44542fddc2ff03167811ae3dcde4ca",
    "settings": {
      "fd_thres": 0.2,
      "testing": false
    },
    "software": "mriqc",
    "version": "23.0.1",
    "webapi_port": null,
    "webapi_url": "https://mriqc.nimh.nih.gov/api/v1"
  },
  "size_t": 210,
  "size_x": 64,
  "size_y": 64,
  "size_z": 30,
  "snr": 3.991080131467335,
  "spacing_tr": 2.0,
  "spacing_x": 3.0,
  "spacing_y": 3.0,
  "spacing_z": 3.990000009536743,
  "summary_bg_k": 26.43731292478249,
  "summary_bg_mad": 12.372667975321404,
  "summary_bg_mean": 63.93474197387695,
  "summary_bg_median": 40.10714340209961,
  "summary_bg_n": 63940.0,
  "summary_bg_p05": 29.895238876342773,
  "summary_bg_p95": 177.37619018554688,
  "summary_bg_stdv": 70.3180923461914,
  "summary_fg_k": 2.192149357701938,
  "summary_fg_mad": 194.8492591426239,
  "summary_fg_mean": 1007.1287231445312,
  "summary_fg_median": 964.3905029296875,
  "summary_fg_n": 29056.0,
  "summary_fg_p05": 691.8298034667969,
  "summary_fg_p95": 1452.7679138183594,
  "summary_fg_stdv": 241.63230895996094,
  "tsnr": 40.35643546155188
}