{
  "aor": 0.0010574162679425835,
  "aqi": 0.008045050669856458,
  "bids_meta": {
    "AcquisitionDateTime": "2013-07-18T11:35:11.203125",
    "ConversionSoftware": "dcm2niix",
    "ConversionSoftwareVersion": "v1.0.20170207",
    "EchoTime": 0.03,
    "EffectiveEchoSpacing": 0.000265001,
    "FlipAngle": 90,
    "ImageType": [
      "ORIGINAL",
      "PRIMARY",
      "M",
      "ND",
      "MOSAIC"
    ],
    "MagneticFieldStrength": 3,
    "Manufacturer": "Siemens",
    "ManufacturersModelName": "TrioTim",
    "PhaseEncodingDirection": "j",
    "ProcedureStepDescription": "Studies_bbsrc_age",
    "ProtocolName": "ep2d_bold_PtoA_iPAT2_block_4",
    "RepetitionTime": 2,
    "TaskName": "Emoreg Run4",
    "dataset": "ds002366",
    "modality": "bold",
    "session_id": "1",
    "subject_id": "ER010",
    "task_id": "emoregRun4"
  },
  "dummy_trs": 2,
  "dvars_nstd": 40.99963432081732,
  "dvars_std": 1.137022208701923,
  "dvars_vstd": 1.005732911298077,
  "efc": 0.5818155293891617,
  "fber": 564.8215942382812,
  "fd_mean": 0.10421619807585368,
  "fd_num": 15,
  "fd_perc": 7.177033492822966,
  "fwhm_avg": 2.051341903227725,
  "fwhm_x": 2.0163433333333334,
  "fwhm_y": 2.2120633333333335,
  "fwhm_z": 1.9256190430165079,
  "gcor": 0.00947998,
  "gsr_x": 0.007187528070062399,
  "gsr_y": 0.039850663393735886,
  "provenance": {
    "md5sum": "b0129575ba183feb388851c81e26caa2",
    "settings": {
      "fd_thres": 0.2,
      "testing": false
    },
    "software": "mriqc",
    "version": "23.0.1",
    "webapi_port": null,
    "webapi_url": "https://mriqc.nimh.nih.gov/api/v1"
  },
  "size_t": 209,
  "size_x": 64,
  "size_y": 64,
  "size_z": 30,
  "snr": 3.980417785998271,
  "spacing_tr": 2.0,
  "spacing_x": 3.0,
  "spacing_y": 3.0,
  "spacing_z": 3.990000009536743,
  "summary_bg_k": 32.16197559983073,
  "summary_bg_mad": 12.172943340218914,
  "summary_bg_mean": 65.22134399414062,
  "summary_bg_median": 40.3397102355957,
  "summary_bg_n": 63624.0,
  "summary_bg_p05": 30.133970260620117,
  "summary_bg_p95": 185.4107650756836,
  "summary_bg_stdv": 72.57318878173828,
  "summary_fg_k": 2.1922632184609494,
  "summary_fg_mad": 198.04449134083148,
  "summary_fg_mean": 1009.2847900390625,
  "summary_fg_median": 967.1004638671875,
  "summary_fg_n": 29213.0,
  "summary_fg_p05": 691.8076171875,
  "summary_fg_p95": 1457.1386718749998,
  "summary_fg_stdv": 242.9604034423828,
  "tsnr": 42.86763968132436
}