{
  "aor": 0.0009911848341232227,
  "aqi": 0.013762969573459717,
  "bids_meta": {
    "AcquisitionDateTime": "2013-10-22T10:11:37.609375",
    "ConversionSoftware": "dcm2niix",
    "ConversionSoftwareVersion": "v1.0.20170207",
    "EchoTime": 0.03,
    "EffectiveEchoSpacing": 0.000265001,
    "FlipAngle": 90,
    "ImageType": [
      "ORIGINAL",
      "PRIMARY",
      "M",
      "ND",
      "MOSAIC"
    ],
    "MagneticFieldStrength": 3,
    "Manufacturer": "Siemens",
    "ManufacturersModelName": "TrioTim",
    "PhaseEncodingDirection": "j",
    "ProcedureStepDescription": "Studies_bbsrc_age",
    "ProtocolName": "ep2d_bold_PtoA_iPAT2_block_1",
    "RepetitionTime": 2,
    "TaskName": "Emoreg Run1",
    "dataset": "ds002366",
    "modality": "bold",
    "session_id": "1",
    "subject_id": "ER043",
    "task_id": "emoregRun1"
  },
  "dummy_trs": 0,
  "dvars_nstd": 50.42020592504762,
  "dvars_std": 1.1183189377619052,
  "dvars_vstd": 0.9990900450476191,
  "efc": 0.6033027288033068,
  "fber": 532.110595703125,
  "fd_mean": 0.34245172802087914,
  "fd_num": 177,
  "fd_perc": 83.88625592417061,
  "fwhm_avg": 1.911199441564589,
  "fwhm_x": 1.89442,
  "fwhm_y": 2.10644649926134,
  "fwhm_z": 1.7327318254324264,
  "gcor": 0.00766918,
  "gsr_x": 0.013332575559616089,
  "gsr_y": 0.033721551299095154,
  "provenance": {
    "md5sum": "3f9585bab66bc8c7c0012b01abab8e64",
    "settings": {
      "fd_thres": 0.2,
      "testing": false
    },
    "software": "mriqc",
    "version": "23.0.1",
    "webapi_port": null,
    "webapi_url": "https://mriqc.nimh.nih.gov/api/v1"
  },
  "size_t": 211,
  "size_x": 64,
  "size_y": 64,
  "size_z": 30,
  "snr": 4.88433936140011,
  "spacing_tr": 2.0,
  "spacing_x": 3.0,
  "spacing_y": 3.000000238418579,
  "spacing_z": 3.990000009536743,
  "summary_bg_k": 27.724701966164265,
  "summary_bg_mad": 13.84933455910593,
  "summary_bg_mean": 79.78372955322266,
  "summary_bg_median": 40.49289321899414,
  "summary_bg_n": 62376.0,
  "summary_bg_p05": 28.85308074951172,
  "summary_bg_p95": 288.3933792114258,
  "summary_bg_stdv": 115.13130950927734,
  "summary_fg_k": 1.1100520591979155,
  "summary_fg_mad": 170.5976186908588,
  "summary_fg_mean": 954.1962890625,
  "summary_fg_median": 935.7536010742188,
  "summary_fg_n": 29599.0,
  "summary_fg_p05": 675.5270324707031,
  "summary_fg_p95": 1296.2260986328124,
  "summary_fg_stdv": 191.57919311523438,
  "tsnr": 36.257721680158284
}