{
  "aor": 0.0045525592417061615,
  "aqi": 0.03313854028436019,
  "bids_meta": {
    "AcquisitionDateTime": "2013-06-28T10:33:14.132812",
    "ConversionSoftware": "dcm2niix",
    "ConversionSoftwareVersion": "v1.0.20170207",
    "EchoTime": 0.03,
    "EffectiveEchoSpacing": 0.000265001,
    "FlipAngle": 90,
    "ImageType": [
      "ORIGINAL",
      "PRIMARY",
      "M",
      "ND",
      "MOSAIC"
    ],
    "MagneticFieldStrength": 3,
    "Manufacturer": "Siemens",
    "ManufacturersModelName": "TrioTim",
    "PhaseEncodingDirection": "j",
    "ProcedureStepDescription": "Studies_bbsrc_age",
    "ProtocolName": "ep2d_bold_PtoA_iPAT2_block_2",
    "RepetitionTime": 2,
    "TaskName": "Emoreg Run2",
    "dataset": "ds002366",
    "modality": "bold",
    "session_id": "1",
    "subject_id": "ER006",
    "task_id": "emoregRun2"
  },
  "dummy_trs": 0,
  "dvars_nstd": 63.47829804171428,
  "dvars_std": 1.1393949202857145,
  "dvars_vstd": 1.032762523333333,
  "efc": 0.6252514069672017,
  "fber": 495.25799560546875,
  "fd_mean": 0.6435609754808995,
  "fd_num": 190,
  "fd_perc": 90.04739336492891,
  "fwhm_avg": 1.8476581440545765,
  "fwhm_x": 1.84307,
  "fwhm_y": 2.05713,
  "fwhm_z": 1.6427744321637299,
  "gcor": 0.0137729,
  "gsr_x": 0.00398269621655345,
  "gsr_y": 0.04921576753258705,
  "provenance": {
    "md5sum": "17724b0ff14c0a3f49d143b28d854d37",
    "settings": {
      "fd_thres": 0.2,
      "testing": false
    },
    "software": "mriqc",
    "version": "23.0.1",
    "webapi_port": null,
    "webapi_url": "https://mriqc.nimh.nih.gov/api/v1"
  },
  "size_t": 211,
  "size_x": 64,
  "size_y": 64,
  "size_z": 30,
  "snr": 5.373521619298939,
  "spacing_tr": 2.0,
  "spacing_x": 3.0,
  "spacing_y": 3.0,
  "spacing_z": 3.990000009536743,
  "summary_bg_k": 151.25025554193948,
  "summary_bg_mad": 15.880003142988556,
  "summary_bg_mean": 64.47567749023438,
  "summary_bg_median": 40.350711822509766,
  "summary_bg_n": 57563.0,
  "summary_bg_p05": 25.800949096679688,
  "summary_bg_p95": 178.50663757324216,
  "summary_bg_stdv": 75.76476287841797,
  "summary_fg_k": 1.1596473657113835,
  "summary_fg_mad": 143.68595422090021,
  "summary_fg_mean": 924.0927124023438,
  "summary_fg_median": 906.77490234375,
  "summary_fg_n": 33882.0,
  "summary_fg_p05": 680.7298583984375,
  "summary_fg_p95": 1227.6152587890624,
  "summary_fg_stdv": 168.74623107910156,
  "tsnr": 24.472296527819708
}