{
  "aor": 0.004660568720379147,
  "aqi": 0.042053221327014216,
  "bids_meta": {
    "AcquisitionDateTime": "2013-06-28T10:41:47.000000",
    "ConversionSoftware": "dcm2niix",
    "ConversionSoftwareVersion": "v1.0.20170207",
    "EchoTime": 0.03,
    "EffectiveEchoSpacing": 0.000265001,
    "FlipAngle": 90,
    "ImageType": [
      "ORIGINAL",
      "PRIMARY",
      "M",
      "ND",
      "MOSAIC"
    ],
    "MagneticFieldStrength": 3,
    "Manufacturer": "Siemens",
    "ManufacturersModelName": "TrioTim",
    "PhaseEncodingDirection": "j",
    "ProcedureStepDescription": "Studies_bbsrc_age",
    "ProtocolName": "ep2d_bold_PtoA_iPAT2_block_3",
    "RepetitionTime": 2,
    "TaskName": "Emoreg Run3",
    "dataset": "ds002366",
    "modality": "bold",
    "session_id": "1",
    "subject_id": "ER006",
    "task_id": "emoregRun3"
  },
  "dummy_trs": 0,
  "dvars_nstd": 66.24128105509524,
  "dvars_std": 1.1116442275714287,
  "dvars_vstd": 1.015527963571429,
  "efc": 0.6114154241918597,
  "fber": 548.331298828125,
  "fd_mean": 0.8527447008632768,
  "fd_num": 204,
  "fd_perc": 96.6824644549763,
  "fwhm_avg": 1.8150367823471487,
  "fwhm_x": 1.7891666666666666,
  "fwhm_y": 2.051136666666667,
  "fwhm_z": 1.604807013708112,
  "gcor": 0.0147303,
  "gsr_x": 0.0050047836266458035,
  "gsr_y": 0.06446892023086548,
  "provenance": {
    "md5sum": "f38758ad6367cc99db45c834c59a417f",
    "settings": {
      "fd_thres": 0.2,
      "testing": false
    },
    "software": "mriqc",
    "version": "23.0.1",
    "webapi_port": null,
    "webapi_url": "https://mriqc.nimh.nih.gov/api/v1"
  },
  "size_t": 211,
  "size_x": 64,
  "size_y": 64,
  "size_z": 30,
  "snr": 5.5233861965764905,
  "spacing_tr": 2.0,
  "spacing_x": 3.0,
  "spacing_y": 3.0,
  "spacing_z": 3.990000009536743,
  "summary_bg_k": 136.29555317419218,
  "summary_bg_mad": 15.409224453915352,
  "summary_bg_mean": 65.73934936523438,
  "summary_bg_median": 39.20853042602539,
  "summary_bg_n": 60052.0,
  "summary_bg_p05": 25.492891311645508,
  "summary_bg_p95": 180.59336929321267,
  "summary_bg_stdv": 91.92247009277344,
  "summary_fg_k": 1.2207499408358755,
  "summary_fg_mad": 139.84592941356414,
  "summary_fg_mean": 934.8223266601562,
  "summary_fg_median": 917.1517333984375,
  "summary_fg_n": 31792.0,
  "summary_fg_p05": 697.4064056396485,
  "summary_fg_p95": 1237.0550476074218,
  "summary_fg_stdv": 166.04620361328125,
  "tsnr": 22.898586781462654
}