{
  "aor": 0.005763744075829383,
  "aqi": 0.05275913933649289,
  "bids_meta": {
    "AcquisitionDateTime": "2013-06-28T10:49:22.773438",
    "ConversionSoftware": "dcm2niix",
    "ConversionSoftwareVersion": "v1.0.20170207",
    "EchoTime": 0.03,
    "EffectiveEchoSpacing": 0.000265001,
    "FlipAngle": 90,
    "ImageType": [
      "ORIGINAL",
      "PRIMARY",
      "M",
      "ND",
      "MOSAIC"
    ],
    "MagneticFieldStrength": 3,
    "Manufacturer": "Siemens",
    "ManufacturersModelName": "TrioTim",
    "PhaseEncodingDirection": "j",
    "ProcedureStepDescription": "Studies_bbsrc_age",
    "ProtocolName": "ep2d_bold_PtoA_iPAT2_block_4",
    "RepetitionTime": 2,
    "TaskName": "Emoreg Run4",
    "dataset": "ds002366",
    "modality": "bold",
    "session_id": "1",
    "subject_id": "ER006",
    "task_id": "emoregRun4"
  },
  "dummy_trs": 0,
  "dvars_nstd": 76.64665954219045,
  "dvars_std": 1.1167145471428568,
  "dvars_vstd": 1.0191509759047614,
  "efc": 0.6250847635139759,
  "fber": 491.460205078125,
  "fd_mean": 1.1317755656551056,
  "fd_num": 198,
  "fd_perc": 93.8388625592417,
  "fwhm_avg": 1.8514969243339436,
  "fwhm_x": 1.8419766666666666,
  "fwhm_y": 2.06387,
  "fwhm_z": 1.6486441063351642,
  "gcor": 0.0169459,
  "gsr_x": 0.00298312003724277,
  "gsr_y": 0.0517369881272316,
  "provenance": {
    "md5sum": "649eab6464b904d809f5ded8f6fcfe24",
    "settings": {
      "fd_thres": 0.2,
      "testing": false
    },
    "software": "mriqc",
    "version": "23.0.1",
    "webapi_port": null,
    "webapi_url": "https://mriqc.nimh.nih.gov/api/v1"
  },
  "size_t": 211,
  "size_x": 64,
  "size_y": 64,
  "size_z": 30,
  "snr": 5.503711938392447,
  "spacing_tr": 2.0,
  "spacing_x": 3.0,
  "spacing_y": 3.0,
  "spacing_z": 3.990000009536743,
  "summary_bg_k": 152.47242536131012,
  "summary_bg_mad": 15.627050088469773,
  "summary_bg_mean": 64.2574462890625,
  "summary_bg_median": 40.5924186706543,
  "summary_bg_n": 57707.0,
  "summary_bg_p05": 27.383886337280273,
  "summary_bg_p95": 176.43128967285156,
  "summary_bg_stdv": 71.67198181152344,
  "summary_fg_k": 1.2294617185572099,
  "summary_fg_mad": 138.31767455716573,
  "summary_fg_mean": 927.3076782226562,
  "summary_fg_median": 909.16357421875,
  "summary_fg_n": 33594.0,
  "summary_fg_p05": 690.3170989990234,
  "summary_fg_p95": 1226.2420166015625,
  "summary_fg_stdv": 165.1885223388672,
  "tsnr": 19.305269323987886
}