{
  "bids_meta": {
    "AcquisitionDateTime": "2013-08-13T12:13:54.859375",
    "ConversionSoftware": "dcm2niix",
    "ConversionSoftwareVersion": "v1.0.20170207",
    "EchoTime": 0.00302,
    "FlipAngle": 9,
    "ImageType": [
      "ORIGINAL",
      "PRIMARY",
      "M",
      "ND",
      "NORM"
    ],
    "MagneticFieldStrength": 3,
    "Manufacturer": "Siemens",
    "ManufacturersModelName": "TrioTim",
    "PhaseEncodingDirection": "i-",
    "ProcedureStepDescription": "Studies_bbsrc_age",
    "ProtocolName": "MPRAGE",
    "RepetitionTime": 2.02,
    "dataset": "ds002366",
    "modality": "T1w",
    "session_id": "1",
    "subject_id": "ER015"
  },
  "cjv": 0.48945689279218957,
  "cnr": 2.840338667345067,
  "efc": 0.5703460621829142,
  "fber": 8854.350981558597,
  "fwhm_avg": 4.569513333333333,
  "fwhm_x": 4.64102,
  "fwhm_y": 4.76427264,
  "fwhm_z": 4.30324736,
  "icvs_csf": 0.30030654469507534,
  "icvs_gm": 0.34599174112290515,
  "icvs_wm": 0.3537017141820195,
  "inu_med": 0.6765973567962646,
  "inu_range": 0.36732569336891163,
  "provenance": {
    "md5sum": "da75c83b0ba455761943d3caf8862bfe",
    "settings": {
      "testing": false
    },
    "software": "mriqc",
    "version": "23.0.1",
    "warnings": {
      "large_rot_frame": true,
      "small_air_mask": false
    },
    "webapi_port": null,
    "webapi_url": "https://mriqc.nimh.nih.gov/api/v1"
  },
  "qi_1": 0.0,
  "qi_2": 0.006194035354313236,
  "rpve_csf": 19.48040438971579,
  "rpve_gm": 14.39724302487382,
  "rpve_wm": 16.597660291446246,
  "size_x": 192,
  "size_y": 256,
  "size_z": 256,
  "snr_csf": 3.742589195285834,
  "snr_gm": 12.200000731244922,
  "snr_total": 10.785437325028115,
  "snr_wm": 16.41372204855359,
  "snrd_csf": 24.79907501069663,
  "snrd_gm": 63.53916880894937,
  "snrd_total": 57.63292431589472,
  "snrd_wm": 84.56052912803818,
  "spacing_x": 1.0,
  "spacing_y": 0.9765625,
  "spacing_z": 0.9765625,
  "summary_bg_k": 8.008920831920273,
  "summary_bg_mad": 7.747777655903143,
  "summary_bg_mean": 8.601292394163293,
  "summary_bg_median": 5.225796615704894,
  "summary_bg_n": 3311884.0,
  "summary_bg_p05": 0.0,
  "summary_bg_p95": 33.378643123432994,
  "summary_bg_stdv": 12.467852383005528,
  "summary_csf_k": 2.4168566273415157,
  "summary_csf_mad": 58.93685199519385,
  "summary_csf_mean": 298.7816854247785,
  "summary_csf_median": 293.27895573340356,
  "summary_csf_n": 138131.0,
  "summary_csf_p05": 189.42757559008896,
  "summary_csf_p95": 436.9430522900075,
  "summary_csf_stdv": 78.36229915474854,
  "summary_gm_k": 0.12499801461486282,
  "summary_gm_mad": 60.728245672859316,
  "summary_gm_mean": 749.5355301624231,
  "summary_gm_median": 751.4272636547685,
  "summary_gm_n": 11928.0,
  "summary_gm_p05": 644.9584541660734,
  "summary_gm_p95": 846.7602932453156,
  "summary_gm_stdv": 61.58981307354462,
  "summary_wm_k": 0.049241767551172266,
  "summary_wm_mad": 60.952169882567496,
  "summary_wm_mean": 1002.8972952299555,
  "summary_wm_median": 1000.0301893614233,
  "summary_wm_n": 175743.0,
  "summary_wm_p05": 907.8386791236699,
  "summary_wm_p95": 1107.4761926103383,
  "summary_wm_stdv": 60.9262994249424,
  "tpm_overlap_csf": 0.1523298481521232,
  "tpm_overlap_gm": 0.3912979161996204,
  "tpm_overlap_wm": 0.4631206474680187,
  "wm2max": 0.7045778619618193
}