{
  "aor": 0.0008599047619047618,
  "aqi": 0.015624096666666667,
  "bids_meta": {
    "AcquisitionDateTime": "2013-10-07T14:17:27.546875",
    "ConversionSoftware": "dcm2niix",
    "ConversionSoftwareVersion": "v1.0.20170207",
    "EchoTime": 0.03,
    "EffectiveEchoSpacing": 0.000265001,
    "FlipAngle": 90,
    "ImageType": [
      "ORIGINAL",
      "PRIMARY",
      "M",
      "ND",
      "MOSAIC"
    ],
    "MagneticFieldStrength": 3,
    "Manufacturer": "Siemens",
    "ManufacturersModelName": "TrioTim",
    "PhaseEncodingDirection": "j",
    "ProcedureStepDescription": "Studies_bbsrc_age",
    "ProtocolName": "ep2d_bold_PtoA_iPAT2_block_4",
    "RepetitionTime": 2,
    "TaskName": "Emoreg Run4",
    "dataset": "ds002366",
    "modality": "bold",
    "session_id": "1",
    "subject_id": "ER024",
    "task_id": "emoregRun4"
  },
  "dummy_trs": 1,
  "dvars_nstd": 47.79300171344503,
  "dvars_std": 1.1654368230143544,
  "dvars_vstd": 1.0108740366985642,
  "efc": 0.5471022242028857,
  "fber": 829.5479736328125,
  "fd_mean": 0.28998324451200375,
  "fd_num": 157,
  "fd_perc": 74.76190476190476,
  "fwhm_avg": 1.9148393386002394,
  "fwhm_x": 1.90194,
  "fwhm_y": 2.0647033333333336,
  "fwhm_z": 1.777874682467385,
  "gcor": 0.0112138,
  "gsr_x": 0.003134528174996376,
  "gsr_y": 0.029615623876452446,
  "provenance": {
    "md5sum": "3a81abbd74f11d506c969f06012ee717",
    "settings": {
      "fd_thres": 0.2,
      "testing": false
    },
    "software": "mriqc",
    "version": "23.0.1",
    "webapi_port": null,
    "webapi_url": "https://mriqc.nimh.nih.gov/api/v1"
  },
  "size_t": 210,
  "size_x": 64,
  "size_y": 64,
  "size_z": 30,
  "snr": 5.796256600561609,
  "spacing_tr": 2.0,
  "spacing_x": 3.0,
  "spacing_y": 3.0,
  "spacing_z": 3.990000009536743,
  "summary_bg_k": 59.944316962066246,
  "summary_bg_mad": 6.474029875997083,
  "summary_bg_mean": 41.29622268676758,
  "summary_bg_median": 29.504762649536133,
  "summary_bg_n": 68082.0,
  "summary_bg_p05": 23.419048309326172,
  "summary_bg_p95": 95.83119316101062,
  "summary_bg_stdv": 39.978370666503906,
  "summary_fg_k": 1.2752629413559697,
  "summary_fg_mad": 127.11549451953306,
  "summary_fg_mean": 862.751708984375,
  "summary_fg_median": 854.0571899414062,
  "summary_fg_n": 25456.0,
  "summary_fg_p05": 631.2857513427734,
  "summary_fg_p95": 1113.1715087890625,
  "summary_fg_stdv": 147.34344482421875,
  "tsnr": 40.13302465726156
}