{
  "aor": 0.001120568720379147,
  "aqi": 0.018906344549763036,
  "bids_meta": {
    "AcquisitionDateTime": "2013-10-07T14:09:47.390625",
    "ConversionSoftware": "dcm2niix",
    "ConversionSoftwareVersion": "v1.0.20170207",
    "EchoTime": 0.03,
    "EffectiveEchoSpacing": 0.000265001,
    "FlipAngle": 90,
    "ImageType": [
      "ORIGINAL",
      "PRIMARY",
      "M",
      "ND",
      "MOSAIC"
    ],
    "MagneticFieldStrength": 3,
    "Manufacturer": "Siemens",
    "ManufacturersModelName": "TrioTim",
    "PhaseEncodingDirection": "j",
    "ProcedureStepDescription": "Studies_bbsrc_age",
    "ProtocolName": "ep2d_bold_PtoA_iPAT2_block_3",
    "RepetitionTime": 2,
    "TaskName": "Emoreg Run3",
    "dataset": "ds002366",
    "modality": "bold",
    "session_id": "1",
    "subject_id": "ER024",
    "task_id": "emoregRun3"
  },
  "dummy_trs": 0,
  "dvars_nstd": 44.78193010604761,
  "dvars_std": 1.1360069706666664,
  "dvars_vstd": 0.9916828932857149,
  "efc": 0.5468915426616283,
  "fber": 833.8724365234375,
  "fd_mean": 0.2651902097825055,
  "fd_num": 131,
  "fd_perc": 62.08530805687204,
  "fwhm_avg": 1.9147880520716798,
  "fwhm_x": 1.9137766666666665,
  "fwhm_y": 2.0792566666666668,
  "fwhm_z": 1.7513308228817062,
  "gcor": 0.0101671,
  "gsr_x": 0.0028792733792215586,
  "gsr_y": 0.02853599563241005,
  "provenance": {
    "md5sum": "04b73212c6bf6302e8ef75bfc1d6a482",
    "settings": {
      "fd_thres": 0.2,
      "testing": false
    },
    "software": "mriqc",
    "version": "23.0.1",
    "webapi_port": null,
    "webapi_url": "https://mriqc.nimh.nih.gov/api/v1"
  },
  "size_t": 211,
  "size_x": 64,
  "size_y": 64,
  "size_z": 30,
  "snr": 5.788929843900714,
  "spacing_tr": 2.0,
  "spacing_x": 3.0,
  "spacing_y": 3.0,
  "spacing_z": 3.990000009536743,
  "summary_bg_k": 53.82236060886275,
  "summary_bg_mad": 7.054655983240931,
  "summary_bg_mean": 41.56219482421875,
  "summary_bg_median": 29.630332946777344,
  "summary_bg_n": 67947.0,
  "summary_bg_p05": 23.023696899414062,
  "summary_bg_p95": 97.14691925048828,
  "summary_bg_stdv": 39.85165786743164,
  "summary_fg_k": 1.1842391125965124,
  "summary_fg_mad": 128.07994608476943,
  "summary_fg_mean": 867.3493041992188,
  "summary_fg_median": 857.331787109375,
  "summary_fg_n": 25428.0,
  "summary_fg_p05": 634.9450317382813,
  "summary_fg_p95": 1121.0168640136717,
  "summary_fg_stdv": 148.0955810546875,
  "tsnr": 37.21112576499581
}