{
  "bids_meta": {
    "AcquisitionDateTime": "2013-09-04T14:00:1.812500",
    "ConversionSoftware": "dcm2niix",
    "ConversionSoftwareVersion": "v1.0.20170207",
    "EchoTime": 0.00302,
    "FlipAngle": 9,
    "ImageType": [
      "ORIGINAL",
      "PRIMARY",
      "M",
      "ND",
      "NORM"
    ],
    "MagneticFieldStrength": 3,
    "Manufacturer": "Siemens",
    "ManufacturersModelName": "TrioTim",
    "PhaseEncodingDirection": "i-",
    "ProcedureStepDescription": "Studies_bbsrc_age",
    "ProtocolName": "MPRAGE",
    "RepetitionTime": 2.02,
    "dataset": "ds002366",
    "modality": "T1w",
    "session_id": "1",
    "subject_id": "ER028"
  },
  "cjv": 0.38188322491311144,
  "cnr": 3.564526732557915,
  "efc": 0.5129307361512222,
  "fber": 13087.36,
  "fwhm_avg": 4.349457706666667,
  "fwhm_x": 4.47992,
  "fwhm_y": 4.51610624,
  "fwhm_z": 4.05234688,
  "icvs_csf": 0.26564453973559055,
  "icvs_gm": 0.40285480381967315,
  "icvs_wm": 0.3315006564447363,
  "inu_med": 0.5389682054519653,
  "inu_range": 0.23719797134399417,
  "provenance": {
    "md5sum": "5b5933ed5b249ae0e66ae3256d3acf78",
    "settings": {
      "testing": false
    },
    "software": "mriqc",
    "version": "23.0.1",
    "warnings": {
      "large_rot_frame": true,
      "small_air_mask": false
    },
    "webapi_port": null,
    "webapi_url": "https://mriqc.nimh.nih.gov/api/v1"
  },
  "qi_1": 0.0,
  "qi_2": 0.004707213040946853,
  "rpve_csf": 23.532149320330635,
  "rpve_gm": 14.839711728139443,
  "rpve_wm": 20.518963853998503,
  "size_x": 192,
  "size_y": 256,
  "size_z": 256,
  "snr_csf": 3.0301039020484746,
  "snr_gm": 11.56795700241784,
  "snr_total": 12.429331461501796,
  "snr_wm": 22.689933480039073,
  "snrd_csf": 31.373677861405575,
  "snrd_gm": 90.53871792838171,
  "snrd_total": 82.26554829611821,
  "snrd_wm": 124.88424909856735,
  "spacing_x": 1.0,
  "spacing_y": 0.9765625,
  "spacing_z": 0.9765625,
  "summary_bg_k": 7.156222164541019,
  "summary_bg_mad": 5.2460564277290365,
  "summary_bg_mean": 6.246920554199474,
  "summary_bg_median": 3.5384112894535065,
  "summary_bg_n": 3852906.0,
  "summary_bg_p05": 0.0,
  "summary_bg_p95": 24.666612803936005,
  "summary_bg_stdv": 9.104728934525106,
  "summary_csf_k": 2.534199393541365,
  "summary_csf_mad": 64.71147061718939,
  "summary_csf_mean": 258.1198498344817,
  "summary_csf_median": 251.22720155119896,
  "summary_csf_n": 87753.0,
  "summary_csf_p05": 142.28504032492637,
  "summary_csf_p95": 408.8603565096855,
  "summary_csf_stdv": 82.9099523393222,
  "summary_gm_k": 0.031991733590083005,
  "summary_gm_mad": 62.39168265926296,
  "summary_gm_mean": 722.7561452445813,
  "summary_gm_median": 724.9959293156862,
  "summary_gm_n": 22740.0,
  "summary_gm_p05": 615.2530235692859,
  "summary_gm_p95": 822.8340241312981,
  "summary_gm_stdv": 62.67139374786802,
  "summary_wm_k": 0.21637139356369284,
  "summary_wm_mad": 42.6355799848961,
  "summary_wm_mean": 999.4504649098147,
  "summary_wm_median": 1000.0204807817936,
  "summary_wm_n": 173430.0,
  "summary_wm_p05": 925.427498281002,
  "summary_wm_p95": 1070.972785770893,
  "summary_wm_stdv": 44.07318331676818,
  "tpm_overlap_csf": 0.1648662192594393,
  "tpm_overlap_gm": 0.4549741613235206,
  "tpm_overlap_wm": 0.507715073641233,
  "wm2max": 0.904679657351896
}