{
  "aor": 0.0072732227488151655,
  "aqi": 0.022770386255924174,
  "bids_meta": {
    "AcquisitionDateTime": "2013-08-30T10:02:31.781250",
    "ConversionSoftware": "dcm2niix",
    "ConversionSoftwareVersion": "v1.0.20170207",
    "EchoTime": 0.03,
    "EffectiveEchoSpacing": 0.000265001,
    "FlipAngle": 90,
    "ImageType": [
      "ORIGINAL",
      "PRIMARY",
      "M",
      "ND",
      "MOSAIC"
    ],
    "MagneticFieldStrength": 3,
    "Manufacturer": "Siemens",
    "ManufacturersModelName": "TrioTim",
    "PhaseEncodingDirection": "j",
    "ProcedureStepDescription": "Studies_bbsrc_age",
    "ProtocolName": "ep2d_bold_PtoA_iPAT2_block_3",
    "RepetitionTime": 2,
    "TaskName": "Emoreg Run3",
    "dataset": "ds002366",
    "modality": "bold",
    "session_id": "1",
    "subject_id": "ER015",
    "task_id": "emoregRun3"
  },
  "dummy_trs": 0,
  "dvars_nstd": 55.58073922985719,
  "dvars_std": 1.189139860809524,
  "dvars_vstd": 1.0695717907619053,
  "efc": 0.6056940980154687,
  "fber": 460.9688720703125,
  "fd_mean": 0.45417188218106064,
  "fd_num": 163,
  "fd_perc": 77.25118483412322,
  "fwhm_avg": 1.787340442869355,
  "fwhm_x": 1.7832133333333333,
  "fwhm_y": 1.9702366666666666,
  "fwhm_z": 1.6085713286080645,
  "gcor": 0.0176369,
  "gsr_x": 0.017474334686994553,
  "gsr_y": 0.03494806960225105,
  "provenance": {
    "md5sum": "5f33886f682e1e4cb4a1bd15a695b25e",
    "settings": {
      "fd_thres": 0.2,
      "testing": false
    },
    "software": "mriqc",
    "version": "23.0.1",
    "webapi_port": null,
    "webapi_url": "https://mriqc.nimh.nih.gov/api/v1"
  },
  "size_t": 211,
  "size_x": 64,
  "size_y": 64,
  "size_z": 30,
  "snr": 4.930680488691721,
  "spacing_tr": 2.0,
  "spacing_x": 3.0,
  "spacing_y": 3.0,
  "spacing_z": 3.9900002479553223,
  "summary_bg_k": 41.51798165464485,
  "summary_bg_mad": 13.216942025371369,
  "summary_bg_mean": 65.68888092041016,
  "summary_bg_median": 42.540287017822266,
  "summary_bg_n": 61342.0,
  "summary_bg_p05": 29.09952735900879,
  "summary_bg_p95": 176.47655029296862,
  "summary_bg_stdv": 72.23090362548828,
  "summary_fg_k": 2.2316391941378217,
  "summary_fg_mad": 136.58210514494476,
  "summary_fg_mean": 934.9317626953125,
  "summary_fg_median": 910.573486328125,
  "summary_fg_n": 31405.0,
  "summary_fg_p05": 679.6426879882813,
  "summary_fg_p95": 1277.0142822265625,
  "summary_fg_stdv": 184.6720733642578,
  "tsnr": 30.286130209919065
}