{
  "aor": 0.004646824644549763,
  "aqi": 0.013993180521327012,
  "bids_meta": {
    "AcquisitionDateTime": "2013-10-07T94:73:4.531250",
    "ConversionSoftware": "dcm2niix",
    "ConversionSoftwareVersion": "v1.0.20170207",
    "EchoTime": 0.03,
    "EffectiveEchoSpacing": 0.000265001,
    "FlipAngle": 90,
    "ImageType": [
      "ORIGINAL",
      "PRIMARY",
      "M",
      "ND",
      "MOSAIC"
    ],
    "MagneticFieldStrength": 3,
    "Manufacturer": "Siemens",
    "ManufacturersModelName": "TrioTim",
    "PhaseEncodingDirection": "j",
    "ProcedureStepDescription": "Studies_bbsrc_age",
    "ProtocolName": "ep2d_bold_PtoA_iPAT2_block_2",
    "RepetitionTime": 2,
    "TaskName": "Emoreg Run2",
    "dataset": "ds002366",
    "modality": "bold",
    "session_id": "1",
    "subject_id": "ER032",
    "task_id": "emoregRun2"
  },
  "dummy_trs": 0,
  "dvars_nstd": 34.11839152752382,
  "dvars_std": 1.1345369724285717,
  "dvars_vstd": 1.0496241423809527,
  "efc": 0.6020574790617086,
  "fber": 875.0999755859375,
  "fd_mean": 0.21280583191928898,
  "fd_num": 94,
  "fd_perc": 44.54976303317535,
  "fwhm_avg": 1.781054468228341,
  "fwhm_x": 1.7412400000000001,
  "fwhm_y": 1.9968933333333334,
  "fwhm_z": 1.6050300713516894,
  "gcor": 0.0127922,
  "gsr_x": 0.0014889875892549753,
  "gsr_y": 0.03879006579518318,
  "provenance": {
    "md5sum": "8ae4979cbead2fa6d929fd5e5f7d4f64",
    "settings": {
      "fd_thres": 0.2,
      "testing": false
    },
    "software": "mriqc",
    "version": "23.0.1",
    "webapi_port": null,
    "webapi_url": "https://mriqc.nimh.nih.gov/api/v1"
  },
  "size_t": 211,
  "size_x": 64,
  "size_y": 64,
  "size_z": 30,
  "snr": 5.780707351694593,
  "spacing_tr": 2.0,
  "spacing_x": 3.0,
  "spacing_y": 3.0,
  "spacing_z": 3.990000009536743,
  "summary_bg_k": 37.37430916480846,
  "summary_bg_mad": 10.283357073654926,
  "summary_bg_mean": 48.752872467041016,
  "summary_bg_median": 31.950237274169922,
  "summary_bg_n": 58302.0,
  "summary_bg_p05": 22.52132797241211,
  "summary_bg_p95": 128.8853134155273,
  "summary_bg_stdv": 54.1542854309082,
  "summary_fg_k": 2.6311646691769432,
  "summary_fg_mad": 124.89697539782941,
  "summary_fg_mean": 959.3133544921875,
  "summary_fg_median": 946.9881591796875,
  "summary_fg_n": 33230.0,
  "summary_fg_p05": 718.8125671386719,
  "summary_fg_p95": 1241.5659240722655,
  "summary_fg_stdv": 163.81626892089844,
  "tsnr": 43.45901051472174
}