{
  "aor": 0.001979431279620853,
  "aqi": 0.016734705639810426,
  "bids_meta": {
    "AcquisitionDateTime": "2013-10-07T10:03:3.195312",
    "ConversionSoftware": "dcm2niix",
    "ConversionSoftwareVersion": "v1.0.20170207",
    "EchoTime": 0.03,
    "EffectiveEchoSpacing": 0.000265001,
    "FlipAngle": 90,
    "ImageType": [
      "ORIGINAL",
      "PRIMARY",
      "M",
      "ND",
      "MOSAIC"
    ],
    "MagneticFieldStrength": 3,
    "Manufacturer": "Siemens",
    "ManufacturersModelName": "TrioTim",
    "PhaseEncodingDirection": "j",
    "ProcedureStepDescription": "Studies_bbsrc_age",
    "ProtocolName": "ep2d_bold_PtoA_iPAT2_block_4",
    "RepetitionTime": 2,
    "TaskName": "Emoreg Run4",
    "dataset": "ds002366",
    "modality": "bold",
    "session_id": "1",
    "subject_id": "ER032",
    "task_id": "emoregRun4"
  },
  "dummy_trs": 0,
  "dvars_nstd": 35.80080075061907,
  "dvars_std": 1.1032224010476184,
  "dvars_vstd": 1.0095463629047619,
  "efc": 0.6025751197455878,
  "fber": 881.5643310546875,
  "fd_mean": 0.2745709231414989,
  "fd_num": 125,
  "fd_perc": 59.241706161137444,
  "fwhm_avg": 1.7866111766541113,
  "fwhm_x": 1.76363,
  "fwhm_y": 1.9761233333333335,
  "fwhm_z": 1.6200801966290004,
  "gcor": 0.0117466,
  "gsr_x": 0.0023734827991575003,
  "gsr_y": 0.0389687605202198,
  "provenance": {
    "md5sum": "00ce97ba5b461c8fb8cb98997da465f5",
    "settings": {
      "fd_thres": 0.2,
      "testing": false
    },
    "software": "mriqc",
    "version": "23.0.1",
    "webapi_port": null,
    "webapi_url": "https://mriqc.nimh.nih.gov/api/v1"
  },
  "size_t": 211,
  "size_x": 64,
  "size_y": 64,
  "size_z": 30,
  "snr": 5.720327740975214,
  "spacing_tr": 2.0,
  "spacing_x": 3.0,
  "spacing_y": 3.0,
  "spacing_z": 3.990000009536743,
  "summary_bg_k": 36.632936055921476,
  "summary_bg_mad": 9.668532491661518,
  "summary_bg_mean": 48.33942794799805,
  "summary_bg_median": 31.687204360961914,
  "summary_bg_n": 58223.0,
  "summary_bg_p05": 22.7582950592041,
  "summary_bg_p95": 129.73270721435537,
  "summary_bg_stdv": 52.44841003417969,
  "summary_fg_k": 2.7607130673757494,
  "summary_fg_mad": 125.72256874136798,
  "summary_fg_mean": 959.2086181640625,
  "summary_fg_median": 947.654052734375,
  "summary_fg_n": 33278.0,
  "summary_fg_p05": 716.4502563476562,
  "summary_fg_p95": 1241.1187499999999,
  "summary_fg_stdv": 165.66180419921875,
  "tsnr": 42.37356065399945
}