{
  "aor": 0.001074265402843602,
  "aqi": 0.017810903127962085,
  "bids_meta": {
    "AcquisitionDateTime": "2013-10-07T95:53:0.414062",
    "ConversionSoftware": "dcm2niix",
    "ConversionSoftwareVersion": "v1.0.20170207",
    "EchoTime": 0.03,
    "EffectiveEchoSpacing": 0.000265001,
    "FlipAngle": 90,
    "ImageType": [
      "ORIGINAL",
      "PRIMARY",
      "M",
      "ND",
      "MOSAIC"
    ],
    "MagneticFieldStrength": 3,
    "Manufacturer": "Siemens",
    "ManufacturersModelName": "TrioTim",
    "PhaseEncodingDirection": "j",
    "ProcedureStepDescription": "Studies_bbsrc_age",
    "ProtocolName": "ep2d_bold_PtoA_iPAT2_block_3",
    "RepetitionTime": 2,
    "TaskName": "Emoreg Run3",
    "dataset": "ds002366",
    "modality": "bold",
    "session_id": "1",
    "subject_id": "ER032",
    "task_id": "emoregRun3"
  },
  "dummy_trs": 0,
  "dvars_nstd": 35.63008209395238,
  "dvars_std": 1.0834804099047612,
  "dvars_vstd": 0.99345908,
  "efc": 0.6017567007033718,
  "fber": 870.3985595703125,
  "fd_mean": 0.24618131085296852,
  "fd_num": 114,
  "fd_perc": 54.02843601895734,
  "fwhm_avg": 1.7989313437149586,
  "fwhm_x": 1.7633133333333333,
  "fwhm_y": 1.9838666666666667,
  "fwhm_z": 1.6496140311448757,
  "gcor": 0.0121756,
  "gsr_x": 0.0037206909619271755,
  "gsr_y": 0.03795928508043289,
  "provenance": {
    "md5sum": "a368574da4cde9700a597d7826927e1c",
    "settings": {
      "fd_thres": 0.2,
      "testing": false
    },
    "software": "mriqc",
    "version": "23.0.1",
    "webapi_port": null,
    "webapi_url": "https://mriqc.nimh.nih.gov/api/v1"
  },
  "size_t": 211,
  "size_x": 64,
  "size_y": 64,
  "size_z": 30,
  "snr": 5.796352554746316,
  "spacing_tr": 2.0,
  "spacing_x": 3.0,
  "spacing_y": 3.0,
  "spacing_z": 3.990000009536743,
  "summary_bg_k": 39.586079021706226,
  "summary_bg_mad": 9.260995601017152,
  "summary_bg_mean": 47.916080474853516,
  "summary_bg_median": 31.76777458190918,
  "summary_bg_n": 58397.0,
  "summary_bg_p05": 23.905214309692383,
  "summary_bg_p95": 123.91185302734372,
  "summary_bg_stdv": 52.3133430480957,
  "summary_fg_k": 2.7279533517792087,
  "summary_fg_mad": 124.70721606847113,
  "summary_fg_mean": 958.2274780273438,
  "summary_fg_median": 947.379150390625,
  "summary_fg_n": 33234.0,
  "summary_fg_p05": 716.9486145019531,
  "summary_fg_p95": 1239.6083557128907,
  "summary_fg_stdv": 163.44155883789062,
  "tsnr": 42.0023885188275
}