{
  "aor": 0.003453222748815166,
  "aqi": 0.01770552483412322,
  "bids_meta": {
    "AcquisitionDateTime": "2013-10-07T93:91:1.804688",
    "ConversionSoftware": "dcm2niix",
    "ConversionSoftwareVersion": "v1.0.20170207",
    "EchoTime": 0.03,
    "EffectiveEchoSpacing": 0.000265001,
    "FlipAngle": 90,
    "ImageType": [
      "ORIGINAL",
      "PRIMARY",
      "M",
      "ND",
      "MOSAIC"
    ],
    "MagneticFieldStrength": 3,
    "Manufacturer": "Siemens",
    "ManufacturersModelName": "TrioTim",
    "PhaseEncodingDirection": "j",
    "ProcedureStepDescription": "Studies_bbsrc_age",
    "ProtocolName": "ep2d_bold_PtoA_iPAT2_block_1",
    "RepetitionTime": 2,
    "TaskName": "Emoreg Run1",
    "dataset": "ds002366",
    "modality": "bold",
    "session_id": "1",
    "subject_id": "ER032",
    "task_id": "emoregRun1"
  },
  "dummy_trs": 0,
  "dvars_nstd": 33.45942650714286,
  "dvars_std": 1.0945950048571433,
  "dvars_vstd": 1.0209869669047615,
  "efc": 0.6019546640923502,
  "fber": 879.5233764648438,
  "fd_mean": 0.24889437622461555,
  "fd_num": 103,
  "fd_perc": 48.81516587677725,
  "fwhm_avg": 1.796152872572467,
  "fwhm_x": 1.7802133333333332,
  "fwhm_y": 2.00313,
  "fwhm_z": 1.6051152843840673,
  "gcor": 0.0187471,
  "gsr_x": 0.0027715754695236683,
  "gsr_y": 0.040361955761909485,
  "provenance": {
    "md5sum": "6556e07970e43d73b018b2cea29eb71c",
    "settings": {
      "fd_thres": 0.2,
      "testing": false
    },
    "software": "mriqc",
    "version": "23.0.1",
    "webapi_port": null,
    "webapi_url": "https://mriqc.nimh.nih.gov/api/v1"
  },
  "size_t": 211,
  "size_x": 64,
  "size_y": 64,
  "size_z": 30,
  "snr": 5.698534546545427,
  "spacing_tr": 2.0,
  "spacing_x": 3.0,
  "spacing_y": 3.0,
  "spacing_z": 3.990000009536743,
  "summary_bg_k": 37.47700033199947,
  "summary_bg_mad": 10.617119878343704,
  "summary_bg_mean": 48.32064437866211,
  "summary_bg_median": 31.928911209106445,
  "summary_bg_n": 58286.0,
  "summary_bg_p05": 21.113744735717773,
  "summary_bg_p95": 127.62322616577148,
  "summary_bg_stdv": 52.894248962402344,
  "summary_fg_k": 2.634746712523837,
  "summary_fg_mad": 127.91832941226876,
  "summary_fg_mean": 963.1815795898438,
  "summary_fg_median": 951.3460083007812,
  "summary_fg_n": 33287.0,
  "summary_fg_p05": 719.0545288085938,
  "summary_fg_p95": 1250.8043579101563,
  "summary_fg_stdv": 166.94322204589844,
  "tsnr": 40.48111446981784
}