{
  "bids_meta": {
    "AcquisitionDateTime": "2013-06-21T10:43:3.343750",
    "ConversionSoftware": "dcm2niix",
    "ConversionSoftwareVersion": "v1.0.20170207",
    "EchoTime": 0.00302,
    "FlipAngle": 9,
    "ImageType": [
      "ORIGINAL",
      "PRIMARY",
      "M",
      "ND",
      "NORM"
    ],
    "MagneticFieldStrength": 3,
    "Manufacturer": "Siemens",
    "ManufacturersModelName": "TrioTim",
    "PhaseEncodingDirection": "i-",
    "ProcedureStepDescription": "Studies_bbsrc_age",
    "ProtocolName": "MPRAGE",
    "RepetitionTime": 2.02,
    "dataset": "ds002366",
    "modality": "T1w",
    "session_id": "1",
    "subject_id": "ER006"
  },
  "cjv": 0.4172130425287967,
  "cnr": 3.2689785694565456,
  "efc": 0.5746224187793281,
  "fber": 13697.070154577885,
  "fwhm_avg": 4.106469733333333,
  "fwhm_x": 4.16243,
  "fwhm_y": 4.36155392,
  "fwhm_z": 3.79542528,
  "icvs_csf": 0.28892027182889146,
  "icvs_gm": 0.3743505154467631,
  "icvs_wm": 0.3367292127243455,
  "inu_med": 0.613420695066452,
  "inu_range": 0.2687252745032311,
  "provenance": {
    "md5sum": "05a0545ccd7ac779ce7557c54e61ee50",
    "settings": {
      "testing": false
    },
    "software": "mriqc",
    "version": "23.0.1",
    "warnings": {
      "large_rot_frame": true,
      "small_air_mask": false
    },
    "webapi_port": null,
    "webapi_url": "https://mriqc.nimh.nih.gov/api/v1"
  },
  "qi_1": 2.0752066757620012e-06,
  "qi_2": 0.015542604549603855,
  "rpve_csf": 18.24869479070624,
  "rpve_gm": 12.904815029118293,
  "rpve_wm": 16.89017316029023,
  "size_x": 192,
  "size_y": 256,
  "size_z": 256,
  "snr_csf": 3.9353753555820354,
  "snr_gm": 14.256346221196415,
  "snr_total": 12.976886361861729,
  "snr_wm": 20.738937508806732,
  "snrd_csf": 22.784440744992214,
  "snrd_gm": 58.57702680412722,
  "snrd_total": 52.714883105761196,
  "snrd_wm": 76.78318176816416,
  "spacing_x": 1.0,
  "spacing_y": 0.9765625,
  "spacing_z": 0.9765625,
  "summary_bg_k": 12.599474349468345,
  "summary_bg_mad": 0.0,
  "summary_bg_mean": 5.486680052672895,
  "summary_bg_median": 0.0,
  "summary_bg_n": 3120410.0,
  "summary_bg_p05": 0.0,
  "summary_bg_p95": 21.76885060966015,
  "summary_bg_stdv": 8.532514678900775,
  "summary_csf_k": 2.6963106947378144,
  "summary_csf_mad": 57.2990131957159,
  "summary_csf_mean": 308.53429648292837,
  "summary_csf_median": 296.745189409703,
  "summary_csf_n": 122207.0,
  "summary_csf_p05": 213.63971021026373,
  "summary_csf_p95": 453.92260062322003,
  "summary_csf_stdv": 75.40423682267192,
  "summary_gm_k": 0.28120515727230844,
  "summary_gm_mad": 51.608090796685616,
  "summary_gm_mean": 761.847277532479,
  "summary_gm_median": 762.9088248685002,
  "summary_gm_n": 12721.0,
  "summary_gm_p05": 672.1526988968253,
  "summary_gm_p95": 847.8546658344567,
  "summary_gm_stdv": 53.511525761621044,
  "summary_wm_k": 0.14641698849440132,
  "summary_wm_mad": 47.32040953714225,
  "summary_wm_mean": 1000.5614496267784,
  "summary_wm_median": 1000.0262930430472,
  "summary_wm_n": 205492.0,
  "summary_wm_p05": 922.4418991431594,
  "summary_wm_p95": 1080.777423725463,
  "summary_wm_stdv": 48.219628385818076,
  "tpm_overlap_csf": 0.15734876618954263,
  "tpm_overlap_gm": 0.4076665315598138,
  "tpm_overlap_wm": 0.4454879616422202,
  "wm2max": 0.7873525150072449
}