{
  "bids_meta": {
    "AcquisitionDateTime": "2013-09-24T13:03:38.851562",
    "ConversionSoftware": "dcm2niix",
    "ConversionSoftwareVersion": "v1.0.20170207",
    "EchoTime": 0.00302,
    "FlipAngle": 9,
    "ImageType": [
      "ORIGINAL",
      "PRIMARY",
      "M",
      "ND",
      "NORM"
    ],
    "MagneticFieldStrength": 3,
    "Manufacturer": "Siemens",
    "ManufacturersModelName": "TrioTim",
    "PhaseEncodingDirection": "i-",
    "ProcedureStepDescription": "Studies_bbsrc_age",
    "ProtocolName": "MPRAGE",
    "RepetitionTime": 2.02,
    "dataset": "ds002366",
    "modality": "T1w",
    "session_id": "1",
    "subject_id": "ER040"
  },
  "cjv": 0.42811028996804873,
  "cnr": 3.109160118696998,
  "efc": 0.5517086476044379,
  "fber": 12331.953105833618,
  "fwhm_avg": 4.32937192,
  "fwhm_x": 4.45027,
  "fwhm_y": 4.51816448,
  "fwhm_z": 4.0196812799999995,
  "icvs_csf": 0.30137932686218916,
  "icvs_gm": 0.36914844857769313,
  "icvs_wm": 0.3294722245601177,
  "inu_med": 0.596117377281189,
  "inu_range": 0.28015627861022946,
  "provenance": {
    "md5sum": "ebbc8e0b3a3f55f3cc2869fb538d9b5e",
    "settings": {
      "testing": false
    },
    "software": "mriqc",
    "version": "23.0.1",
    "warnings": {
      "large_rot_frame": true,
      "small_air_mask": false
    },
    "webapi_port": null,
    "webapi_url": "https://mriqc.nimh.nih.gov/api/v1"
  },
  "qi_1": 0.0,
  "qi_2": 0.0059178302419409645,
  "rpve_csf": 20.928265266485393,
  "rpve_gm": 15.38628895717451,
  "rpve_wm": 20.427581655141093,
  "size_x": 192,
  "size_y": 256,
  "size_z": 256,
  "snr_csf": 3.860190942580368,
  "snr_gm": 12.729476657668103,
  "snr_total": 12.502548201081488,
  "snr_wm": 20.917977002995993,
  "snrd_csf": 20.2245183505698,
  "snrd_gm": 55.24808006579604,
  "snrd_total": 49.37429255803979,
  "snrd_wm": 72.65027925775354,
  "spacing_x": 1.0,
  "spacing_y": 0.9765625,
  "spacing_z": 0.9765625,
  "summary_bg_k": 7.544174061105508,
  "summary_bg_mad": 0.0,
  "summary_bg_mean": 5.948854789681336,
  "summary_bg_median": 0.0,
  "summary_bg_n": 3022175.0,
  "summary_bg_p05": 0.0,
  "summary_bg_p95": 24.155742913484573,
  "summary_bg_stdv": 9.017867948580916,
  "summary_csf_k": 3.156390790531563,
  "summary_csf_mad": 50.421861669360354,
  "summary_csf_mean": 287.80764267477565,
  "summary_csf_median": 278.3878835141659,
  "summary_csf_n": 99722.0,
  "summary_csf_p05": 195.48138043284416,
  "summary_csf_p95": 423.86275249421584,
  "summary_csf_stdv": 72.11728430842356,
  "summary_gm_k": 0.471471573561423,
  "summary_gm_mad": 55.92418352351519,
  "summary_gm_mean": 756.2450859088842,
  "summary_gm_median": 760.4826879501343,
  "summary_gm_n": 13430.0,
  "summary_gm_p05": 649.5030011683702,
  "summary_gm_p95": 847.4042965471745,
  "summary_gm_stdv": 59.739641702569116,
  "summary_wm_k": 0.20655223053700578,
  "summary_wm_mad": 46.624937816785675,
  "summary_wm_mean": 999.337121913986,
  "summary_wm_median": 1000.0217126905918,
  "summary_wm_n": 166812.0,
  "summary_wm_p05": 920.1319645643234,
  "summary_wm_p95": 1077.4372876882553,
  "summary_wm_stdv": 47.80666481713363,
  "tpm_overlap_csf": 0.16083840326272345,
  "tpm_overlap_gm": 0.43007562882773126,
  "tpm_overlap_wm": 0.47886543283061483,
  "wm2max": 0.8814178590557809
}