{
  "aor": 0.0006695714285714287,
  "aqi": 0.03535442952380952,
  "bids_meta": {
    "AcquisitionDateTime": "2014-05-06T11:47:56.062500",
    "ConversionSoftware": "dcm2niix",
    "ConversionSoftwareVersion": "v1.0.20170207",
    "EchoTime": 0.03,
    "EffectiveEchoSpacing": 0.000265001,
    "FlipAngle": 90,
    "ImageType": [
      "ORIGINAL",
      "PRIMARY",
      "M",
      "ND",
      "MOSAIC"
    ],
    "MagneticFieldStrength": 3,
    "Manufacturer": "Siemens",
    "ManufacturersModelName": "TrioTim",
    "PhaseEncodingDirection": "j",
    "ProcedureStepDescription": "Studies_bbsrc_age",
    "ProtocolName": "ep2d_bold_PtoA_iPAT2_block_1",
    "RepetitionTime": 2,
    "TaskName": "Emoreg Run1",
    "dataset": "ds002366",
    "modality": "bold",
    "session_id": "1",
    "subject_id": "ER067",
    "task_id": "emoregRun1"
  },
  "dummy_trs": 1,
  "dvars_nstd": 39.288399874210526,
  "dvars_std": 1.0072571370334922,
  "dvars_vstd": 0.9439047670813404,
  "efc": 0.5698290868805251,
  "fber": 666.9476318359375,
  "fd_mean": 0.2615086126412056,
  "fd_num": 147,
  "fd_perc": 70.0,
  "fwhm_avg": 1.8285239752993574,
  "fwhm_x": 1.82954,
  "fwhm_y": 2.0132600000000003,
  "fwhm_z": 1.6427719258980717,
  "gcor": 0.00517672,
  "gsr_x": -0.008711344562470913,
  "gsr_y": 0.031307004392147064,
  "provenance": {
    "md5sum": "31fbff77631c3f74b4c677dde0fe4405",
    "settings": {
      "fd_thres": 0.2,
      "testing": false
    },
    "software": "mriqc",
    "version": "23.0.1",
    "webapi_port": null,
    "webapi_url": "https://mriqc.nimh.nih.gov/api/v1"
  },
  "size_t": 210,
  "size_x": 64,
  "size_y": 64,
  "size_z": 30,
  "snr": 6.121597709858128,
  "spacing_tr": 2.0,
  "spacing_x": 3.0,
  "spacing_y": 3.0,
  "spacing_z": 3.990000009536743,
  "summary_bg_k": 108.79017710031845,
  "summary_bg_mad": 13.597580508456481,
  "summary_bg_mean": 56.25864791870117,
  "summary_bg_median": 37.338096618652344,
  "summary_bg_n": 66067.0,
  "summary_bg_p05": 25.652381896972656,
  "summary_bg_p95": 130.98428955078123,
  "summary_bg_stdv": 70.16815948486328,
  "summary_fg_k": 2.3318819243292266,
  "summary_fg_mad": 124.37624575510539,
  "summary_fg_mean": 959.213623046875,
  "summary_fg_median": 953.8333740234375,
  "summary_fg_n": 26911.0,
  "summary_fg_p05": 719.7428588867188,
  "summary_fg_p95": 1222.3881225585938,
  "summary_fg_stdv": 155.81155395507812,
  "tsnr": 28.87191417068243
}