{
  "aor": 0.003133619047619048,
  "aqi": 0.024530629999999998,
  "bids_meta": {
    "AcquisitionDateTime": "2014-05-06T12:11:29.468750",
    "ConversionSoftware": "dcm2niix",
    "ConversionSoftwareVersion": "v1.0.20170207",
    "EchoTime": 0.03,
    "EffectiveEchoSpacing": 0.000265001,
    "FlipAngle": 90,
    "ImageType": [
      "ORIGINAL",
      "PRIMARY",
      "M",
      "ND",
      "MOSAIC"
    ],
    "MagneticFieldStrength": 3,
    "Manufacturer": "Siemens",
    "ManufacturersModelName": "TrioTim",
    "PhaseEncodingDirection": "j",
    "ProcedureStepDescription": "Studies_bbsrc_age",
    "ProtocolName": "ep2d_bold_PtoA_iPAT2_block_4",
    "RepetitionTime": 2,
    "TaskName": "Emoreg Run4",
    "dataset": "ds002366",
    "modality": "bold",
    "session_id": "1",
    "subject_id": "ER067",
    "task_id": "emoregRun4"
  },
  "dummy_trs": 1,
  "dvars_nstd": 37.42515699937799,
  "dvars_std": 1.04618829507177,
  "dvars_vstd": 1.0057086957894736,
  "efc": 0.5696266067645691,
  "fber": 689.2686157226562,
  "fd_mean": 0.26688630414846903,
  "fd_num": 149,
  "fd_perc": 70.95238095238095,
  "fwhm_avg": 1.811464911020374,
  "fwhm_x": 1.8534466666666667,
  "fwhm_y": 1.9990533333333333,
  "fwhm_z": 1.5818947330611217,
  "gcor": 0.0045023,
  "gsr_x": -0.008381538093090057,
  "gsr_y": 0.029871122911572456,
  "provenance": {
    "md5sum": "187e0b37bdd644cccf2d4c558c933aaa",
    "settings": {
      "fd_thres": 0.2,
      "testing": false
    },
    "software": "mriqc",
    "version": "23.0.1",
    "webapi_port": null,
    "webapi_url": "https://mriqc.nimh.nih.gov/api/v1"
  },
  "size_t": 210,
  "size_x": 64,
  "size_y": 64,
  "size_z": 30,
  "snr": 6.0025769701375715,
  "spacing_tr": 2.0,
  "spacing_x": 3.0,
  "spacing_y": 3.0,
  "spacing_z": 3.990000009536743,
  "summary_bg_k": 110.8910756264535,
  "summary_bg_mad": 12.453858069879194,
  "summary_bg_mean": 56.955833435058594,
  "summary_bg_median": 36.63809585571289,
  "summary_bg_n": 66334.0,
  "summary_bg_p05": 25.871429443359375,
  "summary_bg_p95": 139.22072143554686,
  "summary_bg_stdv": 74.29999542236328,
  "summary_fg_k": 2.4429778508484397,
  "summary_fg_mad": 123.87850079032938,
  "summary_fg_mean": 958.7544555664062,
  "summary_fg_median": 952.6904907226562,
  "summary_fg_n": 26906.0,
  "summary_fg_p05": 715.6762084960938,
  "summary_fg_p95": 1230.0965270996094,
  "summary_fg_stdv": 158.71063232421875,
  "tsnr": 34.33399543189444
}