{
  "aor": 0.002311706161137441,
  "aqi": 0.02768555829383886,
  "bids_meta": {
    "AcquisitionDateTime": "2014-05-06T12:03:38.078125",
    "ConversionSoftware": "dcm2niix",
    "ConversionSoftwareVersion": "v1.0.20170207",
    "EchoTime": 0.03,
    "EffectiveEchoSpacing": 0.000265001,
    "FlipAngle": 90,
    "ImageType": [
      "ORIGINAL",
      "PRIMARY",
      "M",
      "ND",
      "MOSAIC"
    ],
    "MagneticFieldStrength": 3,
    "Manufacturer": "Siemens",
    "ManufacturersModelName": "TrioTim",
    "PhaseEncodingDirection": "j",
    "ProcedureStepDescription": "Studies_bbsrc_age",
    "ProtocolName": "ep2d_bold_PtoA_iPAT2_block_3",
    "RepetitionTime": 2,
    "TaskName": "Emoreg Run3",
    "dataset": "ds002366",
    "modality": "bold",
    "session_id": "1",
    "subject_id": "ER067",
    "task_id": "emoregRun3"
  },
  "dummy_trs": 0,
  "dvars_nstd": 37.48231050361907,
  "dvars_std": 1.0259999858571427,
  "dvars_vstd": 0.985253840190476,
  "efc": 0.5690830543311869,
  "fber": 692.5062255859375,
  "fd_mean": 0.263098402839541,
  "fd_num": 150,
  "fd_perc": 71.09004739336493,
  "fwhm_avg": 1.8293725216833927,
  "fwhm_x": 1.8524399999999999,
  "fwhm_y": 2.01565,
  "fwhm_z": 1.6200275650501788,
  "gcor": 0.00464743,
  "gsr_x": -0.008083072490990162,
  "gsr_y": 0.02939772792160511,
  "provenance": {
    "md5sum": "f2d636fbc10b5ed0cf03ff636ed837b5",
    "settings": {
      "fd_thres": 0.2,
      "testing": false
    },
    "software": "mriqc",
    "version": "23.0.1",
    "webapi_port": null,
    "webapi_url": "https://mriqc.nimh.nih.gov/api/v1"
  },
  "size_t": 211,
  "size_x": 64,
  "size_y": 64,
  "size_z": 30,
  "snr": 6.063122102212859,
  "spacing_tr": 2.0,
  "spacing_x": 3.0,
  "spacing_y": 3.0,
  "spacing_z": 3.990000009536743,
  "summary_bg_k": 99.72446422242174,
  "summary_bg_mad": 12.48266809681503,
  "summary_bg_mean": 55.600982666015625,
  "summary_bg_median": 36.329383850097656,
  "summary_bg_n": 66244.0,
  "summary_bg_p05": 25.345972061157227,
  "summary_bg_p95": 133.06564865112304,
  "summary_bg_stdv": 69.62675476074219,
  "summary_fg_k": 2.5518762887102397,
  "summary_fg_mad": 122.08981324442539,
  "summary_fg_mean": 954.7531127929688,
  "summary_fg_median": 948.6043090820312,
  "summary_fg_n": 26968.0,
  "summary_fg_p05": 717.3386596679687,
  "summary_fg_p95": 1223.1109252929684,
  "summary_fg_stdv": 156.4518585205078,
  "tsnr": 32.91182777076028
}