{
  "bids_meta": {
    "AcquisitionDateTime": "2013-07-02T10:58:12.679688",
    "ConversionSoftware": "dcm2niix",
    "ConversionSoftwareVersion": "v1.0.20170207",
    "EchoTime": 0.00302,
    "FlipAngle": 9,
    "ImageType": [
      "ORIGINAL",
      "PRIMARY",
      "M",
      "ND",
      "NORM"
    ],
    "MagneticFieldStrength": 3,
    "Manufacturer": "Siemens",
    "ManufacturersModelName": "TrioTim",
    "PhaseEncodingDirection": "i-",
    "ProcedureStepDescription": "Studies_bbsrc_age",
    "ProtocolName": "MPRAGE",
    "RepetitionTime": 2.02,
    "dataset": "ds002366",
    "modality": "T1w",
    "session_id": "1",
    "subject_id": "ER008"
  },
  "cjv": 0.3914702656674244,
  "cnr": 3.470336741468221,
  "efc": 0.5611674342001716,
  "fber": 9796.459241646326,
  "fwhm_avg": 4.19873096,
  "fwhm_x": 4.31831,
  "fwhm_y": 4.43305984,
  "fwhm_z": 3.84482304,
  "icvs_csf": 0.27839214326075257,
  "icvs_gm": 0.406864546375818,
  "icvs_wm": 0.31474331036342945,
  "inu_med": 0.624382495880127,
  "inu_range": 0.28836241364479065,
  "provenance": {
    "md5sum": "f8914b4a795e5b7b423d722c1ee2f5ba",
    "settings": {
      "testing": false
    },
    "software": "mriqc",
    "version": "23.0.1",
    "warnings": {
      "large_rot_frame": true,
      "small_air_mask": false
    },
    "webapi_port": null,
    "webapi_url": "https://mriqc.nimh.nih.gov/api/v1"
  },
  "qi_1": 2.776051581351758e-05,
  "qi_2": 0.010228814291889718,
  "rpve_csf": 22.361373473426763,
  "rpve_gm": 14.580298620865939,
  "rpve_wm": 21.112199477741562,
  "size_x": 192,
  "size_y": 256,
  "size_z": 256,
  "snr_csf": 3.3016351191900157,
  "snr_gm": 13.687310387893167,
  "snr_total": 12.562779305648847,
  "snr_wm": 20.69939240986336,
  "snrd_csf": 26.218378682301374,
  "snrd_gm": 67.83017677286672,
  "snrd_total": 61.701488527292206,
  "snrd_wm": 91.05591012670851,
  "spacing_x": 1.0,
  "spacing_y": 0.9765625,
  "spacing_z": 0.9765625,
  "summary_bg_k": 24.901199407639357,
  "summary_bg_mad": 7.1948807141024655,
  "summary_bg_mean": 6.957461400216186,
  "summary_bg_median": 4.852873295545578,
  "summary_bg_n": 3221547.0,
  "summary_bg_p05": 0.0,
  "summary_bg_p95": 27.550968497991562,
  "summary_bg_stdv": 10.319497680820241,
  "summary_csf_k": 2.161945218765327,
  "summary_csf_mad": 64.75392642692219,
  "summary_csf_mean": 293.94679086399856,
  "summary_csf_median": 287.9371488690376,
  "summary_csf_n": 95607.0,
  "summary_csf_p05": 163.59318321645262,
  "summary_csf_p95": 447.97926130890846,
  "summary_csf_stdv": 87.21001341255646,
  "summary_gm_k": 0.21952368844625347,
  "summary_gm_mad": 53.14314008934943,
  "summary_gm_mean": 743.430418938777,
  "summary_gm_median": 744.9288891553879,
  "summary_gm_n": 21173.0,
  "summary_gm_p05": 651.6869627773762,
  "summary_gm_p95": 830.0313402175902,
  "summary_gm_stdv": 54.42349711925491,
  "summary_wm_k": 0.2903186549086838,
  "summary_wm_mad": 46.70962241377632,
  "summary_wm_mean": 1000.5871840440976,
  "summary_wm_median": 1000.0000178217888,
  "summary_wm_n": 160560.0,
  "summary_wm_p05": 922.3540450930595,
  "summary_wm_p95": 1080.7785331010818,
  "summary_wm_stdv": 48.310447182001994,
  "tpm_overlap_csf": 0.15166287466575704,
  "tpm_overlap_gm": 0.4315481437247534,
  "tpm_overlap_wm": 0.47209670856958597,
  "wm2max": 0.7237883938674357
}