{
  "aor": 0.000670521327014218,
  "aqi": 0.0207660691943128,
  "bids_meta": {
    "AcquisitionDateTime": "2013-08-06T11:59:49.414062",
    "ConversionSoftware": "dcm2niix",
    "ConversionSoftwareVersion": "v1.0.20170207",
    "EchoTime": 0.03,
    "EffectiveEchoSpacing": 0.000265001,
    "FlipAngle": 90,
    "ImageType": [
      "ORIGINAL",
      "PRIMARY",
      "M",
      "ND",
      "MOSAIC"
    ],
    "MagneticFieldStrength": 3,
    "Manufacturer": "Siemens",
    "ManufacturersModelName": "TrioTim",
    "PhaseEncodingDirection": "j",
    "ProcedureStepDescription": "Studies_bbsrc_age",
    "ProtocolName": "ep2d_bold_PtoA_iPAT2_block_4",
    "RepetitionTime": 2,
    "TaskName": "Emoreg Run4",
    "dataset": "ds002366",
    "modality": "bold",
    "session_id": "1",
    "subject_id": "ER019",
    "task_id": "emoregRun4"
  },
  "dummy_trs": 0,
  "dvars_nstd": 45.12053217219048,
  "dvars_std": 1.0534357593333337,
  "dvars_vstd": 0.9928980635238095,
  "efc": 0.5838435398021001,
  "fber": 467.67919921875,
  "fd_mean": 0.36921081376555254,
  "fd_num": 199,
  "fd_perc": 94.31279620853081,
  "fwhm_avg": 1.7174750802086924,
  "fwhm_x": 1.6867933333333334,
  "fwhm_y": 1.8931633333333335,
  "fwhm_z": 1.5724685739594104,
  "gcor": 0.0824946,
  "gsr_x": 0.018256042152643204,
  "gsr_y": 0.04607554152607918,
  "provenance": {
    "md5sum": "9fc1dbbf5e88ddeec949ed5bbd668544",
    "settings": {
      "fd_thres": 0.2,
      "testing": false
    },
    "software": "mriqc",
    "version": "23.0.1",
    "webapi_port": null,
    "webapi_url": "https://mriqc.nimh.nih.gov/api/v1"
  },
  "size_t": 211,
  "size_x": 64,
  "size_y": 64,
  "size_z": 30,
  "snr": 5.372602435465641,
  "spacing_tr": 2.0,
  "spacing_x": 3.0,
  "spacing_y": 3.0,
  "spacing_z": 3.9900002479553223,
  "summary_bg_k": 83.54077700752677,
  "summary_bg_mad": 11.62191622707964,
  "summary_bg_mean": 58.90897750854492,
  "summary_bg_median": 36.5924186706543,
  "summary_bg_n": 66882.0,
  "summary_bg_p05": 26.63530960083008,
  "summary_bg_p95": 156.62488403320307,
  "summary_bg_stdv": 76.19558715820312,
  "summary_fg_k": 2.0058030972986822,
  "summary_fg_mad": 123.11923724575107,
  "summary_fg_mean": 809.902099609375,
  "summary_fg_median": 795.0474243164062,
  "summary_fg_n": 26970.0,
  "summary_fg_p05": 603.4258361816406,
  "summary_fg_p95": 1065.9381713867188,
  "summary_fg_stdv": 147.97906494140625,
  "tsnr": 30.773954827338457
}