{
  "aor": 0.0026300473933649287,
  "aqi": 0.020751078199052135,
  "bids_meta": {
    "AcquisitionDateTime": "2013-08-06T11:52:16.835938",
    "ConversionSoftware": "dcm2niix",
    "ConversionSoftwareVersion": "v1.0.20170207",
    "EchoTime": 0.03,
    "EffectiveEchoSpacing": 0.000265001,
    "FlipAngle": 90,
    "ImageType": [
      "ORIGINAL",
      "PRIMARY",
      "M",
      "ND",
      "MOSAIC"
    ],
    "MagneticFieldStrength": 3,
    "Manufacturer": "Siemens",
    "ManufacturersModelName": "TrioTim",
    "PhaseEncodingDirection": "j",
    "ProcedureStepDescription": "Studies_bbsrc_age",
    "ProtocolName": "ep2d_bold_PtoA_iPAT2_block_3",
    "RepetitionTime": 2,
    "TaskName": "Emoreg Run3",
    "dataset": "ds002366",
    "modality": "bold",
    "session_id": "1",
    "subject_id": "ER019",
    "task_id": "emoregRun3"
  },
  "dummy_trs": 0,
  "dvars_nstd": 45.82098811923807,
  "dvars_std": 1.0919981794761906,
  "dvars_vstd": 1.0301383099999997,
  "efc": 0.5831212795000125,
  "fber": 470.6583251953125,
  "fd_mean": 0.3947710249095846,
  "fd_num": 183,
  "fd_perc": 86.72985781990522,
  "fwhm_avg": 1.7255112622598496,
  "fwhm_x": 1.6963566666666667,
  "fwhm_y": 1.9042899999999998,
  "fwhm_z": 1.5758871201128826,
  "gcor": 0.0287615,
  "gsr_x": 0.0187112744897604,
  "gsr_y": 0.047447990626096725,
  "provenance": {
    "md5sum": "6965237cce736a34843133506bbde1df",
    "settings": {
      "fd_thres": 0.2,
      "testing": false
    },
    "software": "mriqc",
    "version": "23.0.1",
    "webapi_port": null,
    "webapi_url": "https://mriqc.nimh.nih.gov/api/v1"
  },
  "size_t": 211,
  "size_x": 64,
  "size_y": 64,
  "size_z": 30,
  "snr": 5.324086588219932,
  "spacing_tr": 2.0,
  "spacing_x": 3.0,
  "spacing_y": 3.0,
  "spacing_z": 3.9900002479553223,
  "summary_bg_k": 84.23354244554952,
  "summary_bg_mad": 11.467329563114744,
  "summary_bg_mean": 59.0876579284668,
  "summary_bg_median": 36.54976272583008,
  "summary_bg_n": 67029.0,
  "summary_bg_p05": 26.450237274169922,
  "summary_bg_p95": 155.87772521972656,
  "summary_bg_stdv": 78.08197784423828,
  "summary_fg_k": 1.996170282215548,
  "summary_fg_mad": 123.53029196850262,
  "summary_fg_mean": 808.7814331054688,
  "summary_fg_median": 793.943115234375,
  "summary_fg_n": 26858.0,
  "summary_fg_p05": 600.7241729736328,
  "summary_fg_p95": 1065.5626525878902,
  "summary_fg_stdv": 149.12010192871094,
  "tsnr": 31.77617764013121
}