{
  "aor": 0.0008228095238095238,
  "aqi": 0.02331323285714286,
  "bids_meta": {
    "AcquisitionDateTime": "2013-08-06T11:44:42.171875",
    "ConversionSoftware": "dcm2niix",
    "ConversionSoftwareVersion": "v1.0.20170207",
    "EchoTime": 0.03,
    "EffectiveEchoSpacing": 0.000265001,
    "FlipAngle": 90,
    "ImageType": [
      "ORIGINAL",
      "PRIMARY",
      "M",
      "ND",
      "MOSAIC"
    ],
    "MagneticFieldStrength": 3,
    "Manufacturer": "Siemens",
    "ManufacturersModelName": "TrioTim",
    "PhaseEncodingDirection": "j",
    "ProcedureStepDescription": "Studies_bbsrc_age",
    "ProtocolName": "ep2d_bold_PtoA_iPAT2_block_2",
    "RepetitionTime": 2,
    "TaskName": "Emoreg Run2",
    "dataset": "ds002366",
    "modality": "bold",
    "session_id": "1",
    "subject_id": "ER019",
    "task_id": "emoregRun2"
  },
  "dummy_trs": 1,
  "dvars_nstd": 43.11408480047848,
  "dvars_std": 1.0305507612440192,
  "dvars_vstd": 0.984239603110048,
  "efc": 0.584122744846057,
  "fber": 470.97271728515625,
  "fd_mean": 0.34576740781811766,
  "fd_num": 184,
  "fd_perc": 87.61904761904762,
  "fwhm_avg": 1.7299812291130963,
  "fwhm_x": 1.6937333333333333,
  "fwhm_y": 1.9333633333333333,
  "fwhm_z": 1.5628470206726224,
  "gcor": 0.0137943,
  "gsr_x": 0.019331635907292366,
  "gsr_y": 0.044710975140333176,
  "provenance": {
    "md5sum": "9b1b2f88611e0843a19b086ab5ddccd9",
    "settings": {
      "fd_thres": 0.2,
      "testing": false
    },
    "software": "mriqc",
    "version": "23.0.1",
    "webapi_port": null,
    "webapi_url": "https://mriqc.nimh.nih.gov/api/v1"
  },
  "size_t": 210,
  "size_x": 64,
  "size_y": 64,
  "size_z": 30,
  "snr": 5.322026660422386,
  "spacing_tr": 2.0,
  "spacing_x": 3.0,
  "spacing_y": 3.0,
  "spacing_z": 3.9900002479553223,
  "summary_bg_k": 79.65163800281003,
  "summary_bg_mad": 12.016139650231473,
  "summary_bg_mean": 59.48458480834961,
  "summary_bg_median": 36.91428756713867,
  "summary_bg_n": 66791.0,
  "summary_bg_p05": 26.21428680419922,
  "summary_bg_p95": 155.86190795898438,
  "summary_bg_stdv": 77.36615753173828,
  "summary_fg_k": 2.035053034639211,
  "summary_fg_mad": 125.16695487286063,
  "summary_fg_mean": 816.0691528320312,
  "summary_fg_median": 801.1047973632812,
  "summary_fg_n": 27053.0,
  "summary_fg_p05": 608.6162231445312,
  "summary_fg_p95": 1078.4019287109375,
  "summary_fg_stdv": 150.5234832763672,
  "tsnr": 31.34287598542869
}