{
  "aor": 0.0013918009478672984,
  "aqi": 0.01986407440758294,
  "bids_meta": {
    "AcquisitionDateTime": "2013-08-06T11:35:50.382812",
    "ConversionSoftware": "dcm2niix",
    "ConversionSoftwareVersion": "v1.0.20170207",
    "EchoTime": 0.03,
    "EffectiveEchoSpacing": 0.000265001,
    "FlipAngle": 90,
    "ImageType": [
      "ORIGINAL",
      "PRIMARY",
      "M",
      "ND",
      "MOSAIC"
    ],
    "MagneticFieldStrength": 3,
    "Manufacturer": "Siemens",
    "ManufacturersModelName": "TrioTim",
    "PhaseEncodingDirection": "j",
    "ProcedureStepDescription": "Studies_bbsrc_age",
    "ProtocolName": "ep2d_bold_PtoA_iPAT2_block_1",
    "RepetitionTime": 2,
    "TaskName": "Emoreg Run1",
    "dataset": "ds002366",
    "modality": "bold",
    "session_id": "1",
    "subject_id": "ER019",
    "task_id": "emoregRun1"
  },
  "dummy_trs": 0,
  "dvars_nstd": 45.84861001542859,
  "dvars_std": 1.0869786407142856,
  "dvars_vstd": 1.0106434189047622,
  "efc": 0.5887290337651643,
  "fber": 458.1846923828125,
  "fd_mean": 0.3254506059821801,
  "fd_num": 171,
  "fd_perc": 81.04265402843602,
  "fwhm_avg": 1.7078671024594183,
  "fwhm_x": 1.69623,
  "fwhm_y": 1.8804766666666666,
  "fwhm_z": 1.546894640711589,
  "gcor": 0.00797279,
  "gsr_x": 0.01725032925605774,
  "gsr_y": 0.045489851385354996,
  "provenance": {
    "md5sum": "cbad3ee003321d2f3cb7cc4d2cd863f2",
    "settings": {
      "fd_thres": 0.2,
      "testing": false
    },
    "software": "mriqc",
    "version": "23.0.1",
    "webapi_port": null,
    "webapi_url": "https://mriqc.nimh.nih.gov/api/v1"
  },
  "size_t": 211,
  "size_x": 64,
  "size_y": 64,
  "size_z": 30,
  "snr": 5.427328656806373,
  "spacing_tr": 2.0,
  "spacing_x": 3.0,
  "spacing_y": 3.0,
  "spacing_z": 3.9900002479553223,
  "summary_bg_k": 70.73162888895013,
  "summary_bg_mad": 11.902975176544956,
  "summary_bg_mean": 61.563873291015625,
  "summary_bg_median": 37.682464599609375,
  "summary_bg_n": 66148.0,
  "summary_bg_p05": 27.388626098632812,
  "summary_bg_p95": 162.4090065002441,
  "summary_bg_stdv": 82.42591857910156,
  "summary_fg_k": 1.8898219136864052,
  "summary_fg_mad": 123.29840914471598,
  "summary_fg_mean": 823.421875,
  "summary_fg_median": 808.1824951171875,
  "summary_fg_n": 27336.0,
  "summary_fg_p05": 615.6481323242188,
  "summary_fg_p95": 1085.2417907714844,
  "summary_fg_stdv": 148.90708923339844,
  "tsnr": 33.447656833333895
}