{
  "bids_meta": {
    "AcquisitionDateTime": "2013-10-22T14:08:24.828125",
    "ConversionSoftware": "dcm2niix",
    "ConversionSoftwareVersion": "v1.0.20170207",
    "EchoTime": 0.00302,
    "FlipAngle": 9,
    "ImageType": [
      "ORIGINAL",
      "PRIMARY",
      "M",
      "ND",
      "NORM"
    ],
    "MagneticFieldStrength": 3,
    "Manufacturer": "Siemens",
    "ManufacturersModelName": "TrioTim",
    "PhaseEncodingDirection": "i-",
    "ProcedureStepDescription": "Studies_bbsrc_age",
    "ProtocolName": "MPRAGE",
    "RepetitionTime": 2.02,
    "dataset": "ds002366",
    "modality": "T1w",
    "session_id": "1",
    "subject_id": "ER038"
  },
  "cjv": 0.37583900003643694,
  "cnr": 3.682329860513065,
  "efc": 0.5586063062461825,
  "fber": 15403.56790123457,
  "fwhm_avg": 4.476971093333334,
  "fwhm_x": 4.62352,
  "fwhm_y": 4.6505472,
  "fwhm_z": 4.15684608,
  "icvs_csf": 0.2543827965753666,
  "icvs_gm": 0.39582013343322775,
  "icvs_wm": 0.34979706999140564,
  "inu_med": 0.531055748462677,
  "inu_range": 0.24321440607309341,
  "provenance": {
    "md5sum": "0ac20b7f27f437670c3d707f09f87fe0",
    "settings": {
      "testing": false
    },
    "software": "mriqc",
    "version": "23.0.1",
    "warnings": {
      "large_rot_frame": true,
      "small_air_mask": false
    },
    "webapi_port": null,
    "webapi_url": "https://mriqc.nimh.nih.gov/api/v1"
  },
  "qi_1": 0.0,
  "qi_2": 0.006675636399751565,
  "rpve_csf": 22.388445198747522,
  "rpve_gm": 13.824922220293493,
  "rpve_wm": 18.047576080004735,
  "size_x": 192,
  "size_y": 256,
  "size_z": 256,
  "snr_csf": 2.8323912526844564,
  "snr_gm": 12.043379877985497,
  "snr_total": 12.606288580023888,
  "snr_wm": 22.94309460940171,
  "snrd_csf": 31.509855575570594,
  "snrd_gm": 85.9878890841367,
  "snrd_total": 78.7148874929153,
  "snrd_wm": 118.6469178190386,
  "spacing_x": 1.0,
  "spacing_y": 0.9765625,
  "spacing_z": 0.9765625,
  "summary_bg_k": 11.406144238823671,
  "summary_bg_mad": 5.521860688389451,
  "summary_bg_mean": 5.536539786992948,
  "summary_bg_median": 3.7244384363293648,
  "summary_bg_n": 3705399.0,
  "summary_bg_p05": 0.0,
  "summary_bg_p95": 22.13581334799528,
  "summary_bg_stdv": 8.18480030609021,
  "summary_csf_k": 1.1574249857792038,
  "summary_csf_mad": 76.75039070025589,
  "summary_csf_mean": 270.63641034896705,
  "summary_csf_median": 265.5829118937254,
  "summary_csf_n": 72708.0,
  "summary_csf_p05": 114.62252089567484,
  "summary_csf_p95": 437.0230294633653,
  "summary_csf_stdv": 93.76567777111629,
  "summary_gm_k": 0.09665307017611324,
  "summary_gm_mad": 60.04589390078844,
  "summary_gm_mean": 724.4353014289599,
  "summary_gm_median": 724.7546379826963,
  "summary_gm_n": 26710.0,
  "summary_gm_p05": 625.4245676100254,
  "summary_gm_p95": 822.210777066648,
  "summary_gm_stdv": 60.17754800523793,
  "summary_wm_k": 0.08174288472909064,
  "summary_wm_mad": 43.41085446847053,
  "summary_wm_mean": 999.9197092119001,
  "summary_wm_median": 1000.0234322249889,
  "summary_wm_n": 222211.0,
  "summary_wm_p05": 928.1113190203905,
  "summary_wm_p95": 1070.694065950811,
  "summary_wm_stdv": 43.5870225477913,
  "tpm_overlap_csf": 0.146564002310497,
  "tpm_overlap_gm": 0.44499134141024865,
  "tpm_overlap_wm": 0.5008292227239797,
  "wm2max": 0.889064745205023
}