{
  "aor": 0.0009031279620853081,
  "aqi": 0.008883061516587678,
  "bids_meta": {
    "AcquisitionDateTime": "2014-02-18T13:06:33.039062",
    "ConversionSoftware": "dcm2niix",
    "ConversionSoftwareVersion": "v1.0.20170207",
    "EchoTime": 0.03,
    "EffectiveEchoSpacing": 0.000265001,
    "FlipAngle": 90,
    "ImageType": [
      "ORIGINAL",
      "PRIMARY",
      "M",
      "ND",
      "MOSAIC"
    ],
    "MagneticFieldStrength": 3,
    "Manufacturer": "Siemens",
    "ManufacturersModelName": "TrioTim",
    "PhaseEncodingDirection": "j",
    "ProcedureStepDescription": "Studies_bbsrc_age",
    "ProtocolName": "ep2d_bold_PtoA_iPAT2_block_4",
    "RepetitionTime": 2,
    "TaskName": "Emoreg Run4",
    "dataset": "ds002366",
    "modality": "bold",
    "session_id": "1",
    "subject_id": "ER058",
    "task_id": "emoregRun4"
  },
  "dummy_trs": 0,
  "dvars_nstd": 30.97543477571429,
  "dvars_std": 1.0473449273809528,
  "dvars_vstd": 1.0129961948571429,
  "efc": 0.5689881436340394,
  "fber": 715.2809448242188,
  "fd_mean": 0.13923180879640643,
  "fd_num": 35,
  "fd_perc": 16.587677725118482,
  "fwhm_avg": 1.9154569743537762,
  "fwhm_x": 1.8765366666666665,
  "fwhm_y": 2.0887966666666666,
  "fwhm_z": 1.7810375897279955,
  "gcor": 0.0128434,
  "gsr_x": -0.0042900461703538895,
  "gsr_y": 0.027316827327013016,
  "provenance": {
    "md5sum": "4c4d5a9e9bfd5033dc95e878f5ba4d46",
    "settings": {
      "fd_thres": 0.2,
      "testing": false
    },
    "software": "mriqc",
    "version": "23.0.1",
    "webapi_port": null,
    "webapi_url": "https://mriqc.nimh.nih.gov/api/v1"
  },
  "size_t": 211,
  "size_x": 64,
  "size_y": 64,
  "size_z": 30,
  "snr": 5.251968740486493,
  "spacing_tr": 2.0,
  "spacing_x": 3.0,
  "spacing_y": 3.0,
  "spacing_z": 3.990000009536743,
  "summary_bg_k": 123.99046650056044,
  "summary_bg_mad": 8.298356680781357,
  "summary_bg_mean": 49.97813034057617,
  "summary_bg_median": 34.725120544433594,
  "summary_bg_n": 64493.0,
  "summary_bg_p05": 27.289100646972656,
  "summary_bg_p95": 109.44360656738256,
  "summary_bg_stdv": 59.536922454833984,
  "summary_fg_k": 1.5759010816878112,
  "summary_fg_mad": 152.989183602079,
  "summary_fg_mean": 946.4015502929688,
  "summary_fg_median": 933.2037963867188,
  "summary_fg_n": 28043.0,
  "summary_fg_p05": 691.44833984375,
  "summary_fg_p95": 1259.4104736328125,
  "summary_fg_stdv": 177.6833038330078,
  "tsnr": 45.68106843880378
}