{
  "aor": 0.0006824644549763034,
  "aqi": 0.008828320521327015,
  "bids_meta": {
    "AcquisitionDateTime": "2014-02-18T12:58:58.218750",
    "ConversionSoftware": "dcm2niix",
    "ConversionSoftwareVersion": "v1.0.20170207",
    "EchoTime": 0.03,
    "EffectiveEchoSpacing": 0.000265001,
    "FlipAngle": 90,
    "ImageType": [
      "ORIGINAL",
      "PRIMARY",
      "M",
      "ND",
      "MOSAIC"
    ],
    "MagneticFieldStrength": 3,
    "Manufacturer": "Siemens",
    "ManufacturersModelName": "TrioTim",
    "PhaseEncodingDirection": "j",
    "ProcedureStepDescription": "Studies_bbsrc_age",
    "ProtocolName": "ep2d_bold_PtoA_iPAT2_block_3",
    "RepetitionTime": 2,
    "TaskName": "Emoreg Run3",
    "dataset": "ds002366",
    "modality": "bold",
    "session_id": "1",
    "subject_id": "ER058",
    "task_id": "emoregRun3"
  },
  "dummy_trs": 0,
  "dvars_nstd": 31.261088662142857,
  "dvars_std": 1.046964232571428,
  "dvars_vstd": 1.009279346523809,
  "efc": 0.5690861447233295,
  "fber": 721.2091674804688,
  "fd_mean": 0.13865586308610323,
  "fd_num": 37,
  "fd_perc": 17.53554502369668,
  "fwhm_avg": 1.9118324380199168,
  "fwhm_x": 1.87793,
  "fwhm_y": 2.0853066666666664,
  "fwhm_z": 1.772260647393084,
  "gcor": 0.0159422,
  "gsr_x": -0.004507193807512522,
  "gsr_y": 0.026828188449144363,
  "provenance": {
    "md5sum": "8820336862549d7b72b1b93f62401705",
    "settings": {
      "fd_thres": 0.2,
      "testing": false
    },
    "software": "mriqc",
    "version": "23.0.1",
    "webapi_port": null,
    "webapi_url": "https://mriqc.nimh.nih.gov/api/v1"
  },
  "size_t": 211,
  "size_x": 64,
  "size_y": 64,
  "size_z": 30,
  "snr": 5.25708716101801,
  "spacing_tr": 2.0,
  "spacing_x": 3.0,
  "spacing_y": 3.0,
  "spacing_z": 3.990000009536743,
  "summary_bg_k": 124.91047935075716,
  "summary_bg_mad": 8.228093357334686,
  "summary_bg_mean": 49.91268539428711,
  "summary_bg_median": 34.55450439453125,
  "summary_bg_n": 64435.0,
  "summary_bg_p05": 27.061613082885742,
  "summary_bg_p95": 109.22464752197249,
  "summary_bg_stdv": 59.61945724487305,
  "summary_fg_k": 1.555201772879311,
  "summary_fg_mad": 152.89769734457724,
  "summary_fg_mean": 944.5350341796875,
  "summary_fg_median": 931.573486328125,
  "summary_fg_n": 28035.0,
  "summary_fg_p05": 689.95263671875,
  "summary_fg_p95": 1256.6876953125,
  "summary_fg_stdv": 177.2001953125,
  "tsnr": 45.71771962812636
}