{
  "aor": 0.0008674881516587679,
  "aqi": 0.008816494454976304,
  "bids_meta": {
    "AcquisitionDateTime": "2014-02-18T12:51:26.242188",
    "ConversionSoftware": "dcm2niix",
    "ConversionSoftwareVersion": "v1.0.20170207",
    "EchoTime": 0.03,
    "EffectiveEchoSpacing": 0.000265001,
    "FlipAngle": 90,
    "ImageType": [
      "ORIGINAL",
      "PRIMARY",
      "M",
      "ND",
      "MOSAIC"
    ],
    "MagneticFieldStrength": 3,
    "Manufacturer": "Siemens",
    "ManufacturersModelName": "TrioTim",
    "PhaseEncodingDirection": "j",
    "ProcedureStepDescription": "Studies_bbsrc_age",
    "ProtocolName": "ep2d_bold_PtoA_iPAT2_block_2",
    "RepetitionTime": 2,
    "TaskName": "Emoreg Run2",
    "dataset": "ds002366",
    "modality": "bold",
    "session_id": "1",
    "subject_id": "ER058",
    "task_id": "emoregRun2"
  },
  "dummy_trs": 0,
  "dvars_nstd": 30.325565156428564,
  "dvars_std": 1.037927122619047,
  "dvars_vstd": 1.0081285771428574,
  "efc": 0.5687452506977576,
  "fber": 728.044189453125,
  "fd_mean": 0.12539153190109784,
  "fd_num": 18,
  "fd_perc": 8.530805687203792,
  "fwhm_avg": 1.9143583611578308,
  "fwhm_x": 1.8737266666666665,
  "fwhm_y": 2.0929800000000003,
  "fwhm_z": 1.7763684168068248,
  "gcor": 0.0123271,
  "gsr_x": -0.004660849925130606,
  "gsr_y": 0.02666362375020981,
  "provenance": {
    "md5sum": "9f09fee8c7942cc41be007833440c5e1",
    "settings": {
      "fd_thres": 0.2,
      "testing": false
    },
    "software": "mriqc",
    "version": "23.0.1",
    "webapi_port": null,
    "webapi_url": "https://mriqc.nimh.nih.gov/api/v1"
  },
  "size_t": 211,
  "size_x": 64,
  "size_y": 64,
  "size_z": 30,
  "snr": 5.22870522391063,
  "spacing_tr": 2.0,
  "spacing_x": 3.0,
  "spacing_y": 3.0,
  "spacing_z": 3.990000009536743,
  "summary_bg_k": 129.7569545635488,
  "summary_bg_mad": 8.066482340512643,
  "summary_bg_mean": 49.60831069946289,
  "summary_bg_median": 34.33649444580078,
  "summary_bg_n": 64425.0,
  "summary_bg_p05": 27.137441635131836,
  "summary_bg_p95": 108.29194946289059,
  "summary_bg_stdv": 59.300621032714844,
  "summary_fg_k": 1.5872326836478576,
  "summary_fg_mad": 152.99615139814986,
  "summary_fg_mean": 943.5184326171875,
  "summary_fg_median": 930.2464599609375,
  "summary_fg_n": 28037.0,
  "summary_fg_p05": 689.0417114257813,
  "summary_fg_p95": 1257.430346679687,
  "summary_fg_stdv": 177.90826416015625,
  "tsnr": 46.199361867271364
}