{
  "aor": 0.0011668720379146918,
  "aqi": 0.026440806161137444,
  "bids_meta": {
    "AcquisitionDateTime": "2013-08-07T11:57:12.078125",
    "ConversionSoftware": "dcm2niix",
    "ConversionSoftwareVersion": "v1.0.20170207",
    "EchoTime": 0.03,
    "EffectiveEchoSpacing": 0.000265001,
    "FlipAngle": 90,
    "ImageType": [
      "ORIGINAL",
      "PRIMARY",
      "M",
      "ND",
      "MOSAIC"
    ],
    "MagneticFieldStrength": 3,
    "Manufacturer": "Siemens",
    "ManufacturersModelName": "TrioTim",
    "PhaseEncodingDirection": "j",
    "ProcedureStepDescription": "Studies_bbsrc_age",
    "ProtocolName": "ep2d_bold_PtoA_iPAT2_block_3",
    "RepetitionTime": 2,
    "TaskName": "Emoreg Run3",
    "dataset": "ds002366",
    "modality": "bold",
    "session_id": "1",
    "subject_id": "ER021",
    "task_id": "emoregRun3"
  },
  "dummy_trs": 0,
  "dvars_nstd": 84.76964167638091,
  "dvars_std": 1.152273519142857,
  "dvars_vstd": 0.9900242927619044,
  "efc": 0.5536354320534986,
  "fber": 748.500732421875,
  "fd_mean": 0.5573990309361667,
  "fd_num": 195,
  "fd_perc": 92.41706161137441,
  "fwhm_avg": 1.809871285229374,
  "fwhm_x": 1.8282433333333332,
  "fwhm_y": 1.94416,
  "fwhm_z": 1.657210522354789,
  "gcor": 0.0146737,
  "gsr_x": -0.005477844271808863,
  "gsr_y": 0.03338378295302391,
  "provenance": {
    "md5sum": "8f04038d616732b05df40a7bdd7af160",
    "settings": {
      "fd_thres": 0.2,
      "testing": false
    },
    "software": "mriqc",
    "version": "23.0.1",
    "webapi_port": null,
    "webapi_url": "https://mriqc.nimh.nih.gov/api/v1"
  },
  "size_t": 211,
  "size_x": 64,
  "size_y": 64,
  "size_z": 30,
  "snr": 4.789993898161763,
  "spacing_tr": 2.0,
  "spacing_x": 3.0,
  "spacing_y": 3.0,
  "spacing_z": 3.990000009536743,
  "summary_bg_k": 237.03934015843583,
  "summary_bg_mad": 7.848656705958222,
  "summary_bg_mean": 44.253883361816406,
  "summary_bg_median": 31.199052810668945,
  "summary_bg_n": 66317.0,
  "summary_bg_p05": 24.327014923095703,
  "summary_bg_p95": 95.74787292480457,
  "summary_bg_stdv": 56.97623062133789,
  "summary_fg_k": 1.2312933468768401,
  "summary_fg_mad": 149.5108959998501,
  "summary_fg_mean": 881.4057006835938,
  "summary_fg_median": 858.1090087890625,
  "summary_fg_n": 26481.0,
  "summary_fg_p05": 630.8009643554688,
  "summary_fg_p95": 1210.5545654296875,
  "summary_fg_stdv": 179.1427764892578,
  "tsnr": 27.859220654470846
}