{
  "aor": 0.001571611374407583,
  "aqi": 0.02697763507109005,
  "bids_meta": {
    "AcquisitionDateTime": "2013-08-07T12:04:42.625000",
    "ConversionSoftware": "dcm2niix",
    "ConversionSoftwareVersion": "v1.0.20170207",
    "EchoTime": 0.03,
    "EffectiveEchoSpacing": 0.000265001,
    "FlipAngle": 90,
    "ImageType": [
      "ORIGINAL",
      "PRIMARY",
      "M",
      "ND",
      "MOSAIC"
    ],
    "MagneticFieldStrength": 3,
    "Manufacturer": "Siemens",
    "ManufacturersModelName": "TrioTim",
    "PhaseEncodingDirection": "j",
    "ProcedureStepDescription": "Studies_bbsrc_age",
    "ProtocolName": "ep2d_bold_PtoA_iPAT2_block_4",
    "RepetitionTime": 2,
    "TaskName": "Emoreg Run4",
    "dataset": "ds002366",
    "modality": "bold",
    "session_id": "1",
    "subject_id": "ER021",
    "task_id": "emoregRun4"
  },
  "dummy_trs": 0,
  "dvars_nstd": 85.7952814191905,
  "dvars_std": 1.1571545976190476,
  "dvars_vstd": 0.994135580714286,
  "efc": 0.5544807137351075,
  "fber": 737.530029296875,
  "fd_mean": 0.5546153333320473,
  "fd_num": 203,
  "fd_perc": 96.2085308056872,
  "fwhm_avg": 1.8075371248254444,
  "fwhm_x": 1.8172433333333335,
  "fwhm_y": 1.9444833333333333,
  "fwhm_z": 1.6608847078096665,
  "gcor": 0.0156409,
  "gsr_x": -0.005111780017614365,
  "gsr_y": 0.03380435332655907,
  "provenance": {
    "md5sum": "3ab2f9523003acf4d23acaf047d1274a",
    "settings": {
      "fd_thres": 0.2,
      "testing": false
    },
    "software": "mriqc",
    "version": "23.0.1",
    "webapi_port": null,
    "webapi_url": "https://mriqc.nimh.nih.gov/api/v1"
  },
  "size_t": 211,
  "size_x": 64,
  "size_y": 64,
  "size_z": 30,
  "snr": 4.776408053343594,
  "spacing_tr": 2.0,
  "spacing_x": 3.0,
  "spacing_y": 3.0,
  "spacing_z": 3.990000009536743,
  "summary_bg_k": 236.47444197201548,
  "summary_bg_mad": 8.03837644556611,
  "summary_bg_mean": 44.565574645996094,
  "summary_bg_median": 31.445499420166016,
  "summary_bg_n": 66230.0,
  "summary_bg_p05": 24.113744735717773,
  "summary_bg_p95": 97.2400527954101,
  "summary_bg_stdv": 56.90426254272461,
  "summary_fg_k": 1.2812624054713782,
  "summary_fg_mad": 149.4793146903861,
  "summary_fg_mean": 882.4723510742188,
  "summary_fg_median": 859.4739379882812,
  "summary_fg_n": 26574.0,
  "summary_fg_p05": 629.1329345703125,
  "summary_fg_p95": 1214.0728332519532,
  "summary_fg_stdv": 179.93809509277344,
  "tsnr": 27.85647085402161
}