{
  "aor": 0.0014281990521327014,
  "aqi": 0.029721808530805683,
  "bids_meta": {
    "AcquisitionDateTime": "2013-06-28T10:24:22.484375",
    "ConversionSoftware": "dcm2niix",
    "ConversionSoftwareVersion": "v1.0.20170207",
    "EchoTime": 0.03,
    "EffectiveEchoSpacing": 0.000265001,
    "FlipAngle": 90,
    "ImageType": [
      "ORIGINAL",
      "PRIMARY",
      "M",
      "ND",
      "MOSAIC"
    ],
    "MagneticFieldStrength": 3,
    "Manufacturer": "Siemens",
    "ManufacturersModelName": "TrioTim",
    "PhaseEncodingDirection": "j",
    "ProcedureStepDescription": "Studies_bbsrc_age",
    "ProtocolName": "ep2d_bold_PtoA_iPAT2_block_1",
    "RepetitionTime": 2,
    "TaskName": "Emoreg Run1",
    "dataset": "ds002366",
    "modality": "bold",
    "session_id": "1",
    "subject_id": "ER006",
    "task_id": "emoregRun1"
  },
  "dummy_trs": 0,
  "dvars_nstd": 63.29196479452379,
  "dvars_std": 1.1130529282857136,
  "dvars_vstd": 0.9930357011904758,
  "efc": 0.6265427748684659,
  "fber": 488.05877685546875,
  "fd_mean": 0.5186648104233018,
  "fd_num": 200,
  "fd_perc": 94.7867298578199,
  "fwhm_avg": 1.8303911097784635,
  "fwhm_x": 1.8177833333333335,
  "fwhm_y": 2.000723333333333,
  "fwhm_z": 1.6726666626687237,
  "gcor": 0.0134188,
  "gsr_x": 0.004628174938261509,
  "gsr_y": 0.049138814210891724,
  "provenance": {
    "md5sum": "279101fa689227d488c8540e92a1373a",
    "settings": {
      "fd_thres": 0.2,
      "testing": false
    },
    "software": "mriqc",
    "version": "23.0.1",
    "webapi_port": null,
    "webapi_url": "https://mriqc.nimh.nih.gov/api/v1"
  },
  "size_t": 211,
  "size_x": 64,
  "size_y": 64,
  "size_z": 30,
  "snr": 5.396335705457872,
  "spacing_tr": 2.0,
  "spacing_x": 3.0,
  "spacing_y": 3.0,
  "spacing_z": 3.990000009536743,
  "summary_bg_k": 155.0978132565929,
  "summary_bg_mad": 15.465436243808414,
  "summary_bg_mean": 65.47794342041016,
  "summary_bg_median": 40.63507080078125,
  "summary_bg_n": 57679.0,
  "summary_bg_p05": 27.568721771240234,
  "summary_bg_p95": 182.44076538085938,
  "summary_bg_stdv": 81.48355865478516,
  "summary_fg_k": 1.2814537524270886,
  "summary_fg_mad": 142.43170568271682,
  "summary_fg_mean": 922.636474609375,
  "summary_fg_median": 906.718017578125,
  "summary_fg_n": 33832.0,
  "summary_fg_p05": 680.0415008544921,
  "summary_fg_p95": 1223.44155883789,
  "summary_fg_stdv": 168.02227783203125,
  "tsnr": 26.93758052762132
}