{
  "aor": 0.0017525592417061608,
  "aqi": 0.023441081516587674,
  "bids_meta": {
    "AcquisitionDateTime": "2013-10-07T14:00:56.156250",
    "ConversionSoftware": "dcm2niix",
    "ConversionSoftwareVersion": "v1.0.20170207",
    "EchoTime": 0.03,
    "EffectiveEchoSpacing": 0.000265001,
    "FlipAngle": 90,
    "ImageType": [
      "ORIGINAL",
      "PRIMARY",
      "M",
      "ND",
      "MOSAIC"
    ],
    "MagneticFieldStrength": 3,
    "Manufacturer": "Siemens",
    "ManufacturersModelName": "TrioTim",
    "PhaseEncodingDirection": "j",
    "ProcedureStepDescription": "Studies_bbsrc_age",
    "ProtocolName": "ep2d_bold_PtoA_iPAT2_block_2",
    "RepetitionTime": 2,
    "TaskName": "Emoreg Run2",
    "dataset": "ds002366",
    "modality": "bold",
    "session_id": "1",
    "subject_id": "ER024",
    "task_id": "emoregRun2"
  },
  "dummy_trs": 0,
  "dvars_nstd": 46.204070935714284,
  "dvars_std": 1.1095206592380948,
  "dvars_vstd": 0.9905026246190483,
  "efc": 0.5468831629444725,
  "fber": 830.0193481445312,
  "fd_mean": 0.3237069112758963,
  "fd_num": 169,
  "fd_perc": 80.09478672985782,
  "fwhm_avg": 1.9274097646968638,
  "fwhm_x": 1.94037,
  "fwhm_y": 2.103473333333333,
  "fwhm_z": 1.738385960757258,
  "gcor": 0.0196176,
  "gsr_x": 0.002378307282924652,
  "gsr_y": 0.0279429592192173,
  "provenance": {
    "md5sum": "f8a8167a8eda0f5a45be63eb423dd35c",
    "settings": {
      "fd_thres": 0.2,
      "testing": false
    },
    "software": "mriqc",
    "version": "23.0.1",
    "webapi_port": null,
    "webapi_url": "https://mriqc.nimh.nih.gov/api/v1"
  },
  "size_t": 211,
  "size_x": 64,
  "size_y": 64,
  "size_z": 30,
  "snr": 5.768192750955866,
  "spacing_tr": 2.0,
  "spacing_x": 3.0,
  "spacing_y": 3.0,
  "spacing_z": 3.990000009536743,
  "summary_bg_k": 52.15839982065483,
  "summary_bg_mad": 7.8135236303152285,
  "summary_bg_mean": 41.414005279541016,
  "summary_bg_median": 29.7298583984375,
  "summary_bg_n": 67863.0,
  "summary_bg_p05": 22.052133560180664,
  "summary_bg_p95": 98.54455490112302,
  "summary_bg_stdv": 38.974456787109375,
  "summary_fg_k": 1.1875618821976905,
  "summary_fg_mad": 127.79191368355464,
  "summary_fg_mean": 865.0873413085938,
  "summary_fg_median": 855.3696899414062,
  "summary_fg_n": 25537.0,
  "summary_fg_p05": 630.5990844726563,
  "summary_fg_p95": 1117.68916015625,
  "summary_fg_stdv": 148.28785705566406,
  "tsnr": 31.725486298499163
}