{
  "aor": 0.0014083886255924168,
  "aqi": 0.018697010900473935,
  "bids_meta": {
    "AcquisitionDateTime": "2013-10-07T13:53:4.078125",
    "ConversionSoftware": "dcm2niix",
    "ConversionSoftwareVersion": "v1.0.20170207",
    "EchoTime": 0.03,
    "EffectiveEchoSpacing": 0.000265001,
    "FlipAngle": 90,
    "ImageType": [
      "ORIGINAL",
      "PRIMARY",
      "M",
      "ND",
      "MOSAIC"
    ],
    "MagneticFieldStrength": 3,
    "Manufacturer": "Siemens",
    "ManufacturersModelName": "TrioTim",
    "PhaseEncodingDirection": "j",
    "ProcedureStepDescription": "Studies_bbsrc_age",
    "ProtocolName": "ep2d_bold_PtoA_iPAT2_block_1",
    "RepetitionTime": 2,
    "TaskName": "Emoreg Run1",
    "dataset": "ds002366",
    "modality": "bold",
    "session_id": "1",
    "subject_id": "ER024",
    "task_id": "emoregRun1"
  },
  "dummy_trs": 0,
  "dvars_nstd": 44.757477151809496,
  "dvars_std": 1.1245120012857148,
  "dvars_vstd": 0.9994521719047617,
  "efc": 0.5464019532295047,
  "fber": 819.1752319335938,
  "fd_mean": 0.3248608720503665,
  "fd_num": 152,
  "fd_perc": 72.03791469194313,
  "fwhm_avg": 1.922490090494092,
  "fwhm_x": 1.9125433333333335,
  "fwhm_y": 2.0948166666666665,
  "fwhm_z": 1.7601102714822758,
  "gcor": 0.017068,
  "gsr_x": 0.0026881140656769276,
  "gsr_y": 0.02850828692317009,
  "provenance": {
    "md5sum": "0e5561d2b845ec000a83fd4017c9c762",
    "settings": {
      "fd_thres": 0.2,
      "testing": false
    },
    "software": "mriqc",
    "version": "23.0.1",
    "webapi_port": null,
    "webapi_url": "https://mriqc.nimh.nih.gov/api/v1"
  },
  "size_t": 211,
  "size_x": 64,
  "size_y": 64,
  "size_z": 30,
  "snr": 5.678961511550329,
  "spacing_tr": 2.0,
  "spacing_x": 3.0,
  "spacing_y": 3.0,
  "spacing_z": 3.990000009536743,
  "summary_bg_k": 46.31923111597088,
  "summary_bg_mad": 8.270250785834826,
  "summary_bg_mean": 41.36092758178711,
  "summary_bg_median": 29.76303482055664,
  "summary_bg_n": 67939.0,
  "summary_bg_p05": 21.459716796875,
  "summary_bg_p95": 98.62275314331052,
  "summary_bg_stdv": 38.366416931152344,
  "summary_fg_k": 1.0924180224400901,
  "summary_fg_mad": 131.55809795071124,
  "summary_fg_mean": 864.1658935546875,
  "summary_fg_median": 854.7133178710938,
  "summary_fg_n": 25460.0,
  "summary_fg_p05": 627.9002746582031,
  "summary_fg_p95": 1121.4691955566404,
  "summary_fg_stdv": 150.50225830078125,
  "tsnr": 35.05105284578167
}