{
  "aor": 0.0017737914691943128,
  "aqi": 0.02352554597156398,
  "bids_meta": {
    "AcquisitionDateTime": "2013-11-19T11:22:44.203125",
    "ConversionSoftware": "dcm2niix",
    "ConversionSoftwareVersion": "v1.0.20170207",
    "EchoTime": 0.03,
    "EffectiveEchoSpacing": 0.000265001,
    "FlipAngle": 90,
    "ImageType": [
      "ORIGINAL",
      "PRIMARY",
      "M",
      "ND",
      "MOSAIC"
    ],
    "MagneticFieldStrength": 3,
    "Manufacturer": "Siemens",
    "ManufacturersModelName": "TrioTim",
    "PhaseEncodingDirection": "j",
    "ProcedureStepDescription": "Studies_bbsrc_age",
    "ProtocolName": "ep2d_bold_PtoA_iPAT2_block_2",
    "RepetitionTime": 2,
    "TaskName": "Emoreg Run2",
    "dataset": "ds002366",
    "modality": "bold",
    "session_id": "1",
    "subject_id": "ER048",
    "task_id": "emoregRun2"
  },
  "dummy_trs": 0,
  "dvars_nstd": 41.50022899100001,
  "dvars_std": 1.0080253559047614,
  "dvars_vstd": 0.9863966831904766,
  "efc": 0.5601729783392349,
  "fber": 260.43328857421875,
  "fd_mean": 0.2712726135048212,
  "fd_num": 111,
  "fd_perc": 52.60663507109005,
  "fwhm_avg": 1.8204740338101713,
  "fwhm_x": 1.8419299999999998,
  "fwhm_y": 2.0159833333333332,
  "fwhm_z": 1.60350876809718,
  "gcor": 0.0159215,
  "gsr_x": 0.0012478145072236657,
  "gsr_y": 0.03072931058704853,
  "provenance": {
    "md5sum": "b18a39ba5053523d82ec7081c01724ed",
    "settings": {
      "fd_thres": 0.2,
      "testing": false
    },
    "software": "mriqc",
    "version": "23.0.1",
    "webapi_port": null,
    "webapi_url": "https://mriqc.nimh.nih.gov/api/v1"
  },
  "size_t": 211,
  "size_x": 64,
  "size_y": 64,
  "size_z": 30,
  "snr": 5.267100300633099,
  "spacing_tr": 2.0,
  "spacing_x": 3.0,
  "spacing_y": 3.0,
  "spacing_z": 3.990000009536743,
  "summary_bg_k": 70.2442741038195,
  "summary_bg_mad": 8.368622832067343,
  "summary_bg_mean": 61.67407989501953,
  "summary_bg_median": 48.11848449707031,
  "summary_bg_n": 73656.0,
  "summary_bg_p05": 38.050950050354004,
  "summary_bg_p95": 130.15048217773438,
  "summary_bg_stdv": 49.31360626220703,
  "summary_fg_k": 1.432743023865668,
  "summary_fg_mad": 133.03368712771695,
  "summary_fg_mean": 797.5247192382812,
  "summary_fg_median": 782.0521850585938,
  "summary_fg_n": 20631.0,
  "summary_fg_p05": 584.2701721191406,
  "summary_fg_p95": 1054.0877075195312,
  "summary_fg_stdv": 148.47509765625,
  "tsnr": 28.322282632580027
}