{
  "aor": 0.0011116587677725118,
  "aqi": 0.01051271682464455,
  "bids_meta": {
    "AcquisitionDateTime": "2013-10-07T12:06:40.554688",
    "ConversionSoftware": "dcm2niix",
    "ConversionSoftwareVersion": "v1.0.20170207",
    "EchoTime": 0.03,
    "EffectiveEchoSpacing": 0.000265001,
    "FlipAngle": 90,
    "ImageType": [
      "ORIGINAL",
      "PRIMARY",
      "M",
      "ND",
      "MOSAIC"
    ],
    "MagneticFieldStrength": 3,
    "Manufacturer": "Siemens",
    "ManufacturersModelName": "TrioTim",
    "PhaseEncodingDirection": "j",
    "ProcedureStepDescription": "Studies_bbsrc_age",
    "ProtocolName": "ep2d_bold_PtoA_iPAT2_block_2",
    "RepetitionTime": 2,
    "TaskName": "Emoreg Run2",
    "dataset": "ds002366",
    "modality": "bold",
    "session_id": "1",
    "subject_id": "ER040",
    "task_id": "emoregRun2"
  },
  "dummy_trs": 0,
  "dvars_nstd": 40.419568125428576,
  "dvars_std": 1.101996176619048,
  "dvars_vstd": 1.009878073904762,
  "efc": 0.5641283236980058,
  "fber": 789.9554443359375,
  "fd_mean": 0.19644545244637066,
  "fd_num": 86,
  "fd_perc": 40.758293838862556,
  "fwhm_avg": 1.8922146184835664,
  "fwhm_x": 1.8578333333333334,
  "fwhm_y": 2.0622666666666665,
  "fwhm_z": 1.7565438554506998,
  "gcor": 0.0087097,
  "gsr_x": -0.00473683699965477,
  "gsr_y": 0.024905888363718987,
  "provenance": {
    "md5sum": "8bc1ef01afb7d4d34160062868f60533",
    "settings": {
      "fd_thres": 0.2,
      "testing": false
    },
    "software": "mriqc",
    "version": "23.0.1",
    "webapi_port": null,
    "webapi_url": "https://mriqc.nimh.nih.gov/api/v1"
  },
  "size_t": 211,
  "size_x": 64,
  "size_y": 64,
  "size_z": 30,
  "snr": 5.0394714000520935,
  "spacing_tr": 2.0,
  "spacing_x": 3.0,
  "spacing_y": 3.0,
  "spacing_z": 3.990000009536743,
  "summary_bg_k": 115.87481979724359,
  "summary_bg_mad": 7.750281831886389,
  "summary_bg_mean": 50.235408782958984,
  "summary_bg_median": 33.94313049316406,
  "summary_bg_n": 65489.0,
  "summary_bg_p05": 26.85308074951172,
  "summary_bg_p95": 121.86066589355464,
  "summary_bg_stdv": 59.60713577270508,
  "summary_fg_k": 2.2882040982528933,
  "summary_fg_mad": 149.48990212077945,
  "summary_fg_mean": 975.806884765625,
  "summary_fg_median": 961.40283203125,
  "summary_fg_n": 27518.0,
  "summary_fg_p05": 702.5585510253907,
  "summary_fg_p95": 1305.161456298828,
  "summary_fg_stdv": 190.7710723876953,
  "tsnr": 42.027643121313304
}