{
  "aor": 0.0009506635071090048,
  "aqi": 0.01316253251184834,
  "bids_meta": {
    "AcquisitionDateTime": "2013-10-07T12:22:53.257812",
    "ConversionSoftware": "dcm2niix",
    "ConversionSoftwareVersion": "v1.0.20170207",
    "EchoTime": 0.03,
    "EffectiveEchoSpacing": 0.000265001,
    "FlipAngle": 90,
    "ImageType": [
      "ORIGINAL",
      "PRIMARY",
      "M",
      "ND",
      "MOSAIC"
    ],
    "MagneticFieldStrength": 3,
    "Manufacturer": "Siemens",
    "ManufacturersModelName": "TrioTim",
    "PhaseEncodingDirection": "j",
    "ProcedureStepDescription": "Studies_bbsrc_age",
    "ProtocolName": "ep2d_bold_PtoA_iPAT2_block_4",
    "RepetitionTime": 2,
    "TaskName": "Emoreg Run4",
    "dataset": "ds002366",
    "modality": "bold",
    "session_id": "1",
    "subject_id": "ER040",
    "task_id": "emoregRun4"
  },
  "dummy_trs": 0,
  "dvars_nstd": 40.80057471138096,
  "dvars_std": 1.0879421704761905,
  "dvars_vstd": 1.000327203142857,
  "efc": 0.5655862161912596,
  "fber": 789.9043579101562,
  "fd_mean": 0.24167839982033637,
  "fd_num": 119,
  "fd_perc": 56.39810426540284,
  "fwhm_avg": 1.8865618950230318,
  "fwhm_x": 1.8564933333333336,
  "fwhm_y": 2.0652500000000003,
  "fwhm_z": 1.737942351735762,
  "gcor": 0.0122457,
  "gsr_x": -0.005908591207116842,
  "gsr_y": 0.02582540363073349,
  "provenance": {
    "md5sum": "90072b2b06a6797236fba68a20209877",
    "settings": {
      "fd_thres": 0.2,
      "testing": false
    },
    "software": "mriqc",
    "version": "23.0.1",
    "webapi_port": null,
    "webapi_url": "https://mriqc.nimh.nih.gov/api/v1"
  },
  "size_t": 211,
  "size_x": 64,
  "size_y": 64,
  "size_z": 30,
  "snr": 5.06829795386134,
  "spacing_tr": 2.0,
  "spacing_x": 3.0,
  "spacing_y": 3.0,
  "spacing_z": 3.990000009536743,
  "summary_bg_k": 100.66648315592995,
  "summary_bg_mad": 8.13674283612,
  "summary_bg_mean": 51.5444221496582,
  "summary_bg_median": 34.23222732543945,
  "summary_bg_n": 65395.0,
  "summary_bg_p05": 26.88151741027832,
  "summary_bg_p95": 126.90995788574219,
  "summary_bg_stdv": 61.89690017700195,
  "summary_fg_k": 2.332160812692331,
  "summary_fg_mad": 149.66201573281546,
  "summary_fg_mean": 984.0016479492188,
  "summary_fg_median": 969.5189819335938,
  "summary_fg_n": 27540.0,
  "summary_fg_p05": 713.7917602539062,
  "summary_fg_p95": 1313.1922790527342,
  "summary_fg_stdv": 191.28736877441406,
  "tsnr": 39.031015161657706
}