{
  "aor": 0.004638436018957346,
  "aqi": 0.01674690663507109,
  "bids_meta": {
    "AcquisitionDateTime": "2013-10-07T11:58:52.515625",
    "ConversionSoftware": "dcm2niix",
    "ConversionSoftwareVersion": "v1.0.20170207",
    "EchoTime": 0.03,
    "EffectiveEchoSpacing": 0.000265001,
    "FlipAngle": 90,
    "ImageType": [
      "ORIGINAL",
      "PRIMARY",
      "M",
      "ND",
      "MOSAIC"
    ],
    "MagneticFieldStrength": 3,
    "Manufacturer": "Siemens",
    "ManufacturersModelName": "TrioTim",
    "PhaseEncodingDirection": "j",
    "ProcedureStepDescription": "Studies_bbsrc_age",
    "ProtocolName": "ep2d_bold_PtoA_iPAT2_block_1",
    "RepetitionTime": 2,
    "TaskName": "Emoreg Run1",
    "dataset": "ds002366",
    "modality": "bold",
    "session_id": "1",
    "subject_id": "ER040",
    "task_id": "emoregRun1"
  },
  "dummy_trs": 0,
  "dvars_nstd": 42.33303079123811,
  "dvars_std": 1.1409253894285716,
  "dvars_vstd": 1.0592004873333334,
  "efc": 0.5659710888742449,
  "fber": 762.5064697265625,
  "fd_mean": 0.26720501710362127,
  "fd_num": 135,
  "fd_perc": 63.981042654028435,
  "fwhm_avg": 1.8982653954522684,
  "fwhm_x": 1.8841266666666667,
  "fwhm_y": 2.0871933333333335,
  "fwhm_z": 1.7234761863568044,
  "gcor": 0.0189718,
  "gsr_x": -0.006227326579391956,
  "gsr_y": 0.028074629604816437,
  "provenance": {
    "md5sum": "2318942ff2fc9a3eb914432a09321a52",
    "settings": {
      "fd_thres": 0.2,
      "testing": false
    },
    "software": "mriqc",
    "version": "23.0.1",
    "webapi_port": null,
    "webapi_url": "https://mriqc.nimh.nih.gov/api/v1"
  },
  "size_t": 211,
  "size_x": 64,
  "size_y": 64,
  "size_z": 30,
  "snr": 4.950115924641205,
  "spacing_tr": 2.0,
  "spacing_x": 3.0,
  "spacing_y": 3.0,
  "spacing_z": 3.990000009536743,
  "summary_bg_k": 114.53960059232806,
  "summary_bg_mad": 10.21660451271717,
  "summary_bg_mean": 51.89944839477539,
  "summary_bg_median": 34.57345962524414,
  "summary_bg_n": 65401.0,
  "summary_bg_p05": 24.132701873779297,
  "summary_bg_p95": 130.12796020507812,
  "summary_bg_stdv": 61.97394561767578,
  "summary_fg_k": 2.243872401430787,
  "summary_fg_mad": 152.05459402000346,
  "summary_fg_mean": 973.2483520507812,
  "summary_fg_median": 960.2417602539062,
  "summary_fg_n": 27733.0,
  "summary_fg_p05": 690.22275390625,
  "summary_fg_p95": 1306.5308349609375,
  "summary_fg_stdv": 193.98019409179688,
  "tsnr": 34.11591318453429
}