{
  "bids_meta": {
    "AcquisitionDateTime": "2014-01-28T10:57:27.812500",
    "ConversionSoftware": "dcm2niix",
    "ConversionSoftwareVersion": "v1.0.20170207",
    "EchoTime": 0.00302,
    "FlipAngle": 9,
    "ImageType": [
      "ORIGINAL",
      "PRIMARY",
      "M",
      "ND",
      "NORM"
    ],
    "MagneticFieldStrength": 3,
    "Manufacturer": "Siemens",
    "ManufacturersModelName": "TrioTim",
    "PhaseEncodingDirection": "i-",
    "ProcedureStepDescription": "Studies_bbsrc_age",
    "ProtocolName": "MPRAGE",
    "RepetitionTime": 2.02,
    "dataset": "ds002366",
    "modality": "T1w",
    "session_id": "1",
    "subject_id": "ER051"
  },
  "cjv": 0.40950435089855086,
  "cnr": 3.3637775691320275,
  "efc": 0.5114945747467305,
  "fber": 14495.889439464716,
  "fwhm_avg": 4.271210666666667,
  "fwhm_x": 4.30368,
  "fwhm_y": 4.56925184,
  "fwhm_z": 3.94070016,
  "icvs_csf": 0.2568157024569024,
  "icvs_gm": 0.4026063472241075,
  "icvs_wm": 0.3405779503189901,
  "inu_med": 0.6055945158004761,
  "inu_range": 0.3139162212610245,
  "provenance": {
    "md5sum": "3ab95267e7554f4aef68516995bccb40",
    "settings": {
      "testing": false
    },
    "software": "mriqc",
    "version": "23.0.1",
    "warnings": {
      "large_rot_frame": true,
      "small_air_mask": false
    },
    "webapi_port": null,
    "webapi_url": "https://mriqc.nimh.nih.gov/api/v1"
  },
  "qi_1": 0.0,
  "qi_2": 0.005539121701778705,
  "rpve_csf": 24.961761249244265,
  "rpve_gm": 15.224964570627856,
  "rpve_wm": 20.6144036145075,
  "size_x": 192,
  "size_y": 256,
  "size_z": 256,
  "snr_csf": 2.5724542738583813,
  "snr_gm": 13.050151905170397,
  "snr_total": 12.193948575845356,
  "snr_wm": 20.95923954850729,
  "snrd_csf": 19.950515628188146,
  "snrd_gm": 53.351177753899755,
  "snrd_total": 48.22875609876143,
  "snrd_wm": 71.38457491419639,
  "spacing_x": 1.0,
  "spacing_y": 0.9765625,
  "spacing_z": 0.9765625,
  "summary_bg_k": 10.11151705874685,
  "summary_bg_mad": 0.0,
  "summary_bg_mean": 5.481734658773434,
  "summary_bg_median": 0.0,
  "summary_bg_n": 3636725.0,
  "summary_bg_p05": 0.0,
  "summary_bg_p95": 23.93384427204728,
  "summary_bg_stdv": 9.177791668167178,
  "summary_csf_k": 1.0765833270626048,
  "summary_csf_mad": 84.11795998632903,
  "summary_csf_mean": 283.7938497404019,
  "summary_csf_median": 279.4863422457129,
  "summary_csf_n": 54272.0,
  "summary_csf_p05": 90.81619761306793,
  "summary_csf_p95": 478.58819530820466,
  "summary_csf_stdv": 108.64479505319096,
  "summary_gm_k": 0.11072230872671973,
  "summary_gm_mad": 57.56024210425157,
  "summary_gm_mean": 744.8643873459353,
  "summary_gm_median": 747.3954960778356,
  "summary_gm_n": 12773.0,
  "summary_gm_p05": 647.5029251620174,
  "summary_gm_p95": 834.4717182341963,
  "summary_gm_stdv": 57.2687769526151,
  "summary_wm_k": 0.31190288177758907,
  "summary_wm_mad": 45.89262546149787,
  "summary_wm_mean": 1000.878922633574,
  "summary_wm_median": 1000.0249671414495,
  "summary_wm_n": 164632.0,
  "summary_wm_p05": 923.9263349361718,
  "summary_wm_p95": 1080.8454120475799,
  "summary_wm_stdv": 47.71270101045245,
  "tpm_overlap_csf": 0.14651083907466309,
  "tpm_overlap_gm": 0.4397195747923893,
  "tpm_overlap_wm": 0.5004048052532053,
  "wm2max": 0.8172148384067291
}