{
  "bids_meta": {
    "AcquisitionDateTime": "2013-07-30T13:57:0.859375",
    "ConversionSoftware": "dcm2niix",
    "ConversionSoftwareVersion": "v1.0.20170207",
    "EchoTime": 0.00302,
    "FlipAngle": 9,
    "ImageType": [
      "ORIGINAL",
      "PRIMARY",
      "M",
      "ND",
      "NORM"
    ],
    "MagneticFieldStrength": 3,
    "Manufacturer": "Siemens",
    "ManufacturersModelName": "TrioTim",
    "PhaseEncodingDirection": "i-",
    "ProcedureStepDescription": "Studies_bbsrc_age",
    "ProtocolName": "MPRAGE",
    "RepetitionTime": 2.02,
    "dataset": "ds002366",
    "modality": "T1w",
    "session_id": "1",
    "subject_id": "ER019"
  },
  "cjv": 0.4095082817837242,
  "cnr": 3.26905888078137,
  "efc": 0.5457316849568524,
  "fber": 18765.69894033967,
  "fwhm_avg": 4.303592533333333,
  "fwhm_x": 4.3464,
  "fwhm_y": 4.46787584,
  "fwhm_z": 4.09650176,
  "icvs_csf": 0.2803144413072611,
  "icvs_gm": 0.37874810823796146,
  "icvs_wm": 0.34093745045477747,
  "inu_med": 0.5123174786567688,
  "inu_range": 0.1955001533031464,
  "provenance": {
    "md5sum": "6b84351c7b72eedfa76f39b3ebd3d4a4",
    "settings": {
      "testing": false
    },
    "software": "mriqc",
    "version": "23.0.1",
    "warnings": {
      "large_rot_frame": true,
      "small_air_mask": false
    },
    "webapi_port": null,
    "webapi_url": "https://mriqc.nimh.nih.gov/api/v1"
  },
  "qi_1": 0.0,
  "qi_2": 0.012157129034304706,
  "rpve_csf": 21.097441471487233,
  "rpve_gm": 14.306862329426837,
  "rpve_wm": 18.787272579694807,
  "size_x": 192,
  "size_y": 256,
  "size_z": 256,
  "snr_csf": 3.108747991560774,
  "snr_gm": 12.241674146214166,
  "snr_total": 12.565138998290776,
  "snr_wm": 22.344994857097387,
  "snrd_csf": 38.2079325839748,
  "snrd_gm": 100.80898927602759,
  "snrd_total": 91.11543444890889,
  "snrd_wm": 134.32938148672426,
  "spacing_x": 1.0,
  "spacing_y": 0.9765625,
  "spacing_z": 0.9765625,
  "summary_bg_k": 11.579250543824028,
  "summary_bg_mad": 4.877306291584434,
  "summary_bg_mean": 5.288296378703476,
  "summary_bg_median": 3.2896931022405624,
  "summary_bg_n": 3619927.0,
  "summary_bg_p05": 0.0,
  "summary_bg_p95": 21.205183915793896,
  "summary_bg_stdv": 8.131548415668659,
  "summary_csf_k": 1.6720549695778395,
  "summary_csf_mad": 67.9362629736575,
  "summary_csf_mean": 288.35804316067185,
  "summary_csf_median": 284.44731506332755,
  "summary_csf_n": 91458.0,
  "summary_csf_p05": 132.65131743382662,
  "summary_csf_p95": 449.5132233822717,
  "summary_csf_stdv": 91.49849417210316,
  "summary_gm_k": 0.19122022326567878,
  "summary_gm_mad": 59.84586638863062,
  "summary_gm_mean": 747.3862850499438,
  "summary_gm_median": 750.4945804327726,
  "summary_gm_n": 14282.0,
  "summary_gm_p05": 642.0680739954114,
  "summary_gm_p95": 842.6248808031901,
  "summary_gm_stdv": 61.3043850757403,
  "summary_wm_k": 0.4525200950818071,
  "summary_wm_mad": 42.346882328959445,
  "summary_wm_mean": 998.9465364492432,
  "summary_wm_median": 1000.0444754250348,
  "summary_wm_n": 184437.0,
  "summary_wm_p05": 925.1150467246771,
  "summary_wm_p95": 1072.0620811767876,
  "summary_wm_stdv": 44.75462047512429,
  "tpm_overlap_csf": 0.15903420898918114,
  "tpm_overlap_gm": 0.44181210907268137,
  "tpm_overlap_wm": 0.5000758529829242,
  "wm2max": 0.8895017793594306
}