{
  "aor": 0.0006663333333333333,
  "aqi": 0.012332028428571428,
  "bids_meta": {
    "AcquisitionDateTime": "2013-07-12T12:39:42.820312",
    "ConversionSoftware": "dcm2niix",
    "ConversionSoftwareVersion": "v1.0.20170207",
    "EchoTime": 0.03,
    "EffectiveEchoSpacing": 0.000265001,
    "FlipAngle": 90,
    "ImageType": [
      "ORIGINAL",
      "PRIMARY",
      "M",
      "ND",
      "MOSAIC"
    ],
    "MagneticFieldStrength": 3,
    "Manufacturer": "Siemens",
    "ManufacturersModelName": "TrioTim",
    "PhaseEncodingDirection": "j",
    "ProcedureStepDescription": "Studies_bbsrc_age",
    "ProtocolName": "ep2d_bold_PtoA_iPAT2_block_4",
    "RepetitionTime": 2,
    "TaskName": "Emoreg Run4",
    "dataset": "ds002366",
    "modality": "bold",
    "session_id": "1",
    "subject_id": "ER009",
    "task_id": "emoregRun4"
  },
  "dummy_trs": 1,
  "dvars_nstd": 47.89466742923447,
  "dvars_std": 1.1203901847846887,
  "dvars_vstd": 1.0080160310047843,
  "efc": 0.5840792416335886,
  "fber": 550.8236694335938,
  "fd_mean": 0.34864513287690474,
  "fd_num": 193,
  "fd_perc": 91.9047619047619,
  "fwhm_avg": 1.8636500822150381,
  "fwhm_x": 1.83287,
  "fwhm_y": 2.0923133333333332,
  "fwhm_z": 1.6657669133117818,
  "gcor": 0.00674569,
  "gsr_x": 0.007145327981561422,
  "gsr_y": 0.04332980513572693,
  "provenance": {
    "md5sum": "32a695ccdd14f87db0d4fea383962b2f",
    "settings": {
      "fd_thres": 0.2,
      "testing": false
    },
    "software": "mriqc",
    "version": "23.0.1",
    "webapi_port": null,
    "webapi_url": "https://mriqc.nimh.nih.gov/api/v1"
  },
  "size_t": 210,
  "size_x": 64,
  "size_y": 64,
  "size_z": 30,
  "snr": 4.954015379268398,
  "spacing_tr": 2.0,
  "spacing_x": 3.0,
  "spacing_y": 3.0,
  "spacing_z": 3.990000009536743,
  "summary_bg_k": 37.804530736490875,
  "summary_bg_mad": 9.283915238660942,
  "summary_bg_mean": 54.890228271484375,
  "summary_bg_median": 38.55714416503906,
  "summary_bg_n": 63906.0,
  "summary_bg_p05": 30.004762649536133,
  "summary_bg_p95": 134.0500030517578,
  "summary_bg_stdv": 49.482173919677734,
  "summary_fg_k": 1.4528289877648604,
  "summary_fg_mad": 150.75948885940457,
  "summary_fg_mean": 927.9591064453125,
  "summary_fg_median": 907.4095458984375,
  "summary_fg_n": 29241.0,
  "summary_fg_p05": 667.7857666015625,
  "summary_fg_p95": 1255.7191162109375,
  "summary_fg_stdv": 183.16334533691406,
  "tsnr": 39.34570424398407
}