{
  "aor": 0.0012063981042654032,
  "aqi": 0.012671020710900474,
  "bids_meta": {
    "AcquisitionDateTime": "2013-07-12T12:15:16.562500",
    "ConversionSoftware": "dcm2niix",
    "ConversionSoftwareVersion": "v1.0.20170207",
    "EchoTime": 0.03,
    "EffectiveEchoSpacing": 0.000265001,
    "FlipAngle": 90,
    "ImageType": [
      "ORIGINAL",
      "PRIMARY",
      "M",
      "ND",
      "MOSAIC"
    ],
    "MagneticFieldStrength": 3,
    "Manufacturer": "Siemens",
    "ManufacturersModelName": "TrioTim",
    "PhaseEncodingDirection": "j",
    "ProcedureStepDescription": "Studies_bbsrc_age",
    "ProtocolName": "ep2d_bold_PtoA_iPAT2_block_1",
    "RepetitionTime": 2,
    "TaskName": "Emoreg Run1",
    "dataset": "ds002366",
    "modality": "bold",
    "session_id": "1",
    "subject_id": "ER009",
    "task_id": "emoregRun1"
  },
  "dummy_trs": 0,
  "dvars_nstd": 43.76397227319047,
  "dvars_std": 1.0878571122857144,
  "dvars_vstd": 1.0034390749999995,
  "efc": 0.5839210967587548,
  "fber": 554.4508666992188,
  "fd_mean": 0.345408945214074,
  "fd_num": 179,
  "fd_perc": 84.83412322274881,
  "fwhm_avg": 1.902255111396616,
  "fwhm_x": 1.85483,
  "fwhm_y": 2.1131333333333333,
  "fwhm_z": 1.7388020008565144,
  "gcor": 0.00745454,
  "gsr_x": 0.006159094627946615,
  "gsr_y": 0.044317297637462616,
  "provenance": {
    "md5sum": "e5d43ddba92b68f6f209f241c65569b8",
    "settings": {
      "fd_thres": 0.2,
      "testing": false
    },
    "software": "mriqc",
    "version": "23.0.1",
    "webapi_port": null,
    "webapi_url": "https://mriqc.nimh.nih.gov/api/v1"
  },
  "size_t": 211,
  "size_x": 64,
  "size_y": 64,
  "size_z": 30,
  "snr": 4.854273669871848,
  "spacing_tr": 2.0,
  "spacing_x": 3.0,
  "spacing_y": 3.0,
  "spacing_z": 3.990000009536743,
  "summary_bg_k": 36.54554045652333,
  "summary_bg_mad": 10.160392722824108,
  "summary_bg_mean": 54.28932571411133,
  "summary_bg_median": 38.39810562133789,
  "summary_bg_n": 63620.0,
  "summary_bg_p05": 28.194313049316406,
  "summary_bg_p95": 131.94455261230456,
  "summary_bg_stdv": 49.07392501831055,
  "summary_fg_k": 1.4318754886962495,
  "summary_fg_mad": 153.72686507700928,
  "summary_fg_mean": 929.4738159179688,
  "summary_fg_median": 908.1990966796875,
  "summary_fg_n": 29301.0,
  "summary_fg_p05": 663.8104248046875,
  "summary_fg_p95": 1264.7061767578125,
  "summary_fg_stdv": 187.08949279785156,
  "tsnr": 38.38528884103289
}