{
  "aor": 0.005132822966507177,
  "aqi": 0.01652396846889952,
  "bids_meta": {
    "AcquisitionDateTime": "2013-07-12T12:24:14.984375",
    "ConversionSoftware": "dcm2niix",
    "ConversionSoftwareVersion": "v1.0.20170207",
    "EchoTime": 0.03,
    "EffectiveEchoSpacing": 0.000265001,
    "FlipAngle": 90,
    "ImageType": [
      "ORIGINAL",
      "PRIMARY",
      "M",
      "ND",
      "MOSAIC"
    ],
    "MagneticFieldStrength": 3,
    "Manufacturer": "Siemens",
    "ManufacturersModelName": "TrioTim",
    "PhaseEncodingDirection": "j",
    "ProcedureStepDescription": "Studies_bbsrc_age",
    "ProtocolName": "ep2d_bold_PtoA_iPAT2_block_2",
    "RepetitionTime": 2,
    "TaskName": "Emoreg Run2",
    "dataset": "ds002366",
    "modality": "bold",
    "session_id": "1",
    "subject_id": "ER009",
    "task_id": "emoregRun2"
  },
  "dummy_trs": 2,
  "dvars_nstd": 48.19041270442305,
  "dvars_std": 1.1434655164903846,
  "dvars_vstd": 1.0440636687500005,
  "efc": 0.5841129387940662,
  "fber": 553.7406005859375,
  "fd_mean": 0.3857298141303883,
  "fd_num": 174,
  "fd_perc": 83.2535885167464,
  "fwhm_avg": 1.8939688958692884,
  "fwhm_x": 1.8523366666666667,
  "fwhm_y": 2.105226666666667,
  "fwhm_z": 1.7243433542745314,
  "gcor": 0.0158472,
  "gsr_x": 0.006542434450238943,
  "gsr_y": 0.04342857375741005,
  "provenance": {
    "md5sum": "7bff890012c3cc99645415bbf9ba2a97",
    "settings": {
      "fd_thres": 0.2,
      "testing": false
    },
    "software": "mriqc",
    "version": "23.0.1",
    "webapi_port": null,
    "webapi_url": "https://mriqc.nimh.nih.gov/api/v1"
  },
  "size_t": 209,
  "size_x": 64,
  "size_y": 64,
  "size_z": 30,
  "snr": 4.906828725224182,
  "spacing_tr": 2.0,
  "spacing_x": 3.0,
  "spacing_y": 3.0,
  "spacing_z": 3.990000009536743,
  "summary_bg_k": 40.86469594176845,
  "summary_bg_mad": 8.80339181531007,
  "summary_bg_mean": 54.56551742553711,
  "summary_bg_median": 38.464115142822266,
  "summary_bg_n": 63752.0,
  "summary_bg_p05": 30.636362075805664,
  "summary_bg_p95": 131.41363296508788,
  "summary_bg_stdv": 49.3166389465332,
  "summary_fg_k": 1.3857954860539508,
  "summary_fg_mad": 152.06246672465494,
  "summary_fg_mean": 931.0121459960938,
  "summary_fg_median": 908.9473266601562,
  "summary_fg_n": 29357.0,
  "summary_fg_p05": 667.063134765625,
  "summary_fg_p95": 1265.5990234375,
  "summary_fg_stdv": 185.23814392089844,
  "tsnr": 34.2750374362804
}