{
  "aor": 0.0006779523809523808,
  "aqi": 0.011891505285714286,
  "bids_meta": {
    "AcquisitionDateTime": "2013-07-12T12:31:56.960938",
    "ConversionSoftware": "dcm2niix",
    "ConversionSoftwareVersion": "v1.0.20170207",
    "EchoTime": 0.03,
    "EffectiveEchoSpacing": 0.000265001,
    "FlipAngle": 90,
    "ImageType": [
      "ORIGINAL",
      "PRIMARY",
      "M",
      "ND",
      "MOSAIC"
    ],
    "MagneticFieldStrength": 3,
    "Manufacturer": "Siemens",
    "ManufacturersModelName": "TrioTim",
    "PhaseEncodingDirection": "j",
    "ProcedureStepDescription": "Studies_bbsrc_age",
    "ProtocolName": "ep2d_bold_PtoA_iPAT2_block_3",
    "RepetitionTime": 2,
    "TaskName": "Emoreg Run3",
    "dataset": "ds002366",
    "modality": "bold",
    "session_id": "1",
    "subject_id": "ER009",
    "task_id": "emoregRun3"
  },
  "dummy_trs": 1,
  "dvars_nstd": 47.60359449205742,
  "dvars_std": 1.1139160643062194,
  "dvars_vstd": 1.002268863923445,
  "efc": 0.5834145696004652,
  "fber": 549.7327880859375,
  "fd_mean": 0.3319439701379439,
  "fd_num": 184,
  "fd_perc": 87.61904761904762,
  "fwhm_avg": 1.8680036578085366,
  "fwhm_x": 1.8308733333333331,
  "fwhm_y": 2.0920799999999997,
  "fwhm_z": 1.681057640092277,
  "gcor": 0.00699747,
  "gsr_x": 0.0071803792379796505,
  "gsr_y": 0.04446161165833473,
  "provenance": {
    "md5sum": "cd4fccdc55e770dffdfa31f48aff0574",
    "settings": {
      "fd_thres": 0.2,
      "testing": false
    },
    "software": "mriqc",
    "version": "23.0.1",
    "webapi_port": null,
    "webapi_url": "https://mriqc.nimh.nih.gov/api/v1"
  },
  "size_t": 210,
  "size_x": 64,
  "size_y": 64,
  "size_z": 30,
  "snr": 4.924185608967823,
  "spacing_tr": 2.0,
  "spacing_x": 3.0,
  "spacing_y": 3.0,
  "spacing_z": 3.990000009536743,
  "summary_bg_k": 38.58474993534689,
  "summary_bg_mad": 8.825013474708518,
  "summary_bg_mean": 54.46206283569336,
  "summary_bg_median": 38.45714569091797,
  "summary_bg_n": 63973.0,
  "summary_bg_p05": 30.60476303100586,
  "summary_bg_p95": 131.91143493652342,
  "summary_bg_stdv": 48.769493103027344,
  "summary_fg_k": 1.462885081896255,
  "summary_fg_mad": 150.11700376715666,
  "summary_fg_mean": 926.248291015625,
  "summary_fg_median": 904.90478515625,
  "summary_fg_n": 29188.0,
  "summary_fg_p05": 666.2762054443359,
  "summary_fg_p95": 1253.8697937011718,
  "summary_fg_stdv": 183.76425170898438,
  "tsnr": 39.907510577409994
}