{
  "aor": 0.0010713333333333334,
  "aqi": 0.00870616838095238,
  "bids_meta": {
    "AcquisitionDateTime": "2013-09-17T11:47:1.445312",
    "ConversionSoftware": "dcm2niix",
    "ConversionSoftwareVersion": "v1.0.20170207",
    "EchoTime": 0.03,
    "EffectiveEchoSpacing": 0.000265001,
    "FlipAngle": 90,
    "ImageType": [
      "ORIGINAL",
      "PRIMARY",
      "M",
      "ND",
      "MOSAIC"
    ],
    "MagneticFieldStrength": 3,
    "Manufacturer": "Siemens",
    "ManufacturersModelName": "TrioTim",
    "PhaseEncodingDirection": "j",
    "ProcedureStepDescription": "Studies_bbsrc_age",
    "ProtocolName": "ep2d_bold_PtoA_iPAT2_block_3",
    "RepetitionTime": 2,
    "TaskName": "Emoreg Run3",
    "dataset": "ds002366",
    "modality": "bold",
    "session_id": "1",
    "subject_id": "ER029",
    "task_id": "emoregRun3"
  },
  "dummy_trs": 1,
  "dvars_nstd": 34.65399124287081,
  "dvars_std": 1.0906459520095693,
  "dvars_vstd": 1.0215886565071766,
  "efc": 0.5839820725729523,
  "fber": 602.2911376953125,
  "fd_mean": 0.16144923961925828,
  "fd_num": 48,
  "fd_perc": 22.857142857142858,
  "fwhm_avg": 1.9158089877491424,
  "fwhm_x": 1.9079733333333333,
  "fwhm_y": 2.0943333333333336,
  "fwhm_z": 1.7451202965807608,
  "gcor": 0.00757809,
  "gsr_x": 0.006758638191968203,
  "gsr_y": 0.0392405204474926,
  "provenance": {
    "md5sum": "0c499448785a16b321609dcd06e3b672",
    "settings": {
      "fd_thres": 0.2,
      "testing": false
    },
    "software": "mriqc",
    "version": "23.0.1",
    "webapi_port": null,
    "webapi_url": "https://mriqc.nimh.nih.gov/api/v1"
  },
  "size_t": 210,
  "size_x": 64,
  "size_y": 64,
  "size_z": 30,
  "snr": 4.913404555040741,
  "spacing_tr": 2.0,
  "spacing_x": 3.0,
  "spacing_y": 3.0,
  "spacing_z": 3.990000009536743,
  "summary_bg_k": 92.51650984158273,
  "summary_bg_mad": 9.834597355403853,
  "summary_bg_mean": 56.61465072631836,
  "summary_bg_median": 38.70000076293945,
  "summary_bg_n": 62790.0,
  "summary_bg_p05": 29.585716247558594,
  "summary_bg_p95": 145.51739196777336,
  "summary_bg_stdv": 59.304405212402344,
  "summary_fg_k": 1.7717298663957184,
  "summary_fg_mad": 157.81949511462847,
  "summary_fg_mean": 984.056640625,
  "summary_fg_median": 956.90478515625,
  "summary_fg_n": 29445.0,
  "summary_fg_p05": 716.5524291992188,
  "summary_fg_p95": 1349.5267578125,
  "summary_fg_stdv": 194.7506103515625,
  "tsnr": 45.36639138311148
}