{
  "aor": 0.013891999999999998,
  "aqi": 0.010865137999999998,
  "bids_meta": {
    "AcquisitionDateTime": "2013-09-17T11:27:35.820312",
    "ConversionSoftware": "dcm2niix",
    "ConversionSoftwareVersion": "v1.0.20170207",
    "EchoTime": 0.03,
    "EffectiveEchoSpacing": 0.000265001,
    "FlipAngle": 90,
    "ImageType": [
      "ORIGINAL",
      "PRIMARY",
      "M",
      "ND",
      "MOSAIC"
    ],
    "MagneticFieldStrength": 3,
    "Manufacturer": "Siemens",
    "ManufacturersModelName": "TrioTim",
    "PhaseEncodingDirection": "j",
    "ProcedureStepDescription": "Studies_bbsrc_age",
    "ProtocolName": "ep2d_bold_PtoA_iPAT2_block_1",
    "RepetitionTime": 2,
    "TaskName": "Emoreg Run1",
    "dataset": "ds002366",
    "modality": "bold",
    "session_id": "1",
    "subject_id": "ER029",
    "task_id": "emoregRun1"
  },
  "dummy_trs": 0,
  "dvars_nstd": 43.53995711241379,
  "dvars_std": 1.2954106248275863,
  "dvars_vstd": 1.2071385513793105,
  "efc": 0.5971150505664795,
  "fber": 546.8314208984375,
  "fd_mean": 0.24462501280807236,
  "fd_num": 8,
  "fd_perc": 26.666666666666668,
  "fwhm_avg": 1.9517423795311455,
  "fwhm_x": 1.9490666666666667,
  "fwhm_y": 2.1223033333333334,
  "fwhm_z": 1.7838571385934368,
  "gcor": 0.0181632,
  "gsr_x": -0.000818641681689769,
  "gsr_y": 0.028651665896177292,
  "provenance": {
    "md5sum": "42a802d243021b5297e1b9c2701a28dc",
    "settings": {
      "fd_thres": 0.2,
      "testing": false
    },
    "software": "mriqc",
    "version": "23.0.1",
    "webapi_port": null,
    "webapi_url": "https://mriqc.nimh.nih.gov/api/v1"
  },
  "size_t": 30,
  "size_x": 64,
  "size_y": 64,
  "size_z": 30,
  "snr": 4.819396413759825,
  "spacing_tr": 2.0,
  "spacing_x": 3.0,
  "spacing_y": 3.0,
  "spacing_z": 3.990000009536743,
  "summary_bg_k": 71.30339426788976,
  "summary_bg_mad": 11.712559788465708,
  "summary_bg_mean": 61.5353889465332,
  "summary_bg_median": 41.06666946411133,
  "summary_bg_n": 60624.0,
  "summary_bg_p05": 30.60000228881836,
  "summary_bg_p95": 161.2566780090331,
  "summary_bg_stdv": 65.50933074951172,
  "summary_fg_k": 1.5419512437085512,
  "summary_fg_mad": 162.76500148949225,
  "summary_fg_mean": 994.6890869140625,
  "summary_fg_median": 967.3167114257812,
  "summary_fg_n": 30666.0,
  "summary_fg_p05": 712.1750183105469,
  "summary_fg_p95": 1371.9083557128906,
  "summary_fg_stdv": 200.70997619628906,
  "tsnr": 42.39316500839777
}