{
  "aor": 0.0007776777251184832,
  "aqi": 0.00796184758293839,
  "bids_meta": {
    "AcquisitionDateTime": "2013-09-17T11:39:16.625000",
    "ConversionSoftware": "dcm2niix",
    "ConversionSoftwareVersion": "v1.0.20170207",
    "EchoTime": 0.03,
    "EffectiveEchoSpacing": 0.000265001,
    "FlipAngle": 90,
    "ImageType": [
      "ORIGINAL",
      "PRIMARY",
      "M",
      "ND",
      "MOSAIC"
    ],
    "MagneticFieldStrength": 3,
    "Manufacturer": "Siemens",
    "ManufacturersModelName": "TrioTim",
    "PhaseEncodingDirection": "j",
    "ProcedureStepDescription": "Studies_bbsrc_age",
    "ProtocolName": "ep2d_bold_PtoA_iPAT2_block_2",
    "RepetitionTime": 2,
    "TaskName": "Emoreg Run2",
    "dataset": "ds002366",
    "modality": "bold",
    "session_id": "1",
    "subject_id": "ER029",
    "task_id": "emoregRun2"
  },
  "dummy_trs": 0,
  "dvars_nstd": 34.86018344347619,
  "dvars_std": 1.0872269179047624,
  "dvars_vstd": 1.0094882816190478,
  "efc": 0.5862215965558019,
  "fber": 600.48779296875,
  "fd_mean": 0.13955540596344726,
  "fd_num": 25,
  "fd_perc": 11.848341232227488,
  "fwhm_avg": 1.9343208089426842,
  "fwhm_x": 1.9290399999999999,
  "fwhm_y": 2.0959499999999998,
  "fwhm_z": 1.7779724268280535,
  "gcor": 0.00739474,
  "gsr_x": 0.005916723050177097,
  "gsr_y": 0.038390155881643295,
  "provenance": {
    "md5sum": "3fea65e6afa45265b642f34882db87e7",
    "settings": {
      "fd_thres": 0.2,
      "testing": false
    },
    "software": "mriqc",
    "version": "23.0.1",
    "webapi_port": null,
    "webapi_url": "https://mriqc.nimh.nih.gov/api/v1"
  },
  "size_t": 211,
  "size_x": 64,
  "size_y": 64,
  "size_z": 30,
  "snr": 4.875316825777169,
  "spacing_tr": 2.0,
  "spacing_x": 3.0,
  "spacing_y": 3.0,
  "spacing_z": 3.990000009536743,
  "summary_bg_k": 85.14965840231169,
  "summary_bg_mad": 9.647456605250762,
  "summary_bg_mean": 57.4643669128418,
  "summary_bg_median": 38.94786834716797,
  "summary_bg_n": 62363.0,
  "summary_bg_p05": 30.710901260375977,
  "summary_bg_p95": 149.76730346679685,
  "summary_bg_stdv": 60.27256774902344,
  "summary_fg_k": 1.7742473237803393,
  "summary_fg_mad": 160.00159166596174,
  "summary_fg_mean": 988.2929077148438,
  "summary_fg_median": 962.6256103515625,
  "summary_fg_n": 29595.0,
  "summary_fg_p05": 714.3076171875,
  "summary_fg_p95": 1356.5222900390625,
  "summary_fg_stdv": 197.44549560546875,
  "tsnr": 46.78639221098274
}