{
  "aor": 0.0009811848341232227,
  "aqi": 0.008391728720379146,
  "bids_meta": {
    "AcquisitionDateTime": "2013-09-17T11:54:35.429688",
    "ConversionSoftware": "dcm2niix",
    "ConversionSoftwareVersion": "v1.0.20170207",
    "EchoTime": 0.03,
    "EffectiveEchoSpacing": 0.000265001,
    "FlipAngle": 90,
    "ImageType": [
      "ORIGINAL",
      "PRIMARY",
      "M",
      "ND",
      "MOSAIC"
    ],
    "MagneticFieldStrength": 3,
    "Manufacturer": "Siemens",
    "ManufacturersModelName": "TrioTim",
    "PhaseEncodingDirection": "j",
    "ProcedureStepDescription": "Studies_bbsrc_age",
    "ProtocolName": "ep2d_bold_PtoA_iPAT2_block_4",
    "RepetitionTime": 2,
    "TaskName": "Emoreg Run4",
    "dataset": "ds002366",
    "modality": "bold",
    "session_id": "1",
    "subject_id": "ER029",
    "task_id": "emoregRun4"
  },
  "dummy_trs": 0,
  "dvars_nstd": 34.65945008576191,
  "dvars_std": 1.087888898904762,
  "dvars_vstd": 1.0150177400000004,
  "efc": 0.5840609964338239,
  "fber": 604.1256713867188,
  "fd_mean": 0.1548266457375367,
  "fd_num": 43,
  "fd_perc": 20.379146919431278,
  "fwhm_avg": 1.9134590545822985,
  "fwhm_x": 1.9038433333333333,
  "fwhm_y": 2.090666666666667,
  "fwhm_z": 1.7458671637468954,
  "gcor": 0.0112907,
  "gsr_x": 0.007463904097676277,
  "gsr_y": 0.039757244288921356,
  "provenance": {
    "md5sum": "b40f42f0709e5b67ea16dc943eb335b8",
    "settings": {
      "fd_thres": 0.2,
      "testing": false
    },
    "software": "mriqc",
    "version": "23.0.1",
    "webapi_port": null,
    "webapi_url": "https://mriqc.nimh.nih.gov/api/v1"
  },
  "size_t": 211,
  "size_x": 64,
  "size_y": 64,
  "size_z": 30,
  "snr": 4.927143557345066,
  "spacing_tr": 2.0,
  "spacing_x": 3.0,
  "spacing_y": 3.0,
  "spacing_z": 3.990000009536743,
  "summary_bg_k": 95.84910006540362,
  "summary_bg_mad": 9.35936764724967,
  "summary_bg_mean": 56.978736877441406,
  "summary_bg_median": 38.60663604736328,
  "summary_bg_n": 62866.0,
  "summary_bg_p05": 30.33649444580078,
  "summary_bg_p95": 148.76067352294922,
  "summary_bg_stdv": 60.42564392089844,
  "summary_fg_k": 1.7937919148297778,
  "summary_fg_mad": 156.7342382538779,
  "summary_fg_mean": 981.1362915039062,
  "summary_fg_median": 955.3412475585938,
  "summary_fg_n": 29380.0,
  "summary_fg_p05": 714.8526153564453,
  "summary_fg_p95": 1344.9048339843748,
  "summary_fg_stdv": 193.89022827148438,
  "tsnr": 46.22230332833715
}