{
  "aor": 0.009346315789473685,
  "aqi": 0.017455299999999997,
  "bids_meta": {
    "AcquisitionDateTime": "2013-08-13T95:43:1.609375",
    "ConversionSoftware": "dcm2niix",
    "ConversionSoftwareVersion": "v1.0.20170207",
    "EchoTime": 0.03,
    "EffectiveEchoSpacing": 0.000265001,
    "FlipAngle": 90,
    "ImageType": [
      "ORIGINAL",
      "PRIMARY",
      "M",
      "ND",
      "MOSAIC"
    ],
    "MagneticFieldStrength": 3,
    "Manufacturer": "Siemens",
    "ManufacturersModelName": "TrioTim",
    "PhaseEncodingDirection": "j",
    "ProcedureStepDescription": "Studies_bbsrc_age",
    "ProtocolName": "ep2d_bold_PtoA_iPAT2_block_1",
    "RepetitionTime": 2,
    "TaskName": "Emoreg Run1",
    "dataset": "ds002366",
    "modality": "bold",
    "session_id": "1",
    "subject_id": "ER016",
    "task_id": "emoregRun1"
  },
  "dummy_trs": 0,
  "dvars_nstd": 52.99457719555556,
  "dvars_std": 1.1620951400000001,
  "dvars_vstd": 1.1047307327777778,
  "efc": 0.5486278676008033,
  "fber": 498.40411376953125,
  "fd_mean": 0.27967437857585264,
  "fd_num": 16,
  "fd_perc": 84.21052631578948,
  "fwhm_avg": 1.7670973086557955,
  "fwhm_x": 1.7312566666666667,
  "fwhm_y": 1.9562633333333332,
  "fwhm_z": 1.6137719259673864,
  "gcor": 0.00726625,
  "gsr_x": 0.015166415832936764,
  "gsr_y": 0.03121163882315159,
  "provenance": {
    "md5sum": "6c9f886d6deefad41e93e51ce3ba57bf",
    "settings": {
      "fd_thres": 0.2,
      "testing": false
    },
    "software": "mriqc",
    "version": "23.0.1",
    "webapi_port": null,
    "webapi_url": "https://mriqc.nimh.nih.gov/api/v1"
  },
  "size_t": 19,
  "size_x": 64,
  "size_y": 64,
  "size_z": 30,
  "snr": 6.139860037620398,
  "spacing_tr": 2.0,
  "spacing_x": 3.0,
  "spacing_y": 3.0,
  "spacing_z": 3.990000009536743,
  "summary_bg_k": 86.15127811862948,
  "summary_bg_mad": 9.20773890320771,
  "summary_bg_mean": 57.690330505371094,
  "summary_bg_median": 40.0,
  "summary_bg_n": 72141.0,
  "summary_bg_p05": 30.63157844543457,
  "summary_bg_p95": 122.68421173095703,
  "summary_bg_stdv": 72.57183837890625,
  "summary_fg_k": 1.9709394099501152,
  "summary_fg_mad": 117.74978120086172,
  "summary_fg_mean": 903.1055908203125,
  "summary_fg_median": 896.4736938476562,
  "summary_fg_n": 23029.0,
  "summary_fg_p05": 676.4421264648438,
  "summary_fg_p95": 1147.3789306640624,
  "summary_fg_stdv": 146.00564575195312,
  "tsnr": 40.08743754774332
}