{
  "aor": 0.0018282938388625594,
  "aqi": 0.04232240995260664,
  "bids_meta": {
    "AcquisitionDateTime": "2013-08-13T10:21:36.031250",
    "ConversionSoftware": "dcm2niix",
    "ConversionSoftwareVersion": "v1.0.20170207",
    "EchoTime": 0.03,
    "EffectiveEchoSpacing": 0.000265001,
    "FlipAngle": 90,
    "ImageType": [
      "ORIGINAL",
      "PRIMARY",
      "M",
      "ND",
      "MOSAIC"
    ],
    "MagneticFieldStrength": 3,
    "Manufacturer": "Siemens",
    "ManufacturersModelName": "TrioTim",
    "PhaseEncodingDirection": "j",
    "ProcedureStepDescription": "Studies_bbsrc_age",
    "ProtocolName": "ep2d_bold_PtoA_iPAT2_block_2",
    "RepetitionTime": 2,
    "TaskName": "Emoreg Run2",
    "dataset": "ds002366",
    "modality": "bold",
    "session_id": "1",
    "subject_id": "ER016",
    "task_id": "emoregRun2"
  },
  "dummy_trs": 0,
  "dvars_nstd": 64.58898057480951,
  "dvars_std": 1.059852600190476,
  "dvars_vstd": 0.9588575662857151,
  "efc": 0.5529056834935271,
  "fber": 497.95843505859375,
  "fd_mean": 0.48553047214857753,
  "fd_num": 189,
  "fd_perc": 89.57345971563981,
  "fwhm_avg": 1.9121012756869333,
  "fwhm_x": 1.8976166666666667,
  "fwhm_y": 2.1632235052508917,
  "fwhm_z": 1.6754636551432416,
  "gcor": 0.0121038,
  "gsr_x": 0.015479994006454945,
  "gsr_y": 0.03704414144158363,
  "provenance": {
    "md5sum": "05021d4e77536e1c9af210fcf3705f9e",
    "settings": {
      "fd_thres": 0.2,
      "testing": false
    },
    "software": "mriqc",
    "version": "23.0.1",
    "webapi_port": null,
    "webapi_url": "https://mriqc.nimh.nih.gov/api/v1"
  },
  "size_t": 211,
  "size_x": 64,
  "size_y": 64,
  "size_z": 30,
  "snr": 5.8716216218988215,
  "spacing_tr": 2.0,
  "spacing_x": 3.0,
  "spacing_y": 2.999999761581421,
  "spacing_z": 3.990000009536743,
  "summary_bg_k": 110.42121430598382,
  "summary_bg_mad": 9.204780983284774,
  "summary_bg_mean": 55.26472473144531,
  "summary_bg_median": 36.75355529785156,
  "summary_bg_n": 71560.0,
  "summary_bg_p05": 27.97630500793457,
  "summary_bg_p95": 125.04549980163591,
  "summary_bg_stdv": 71.4356460571289,
  "summary_fg_k": 1.507640688626016,
  "summary_fg_mad": 119.10705358094995,
  "summary_fg_mean": 827.7596435546875,
  "summary_fg_median": 818.0142211914062,
  "summary_fg_n": 23515.0,
  "summary_fg_p05": 615.906201171875,
  "summary_fg_p95": 1063.851721191406,
  "summary_fg_stdv": 139.31361389160156,
  "tsnr": 23.72846704069525
}