{
  "aor": 0.003961516587677725,
  "aqi": 0.017257975829383886,
  "bids_meta": {
    "AcquisitionDateTime": "2013-11-19T11:12:57.437500",
    "ConversionSoftware": "dcm2niix",
    "ConversionSoftwareVersion": "v1.0.20170207",
    "EchoTime": 0.03,
    "EffectiveEchoSpacing": 0.000265001,
    "FlipAngle": 90,
    "ImageType": [
      "ORIGINAL",
      "PRIMARY",
      "M",
      "ND",
      "MOSAIC"
    ],
    "MagneticFieldStrength": 3,
    "Manufacturer": "Siemens",
    "ManufacturersModelName": "TrioTim",
    "PhaseEncodingDirection": "j",
    "ProcedureStepDescription": "Studies_bbsrc_age",
    "ProtocolName": "ep2d_bold_PtoA_iPAT2_block_1",
    "RepetitionTime": 2,
    "TaskName": "Emoreg Run1",
    "dataset": "ds002366",
    "modality": "bold",
    "session_id": "1",
    "subject_id": "ER048",
    "task_id": "emoregRun1"
  },
  "dummy_trs": 0,
  "dvars_nstd": 40.771749786809515,
  "dvars_std": 1.0702912351904768,
  "dvars_vstd": 1.0334076372380954,
  "efc": 0.5584558494897146,
  "fber": 265.8864440917969,
  "fd_mean": 0.22550016992695332,
  "fd_num": 86,
  "fd_perc": 40.758293838862556,
  "fwhm_avg": 1.8167981106693363,
  "fwhm_x": 1.8219,
  "fwhm_y": 2.0254266666666667,
  "fwhm_z": 1.603067665341342,
  "gcor": 0.0184475,
  "gsr_x": 0.00010436436423333362,
  "gsr_y": 0.03216587007045746,
  "provenance": {
    "md5sum": "d2101a3a85c20f340d46378eb695bf1e",
    "settings": {
      "fd_thres": 0.2,
      "testing": false
    },
    "software": "mriqc",
    "version": "23.0.1",
    "webapi_port": null,
    "webapi_url": "https://mriqc.nimh.nih.gov/api/v1"
  },
  "size_t": 211,
  "size_x": 64,
  "size_y": 64,
  "size_z": 30,
  "snr": 5.244068015056751,
  "spacing_tr": 2.0,
  "spacing_x": 3.0,
  "spacing_y": 3.0,
  "spacing_z": 3.990000009536743,
  "summary_bg_k": 72.86927599052693,
  "summary_bg_mad": 8.825347159747626,
  "summary_bg_mean": 60.44535827636719,
  "summary_bg_median": 47.298580169677734,
  "summary_bg_n": 73709.0,
  "summary_bg_p05": 36.53080749511719,
  "summary_bg_p95": 127.87488708496089,
  "summary_bg_stdv": 48.94374465942383,
  "summary_fg_k": 1.4666399769406553,
  "summary_fg_mad": 132.00073398292682,
  "summary_fg_mean": 792.5112915039062,
  "summary_fg_median": 776.9099731445312,
  "summary_fg_n": 20605.0,
  "summary_fg_p05": 579.9014282226562,
  "summary_fg_p95": 1048.04931640625,
  "summary_fg_stdv": 148.1466522216797,
  "tsnr": 31.065322397917043
}