{
  "aor": 0.006610473933649289,
  "aqi": 0.022965474407582936,
  "bids_meta": {
    "AcquisitionDateTime": "2013-11-19T11:31:20.351562",
    "ConversionSoftware": "dcm2niix",
    "ConversionSoftwareVersion": "v1.0.20170207",
    "EchoTime": 0.03,
    "EffectiveEchoSpacing": 0.000265001,
    "FlipAngle": 90,
    "ImageType": [
      "ORIGINAL",
      "PRIMARY",
      "M",
      "ND",
      "MOSAIC"
    ],
    "MagneticFieldStrength": 3,
    "Manufacturer": "Siemens",
    "ManufacturersModelName": "TrioTim",
    "PhaseEncodingDirection": "j",
    "ProcedureStepDescription": "Studies_bbsrc_age",
    "ProtocolName": "ep2d_bold_PtoA_iPAT2_block_3",
    "RepetitionTime": 2,
    "TaskName": "Emoreg Run3",
    "dataset": "ds002366",
    "modality": "bold",
    "session_id": "1",
    "subject_id": "ER048",
    "task_id": "emoregRun3"
  },
  "dummy_trs": 0,
  "dvars_nstd": 42.85983476195239,
  "dvars_std": 1.0794541160476192,
  "dvars_vstd": 1.0569285910000004,
  "efc": 0.560045915677681,
  "fber": 258.16815185546875,
  "fd_mean": 0.32503718054903646,
  "fd_num": 119,
  "fd_perc": 56.39810426540284,
  "fwhm_avg": 1.8178393470989223,
  "fwhm_x": 1.83335,
  "fwhm_y": 2.023616666666667,
  "fwhm_z": 1.5965513746301,
  "gcor": 0.0142768,
  "gsr_x": 0.0023763226345181465,
  "gsr_y": 0.0321270227432251,
  "provenance": {
    "md5sum": "efc9a77cfdb85bd0ca326f6cfc625f77",
    "settings": {
      "fd_thres": 0.2,
      "testing": false
    },
    "software": "mriqc",
    "version": "23.0.1",
    "webapi_port": null,
    "webapi_url": "https://mriqc.nimh.nih.gov/api/v1"
  },
  "size_t": 211,
  "size_x": 64,
  "size_y": 64,
  "size_z": 30,
  "snr": 5.232448948498755,
  "spacing_tr": 2.0,
  "spacing_x": 3.0,
  "spacing_y": 3.0,
  "spacing_z": 3.990000009536743,
  "summary_bg_k": 79.97005818108195,
  "summary_bg_mad": 9.190726621891852,
  "summary_bg_mean": 61.90311050415039,
  "summary_bg_median": 48.33649444580078,
  "summary_bg_n": 73656.0,
  "summary_bg_p05": 37.40758514404297,
  "summary_bg_p95": 131.8116111755371,
  "summary_bg_stdv": 50.196250915527344,
  "summary_fg_k": 1.4738333369302827,
  "summary_fg_mad": 132.65425895985842,
  "summary_fg_mean": 797.3828735351562,
  "summary_fg_median": 781.79150390625,
  "summary_fg_n": 20713.0,
  "summary_fg_p05": 580.1128173828125,
  "summary_fg_p95": 1053.8455566406246,
  "summary_fg_stdv": 149.40855407714844,
  "tsnr": 27.530556465499103
}