{
  "aor": 0.0012071563981042653,
  "aqi": 0.026460076303317533,
  "bids_meta": {
    "AcquisitionDateTime": "2013-11-19T11:39:23.500000",
    "ConversionSoftware": "dcm2niix",
    "ConversionSoftwareVersion": "v1.0.20170207",
    "EchoTime": 0.03,
    "EffectiveEchoSpacing": 0.000265001,
    "FlipAngle": 90,
    "ImageType": [
      "ORIGINAL",
      "PRIMARY",
      "M",
      "ND",
      "MOSAIC"
    ],
    "MagneticFieldStrength": 3,
    "Manufacturer": "Siemens",
    "ManufacturersModelName": "TrioTim",
    "PhaseEncodingDirection": "j",
    "ProcedureStepDescription": "Studies_bbsrc_age",
    "ProtocolName": "ep2d_bold_PtoA_iPAT2_block_4",
    "RepetitionTime": 2,
    "TaskName": "Emoreg Run4",
    "dataset": "ds002366",
    "modality": "bold",
    "session_id": "1",
    "subject_id": "ER048",
    "task_id": "emoregRun4"
  },
  "dummy_trs": 0,
  "dvars_nstd": 41.52803224823811,
  "dvars_std": 0.982685136047619,
  "dvars_vstd": 0.9683346987142857,
  "efc": 0.5606818827222494,
  "fber": 259.7381896972656,
  "fd_mean": 0.3230919735636243,
  "fd_num": 131,
  "fd_perc": 62.08530805687204,
  "fwhm_avg": 1.8481058215874004,
  "fwhm_x": 1.8519766666666666,
  "fwhm_y": 2.0566866666666668,
  "fwhm_z": 1.6356541314288688,
  "gcor": 0.00766309,
  "gsr_x": 0.0016405226197093725,
  "gsr_y": 0.031242525205016136,
  "provenance": {
    "md5sum": "43306afaf17ede1bdd7f61e88fe5cd60",
    "settings": {
      "fd_thres": 0.2,
      "testing": false
    },
    "software": "mriqc",
    "version": "23.0.1",
    "webapi_port": null,
    "webapi_url": "https://mriqc.nimh.nih.gov/api/v1"
  },
  "size_t": 211,
  "size_x": 64,
  "size_y": 64,
  "size_z": 30,
  "snr": 5.247386211014095,
  "spacing_tr": 2.0,
  "spacing_x": 3.0,
  "spacing_y": 3.0,
  "spacing_z": 3.990000009536743,
  "summary_bg_k": 90.95720107557295,
  "summary_bg_mad": 8.52320384035361,
  "summary_bg_mean": 61.93033981323242,
  "summary_bg_median": 48.22748947143555,
  "summary_bg_n": 73572.0,
  "summary_bg_p05": 38.412322998046875,
  "summary_bg_p95": 130.72725677490234,
  "summary_bg_stdv": 50.94773483276367,
  "summary_fg_k": 1.6154514065091155,
  "summary_fg_mad": 130.30041075992145,
  "summary_fg_mean": 797.6427001953125,
  "summary_fg_median": 781.5355834960938,
  "summary_fg_n": 20727.0,
  "summary_fg_p05": 584.3346252441406,
  "summary_fg_p95": 1051.4379150390625,
  "summary_fg_stdv": 148.93447875976562,
  "tsnr": 27.303472088533454
}