{
  "bids_meta": {
    "AcquisitionDateTime": "2014-04-08T14:09:48.875000",
    "ConversionSoftware": "dcm2niix",
    "ConversionSoftwareVersion": "v1.0.20170207",
    "EchoTime": 0.00302,
    "FlipAngle": 9,
    "ImageType": [
      "ORIGINAL",
      "PRIMARY",
      "M",
      "ND",
      "NORM"
    ],
    "MagneticFieldStrength": 3,
    "Manufacturer": "Siemens",
    "ManufacturersModelName": "TrioTim",
    "PhaseEncodingDirection": "i-",
    "ProcedureStepDescription": "Studies_bbsrc_age",
    "ProtocolName": "MPRAGE",
    "RepetitionTime": 2.02,
    "dataset": "ds002366",
    "modality": "T1w",
    "session_id": "1",
    "subject_id": "ER069"
  },
  "cjv": 0.5118101911392902,
  "cnr": 2.5970088595417007,
  "efc": 0.554709597738055,
  "fber": 3446.6554257048174,
  "fwhm_avg": 3.737843013333334,
  "fwhm_x": 3.86765,
  "fwhm_y": 4.00287744,
  "fwhm_z": 3.3430016,
  "icvs_csf": 0.2602979223391447,
  "icvs_gm": 0.3701680336972016,
  "icvs_wm": 0.3695340439636537,
  "inu_med": 0.682809442281723,
  "inu_range": 0.3402115225791932,
  "provenance": {
    "md5sum": "ef5fad9dcad9050a1f5ba5fea98095f6",
    "settings": {
      "testing": false
    },
    "software": "mriqc",
    "version": "23.0.1",
    "warnings": {
      "large_rot_frame": true,
      "small_air_mask": false
    },
    "webapi_port": null,
    "webapi_url": "https://mriqc.nimh.nih.gov/api/v1"
  },
  "qi_1": 0.0,
  "qi_2": 0.004292267297466345,
  "rpve_csf": 21.99766941177712,
  "rpve_gm": 14.188167171859702,
  "rpve_wm": 16.58965038679903,
  "size_x": 192,
  "size_y": 256,
  "size_z": 256,
  "snr_csf": 3.074776332640964,
  "snr_gm": 11.89518750878872,
  "snr_total": 10.770046956232633,
  "snr_wm": 17.340177027268215,
  "snrd_csf": 19.999735993456305,
  "snrd_gm": 52.72327497064298,
  "snrd_total": 47.08170295311839,
  "snrd_wm": 68.52209789525585,
  "spacing_x": 1.0,
  "spacing_y": 0.9765625,
  "spacing_z": 0.9765625,
  "summary_bg_k": 5.808114515785155,
  "summary_bg_mad": 9.561513953914156,
  "summary_bg_mean": 14.170660722824561,
  "summary_bg_median": 6.449143158271909,
  "summary_bg_n": 4169383.0,
  "summary_bg_p05": 0.0,
  "summary_bg_p95": 52.65327838808298,
  "summary_bg_stdv": 19.30505153779518,
  "summary_csf_k": 4.270326460567208,
  "summary_csf_mad": 75.92453317742793,
  "summary_csf_mean": 305.46701167922396,
  "summary_csf_median": 291.8899862319231,
  "summary_csf_n": 80867.0,
  "summary_csf_p05": 178.3968459032476,
  "summary_csf_p95": 483.02020885497313,
  "summary_csf_stdv": 94.92989079379257,
  "summary_gm_k": 0.10080880124695701,
  "summary_gm_mad": 62.128010759907966,
  "summary_gm_mean": 768.1775268021782,
  "summary_gm_median": 769.4799576513469,
  "summary_gm_n": 10463.0,
  "summary_gm_p05": 659.022920791246,
  "summary_gm_p95": 874.1887171393261,
  "summary_gm_stdv": 64.68525062978334,
  "summary_wm_k": 0.3015425857029763,
  "summary_wm_mad": 55.8846477671695,
  "summary_wm_mean": 1001.9567677726986,
  "summary_wm_median": 1000.0589116662741,
  "summary_wm_n": 194693.0,
  "summary_wm_p05": 910.3304221536964,
  "summary_wm_p95": 1099.6819769833237,
  "summary_wm_stdv": 57.67278741118393,
  "tpm_overlap_csf": 0.15675734115261478,
  "tpm_overlap_gm": 0.40387422121764255,
  "tpm_overlap_wm": 0.4835221337134936,
  "wm2max": 0.6408327716218247
}