{
  "aor": 0.005251943127962085,
  "aqi": 0.03404347061611375,
  "bids_meta": {
    "AcquisitionDateTime": "2013-08-23T10:11:42.578125",
    "ConversionSoftware": "dcm2niix",
    "ConversionSoftwareVersion": "v1.0.20170207",
    "EchoTime": 0.03,
    "EffectiveEchoSpacing": 0.000265001,
    "FlipAngle": 90,
    "ImageType": [
      "ORIGINAL",
      "PRIMARY",
      "M",
      "ND",
      "MOSAIC"
    ],
    "MagneticFieldStrength": 3,
    "Manufacturer": "Siemens",
    "ManufacturersModelName": "TrioTim",
    "PhaseEncodingDirection": "j",
    "ProcedureStepDescription": "Studies_bbsrc_age",
    "ProtocolName": "ep2d_bold_PtoA_iPAT2_block_4",
    "RepetitionTime": 2,
    "TaskName": "Emoreg Run4",
    "dataset": "ds002366",
    "modality": "bold",
    "session_id": "1",
    "subject_id": "ER018",
    "task_id": "emoregRun4"
  },
  "dummy_trs": 0,
  "dvars_nstd": 57.1531896134762,
  "dvars_std": 1.1346220791904764,
  "dvars_vstd": 1.025821832238095,
  "efc": 0.5467206796345154,
  "fber": 832.9671630859375,
  "fd_mean": 0.6692037765560154,
  "fd_num": 194,
  "fd_perc": 91.94312796208531,
  "fwhm_avg": 1.7637099583850386,
  "fwhm_x": 1.7394466666666668,
  "fwhm_y": 1.9460266666666666,
  "fwhm_z": 1.6056565418217832,
  "gcor": 0.0194145,
  "gsr_x": 0.005429934244602919,
  "gsr_y": 0.02850671112537384,
  "provenance": {
    "md5sum": "d8bc3eecaa99a83e1408d3377ac6f4ba",
    "settings": {
      "fd_thres": 0.2,
      "testing": false
    },
    "software": "mriqc",
    "version": "23.0.1",
    "webapi_port": null,
    "webapi_url": "https://mriqc.nimh.nih.gov/api/v1"
  },
  "size_t": 211,
  "size_x": 64,
  "size_y": 64,
  "size_z": 30,
  "snr": 5.638716676579238,
  "spacing_tr": 2.0,
  "spacing_x": 3.0,
  "spacing_y": 3.0,
  "spacing_z": 3.9900002479553223,
  "summary_bg_k": 106.38315408819021,
  "summary_bg_mad": 9.120463298445179,
  "summary_bg_mean": 46.99516677856445,
  "summary_bg_median": 31.15165901184082,
  "summary_bg_n": 68569.0,
  "summary_bg_p05": 23.175355911254883,
  "summary_bg_p95": 114.54029083251953,
  "summary_bg_stdv": 57.60399627685547,
  "summary_fg_k": 1.7425238383245052,
  "summary_fg_mad": 130.5849140176718,
  "summary_fg_mean": 919.9932250976562,
  "summary_fg_median": 905.2535400390625,
  "summary_fg_n": 24612.0,
  "summary_fg_p05": 695.1263092041016,
  "summary_fg_p95": 1206.943115234375,
  "summary_fg_stdv": 160.53921508789062,
  "tsnr": 26.8038685079664
}