{
  "aor": 0.006133095238095239,
  "aqi": 0.02659878142857143,
  "bids_meta": {
    "AcquisitionDateTime": "2013-08-23T95:53:4.093750",
    "ConversionSoftware": "dcm2niix",
    "ConversionSoftwareVersion": "v1.0.20170207",
    "EchoTime": 0.03,
    "EffectiveEchoSpacing": 0.000265001,
    "FlipAngle": 90,
    "ImageType": [
      "ORIGINAL",
      "PRIMARY",
      "M",
      "ND",
      "MOSAIC"
    ],
    "MagneticFieldStrength": 3,
    "Manufacturer": "Siemens",
    "ManufacturersModelName": "TrioTim",
    "PhaseEncodingDirection": "j",
    "ProcedureStepDescription": "Studies_bbsrc_age",
    "ProtocolName": "ep2d_bold_PtoA_iPAT2_block_2",
    "RepetitionTime": 2,
    "TaskName": "Emoreg Run2",
    "dataset": "ds002366",
    "modality": "bold",
    "session_id": "1",
    "subject_id": "ER018",
    "task_id": "emoregRun2"
  },
  "dummy_trs": 1,
  "dvars_nstd": 50.895142842775144,
  "dvars_std": 1.1751178077990434,
  "dvars_vstd": 1.0682980822488042,
  "efc": 0.546076214011555,
  "fber": 843.2891845703125,
  "fd_mean": 0.5363225348116529,
  "fd_num": 198,
  "fd_perc": 94.28571428571429,
  "fwhm_avg": 1.7641363749975716,
  "fwhm_x": 1.7510700000000001,
  "fwhm_y": 1.9633166666666666,
  "fwhm_z": 1.5780224583260483,
  "gcor": 0.0146343,
  "gsr_x": 0.005513055715709925,
  "gsr_y": 0.028875179588794708,
  "provenance": {
    "md5sum": "43459d87143517b0fac5d5b4f8d0c460",
    "settings": {
      "fd_thres": 0.2,
      "testing": false
    },
    "software": "mriqc",
    "version": "23.0.1",
    "webapi_port": null,
    "webapi_url": "https://mriqc.nimh.nih.gov/api/v1"
  },
  "size_t": 210,
  "size_x": 64,
  "size_y": 64,
  "size_z": 30,
  "snr": 5.600245373055605,
  "spacing_tr": 2.0,
  "spacing_x": 3.0,
  "spacing_y": 3.0,
  "spacing_z": 3.9900002479553223,
  "summary_bg_k": 91.43477762819117,
  "summary_bg_mad": 9.033285254138995,
  "summary_bg_mean": 45.78700256347656,
  "summary_bg_median": 30.490476608276367,
  "summary_bg_n": 68672.0,
  "summary_bg_p05": 21.814287185668945,
  "summary_bg_p95": 113.61381225585934,
  "summary_bg_stdv": 54.88011932373047,
  "summary_fg_k": 1.752681157802905,
  "summary_fg_mad": 131.87042714731598,
  "summary_fg_mean": 901.7610473632812,
  "summary_fg_median": 889.5452880859375,
  "summary_fg_n": 24632.0,
  "summary_fg_p05": 672.2307525634766,
  "summary_fg_p95": 1179.995001220703,
  "summary_fg_stdv": 158.83718872070312,
  "tsnr": 29.579465046990663
}