{
  "bids_meta": {
    "AcquisitionDateTime": "2013-10-30T12:57:24.804688",
    "ConversionSoftware": "dcm2niix",
    "ConversionSoftwareVersion": "v1.0.20170207",
    "EchoTime": 0.00302,
    "FlipAngle": 9,
    "ImageType": [
      "ORIGINAL",
      "PRIMARY",
      "M",
      "ND",
      "NORM"
    ],
    "MagneticFieldStrength": 3,
    "Manufacturer": "Siemens",
    "ManufacturersModelName": "TrioTim",
    "PhaseEncodingDirection": "i-",
    "ProcedureStepDescription": "Studies_bbsrc_age",
    "ProtocolName": "MPRAGE",
    "RepetitionTime": 2.02,
    "dataset": "ds002366",
    "modality": "T1w",
    "session_id": "1",
    "subject_id": "ER042"
  },
  "cjv": 0.40567339759262716,
  "cnr": 3.3644262872041613,
  "efc": 0.5473312265772156,
  "fber": 10766.399338527717,
  "fwhm_avg": 4.3425436,
  "fwhm_x": 4.39485,
  "fwhm_y": 4.4514406399999995,
  "fwhm_z": 4.1813401599999995,
  "icvs_csf": 0.23452473957728856,
  "icvs_gm": 0.4024443936130289,
  "icvs_wm": 0.36303086680968255,
  "inu_med": 0.4923677295446396,
  "inu_range": 0.2117772117257118,
  "provenance": {
    "md5sum": "a67f3e78906bf7904e33d6ffefed1191",
    "settings": {
      "testing": false
    },
    "software": "mriqc",
    "version": "23.0.1",
    "warnings": {
      "large_rot_frame": true,
      "small_air_mask": false
    },
    "webapi_port": null,
    "webapi_url": "https://mriqc.nimh.nih.gov/api/v1"
  },
  "qi_1": 0.0,
  "qi_2": 0.005107553535726649,
  "rpve_csf": 24.914794803725737,
  "rpve_gm": 14.376858846734605,
  "rpve_wm": 18.289910798252528,
  "size_x": 192,
  "size_y": 256,
  "size_z": 256,
  "snr_csf": 2.8773698040701725,
  "snr_gm": 12.31418885818554,
  "snr_total": 12.961581773895807,
  "snr_wm": 23.693186659431706,
  "snrd_csf": 35.26859679637977,
  "snrd_gm": 92.61545690351,
  "snrd_total": 83.8889333657757,
  "snrd_wm": 123.78274639743732,
  "spacing_x": 1.0,
  "spacing_y": 0.9765625,
  "spacing_z": 0.9765625,
  "summary_bg_k": 7.878045245105435,
  "summary_bg_mad": 5.292744052049398,
  "summary_bg_mean": 7.6101569562711555,
  "summary_bg_median": 3.5699016135185957,
  "summary_bg_n": 3105040.0,
  "summary_bg_p05": 0.0,
  "summary_bg_p95": 30.739631857722998,
  "summary_bg_stdv": 11.307905490446094,
  "summary_csf_k": 1.3318427840791216,
  "summary_csf_mad": 74.70058521365527,
  "summary_csf_mean": 283.73757170369583,
  "summary_csf_median": 284.92945273406804,
  "summary_csf_n": 68276.0,
  "summary_csf_p05": 90.39653561776504,
  "summary_csf_p95": 444.61841996992007,
  "summary_csf_stdv": 99.0235477285617,
  "summary_gm_k": -0.0507108106260894,
  "summary_gm_mad": 61.26272007551788,
  "summary_gm_mean": 746.2670051104659,
  "summary_gm_median": 748.2257262058556,
  "summary_gm_n": 30572.0,
  "summary_gm_p05": 643.7270103818737,
  "summary_gm_p95": 843.7248696987516,
  "summary_gm_stdv": 60.76027399080516,
  "summary_wm_k": 0.37878202520512616,
  "summary_wm_mad": 40.8840708212199,
  "summary_wm_mean": 999.5099123405619,
  "summary_wm_median": 1000.0213615689427,
  "summary_wm_n": 224354.0,
  "summary_wm_p05": 929.9198235073127,
  "summary_wm_p95": 1067.9349988512695,
  "summary_wm_stdv": 42.207033915377856,
  "tpm_overlap_csf": 0.1603758092027757,
  "tpm_overlap_gm": 0.4557658028650343,
  "tpm_overlap_wm": 0.5146648723393323,
  "wm2max": 0.8944228820526547
}