{
  "bids_meta": {
    "AcquisitionDateTime": "2013-12-02T13:51:29.828125",
    "ConversionSoftware": "dcm2niix",
    "ConversionSoftwareVersion": "v1.0.20170207",
    "EchoTime": 0.00302,
    "FlipAngle": 9,
    "ImageType": [
      "ORIGINAL",
      "PRIMARY",
      "M",
      "ND",
      "NORM"
    ],
    "MagneticFieldStrength": 3,
    "Manufacturer": "Siemens",
    "ManufacturersModelName": "TrioTim",
    "PhaseEncodingDirection": "i-",
    "ProcedureStepDescription": "Studies_bbsrc_age",
    "ProtocolName": "MPRAGE",
    "RepetitionTime": 2.02,
    "dataset": "ds002366",
    "modality": "T1w",
    "session_id": "1",
    "subject_id": "ER047"
  },
  "cjv": 0.4112449997441855,
  "cnr": 3.2608155195451407,
  "efc": 0.5057786920078398,
  "fber": 18794.378943758573,
  "fwhm_avg": 4.366477493333333,
  "fwhm_x": 4.49346,
  "fwhm_y": 4.6164992,
  "fwhm_z": 3.9894732800000003,
  "icvs_csf": 0.339965421528744,
  "icvs_gm": 0.343444483175706,
  "icvs_wm": 0.31659009529555004,
  "inu_med": 0.5623194575309753,
  "inu_range": 0.22480662465095513,
  "provenance": {
    "md5sum": "1db33e8cc1077246b3eadaebff218959",
    "settings": {
      "testing": false
    },
    "software": "mriqc",
    "version": "23.0.1",
    "warnings": {
      "large_rot_frame": true,
      "small_air_mask": false
    },
    "webapi_port": null,
    "webapi_url": "https://mriqc.nimh.nih.gov/api/v1"
  },
  "qi_1": 0.0,
  "qi_2": 0.02111188775094602,
  "rpve_csf": 18.91177555903054,
  "rpve_gm": 16.189950047062776,
  "rpve_wm": 21.036742326150783,
  "size_x": 192,
  "size_y": 256,
  "size_z": 256,
  "snr_csf": 3.7764313756404477,
  "snr_gm": 10.455857841274847,
  "snr_total": 12.713426068135384,
  "snr_wm": 23.907988987490857,
  "snrd_csf": 25.20150453282918,
  "snrd_gm": 69.26671384743798,
  "snrd_total": 62.99348818207704,
  "snrd_wm": 94.51224616596394,
  "spacing_x": 1.0,
  "spacing_y": 0.9765625,
  "spacing_z": 0.9765625,
  "summary_bg_k": 11.656009830652433,
  "summary_bg_mad": 0.0,
  "summary_bg_mean": 4.445081452086066,
  "summary_bg_median": 0.0,
  "summary_bg_n": 4316664.0,
  "summary_bg_p05": 0.0,
  "summary_bg_p95": 18.470639776438475,
  "summary_bg_stdv": 6.931761840463039,
  "summary_csf_k": 2.909467779506672,
  "summary_csf_mad": 49.174888764068186,
  "summary_csf_mean": 269.26669624175105,
  "summary_csf_median": 266.64802542328835,
  "summary_csf_n": 156000.0,
  "summary_csf_p05": 163.43954070527107,
  "summary_csf_p95": 388.4657379463315,
  "summary_csf_stdv": 70.60823943493233,
  "summary_gm_k": -0.01149766167273647,
  "summary_gm_mad": 70.20544161330801,
  "summary_gm_mean": 730.6242881098864,
  "summary_gm_median": 732.886104118079,
  "summary_gm_n": 14444.0,
  "summary_gm_p05": 612.582378461957,
  "summary_gm_p95": 842.4183955186977,
  "summary_gm_stdv": 70.09092366108663,
  "summary_wm_k": 0.30678856604406546,
  "summary_wm_mad": 39.643800773279686,
  "summary_wm_mean": 999.6681184695191,
  "summary_wm_median": 999.9999716542661,
  "summary_wm_n": 171685.0,
  "summary_wm_p05": 929.9652684010565,
  "summary_wm_p95": 1068.1759648770094,
  "summary_wm_stdv": 41.82689978078,
  "tpm_overlap_csf": 0.1357850360027245,
  "tpm_overlap_gm": 0.39110181389105336,
  "tpm_overlap_wm": 0.4326789249228267,
  "wm2max": 0.8915955392187402
}