{
  "aor": 0.005133601895734597,
  "aqi": 0.021617309478672984,
  "bids_meta": {
    "AcquisitionDateTime": "2013-07-09T94:00:5.937500",
    "ConversionSoftware": "dcm2niix",
    "ConversionSoftwareVersion": "v1.0.20170207",
    "EchoTime": 0.03,
    "EffectiveEchoSpacing": 0.000265001,
    "FlipAngle": 90,
    "ImageType": [
      "ORIGINAL",
      "PRIMARY",
      "M",
      "ND",
      "MOSAIC"
    ],
    "MagneticFieldStrength": 3,
    "Manufacturer": "Siemens",
    "ManufacturersModelName": "TrioTim",
    "PhaseEncodingDirection": "j",
    "ProcedureStepDescription": "Studies_bbsrc_age",
    "ProtocolName": "ep2d_bold_PtoA_iPAT2_block_2",
    "RepetitionTime": 2,
    "TaskName": "Emoreg Run2",
    "dataset": "ds002366",
    "modality": "bold",
    "session_id": "1",
    "subject_id": "ER007",
    "task_id": "emoregRun2"
  },
  "dummy_trs": 0,
  "dvars_nstd": 61.53844371999999,
  "dvars_std": 1.1447389553809522,
  "dvars_vstd": 1.0555372471904765,
  "efc": 0.5981989461798651,
  "fber": 315.5568542480469,
  "fd_mean": 0.5059253602321073,
  "fd_num": 179,
  "fd_perc": 84.83412322274881,
  "fwhm_avg": 1.9470075424422415,
  "fwhm_x": 1.9419199999999999,
  "fwhm_y": 2.12005,
  "fwhm_z": 1.7790526273267249,
  "gcor": 0.0172236,
  "gsr_x": 0.004133863840252161,
  "gsr_y": 0.03651703521609306,
  "provenance": {
    "md5sum": "bcce6e9cb50349aa27bbcbd6cf543e87",
    "settings": {
      "fd_thres": 0.2,
      "testing": false
    },
    "software": "mriqc",
    "version": "23.0.1",
    "webapi_port": null,
    "webapi_url": "https://mriqc.nimh.nih.gov/api/v1"
  },
  "size_t": 211,
  "size_x": 64,
  "size_y": 64,
  "size_z": 30,
  "snr": 4.276436539761097,
  "spacing_tr": 2.0,
  "spacing_x": 3.0,
  "spacing_y": 3.0,
  "spacing_z": 3.990000009536743,
  "summary_bg_k": 85.49639176314926,
  "summary_bg_mad": 10.286870664003157,
  "summary_bg_mean": 61.34956359863281,
  "summary_bg_median": 47.90995407104492,
  "summary_bg_n": 62916.0,
  "summary_bg_p05": 36.890995025634766,
  "summary_bg_p95": 125.83175659179688,
  "summary_bg_stdv": 47.14863204956055,
  "summary_fg_k": 1.7558225996014665,
  "summary_fg_mad": 160.99237607089447,
  "summary_fg_mean": 892.7022094726562,
  "summary_fg_median": 859.4573974609375,
  "summary_fg_n": 29238.0,
  "summary_fg_p05": 619.6748962402344,
  "summary_fg_p95": 1257.683428955078,
  "summary_fg_stdv": 200.97169494628906,
  "tsnr": 25.415578881045803
}