{
  "aor": 0.0017084834123222749,
  "aqi": 0.008042756682464455,
  "bids_meta": {
    "AcquisitionDateTime": "2013-07-18T11:27:35.617188",
    "ConversionSoftware": "dcm2niix",
    "ConversionSoftwareVersion": "v1.0.20170207",
    "EchoTime": 0.03,
    "EffectiveEchoSpacing": 0.000265001,
    "FlipAngle": 90,
    "ImageType": [
      "ORIGINAL",
      "PRIMARY",
      "M",
      "ND",
      "MOSAIC"
    ],
    "MagneticFieldStrength": 3,
    "Manufacturer": "Siemens",
    "ManufacturersModelName": "TrioTim",
    "PhaseEncodingDirection": "j",
    "ProcedureStepDescription": "Studies_bbsrc_age",
    "ProtocolName": "ep2d_bold_PtoA_iPAT2_block_3",
    "RepetitionTime": 2,
    "TaskName": "Emoreg Run3",
    "dataset": "ds002366",
    "modality": "bold",
    "session_id": "1",
    "subject_id": "ER010",
    "task_id": "emoregRun3"
  },
  "dummy_trs": 0,
  "dvars_nstd": 41.515588124714306,
  "dvars_std": 1.146125761142857,
  "dvars_vstd": 1.015714133809524,
  "efc": 0.5825915149700355,
  "fber": 558.438232421875,
  "fd_mean": 0.12965250736387224,
  "fd_num": 30,
  "fd_perc": 14.218009478672986,
  "fwhm_avg": 2.059234960865194,
  "fwhm_x": 2.0205333333333333,
  "fwhm_y": 2.2232166666666666,
  "fwhm_z": 1.9339548825955812,
  "gcor": 0.0142031,
  "gsr_x": 0.007774928584694862,
  "gsr_y": 0.038126979023218155,
  "provenance": {
    "md5sum": "fd48d02bcbe64a1169eb5de96063cf8b",
    "settings": {
      "fd_thres": 0.2,
      "testing": false
    },
    "software": "mriqc",
    "version": "23.0.1",
    "webapi_port": null,
    "webapi_url": "https://mriqc.nimh.nih.gov/api/v1"
  },
  "size_t": 211,
  "size_x": 64,
  "size_y": 64,
  "size_z": 30,
  "snr": 3.9919674070082136,
  "spacing_tr": 2.0,
  "spacing_x": 3.0,
  "spacing_y": 3.0,
  "spacing_z": 3.990000009536743,
  "summary_bg_k": 30.832640199029647,
  "summary_bg_mad": 12.008374403473935,
  "summary_bg_mean": 65.01052856445312,
  "summary_bg_median": 40.40758514404297,
  "summary_bg_n": 63487.0,
  "summary_bg_p05": 30.469196319580078,
  "summary_bg_p95": 184.44218749999987,
  "summary_bg_stdv": 71.92952728271484,
  "summary_fg_k": 2.171198093470612,
  "summary_fg_mad": 195.85452208484674,
  "summary_fg_mean": 1006.2108154296875,
  "summary_fg_median": 963.737060546875,
  "summary_fg_n": 29278.0,
  "summary_fg_p05": 689.2931701660157,
  "summary_fg_p95": 1449.0962768554687,
  "summary_fg_stdv": 241.41494750976562,
  "tsnr": 43.134534736163914
}