{
  "aor": 0.0010135714285714286,
  "aqi": 0.008078902952380953,
  "bids_meta": {
    "AcquisitionDateTime": "2013-07-18T11:19:51.796875",
    "ConversionSoftware": "dcm2niix",
    "ConversionSoftwareVersion": "v1.0.20170207",
    "EchoTime": 0.03,
    "EffectiveEchoSpacing": 0.000265001,
    "FlipAngle": 90,
    "ImageType": [
      "ORIGINAL",
      "PRIMARY",
      "M",
      "ND",
      "MOSAIC"
    ],
    "MagneticFieldStrength": 3,
    "Manufacturer": "Siemens",
    "ManufacturersModelName": "TrioTim",
    "PhaseEncodingDirection": "j",
    "ProcedureStepDescription": "Studies_bbsrc_age",
    "ProtocolName": "ep2d_bold_PtoA_iPAT2_block_2",
    "RepetitionTime": 2,
    "TaskName": "Emoreg Run2",
    "dataset": "ds002366",
    "modality": "bold",
    "session_id": "1",
    "subject_id": "ER010",
    "task_id": "emoregRun2"
  },
  "dummy_trs": 1,
  "dvars_nstd": 38.98753893540672,
  "dvars_std": 1.1295665113875595,
  "dvars_vstd": 1.0145395355023923,
  "efc": 0.5795168125106586,
  "fber": 572.7159423828125,
  "fd_mean": 0.10509099359683902,
  "fd_num": 17,
  "fd_perc": 8.095238095238095,
  "fwhm_avg": 2.0621023543224473,
  "fwhm_x": 2.004843333333333,
  "fwhm_y": 2.214303333333333,
  "fwhm_z": 1.9671603963006756,
  "gcor": 0.0113898,
  "gsr_x": 0.00887013878673315,
  "gsr_y": 0.040365543216466904,
  "provenance": {
    "md5sum": "54372e29284080cd6a384934cfedb1bd",
    "settings": {
      "fd_thres": 0.2,
      "testing": false
    },
    "software": "mriqc",
    "version": "23.0.1",
    "webapi_port": null,
    "webapi_url": "https://mriqc.nimh.nih.gov/api/v1"
  },
  "size_t": 210,
  "size_x": 64,
  "size_y": 64,
  "size_z": 30,
  "snr": 3.9879186265811035,
  "spacing_tr": 2.0,
  "spacing_x": 3.0,
  "spacing_y": 3.0,
  "spacing_z": 3.990000009536743,
  "summary_bg_k": 27.359257531849124,
  "summary_bg_mad": 12.59505774252938,
  "summary_bg_mean": 63.680416107177734,
  "summary_bg_median": 40.014286041259766,
  "summary_bg_n": 63938.0,
  "summary_bg_p05": 29.52785797119141,
  "summary_bg_p95": 177.83477172851556,
  "summary_bg_stdv": 69.60465240478516,
  "summary_fg_k": 2.185547338774363,
  "summary_fg_mad": 196.86838165858558,
  "summary_fg_mean": 1006.8822021484375,
  "summary_fg_median": 965.1000366210938,
  "summary_fg_n": 29053.0,
  "summary_fg_p05": 692.6524047851562,
  "summary_fg_p95": 1453.1410400390625,
  "summary_fg_stdv": 242.0017852783203,
  "tsnr": 43.21067149937153
}