{
  "aor": 0.00816654028436019,
  "aqi": 0.03658350236966825,
  "bids_meta": {
    "AcquisitionDateTime": "2013-07-17T12:38:51.601562",
    "ConversionSoftware": "dcm2niix",
    "ConversionSoftwareVersion": "v1.0.20170207",
    "EchoTime": 0.03,
    "EffectiveEchoSpacing": 0.000265001,
    "FlipAngle": 90,
    "ImageType": [
      "ORIGINAL",
      "PRIMARY",
      "M",
      "ND",
      "MOSAIC"
    ],
    "MagneticFieldStrength": 3,
    "Manufacturer": "Siemens",
    "ManufacturersModelName": "TrioTim",
    "PhaseEncodingDirection": "j",
    "ProcedureStepDescription": "Studies_bbsrc_age",
    "ProtocolName": "ep2d_bold_PtoA_iPAT2_block_4",
    "RepetitionTime": 2,
    "TaskName": "Emoreg Run4",
    "dataset": "ds002366",
    "modality": "bold",
    "session_id": "1",
    "subject_id": "ER012",
    "task_id": "emoregRun4"
  },
  "dummy_trs": 0,
  "dvars_nstd": 66.90898895266668,
  "dvars_std": 1.2064056924761903,
  "dvars_vstd": 1.0726708460000003,
  "efc": 0.5724322668156888,
  "fber": 601.9680786132812,
  "fd_mean": 0.7603625430926404,
  "fd_num": 204,
  "fd_perc": 96.6824644549763,
  "fwhm_avg": 1.8858615358603075,
  "fwhm_x": 1.8338266666666667,
  "fwhm_y": 2.144953333333333,
  "fwhm_z": 1.6788046075809224,
  "gcor": 0.0238483,
  "gsr_x": 0.0030542968306690454,
  "gsr_y": 0.04209894314408302,
  "provenance": {
    "md5sum": "9a6f0e554b34e318a25289d6b3b02adf",
    "settings": {
      "fd_thres": 0.2,
      "testing": false
    },
    "software": "mriqc",
    "version": "23.0.1",
    "webapi_port": null,
    "webapi_url": "https://mriqc.nimh.nih.gov/api/v1"
  },
  "size_t": 211,
  "size_x": 64,
  "size_y": 64,
  "size_z": 30,
  "snr": 6.0357848173193025,
  "spacing_tr": 2.0,
  "spacing_x": 3.0,
  "spacing_y": 3.0,
  "spacing_z": 3.989999771118164,
  "summary_bg_k": 185.54388347769847,
  "summary_bg_mad": 11.319772907685625,
  "summary_bg_mean": 61.90372848510742,
  "summary_bg_median": 40.43601989746094,
  "summary_bg_n": 66835.0,
  "summary_bg_p05": 30.61137580871582,
  "summary_bg_p95": 155.96351623535153,
  "summary_bg_stdv": 77.5495376586914,
  "summary_fg_k": 1.9006724443520637,
  "summary_fg_mad": 147.2624696495566,
  "summary_fg_mean": 998.510498046875,
  "summary_fg_median": 1000.331787109375,
  "summary_fg_n": 26735.0,
  "summary_fg_p05": 737.4166198730469,
  "summary_fg_p95": 1258.3820068359375,
  "summary_fg_stdv": 165.73040771484375,
  "tsnr": 24.794676820747554
}