{
  "aor": 0.01011691943127962,
  "aqi": 0.04000082843601895,
  "bids_meta": {
    "AcquisitionDateTime": "2013-07-17T12:31:20.492188",
    "ConversionSoftware": "dcm2niix",
    "ConversionSoftwareVersion": "v1.0.20170207",
    "EchoTime": 0.03,
    "EffectiveEchoSpacing": 0.000265001,
    "FlipAngle": 90,
    "ImageType": [
      "ORIGINAL",
      "PRIMARY",
      "M",
      "ND",
      "MOSAIC"
    ],
    "MagneticFieldStrength": 3,
    "Manufacturer": "Siemens",
    "ManufacturersModelName": "TrioTim",
    "PhaseEncodingDirection": "j",
    "ProcedureStepDescription": "Studies_bbsrc_age",
    "ProtocolName": "ep2d_bold_PtoA_iPAT2_block_3",
    "RepetitionTime": 2,
    "TaskName": "Emoreg Run3",
    "dataset": "ds002366",
    "modality": "bold",
    "session_id": "1",
    "subject_id": "ER012",
    "task_id": "emoregRun3"
  },
  "dummy_trs": 0,
  "dvars_nstd": 66.84248778914288,
  "dvars_std": 1.1868988284285713,
  "dvars_vstd": 1.0664195555238094,
  "efc": 0.5705761297503714,
  "fber": 628.905517578125,
  "fd_mean": 0.7612397286984018,
  "fd_num": 196,
  "fd_perc": 92.8909952606635,
  "fwhm_avg": 1.8921187960725507,
  "fwhm_x": 1.8129,
  "fwhm_y": 2.1639399999999998,
  "fwhm_z": 1.6995163882176518,
  "gcor": 0.0310646,
  "gsr_x": 0.002311446936801076,
  "gsr_y": 0.04182487726211548,
  "provenance": {
    "md5sum": "07ad4dd759a26334ea76e43d32b94c1a",
    "settings": {
      "fd_thres": 0.2,
      "testing": false
    },
    "software": "mriqc",
    "version": "23.0.1",
    "webapi_port": null,
    "webapi_url": "https://mriqc.nimh.nih.gov/api/v1"
  },
  "size_t": 211,
  "size_x": 64,
  "size_y": 64,
  "size_z": 30,
  "snr": 6.048795467872153,
  "spacing_tr": 2.0,
  "spacing_x": 3.0,
  "spacing_y": 3.0,
  "spacing_z": 3.989999771118164,
  "summary_bg_k": 183.77189597614353,
  "summary_bg_mad": 13.41368328999709,
  "summary_bg_mean": 60.5518684387207,
  "summary_bg_median": 39.829383850097656,
  "summary_bg_n": 66717.0,
  "summary_bg_p05": 27.924171447753906,
  "summary_bg_p95": 154.77536010742176,
  "summary_bg_stdv": 76.46822357177734,
  "summary_fg_k": 2.0268022522093316,
  "summary_fg_mad": 147.33269055541356,
  "summary_fg_mean": 999.9921875,
  "summary_fg_median": 1000.4976806640625,
  "summary_fg_n": 26837.0,
  "summary_fg_p05": 742.450244140625,
  "summary_fg_p95": 1261.486328125,
  "summary_fg_stdv": 165.4013671875,
  "tsnr": 22.971894470392726
}