{
  "aor": 0.0029269668246445493,
  "aqi": 0.05475923127962086,
  "bids_meta": {
    "AcquisitionDateTime": "2013-07-17T12:07:5.398438",
    "ConversionSoftware": "dcm2niix",
    "ConversionSoftwareVersion": "v1.0.20170207",
    "EchoTime": 0.03,
    "EffectiveEchoSpacing": 0.000265001,
    "FlipAngle": 90,
    "ImageType": [
      "ORIGINAL",
      "PRIMARY",
      "M",
      "ND",
      "MOSAIC"
    ],
    "MagneticFieldStrength": 3,
    "Manufacturer": "Siemens",
    "ManufacturersModelName": "TrioTim",
    "PhaseEncodingDirection": "j",
    "ProcedureStepDescription": "Studies_bbsrc_age",
    "ProtocolName": "ep2d_bold_PtoA_iPAT2_block_1",
    "RepetitionTime": 2,
    "TaskName": "Emoreg Run1",
    "dataset": "ds002366",
    "modality": "bold",
    "session_id": "1",
    "subject_id": "ER012",
    "task_id": "emoregRun1"
  },
  "dummy_trs": 0,
  "dvars_nstd": 59.85323621628572,
  "dvars_std": 1.028061711333333,
  "dvars_vstd": 0.9625776053333336,
  "efc": 0.5676335415550889,
  "fber": 666.0029296875,
  "fd_mean": 0.8752401576629576,
  "fd_num": 202,
  "fd_perc": 95.73459715639811,
  "fwhm_avg": 1.912999781274743,
  "fwhm_x": 1.8620733333333332,
  "fwhm_y": 2.20856,
  "fwhm_z": 1.6683660104908962,
  "gcor": 0.0234103,
  "gsr_x": 0.0021387941669672728,
  "gsr_y": 0.03249119594693184,
  "provenance": {
    "md5sum": "b9b22a9e759159d366dbbf83875f789f",
    "settings": {
      "fd_thres": 0.2,
      "testing": false
    },
    "software": "mriqc",
    "version": "23.0.1",
    "webapi_port": null,
    "webapi_url": "https://mriqc.nimh.nih.gov/api/v1"
  },
  "size_t": 211,
  "size_x": 64,
  "size_y": 64,
  "size_z": 30,
  "snr": 6.249806413866535,
  "spacing_tr": 2.0,
  "spacing_x": 3.0,
  "spacing_y": 3.0,
  "spacing_z": 3.989999771118164,
  "summary_bg_k": 128.37928067167988,
  "summary_bg_mad": 12.1840397816889,
  "summary_bg_mean": 57.34745407104492,
  "summary_bg_median": 38.933650970458984,
  "summary_bg_n": 66992.0,
  "summary_bg_p05": 28.39336585998535,
  "summary_bg_p95": 140.41658706665035,
  "summary_bg_stdv": 59.28007888793945,
  "summary_fg_k": 1.7301519265179799,
  "summary_fg_mad": 135.69665209879744,
  "summary_fg_mean": 995.633056640625,
  "summary_fg_median": 995.687255859375,
  "summary_fg_n": 26367.0,
  "summary_fg_p05": 732.6364990234375,
  "summary_fg_p95": 1248.8967407226562,
  "summary_fg_stdv": 159.31187438964844,
  "tsnr": 21.149766713846475
}