{
  "aor": 0.00740255924170616,
  "aqi": 0.04572716018957346,
  "bids_meta": {
    "AcquisitionDateTime": "2013-07-17T12:23:46.382812",
    "ConversionSoftware": "dcm2niix",
    "ConversionSoftwareVersion": "v1.0.20170207",
    "EchoTime": 0.03,
    "EffectiveEchoSpacing": 0.000265001,
    "FlipAngle": 90,
    "ImageType": [
      "ORIGINAL",
      "PRIMARY",
      "M",
      "ND",
      "MOSAIC"
    ],
    "MagneticFieldStrength": 3,
    "Manufacturer": "Siemens",
    "ManufacturersModelName": "TrioTim",
    "PhaseEncodingDirection": "j",
    "ProcedureStepDescription": "Studies_bbsrc_age",
    "ProtocolName": "ep2d_bold_PtoA_iPAT2_block_2",
    "RepetitionTime": 2,
    "TaskName": "Emoreg Run2",
    "dataset": "ds002366",
    "modality": "bold",
    "session_id": "1",
    "subject_id": "ER012",
    "task_id": "emoregRun2"
  },
  "dummy_trs": 0,
  "dvars_nstd": 59.99054401966668,
  "dvars_std": 1.0963141917619044,
  "dvars_vstd": 1.0079987822380954,
  "efc": 0.5743228142089013,
  "fber": 607.9308471679688,
  "fd_mean": 0.6853040702403138,
  "fd_num": 197,
  "fd_perc": 93.36492890995261,
  "fwhm_avg": 1.9207931900973385,
  "fwhm_x": 1.86499,
  "fwhm_y": 2.2132666666666667,
  "fwhm_z": 1.6841229036253489,
  "gcor": 0.0320999,
  "gsr_x": -0.00220128265209496,
  "gsr_y": 0.04270921275019646,
  "provenance": {
    "md5sum": "ecb418bf1037e33b87ea0ea0a58e7755",
    "settings": {
      "fd_thres": 0.2,
      "testing": false
    },
    "software": "mriqc",
    "version": "23.0.1",
    "webapi_port": null,
    "webapi_url": "https://mriqc.nimh.nih.gov/api/v1"
  },
  "size_t": 211,
  "size_x": 64,
  "size_y": 64,
  "size_z": 30,
  "snr": 6.098930671445803,
  "spacing_tr": 2.0,
  "spacing_x": 3.0,
  "spacing_y": 3.0,
  "spacing_z": 3.989999771118164,
  "summary_bg_k": 175.13464924942363,
  "summary_bg_mad": 14.060128771204917,
  "summary_bg_mean": 62.97014617919922,
  "summary_bg_median": 41.170616149902344,
  "summary_bg_n": 66254.0,
  "summary_bg_p05": 28.981042861938477,
  "summary_bg_p95": 155.7983535766601,
  "summary_bg_stdv": 77.17516326904297,
  "summary_fg_k": 1.472767994651206,
  "summary_fg_mad": 146.54578205369697,
  "summary_fg_mean": 1005.4953002929688,
  "summary_fg_median": 1007.9241943359375,
  "summary_fg_n": 26863.0,
  "summary_fg_p05": 733.8934020996094,
  "summary_fg_p95": 1269.901477050781,
  "summary_fg_stdv": 165.25936889648438,
  "tsnr": 21.837377014977392
}