{
  "bids_meta": {
    "AcquisitionDateTime": "2013-07-02T94:45:5.585938",
    "ConversionSoftware": "dcm2niix",
    "ConversionSoftwareVersion": "v1.0.20170207",
    "EchoTime": 0.00302,
    "FlipAngle": 9,
    "ImageType": [
      "ORIGINAL",
      "PRIMARY",
      "M",
      "ND",
      "NORM"
    ],
    "MagneticFieldStrength": 3,
    "Manufacturer": "Siemens",
    "ManufacturersModelName": "TrioTim",
    "PhaseEncodingDirection": "i-",
    "ProcedureStepDescription": "Studies_bbsrc_age",
    "ProtocolName": "MPRAGE",
    "RepetitionTime": 2.02,
    "dataset": "ds002366",
    "modality": "T1w",
    "session_id": "1",
    "subject_id": "ER007"
  },
  "cjv": 0.39198710930734454,
  "cnr": 3.474540694932834,
  "efc": 0.551499699693306,
  "fber": 9980.778476331361,
  "fwhm_avg": 4.715259493333333,
  "fwhm_x": 4.63843,
  "fwhm_y": 4.9054924799999995,
  "fwhm_z": 4.601856,
  "icvs_csf": 0.30172906014106,
  "icvs_gm": 0.3628064309226074,
  "icvs_wm": 0.3354645089363326,
  "inu_med": 0.598184198141098,
  "inu_range": 0.26222456991672516,
  "provenance": {
    "md5sum": "9d2b79232682b2b3d85e8f19c2dd1962",
    "settings": {
      "testing": false
    },
    "software": "mriqc",
    "version": "23.0.1",
    "warnings": {
      "large_rot_frame": true,
      "small_air_mask": false
    },
    "webapi_port": null,
    "webapi_url": "https://mriqc.nimh.nih.gov/api/v1"
  },
  "qi_1": 0.0,
  "qi_2": 0.014675298175308686,
  "rpve_csf": 18.789841109391286,
  "rpve_gm": 13.958736492888862,
  "rpve_wm": 18.03660742513725,
  "size_x": 192,
  "size_y": 256,
  "size_z": 256,
  "snr_csf": 3.4754730938441702,
  "snr_gm": 12.723913564712053,
  "snr_total": 12.573906542844862,
  "snr_wm": 21.522332969978365,
  "snrd_csf": 23.260320380435186,
  "snrd_gm": 61.08861699913755,
  "snrd_total": 55.63684890997092,
  "snrd_wm": 82.56160935034002,
  "spacing_x": 1.0,
  "spacing_y": 0.9765625,
  "spacing_z": 0.9765625,
  "summary_bg_k": 7.897813370649105,
  "summary_bg_mad": 0.0,
  "summary_bg_mean": 5.533589124667495,
  "summary_bg_median": 0.0,
  "summary_bg_n": 3508817.0,
  "summary_bg_p05": 0.0,
  "summary_bg_p95": 21.295429401099682,
  "summary_bg_stdv": 7.935522705306018,
  "summary_csf_k": 1.5980440146725297,
  "summary_csf_mad": 63.70775989916339,
  "summary_csf_mean": 287.90721948597326,
  "summary_csf_median": 281.74713008105755,
  "summary_csf_n": 118713.0,
  "summary_csf_p05": 169.1140359066427,
  "summary_csf_p95": 433.8248224668205,
  "summary_csf_stdv": 81.06693270166431,
  "summary_gm_k": 0.20485083762909317,
  "summary_gm_mad": 56.88326766746961,
  "summary_gm_mean": 737.9559359355673,
  "summary_gm_median": 739.9529429785907,
  "summary_gm_n": 14602.0,
  "summary_gm_p05": 637.3732136342675,
  "summary_gm_p95": 830.2157196883112,
  "summary_gm_stdv": 58.15251741520171,
  "summary_wm_k": 0.23354778288386457,
  "summary_wm_mad": 45.07164649723037,
  "summary_wm_mean": 1000.4307393010236,
  "summary_wm_median": 1000.0505628846586,
  "summary_wm_n": 201946.0,
  "summary_wm_p05": 924.4100575624034,
  "summary_wm_p95": 1077.4677949473262,
  "summary_wm_stdv": 46.465598698894574,
  "tpm_overlap_csf": 0.14979469991391436,
  "tpm_overlap_gm": 0.40381655269651784,
  "tpm_overlap_wm": 0.4669316880175833,
  "wm2max": 0.7337898526518948
}