{
  "bids_meta": {
    "AcquisitionDateTime": "2013-07-15T15:10:37.812500",
    "ConversionSoftware": "dcm2niix",
    "ConversionSoftwareVersion": "v1.0.20170207",
    "EchoTime": 0.00302,
    "FlipAngle": 9,
    "ImageType": [
      "ORIGINAL",
      "PRIMARY",
      "M",
      "ND",
      "NORM"
    ],
    "MagneticFieldStrength": 3,
    "Manufacturer": "Siemens",
    "ManufacturersModelName": "TrioTim",
    "PhaseEncodingDirection": "i-",
    "ProcedureStepDescription": "Studies_bbsrc_age",
    "ProtocolName": "MPRAGE",
    "RepetitionTime": 2.02,
    "dataset": "ds002366",
    "modality": "T1w",
    "session_id": "1",
    "subject_id": "ER017"
  },
  "cjv": 0.43113328111355365,
  "cnr": 3.131986999763254,
  "efc": 0.5118430794853552,
  "fber": 12838.72117641057,
  "fwhm_avg": 4.31434032,
  "fwhm_x": 4.4361,
  "fwhm_y": 4.52156416,
  "fwhm_z": 3.9853568,
  "icvs_csf": 0.2311811460891677,
  "icvs_gm": 0.40654231420098647,
  "icvs_wm": 0.36227653970984586,
  "inu_med": 0.502899169921875,
  "inu_range": 0.22702022939920424,
  "provenance": {
    "md5sum": "d03f78116fdde35b3faeba0e027e697e",
    "settings": {
      "testing": false
    },
    "software": "mriqc",
    "version": "23.0.1",
    "warnings": {
      "large_rot_frame": true,
      "small_air_mask": false
    },
    "webapi_port": null,
    "webapi_url": "https://mriqc.nimh.nih.gov/api/v1"
  },
  "qi_1": 6.2689554274657045e-06,
  "qi_2": 0.007833154348858886,
  "rpve_csf": 25.72498596940611,
  "rpve_gm": 14.568807608071864,
  "rpve_wm": 18.599939919754206,
  "size_x": 192,
  "size_y": 256,
  "size_z": 256,
  "snr_csf": 3.0335463768324917,
  "snr_gm": 13.103077143898169,
  "snr_total": 13.256626998126277,
  "snr_wm": 23.63325747364817,
  "snrd_csf": 17.46995516078022,
  "snrd_gm": 49.137966956201346,
  "snrd_total": 43.45290556086736,
  "snrd_wm": 63.75079456562052,
  "spacing_x": 1.0,
  "spacing_y": 0.9765625,
  "spacing_z": 0.9765625,
  "summary_bg_k": 11.103142963299932,
  "summary_bg_mad": 0.0,
  "summary_bg_mean": 6.641262763047642,
  "summary_bg_median": 0.0,
  "summary_bg_n": 3592796.0,
  "summary_bg_p05": 0.0,
  "summary_bg_p95": 27.86490097641945,
  "summary_bg_stdv": 10.276521468708653,
  "summary_csf_k": 2.2157414961339326,
  "summary_csf_mad": 65.36992685985055,
  "summary_csf_mean": 283.93408914852756,
  "summary_csf_median": 274.0351005792618,
  "summary_csf_n": 65644.0,
  "summary_csf_p05": 159.15394604206085,
  "summary_csf_p95": 455.2217590212822,
  "summary_csf_stdv": 90.33420928783828,
  "summary_gm_k": 0.1229050989871876,
  "summary_gm_mad": 57.54936241776966,
  "summary_gm_mean": 768.8343770101748,
  "summary_gm_median": 770.7820422649384,
  "summary_gm_n": 27796.0,
  "summary_gm_p05": 669.3214016631246,
  "summary_gm_p95": 864.0970594882965,
  "summary_gm_stdv": 58.82344801105218,
  "summary_wm_k": 0.27103641197142325,
  "summary_wm_mad": 41.27413371397971,
  "summary_wm_mean": 1000.8950269368537,
  "summary_wm_median": 1000.0000137388706,
  "summary_wm_n": 212686.0,
  "summary_wm_p05": 933.4871431291103,
  "summary_wm_p95": 1071.6970519721508,
  "summary_wm_stdv": 42.31315399358899,
  "tpm_overlap_csf": 0.1471008638188675,
  "tpm_overlap_gm": 0.43305741202648745,
  "tpm_overlap_wm": 0.49105873730814503,
  "wm2max": 0.7506226165460347
}