{
  "aor": 0.0005488625592417061,
  "aqi": 0.020537626540284366,
  "bids_meta": {
    "AcquisitionDateTime": "2013-08-13T10:37:7.335938",
    "ConversionSoftware": "dcm2niix",
    "ConversionSoftwareVersion": "v1.0.20170207",
    "EchoTime": 0.03,
    "EffectiveEchoSpacing": 0.000265001,
    "FlipAngle": 90,
    "ImageType": [
      "ORIGINAL",
      "PRIMARY",
      "M",
      "ND",
      "MOSAIC"
    ],
    "MagneticFieldStrength": 3,
    "Manufacturer": "Siemens",
    "ManufacturersModelName": "TrioTim",
    "PhaseEncodingDirection": "j",
    "ProcedureStepDescription": "Studies_bbsrc_age",
    "ProtocolName": "ep2d_bold_PtoA_iPAT2_block_4",
    "RepetitionTime": 2,
    "TaskName": "Emoreg Run4",
    "dataset": "ds002366",
    "modality": "bold",
    "session_id": "1",
    "subject_id": "ER016",
    "task_id": "emoregRun4"
  },
  "dummy_trs": 0,
  "dvars_nstd": 59.701175308190486,
  "dvars_std": 1.1184603603809522,
  "dvars_vstd": 0.992237490333334,
  "efc": 0.5605028777004534,
  "fber": 459.8475036621094,
  "fd_mean": 0.3541981471351771,
  "fd_num": 186,
  "fd_perc": 88.15165876777252,
  "fwhm_avg": 1.8763530729904037,
  "fwhm_x": 1.8690233333333335,
  "fwhm_y": 2.0503466666666665,
  "fwhm_z": 1.7096892189712112,
  "gcor": 0.00743953,
  "gsr_x": 0.015161504037678242,
  "gsr_y": 0.0291089229285717,
  "provenance": {
    "md5sum": "536fe68e4d33b4a9806e6046acf9fa92",
    "settings": {
      "fd_thres": 0.2,
      "testing": false
    },
    "software": "mriqc",
    "version": "23.0.1",
    "webapi_port": null,
    "webapi_url": "https://mriqc.nimh.nih.gov/api/v1"
  },
  "size_t": 211,
  "size_x": 64,
  "size_y": 64,
  "size_z": 30,
  "snr": 5.642509821300312,
  "spacing_tr": 2.0,
  "spacing_x": 3.0,
  "spacing_y": 3.0,
  "spacing_z": 3.990000009536743,
  "summary_bg_k": 109.38472339222156,
  "summary_bg_mad": 8.368622832067343,
  "summary_bg_mean": 55.22907638549805,
  "summary_bg_median": 37.36967086791992,
  "summary_bg_n": 70399.0,
  "summary_bg_p05": 29.327014923095703,
  "summary_bg_p95": 121.21849136352535,
  "summary_bg_stdv": 71.52487182617188,
  "summary_fg_k": 1.4581373931937351,
  "summary_fg_mad": 122.4939001711061,
  "summary_fg_mean": 812.8224487304688,
  "summary_fg_median": 805.46923828125,
  "summary_fg_n": 24216.0,
  "summary_fg_p05": 595.1635284423828,
  "summary_fg_p95": 1050.8270874023438,
  "summary_fg_stdv": 142.74722290039062,
  "tsnr": 33.240362971962895
}