{
  "aor": 0.0003986729857819905,
  "aqi": 0.020138591469194313,
  "bids_meta": {
    "AcquisitionDateTime": "2013-08-13T10:29:20.968750",
    "ConversionSoftware": "dcm2niix",
    "ConversionSoftwareVersion": "v1.0.20170207",
    "EchoTime": 0.03,
    "EffectiveEchoSpacing": 0.000265001,
    "FlipAngle": 90,
    "ImageType": [
      "ORIGINAL",
      "PRIMARY",
      "M",
      "ND",
      "MOSAIC"
    ],
    "MagneticFieldStrength": 3,
    "Manufacturer": "Siemens",
    "ManufacturersModelName": "TrioTim",
    "PhaseEncodingDirection": "j",
    "ProcedureStepDescription": "Studies_bbsrc_age",
    "ProtocolName": "ep2d_bold_PtoA_iPAT2_block_3",
    "RepetitionTime": 2,
    "TaskName": "Emoreg Run3",
    "dataset": "ds002366",
    "modality": "bold",
    "session_id": "1",
    "subject_id": "ER016",
    "task_id": "emoregRun3"
  },
  "dummy_trs": 0,
  "dvars_nstd": 61.60957481723808,
  "dvars_std": 1.102426438190476,
  "dvars_vstd": 0.9810902631904759,
  "efc": 0.5511256770500292,
  "fber": 502.3582763671875,
  "fd_mean": 0.34698425944706285,
  "fd_num": 181,
  "fd_perc": 85.78199052132702,
  "fwhm_avg": 1.8461125337263848,
  "fwhm_x": 1.8241133333333333,
  "fwhm_y": 2.0332468282546063,
  "fwhm_z": 1.6809774395912154,
  "gcor": 0.00764093,
  "gsr_x": 0.018081923946738243,
  "gsr_y": 0.03501264005899429,
  "provenance": {
    "md5sum": "a637e0f66c59f786dd0ee049d55eaea9",
    "settings": {
      "fd_thres": 0.2,
      "testing": false
    },
    "software": "mriqc",
    "version": "23.0.1",
    "webapi_port": null,
    "webapi_url": "https://mriqc.nimh.nih.gov/api/v1"
  },
  "size_t": 211,
  "size_x": 64,
  "size_y": 64,
  "size_z": 30,
  "snr": 5.835101947857759,
  "spacing_tr": 2.0,
  "spacing_x": 3.0,
  "spacing_y": 2.999999761581421,
  "spacing_z": 3.990000009536743,
  "summary_bg_k": 120.25983086079735,
  "summary_bg_mad": 7.363829311170722,
  "summary_bg_mean": 52.89337921142578,
  "summary_bg_median": 36.1327018737793,
  "summary_bg_n": 71854.0,
  "summary_bg_p05": 29.023696899414062,
  "summary_bg_p95": 111.94478874206538,
  "summary_bg_stdv": 68.70226287841797,
  "summary_fg_k": 1.6668243314359374,
  "summary_fg_mad": 118.23933674298301,
  "summary_fg_mean": 822.1011962890625,
  "summary_fg_median": 812.96923828125,
  "summary_fg_n": 23414.0,
  "summary_fg_p05": 613.379150390625,
  "summary_fg_p95": 1055.9401000976563,
  "summary_fg_stdv": 139.32093811035156,
  "tsnr": 35.3971394385444
}