{
  "aor": 0.0035857819905213274,
  "aqi": 0.012262018199052134,
  "bids_meta": {
    "AcquisitionDateTime": "2013-12-11T10:13:4.453125",
    "ConversionSoftware": "dcm2niix",
    "ConversionSoftwareVersion": "v1.0.20170207",
    "EchoTime": 0.03,
    "EffectiveEchoSpacing": 0.000265001,
    "FlipAngle": 90,
    "ImageType": [
      "ORIGINAL",
      "PRIMARY",
      "M",
      "ND",
      "MOSAIC"
    ],
    "MagneticFieldStrength": 3,
    "Manufacturer": "Siemens",
    "ManufacturersModelName": "TrioTim",
    "PhaseEncodingDirection": "j",
    "ProcedureStepDescription": "Studies_bbsrc_age",
    "ProtocolName": "ep2d_bold_PtoA_iPAT2_block_2",
    "RepetitionTime": 2,
    "TaskName": "Emoreg Run2",
    "dataset": "ds002366",
    "modality": "bold",
    "session_id": "1",
    "subject_id": "ER047",
    "task_id": "emoregRun2"
  },
  "dummy_trs": 0,
  "dvars_nstd": 31.534258442761892,
  "dvars_std": 1.0081430146190478,
  "dvars_vstd": 1.001281064857143,
  "efc": 0.5735443919726844,
  "fber": 612.61669921875,
  "fd_mean": 0.16483237148368657,
  "fd_num": 37,
  "fd_perc": 17.53554502369668,
  "fwhm_avg": 1.9695300330825074,
  "fwhm_x": 1.9608966666666667,
  "fwhm_y": 2.1665831611487736,
  "fwhm_z": 1.7811102714320823,
  "gcor": 0.0108866,
  "gsr_x": 0.0019537960179150105,
  "gsr_y": 0.024415701627731323,
  "provenance": {
    "md5sum": "05218a760de0b9c26a67d37e6742feb0",
    "settings": {
      "fd_thres": 0.2,
      "testing": false
    },
    "software": "mriqc",
    "version": "23.0.1",
    "webapi_port": null,
    "webapi_url": "https://mriqc.nimh.nih.gov/api/v1"
  },
  "size_t": 211,
  "size_x": 64,
  "size_y": 64,
  "size_z": 30,
  "snr": 4.967345831637418,
  "spacing_tr": 2.0,
  "spacing_x": 3.0,
  "spacing_y": 3.000000238418579,
  "spacing_z": 3.990000009536743,
  "summary_bg_k": 55.05754012005006,
  "summary_bg_mad": 12.619685395119113,
  "summary_bg_mean": 58.92381286621094,
  "summary_bg_median": 37.81516647338867,
  "summary_bg_n": 65502.0,
  "summary_bg_p05": 27.170618057250977,
  "summary_bg_p95": 158.88554992675776,
  "summary_bg_stdv": 64.34490966796875,
  "summary_fg_k": 0.6130593449832276,
  "summary_fg_mad": 167.75186218649085,
  "summary_fg_mean": 968.8455810546875,
  "summary_fg_median": 946.8578491210938,
  "summary_fg_n": 26930.0,
  "summary_fg_p05": 679.5021545410157,
  "summary_fg_p95": 1302.5107055664062,
  "summary_fg_stdv": 190.6129150390625,
  "tsnr": 37.48704157106113
}