{
  "aor": 0.0030287677725118487,
  "aqi": 0.012887786492890995,
  "bids_meta": {
    "AcquisitionDateTime": "2013-12-11T10:28:14.882812",
    "ConversionSoftware": "dcm2niix",
    "ConversionSoftwareVersion": "v1.0.20170207",
    "EchoTime": 0.03,
    "EffectiveEchoSpacing": 0.000265001,
    "FlipAngle": 90,
    "ImageType": [
      "ORIGINAL",
      "PRIMARY",
      "M",
      "ND",
      "MOSAIC"
    ],
    "MagneticFieldStrength": 3,
    "Manufacturer": "Siemens",
    "ManufacturersModelName": "TrioTim",
    "PhaseEncodingDirection": "j",
    "ProcedureStepDescription": "Studies_bbsrc_age",
    "ProtocolName": "ep2d_bold_PtoA_iPAT2_block_4",
    "RepetitionTime": 2,
    "TaskName": "Emoreg Run4",
    "dataset": "ds002366",
    "modality": "bold",
    "session_id": "1",
    "subject_id": "ER047",
    "task_id": "emoregRun4"
  },
  "dummy_trs": 0,
  "dvars_nstd": 31.355902008809533,
  "dvars_std": 1.007265643428571,
  "dvars_vstd": 0.9979762991904759,
  "efc": 0.5748464573852112,
  "fber": 603.7898559570312,
  "fd_mean": 0.18401154736552075,
  "fd_num": 42,
  "fd_perc": 19.90521327014218,
  "fwhm_avg": 1.968492973575015,
  "fwhm_x": 1.9648766666666668,
  "fwhm_y": 2.1742964938691065,
  "fwhm_z": 1.766305760189272,
  "gcor": 0.0110951,
  "gsr_x": 0.001526018138974905,
  "gsr_y": 0.026520127430558205,
  "provenance": {
    "md5sum": "5b5d13afe4c276588035efea8e937a88",
    "settings": {
      "fd_thres": 0.2,
      "testing": false
    },
    "software": "mriqc",
    "version": "23.0.1",
    "webapi_port": null,
    "webapi_url": "https://mriqc.nimh.nih.gov/api/v1"
  },
  "size_t": 211,
  "size_x": 64,
  "size_y": 64,
  "size_z": 30,
  "snr": 5.027862291974086,
  "spacing_tr": 2.0,
  "spacing_x": 3.0,
  "spacing_y": 3.000000238418579,
  "spacing_z": 3.990000009536743,
  "summary_bg_k": 52.409965021361344,
  "summary_bg_mad": 14.053105832267427,
  "summary_bg_mean": 59.86787033081055,
  "summary_bg_median": 38.3270149230957,
  "summary_bg_n": 65469.0,
  "summary_bg_p05": 26.180095672607422,
  "summary_bg_p95": 161.88910827636718,
  "summary_bg_stdv": 63.735782623291016,
  "summary_fg_k": 0.6393629029351402,
  "summary_fg_mad": 168.22969916249298,
  "summary_fg_mean": 974.9253540039062,
  "summary_fg_median": 951.4337158203125,
  "summary_fg_n": 26958.0,
  "summary_fg_p05": 690.941748046875,
  "summary_fg_p95": 1307.288958740234,
  "summary_fg_stdv": 189.22874450683594,
  "tsnr": 37.237621053820476
}