{
  "aor": 0.0017614691943127962,
  "aqi": 0.008043589004739338,
  "bids_meta": {
    "AcquisitionDateTime": "2013-12-11T10:05:30.679688",
    "ConversionSoftware": "dcm2niix",
    "ConversionSoftwareVersion": "v1.0.20170207",
    "EchoTime": 0.03,
    "EffectiveEchoSpacing": 0.000265001,
    "FlipAngle": 90,
    "ImageType": [
      "ORIGINAL",
      "PRIMARY",
      "M",
      "ND",
      "MOSAIC"
    ],
    "MagneticFieldStrength": 3,
    "Manufacturer": "Siemens",
    "ManufacturersModelName": "TrioTim",
    "PhaseEncodingDirection": "j",
    "ProcedureStepDescription": "Studies_bbsrc_age",
    "ProtocolName": "ep2d_bold_PtoA_iPAT2_block_1",
    "RepetitionTime": 2,
    "TaskName": "Emoreg Run1",
    "dataset": "ds002366",
    "modality": "bold",
    "session_id": "1",
    "subject_id": "ER047",
    "task_id": "emoregRun1"
  },
  "dummy_trs": 0,
  "dvars_nstd": 28.63063373557142,
  "dvars_std": 1.0193557696190474,
  "dvars_vstd": 1.011433095666667,
  "efc": 0.5720731870209703,
  "fber": 639.982177734375,
  "fd_mean": 0.12308649601626942,
  "fd_num": 25,
  "fd_perc": 11.848341232227488,
  "fwhm_avg": 1.9539626232424376,
  "fwhm_x": 1.93223,
  "fwhm_y": 2.1534398288599785,
  "fwhm_z": 1.7762180408673345,
  "gcor": 0.00480635,
  "gsr_x": 0.0009043417521752417,
  "gsr_y": 0.02477092854678631,
  "provenance": {
    "md5sum": "cb42d0533be421cfc86c37e36d417c55",
    "settings": {
      "fd_thres": 0.2,
      "testing": false
    },
    "software": "mriqc",
    "version": "23.0.1",
    "webapi_port": null,
    "webapi_url": "https://mriqc.nimh.nih.gov/api/v1"
  },
  "size_t": 211,
  "size_x": 64,
  "size_y": 64,
  "size_z": 30,
  "snr": 4.945858992375508,
  "spacing_tr": 2.0,
  "spacing_x": 3.0,
  "spacing_y": 3.000000238418579,
  "spacing_z": 3.990000009536743,
  "summary_bg_k": 60.198491859393606,
  "summary_bg_mad": 12.809402306887687,
  "summary_bg_mean": 57.995880126953125,
  "summary_bg_median": 37.18009567260742,
  "summary_bg_n": 65429.0,
  "summary_bg_p05": 26.146921157836914,
  "summary_bg_p95": 157.099526977539,
  "summary_bg_stdv": 63.560935974121094,
  "summary_fg_k": 0.6550397467943672,
  "summary_fg_mad": 169.2590779183896,
  "summary_fg_mean": 972.0914916992188,
  "summary_fg_median": 949.8199462890625,
  "summary_fg_n": 26990.0,
  "summary_fg_p05": 682.767822265625,
  "summary_fg_p95": 1308.0910400390626,
  "summary_fg_stdv": 192.0399169921875,
  "tsnr": 44.22782999277115
}