{
  "aor": 0.01282094786729858,
  "aqi": 0.017952381184834124,
  "bids_meta": {
    "AcquisitionDateTime": "2013-12-11T10:20:39.375000",
    "ConversionSoftware": "dcm2niix",
    "ConversionSoftwareVersion": "v1.0.20170207",
    "EchoTime": 0.03,
    "EffectiveEchoSpacing": 0.000265001,
    "FlipAngle": 90,
    "ImageType": [
      "ORIGINAL",
      "PRIMARY",
      "M",
      "ND",
      "MOSAIC"
    ],
    "MagneticFieldStrength": 3,
    "Manufacturer": "Siemens",
    "ManufacturersModelName": "TrioTim",
    "PhaseEncodingDirection": "j",
    "ProcedureStepDescription": "Studies_bbsrc_age",
    "ProtocolName": "ep2d_bold_PtoA_iPAT2_block_3",
    "RepetitionTime": 2,
    "TaskName": "Emoreg Run3",
    "dataset": "ds002366",
    "modality": "bold",
    "session_id": "1",
    "subject_id": "ER047",
    "task_id": "emoregRun3"
  },
  "dummy_trs": 0,
  "dvars_nstd": 41.57028081995241,
  "dvars_std": 1.1001669136666667,
  "dvars_vstd": 1.0730853260952382,
  "efc": 0.5768442770441415,
  "fber": 588.9588012695312,
  "fd_mean": 0.3313437762477025,
  "fd_num": 87,
  "fd_perc": 41.23222748815166,
  "fwhm_avg": 1.9732353543666343,
  "fwhm_x": 1.9793166666666666,
  "fwhm_y": 2.180559826704675,
  "fwhm_z": 1.7598295697285609,
  "gcor": 0.0183207,
  "gsr_x": -0.00024347592261619866,
  "gsr_y": 0.02880624122917652,
  "provenance": {
    "md5sum": "48ce050de059452747341eba0f774003",
    "settings": {
      "fd_thres": 0.2,
      "testing": false
    },
    "software": "mriqc",
    "version": "23.0.1",
    "webapi_port": null,
    "webapi_url": "https://mriqc.nimh.nih.gov/api/v1"
  },
  "size_t": 211,
  "size_x": 64,
  "size_y": 64,
  "size_z": 30,
  "snr": 4.986912598887202,
  "spacing_tr": 2.0,
  "spacing_x": 3.0,
  "spacing_y": 3.000000238418579,
  "spacing_z": 3.990000009536743,
  "summary_bg_k": 51.242542637371805,
  "summary_bg_mad": 13.750959685034099,
  "summary_bg_mean": 61.69057846069336,
  "summary_bg_median": 38.900474548339844,
  "summary_bg_n": 65547.0,
  "summary_bg_p05": 27.52606773376465,
  "summary_bg_p95": 167.37488403320307,
  "summary_bg_stdv": 64.94359588623047,
  "summary_fg_k": 0.5726550634277445,
  "summary_fg_mad": 166.87007402009513,
  "summary_fg_mean": 971.82177734375,
  "summary_fg_median": 949.5782470703125,
  "summary_fg_n": 26956.0,
  "summary_fg_p05": 681.5616302490234,
  "summary_fg_p95": 1305.8957824707031,
  "summary_fg_stdv": 190.4105224609375,
  "tsnr": 29.175874589011073
}