{
  "aor": 0.0016533649289099527,
  "aqi": 0.010172811753554502,
  "bids_meta": {
    "AcquisitionDateTime": "2014-02-18T12:43:51.570312",
    "ConversionSoftware": "dcm2niix",
    "ConversionSoftwareVersion": "v1.0.20170207",
    "EchoTime": 0.03,
    "EffectiveEchoSpacing": 0.000265001,
    "FlipAngle": 90,
    "ImageType": [
      "ORIGINAL",
      "PRIMARY",
      "M",
      "ND",
      "MOSAIC"
    ],
    "MagneticFieldStrength": 3,
    "Manufacturer": "Siemens",
    "ManufacturersModelName": "TrioTim",
    "PhaseEncodingDirection": "j",
    "ProcedureStepDescription": "Studies_bbsrc_age",
    "ProtocolName": "ep2d_bold_PtoA_iPAT2_block_1",
    "RepetitionTime": 2,
    "TaskName": "Emoreg Run1",
    "dataset": "ds002366",
    "modality": "bold",
    "session_id": "1",
    "subject_id": "ER058",
    "task_id": "emoregRun1"
  },
  "dummy_trs": 0,
  "dvars_nstd": 33.42348460252379,
  "dvars_std": 1.068972195809524,
  "dvars_vstd": 1.0141898275714278,
  "efc": 0.5686420791446906,
  "fber": 721.3202514648438,
  "fd_mean": 0.14945508131072077,
  "fd_num": 28,
  "fd_perc": 13.270142180094787,
  "fwhm_avg": 1.9148719451259888,
  "fwhm_x": 1.8771666666666667,
  "fwhm_y": 2.1014466666666665,
  "fwhm_z": 1.7660025020446335,
  "gcor": 0.0224324,
  "gsr_x": -0.005138088017702103,
  "gsr_y": 0.027520092204213142,
  "provenance": {
    "md5sum": "90dbe821fb87eb1664c46a0cc54cf882",
    "settings": {
      "fd_thres": 0.2,
      "testing": false
    },
    "software": "mriqc",
    "version": "23.0.1",
    "webapi_port": null,
    "webapi_url": "https://mriqc.nimh.nih.gov/api/v1"
  },
  "size_t": 211,
  "size_x": 64,
  "size_y": 64,
  "size_z": 30,
  "snr": 5.247474774829571,
  "spacing_tr": 2.0,
  "spacing_x": 3.0,
  "spacing_y": 3.0,
  "spacing_z": 3.990000009536743,
  "summary_bg_k": 128.717861806075,
  "summary_bg_mad": 8.839398693301234,
  "summary_bg_mean": 49.66181564331055,
  "summary_bg_median": 34.72037887573242,
  "summary_bg_n": 64473.0,
  "summary_bg_p05": 26.76303482055664,
  "summary_bg_p95": 107.91943359375,
  "summary_bg_stdv": 58.79322814941406,
  "summary_fg_k": 1.631077800680031,
  "summary_fg_mad": 152.60269714729156,
  "summary_fg_mean": 946.408447265625,
  "summary_fg_median": 933.14697265625,
  "summary_fg_n": 28059.0,
  "summary_fg_p05": 690.928955078125,
  "summary_fg_p95": 1259.8484374999998,
  "summary_fg_stdv": 177.82464599609375,
  "tsnr": 43.17643468384631
}