{
  "aor": 0.005872701421800948,
  "aqi": 0.026729136966824642,
  "bids_meta": {
    "AcquisitionDateTime": "2013-08-27T10:53:53.437500",
    "ConversionSoftware": "dcm2niix",
    "ConversionSoftwareVersion": "v1.0.20170207",
    "EchoTime": 0.03,
    "EffectiveEchoSpacing": 0.000265001,
    "FlipAngle": 90,
    "ImageType": [
      "ORIGINAL",
      "PRIMARY",
      "M",
      "ND",
      "MOSAIC"
    ],
    "MagneticFieldStrength": 3,
    "Manufacturer": "Siemens",
    "ManufacturersModelName": "TrioTim",
    "PhaseEncodingDirection": "j",
    "ProcedureStepDescription": "Studies_bbsrc_age",
    "ProtocolName": "ep2d_bold_PtoA_iPAT2_block_1",
    "RepetitionTime": 2,
    "TaskName": "Emoreg Run1",
    "dataset": "ds002366",
    "modality": "bold",
    "session_id": "1",
    "subject_id": "ER026",
    "task_id": "emoregRun1"
  },
  "dummy_trs": 0,
  "dvars_nstd": 53.17618437257143,
  "dvars_std": 1.1328211738095244,
  "dvars_vstd": 1.050111631047619,
  "efc": 0.5990890385475413,
  "fber": 538.7207641601562,
  "fd_mean": 0.5332214445742649,
  "fd_num": 172,
  "fd_perc": 81.51658767772511,
  "fwhm_avg": 1.7913416779258862,
  "fwhm_x": 1.7696800000000001,
  "fwhm_y": 2.0076633333333334,
  "fwhm_z": 1.596681700444325,
  "gcor": 0.0114983,
  "gsr_x": 0.007742336951196194,
  "gsr_y": 0.027139408513903618,
  "provenance": {
    "md5sum": "644c65672d3c614a0a86b7c7679fccc1",
    "settings": {
      "fd_thres": 0.2,
      "testing": false
    },
    "software": "mriqc",
    "version": "23.0.1",
    "webapi_port": null,
    "webapi_url": "https://mriqc.nimh.nih.gov/api/v1"
  },
  "size_t": 211,
  "size_x": 64,
  "size_y": 64,
  "size_z": 30,
  "snr": 5.554273436301934,
  "spacing_tr": 2.0,
  "spacing_x": 3.0,
  "spacing_y": 3.0,
  "spacing_z": 3.990000009536743,
  "summary_bg_k": 33.89641553632401,
  "summary_bg_mad": 14.214711193410842,
  "summary_bg_mean": 61.5165901184082,
  "summary_bg_median": 40.412322998046875,
  "summary_bg_n": 61547.0,
  "summary_bg_p05": 26.748815536499023,
  "summary_bg_p95": 156.20521850585925,
  "summary_bg_stdv": 65.77352142333984,
  "summary_fg_k": 1.7270410241346825,
  "summary_fg_mad": 136.48374158223015,
  "summary_fg_mean": 942.1934814453125,
  "summary_fg_median": 934.7085571289062,
  "summary_fg_n": 30126.0,
  "summary_fg_p05": 679.4372406005859,
  "summary_fg_p95": 1233.3650207519531,
  "summary_fg_stdv": 168.28358459472656,
  "tsnr": 27.44288428220898
}