{
  "aor": 0.004736540284360189,
  "aqi": 0.020826090047393362,
  "bids_meta": {
    "AcquisitionDateTime": "2013-08-27T11:09:28.218750",
    "ConversionSoftware": "dcm2niix",
    "ConversionSoftwareVersion": "v1.0.20170207",
    "EchoTime": 0.03,
    "EffectiveEchoSpacing": 0.000265001,
    "FlipAngle": 90,
    "ImageType": [
      "ORIGINAL",
      "PRIMARY",
      "M",
      "ND",
      "MOSAIC"
    ],
    "MagneticFieldStrength": 3,
    "Manufacturer": "Siemens",
    "ManufacturersModelName": "TrioTim",
    "PhaseEncodingDirection": "j",
    "ProcedureStepDescription": "Studies_bbsrc_age",
    "ProtocolName": "ep2d_bold_PtoA_iPAT2_block_3",
    "RepetitionTime": 2,
    "TaskName": "Emoreg Run3",
    "dataset": "ds002366",
    "modality": "bold",
    "session_id": "1",
    "subject_id": "ER026",
    "task_id": "emoregRun3"
  },
  "dummy_trs": 0,
  "dvars_nstd": 53.47817827833338,
  "dvars_std": 1.1417852856666661,
  "dvars_vstd": 1.0444847769047623,
  "efc": 0.5987720950610742,
  "fber": 550.0581665039062,
  "fd_mean": 0.4825997675126588,
  "fd_num": 192,
  "fd_perc": 90.99526066350711,
  "fwhm_avg": 1.7928878767147822,
  "fwhm_x": 1.7564333333333335,
  "fwhm_y": 1.9734433333333332,
  "fwhm_z": 1.6487869634776797,
  "gcor": 0.0104474,
  "gsr_x": 0.010818001814186573,
  "gsr_y": 0.024776240810751915,
  "provenance": {
    "md5sum": "69fe358492e6291e89c508d291efc4e3",
    "settings": {
      "fd_thres": 0.2,
      "testing": false
    },
    "software": "mriqc",
    "version": "23.0.1",
    "webapi_port": null,
    "webapi_url": "https://mriqc.nimh.nih.gov/api/v1"
  },
  "size_t": 211,
  "size_x": 64,
  "size_y": 64,
  "size_z": 30,
  "snr": 5.5824165328448805,
  "spacing_tr": 2.0,
  "spacing_x": 3.0,
  "spacing_y": 3.0,
  "spacing_z": 3.990000009536743,
  "summary_bg_k": 37.14927910559634,
  "summary_bg_mad": 11.593810332133108,
  "summary_bg_mean": 59.62869644165039,
  "summary_bg_median": 39.0568733215332,
  "summary_bg_n": 61764.0,
  "summary_bg_p05": 29.09952735900879,
  "summary_bg_p95": 151.95711898803705,
  "summary_bg_stdv": 64.18531036376953,
  "summary_fg_k": 1.8263365865623982,
  "summary_fg_mad": 133.89090702614857,
  "summary_fg_mean": 934.9811401367188,
  "summary_fg_median": 928.4644775390625,
  "summary_fg_n": 30139.0,
  "summary_fg_p05": 678.340283203125,
  "summary_fg_p95": 1224.8389648437499,
  "summary_fg_stdv": 166.3166961669922,
  "tsnr": 31.86592798802303
}