{
  "aor": 0.003262380952380952,
  "aqi": 0.019674188571428573,
  "bids_meta": {
    "AcquisitionDateTime": "2013-08-27T11:01:55.054688",
    "ConversionSoftware": "dcm2niix",
    "ConversionSoftwareVersion": "v1.0.20170207",
    "EchoTime": 0.03,
    "EffectiveEchoSpacing": 0.000265001,
    "FlipAngle": 90,
    "ImageType": [
      "ORIGINAL",
      "PRIMARY",
      "M",
      "ND",
      "MOSAIC"
    ],
    "MagneticFieldStrength": 3,
    "Manufacturer": "Siemens",
    "ManufacturersModelName": "TrioTim",
    "PhaseEncodingDirection": "j",
    "ProcedureStepDescription": "Studies_bbsrc_age",
    "ProtocolName": "ep2d_bold_PtoA_iPAT2_block_2",
    "RepetitionTime": 2,
    "TaskName": "Emoreg Run2",
    "dataset": "ds002366",
    "modality": "bold",
    "session_id": "1",
    "subject_id": "ER026",
    "task_id": "emoregRun2"
  },
  "dummy_trs": 1,
  "dvars_nstd": 50.30220548272726,
  "dvars_std": 1.1173039601435408,
  "dvars_vstd": 1.031400398899521,
  "efc": 0.5987568213922158,
  "fber": 552.3610229492188,
  "fd_mean": 0.43314489350888635,
  "fd_num": 172,
  "fd_perc": 81.9047619047619,
  "fwhm_avg": 1.8025720955849094,
  "fwhm_x": 1.7595366666666665,
  "fwhm_y": 1.98633,
  "fwhm_z": 1.661849620088062,
  "gcor": 0.00827708,
  "gsr_x": 0.010923407971858978,
  "gsr_y": 0.02646210417151451,
  "provenance": {
    "md5sum": "80c62a54a8ebe6e04c1d0fde6d9a5bf5",
    "settings": {
      "fd_thres": 0.2,
      "testing": false
    },
    "software": "mriqc",
    "version": "23.0.1",
    "webapi_port": null,
    "webapi_url": "https://mriqc.nimh.nih.gov/api/v1"
  },
  "size_t": 210,
  "size_x": 64,
  "size_y": 64,
  "size_z": 30,
  "snr": 5.511431384745821,
  "spacing_tr": 2.0,
  "spacing_x": 3.0,
  "spacing_y": 3.0,
  "spacing_z": 3.990000009536743,
  "summary_bg_k": 35.34644328369562,
  "summary_bg_mad": 13.06102062125004,
  "summary_bg_mean": 60.12199401855469,
  "summary_bg_median": 39.17619323730469,
  "summary_bg_n": 61767.0,
  "summary_bg_p05": 27.476192474365234,
  "summary_bg_p95": 153.63715057373042,
  "summary_bg_stdv": 65.24668884277344,
  "summary_fg_k": 1.695931472719546,
  "summary_fg_mad": 136.73829236596163,
  "summary_fg_mean": 937.01123046875,
  "summary_fg_median": 930.8714599609375,
  "summary_fg_n": 30111.0,
  "summary_fg_p05": 671.6952819824219,
  "summary_fg_p95": 1229.3238525390625,
  "summary_fg_stdv": 168.8955078125,
  "tsnr": 32.295850918628275
}