{
  "aor": 0.002658483412322275,
  "aqi": 0.020908223696682462,
  "bids_meta": {
    "AcquisitionDateTime": "2013-08-27T11:17:2.328125",
    "ConversionSoftware": "dcm2niix",
    "ConversionSoftwareVersion": "v1.0.20170207",
    "EchoTime": 0.03,
    "EffectiveEchoSpacing": 0.000265001,
    "FlipAngle": 90,
    "ImageType": [
      "ORIGINAL",
      "PRIMARY",
      "M",
      "ND",
      "MOSAIC"
    ],
    "MagneticFieldStrength": 3,
    "Manufacturer": "Siemens",
    "ManufacturersModelName": "TrioTim",
    "PhaseEncodingDirection": "j",
    "ProcedureStepDescription": "Studies_bbsrc_age",
    "ProtocolName": "ep2d_bold_PtoA_iPAT2_block_4",
    "RepetitionTime": 2,
    "TaskName": "Emoreg Run4",
    "dataset": "ds002366",
    "modality": "bold",
    "session_id": "1",
    "subject_id": "ER026",
    "task_id": "emoregRun4"
  },
  "dummy_trs": 0,
  "dvars_nstd": 49.4525893258095,
  "dvars_std": 1.0995006313809517,
  "dvars_vstd": 1.019367002190476,
  "efc": 0.5996013899064072,
  "fber": 548.5740356445312,
  "fd_mean": 0.42363117304447007,
  "fd_num": 176,
  "fd_perc": 83.41232227488152,
  "fwhm_avg": 1.7813909761456135,
  "fwhm_x": 1.7422966666666666,
  "fwhm_y": 1.9727033333333335,
  "fwhm_z": 1.6291729284368413,
  "gcor": 0.00971753,
  "gsr_x": 0.0100198183208704,
  "gsr_y": 0.025250470265746117,
  "provenance": {
    "md5sum": "adf8af18d7d40f810229aa9145005d5c",
    "settings": {
      "fd_thres": 0.2,
      "testing": false
    },
    "software": "mriqc",
    "version": "23.0.1",
    "webapi_port": null,
    "webapi_url": "https://mriqc.nimh.nih.gov/api/v1"
  },
  "size_t": 211,
  "size_x": 64,
  "size_y": 64,
  "size_z": 30,
  "snr": 5.61463735545652,
  "spacing_tr": 2.0,
  "spacing_x": 3.0,
  "spacing_y": 3.0,
  "spacing_z": 3.990000009536743,
  "summary_bg_k": 35.64677615648709,
  "summary_bg_mad": 11.776497235365905,
  "summary_bg_mean": 60.38540267944336,
  "summary_bg_median": 39.36967086791992,
  "summary_bg_n": 61723.0,
  "summary_bg_p05": 29.052133560180664,
  "summary_bg_p95": 154.629866027832,
  "summary_bg_stdv": 64.45902252197266,
  "summary_fg_k": 1.8714035851971005,
  "summary_fg_mad": 132.893154825145,
  "summary_fg_mean": 936.8692016601562,
  "summary_fg_median": 930.7203979492188,
  "summary_fg_n": 30145.0,
  "summary_fg_p05": 682.6587890625,
  "summary_fg_p95": 1225.6029052734375,
  "summary_fg_stdv": 165.7640380859375,
  "tsnr": 32.502710729895625
}