{
  "bids_meta": {
    "AcquisitionDateTime": "2013-08-06T10:12:21.789062",
    "ConversionSoftware": "dcm2niix",
    "ConversionSoftwareVersion": "v1.0.20170207",
    "EchoTime": 0.00302,
    "FlipAngle": 9,
    "ImageType": [
      "ORIGINAL",
      "PRIMARY",
      "M",
      "ND",
      "NORM"
    ],
    "MagneticFieldStrength": 3,
    "Manufacturer": "Siemens",
    "ManufacturersModelName": "TrioTim",
    "PhaseEncodingDirection": "i-",
    "ProcedureStepDescription": "Studies_bbsrc_age",
    "ProtocolName": "MPRAGE",
    "RepetitionTime": 2.02,
    "dataset": "ds002366",
    "modality": "T1w",
    "session_id": "1",
    "subject_id": "ER016"
  },
  "cjv": 0.420424621608631,
  "cnr": 3.254752918150441,
  "efc": 0.5211951370470923,
  "fber": 14146.775313090737,
  "fwhm_avg": 4.541422026666666,
  "fwhm_x": 4.7327,
  "fwhm_y": 4.63860736,
  "fwhm_z": 4.25295872,
  "icvs_csf": 0.2711735299388066,
  "icvs_gm": 0.34914718802317674,
  "icvs_wm": 0.37967928203801665,
  "inu_med": 0.6138606667518616,
  "inu_range": 0.27598958611488345,
  "provenance": {
    "md5sum": "bf24e36a4c1923bb140ddb8a51de7110",
    "settings": {
      "testing": false
    },
    "software": "mriqc",
    "version": "23.0.1",
    "warnings": {
      "large_rot_frame": true,
      "small_air_mask": false
    },
    "webapi_port": null,
    "webapi_url": "https://mriqc.nimh.nih.gov/api/v1"
  },
  "qi_1": 0.0,
  "qi_2": 0.01952641644207382,
  "rpve_csf": 25.588578393678112,
  "rpve_gm": 16.928332781260607,
  "rpve_wm": 19.11381918469045,
  "size_x": 192,
  "size_y": 256,
  "size_z": 256,
  "snr_csf": 3.854483553959457,
  "snr_gm": 12.222187594761314,
  "snr_total": 11.553346320930872,
  "snr_wm": 18.58336781407185,
  "snrd_csf": 33.88275943231935,
  "snrd_gm": 79.29129488649309,
  "snrd_total": 73.63908920194812,
  "snrd_wm": 107.74321328703196,
  "spacing_x": 1.0,
  "spacing_y": 0.9765625,
  "spacing_z": 0.9765625,
  "summary_bg_k": 10.567365080162356,
  "summary_bg_mad": 6.0803919481383115,
  "summary_bg_mean": 5.385850222914395,
  "summary_bg_median": 4.1011620461940765,
  "summary_bg_n": 4107067.0,
  "summary_bg_p05": 0.0,
  "summary_bg_p95": 20.057982191443443,
  "summary_bg_stdv": 7.876973270235622,
  "summary_csf_k": 2.362180825342646,
  "summary_csf_mad": 59.301293885004114,
  "summary_csf_mean": 318.04958656698534,
  "summary_csf_median": 314.4695633351803,
  "summary_csf_n": 82424.0,
  "summary_csf_p05": 192.94317534565926,
  "summary_csf_p95": 453.9526772148905,
  "summary_csf_stdv": 81.58490010234596,
  "summary_gm_k": 0.1368067564837383,
  "summary_gm_mad": 59.02173563451499,
  "summary_gm_mean": 732.5036125114996,
  "summary_gm_median": 735.9111033752561,
  "summary_gm_n": 7082.0,
  "summary_gm_p05": 628.9214492477477,
  "summary_gm_p95": 826.3358340196312,
  "summary_gm_stdv": 60.206827901272895,
  "summary_wm_k": 0.31108503589894676,
  "summary_wm_mad": 51.997834590975906,
  "summary_wm_mean": 1000.2068537394065,
  "summary_wm_median": 999.9764423668385,
  "summary_wm_n": 154482.0,
  "summary_wm_p05": 913.4749210476875,
  "summary_wm_p95": 1089.8237105391916,
  "summary_wm_stdv": 53.81011751043333,
  "tpm_overlap_csf": 0.15765720937720334,
  "tpm_overlap_gm": 0.40528543898058184,
  "tpm_overlap_wm": 0.4693746611292309,
  "wm2max": 0.7719010971016866
}