{
  "bids_meta": {
    "AcquisitionDateTime": "2013-07-12T10:17:9.789062",
    "ConversionSoftware": "dcm2niix",
    "ConversionSoftwareVersion": "v1.0.20170207",
    "EchoTime": 0.00302,
    "FlipAngle": 9,
    "ImageType": [
      "ORIGINAL",
      "PRIMARY",
      "M",
      "ND",
      "NORM"
    ],
    "MagneticFieldStrength": 3,
    "Manufacturer": "Siemens",
    "ManufacturersModelName": "TrioTim",
    "PhaseEncodingDirection": "i-",
    "ProcedureStepDescription": "Studies_bbsrc_age",
    "ProtocolName": "MPRAGE",
    "RepetitionTime": 2.02,
    "dataset": "ds002366",
    "modality": "T1w",
    "session_id": "1",
    "subject_id": "ER011"
  },
  "cjv": 0.43332625896057037,
  "cnr": 3.1497485783197434,
  "efc": 0.5400363656687674,
  "fber": 14463.767121133847,
  "fwhm_avg": 4.217187093333334,
  "fwhm_x": 4.3234,
  "fwhm_y": 4.47065088,
  "fwhm_z": 3.8575104000000002,
  "icvs_csf": 0.2948023363084558,
  "icvs_gm": 0.3791323871686495,
  "icvs_wm": 0.3260652765228947,
  "inu_med": 0.6286221444606781,
  "inu_range": 0.28086359500885005,
  "provenance": {
    "md5sum": "e0fddf2a944d96339b52f512c667e720",
    "settings": {
      "testing": false
    },
    "software": "mriqc",
    "version": "23.0.1",
    "warnings": {
      "large_rot_frame": true,
      "small_air_mask": false
    },
    "webapi_port": null,
    "webapi_url": "https://mriqc.nimh.nih.gov/api/v1"
  },
  "qi_1": 0.0,
  "qi_2": 0.020027009148977898,
  "rpve_csf": 19.96136343314087,
  "rpve_gm": 14.210319090385868,
  "rpve_wm": 18.942264406615244,
  "size_x": 192,
  "size_y": 256,
  "size_z": 256,
  "snr_csf": 3.6552766612602436,
  "snr_gm": 13.503867822950426,
  "snr_total": 12.576458827173964,
  "snr_wm": 20.570231997311218,
  "snrd_csf": 28.502661555345107,
  "snrd_gm": 75.6975139472142,
  "snrd_total": 67.75539432082951,
  "snrd_wm": 99.0660074599292,
  "spacing_x": 1.0,
  "spacing_y": 0.9765625,
  "spacing_z": 0.9765625,
  "summary_bg_k": 7.776356724328256,
  "summary_bg_mad": 0.0,
  "summary_bg_mean": 4.523163739205652,
  "summary_bg_median": 0.0,
  "summary_bg_n": 3325601.0,
  "summary_bg_p05": 0.0,
  "summary_bg_p95": 17.633786909282207,
  "summary_bg_stdv": 6.613419918625617,
  "summary_csf_k": 2.8304999093157948,
  "summary_csf_mad": 51.963014345057076,
  "summary_csf_mean": 291.4786074966923,
  "summary_csf_median": 287.72644851356745,
  "summary_csf_n": 121777.0,
  "summary_csf_p05": 164.2767969533801,
  "summary_csf_p95": 426.91726687252515,
  "summary_csf_stdv": 78.71504507289565,
  "summary_gm_k": 0.34945522635714843,
  "summary_gm_mad": 53.14842060980369,
  "summary_gm_mean": 760.5756821586019,
  "summary_gm_median": 764.1453696191311,
  "summary_gm_n": 17488.0,
  "summary_gm_p05": 661.1761019978672,
  "summary_gm_p95": 848.0350988578051,
  "summary_gm_stdv": 56.58553028059156,
  "summary_wm_k": -0.0072860410488653216,
  "summary_wm_mad": 49.07257167211328,
  "summary_wm_mean": 999.7860325308873,
  "summary_wm_median": 1000.043818347156,
  "summary_wm_n": 163722.0,
  "summary_wm_p05": 919.84842222929,
  "summary_wm_p95": 1079.034421570599,
  "summary_wm_stdv": 48.61592053906212,
  "tpm_overlap_csf": 0.1516079851021849,
  "tpm_overlap_gm": 0.4187996969170451,
  "tpm_overlap_wm": 0.4436615888750396,
  "wm2max": 0.7937581500478136
}