{
  "bids_meta": {
    "AcquisitionDateTime": "2013-10-08T14:41:9.828125",
    "ConversionSoftware": "dcm2niix",
    "ConversionSoftwareVersion": "v1.0.20170207",
    "EchoTime": 0.00302,
    "FlipAngle": 9,
    "ImageType": [
      "ORIGINAL",
      "PRIMARY",
      "M",
      "ND",
      "NORM"
    ],
    "MagneticFieldStrength": 3,
    "Manufacturer": "Siemens",
    "ManufacturersModelName": "TrioTim",
    "PhaseEncodingDirection": "i-",
    "ProcedureStepDescription": "Studies_bbsrc_age",
    "ProtocolName": "MPRAGE",
    "RepetitionTime": 2.02,
    "dataset": "ds002366",
    "modality": "T1w",
    "session_id": "1",
    "subject_id": "ER043"
  },
  "cjv": 0.39370767076311575,
  "cnr": 3.4629008228451186,
  "efc": 0.5495107512163561,
  "fber": 11746.2244,
  "fwhm_avg": 4.658165359999999,
  "fwhm_x": 4.87557,
  "fwhm_y": 4.84471808,
  "fwhm_z": 4.254207999999999,
  "icvs_csf": 0.28178818581091,
  "icvs_gm": 0.37843270812581964,
  "icvs_wm": 0.3397791060632704,
  "inu_med": 0.5660620629787445,
  "inu_range": 0.27944503277540206,
  "provenance": {
    "md5sum": "82a1f9bd7854584e6da2bae5d28f35ec",
    "settings": {
      "testing": false
    },
    "software": "mriqc",
    "version": "23.0.1",
    "warnings": {
      "large_rot_frame": true,
      "small_air_mask": false
    },
    "webapi_port": null,
    "webapi_url": "https://mriqc.nimh.nih.gov/api/v1"
  },
  "qi_1": 0.0,
  "qi_2": 0.005940221834896518,
  "rpve_csf": 21.124367670728905,
  "rpve_gm": 14.40762062231057,
  "rpve_wm": 18.982901607142587,
  "size_x": 192,
  "size_y": 256,
  "size_z": 256,
  "snr_csf": 3.426184590833169,
  "snr_gm": 11.661460495103967,
  "snr_total": 12.01083649834087,
  "snr_wm": 20.94486440908547,
  "snrd_csf": 29.700678852749583,
  "snrd_gm": 76.68205245916594,
  "snrd_total": 70.64005647740133,
  "snrd_wm": 105.53743812028843,
  "spacing_x": 1.0,
  "spacing_y": 0.9765625,
  "spacing_z": 0.9765625,
  "summary_bg_k": 9.555048494715946,
  "summary_bg_mad": 6.207750313890803,
  "summary_bg_mean": 6.289983932347282,
  "summary_bg_median": 4.187063958495855,
  "summary_bg_n": 3466315.0,
  "summary_bg_p05": 0.0,
  "summary_bg_p95": 22.62264407426119,
  "summary_bg_stdv": 8.515049411281193,
  "summary_csf_k": 1.1697918414783643,
  "summary_csf_mad": 71.3119177849446,
  "summary_csf_mean": 287.36595147022814,
  "summary_csf_median": 281.4290252700448,
  "summary_csf_n": 84790.0,
  "summary_csf_p05": 166.77429876476526,
  "summary_csf_p95": 430.7999280938879,
  "summary_csf_stdv": 82.14016444214957,
  "summary_gm_k": -0.00685902541691652,
  "summary_gm_mad": 62.278251283387085,
  "summary_gm_mean": 723.8104676389233,
  "summary_gm_median": 726.6014149468392,
  "summary_gm_n": 17300.0,
  "summary_gm_p05": 617.3929962622002,
  "summary_gm_p95": 823.208020986244,
  "summary_gm_stdv": 62.306124940998615,
  "summary_wm_k": 0.3344687953419463,
  "summary_wm_mad": 45.36908065226661,
  "summary_wm_mean": 999.4872626943982,
  "summary_wm_median": 1000.0208576694131,
  "summary_wm_n": 196531.0,
  "summary_wm_p05": 920.2999931462109,
  "summary_wm_p95": 1077.7210992872715,
  "summary_wm_stdv": 47.745275116291786,
  "tpm_overlap_csf": 0.15298287658380433,
  "tpm_overlap_gm": 0.4329401374511125,
  "tpm_overlap_wm": 0.488877881659509,
  "wm2max": 0.9019276293540751
}