{
  "aor": 0.009721184834123223,
  "aqi": 0.0357013047393365,
  "bids_meta": {
    "AcquisitionDateTime": "2013-12-11T11:05:32.546875",
    "ConversionSoftware": "dcm2niix",
    "ConversionSoftwareVersion": "v1.0.20170207",
    "EchoTime": 0.03,
    "EffectiveEchoSpacing": 0.000265001,
    "FlipAngle": 90,
    "ImageType": [
      "ORIGINAL",
      "PRIMARY",
      "M",
      "ND",
      "MOSAIC"
    ],
    "MagneticFieldStrength": 3,
    "Manufacturer": "Siemens",
    "ManufacturersModelName": "TrioTim",
    "PhaseEncodingDirection": "j",
    "ProcedureStepDescription": "Studies_bbsrc_age",
    "ProtocolName": "ep2d_bold_PtoA_iPAT2_block_1",
    "RepetitionTime": 2,
    "TaskName": "Emoreg Run1",
    "dataset": "ds002366",
    "modality": "bold",
    "session_id": "1",
    "subject_id": "ER046",
    "task_id": "emoregRun1"
  },
  "dummy_trs": 0,
  "dvars_nstd": 61.490494101476145,
  "dvars_std": 1.0896123220476188,
  "dvars_vstd": 1.0228802038571434,
  "efc": 0.5737717735176352,
  "fber": 733.8361206054688,
  "fd_mean": 0.8533123406590459,
  "fd_num": 179,
  "fd_perc": 84.83412322274881,
  "fwhm_avg": 1.8932884447684575,
  "fwhm_x": 1.8423133333333332,
  "fwhm_y": 2.1470833333333332,
  "fwhm_z": 1.6904686676387055,
  "gcor": 0.0303691,
  "gsr_x": 0.006067347247153521,
  "gsr_y": 0.03297419473528862,
  "provenance": {
    "md5sum": "17fe3cc5b04b2a2facbedee77dd9f28e",
    "settings": {
      "fd_thres": 0.2,
      "testing": false
    },
    "software": "mriqc",
    "version": "23.0.1",
    "webapi_port": null,
    "webapi_url": "https://mriqc.nimh.nih.gov/api/v1"
  },
  "size_t": 211,
  "size_x": 64,
  "size_y": 64,
  "size_z": 30,
  "snr": 4.815460062311769,
  "spacing_tr": 2.0,
  "spacing_x": 3.0,
  "spacing_y": 3.0,
  "spacing_z": 3.990000009536743,
  "summary_bg_k": 45.566644157208955,
  "summary_bg_mad": 11.685152369829849,
  "summary_bg_mean": 51.74622344970703,
  "summary_bg_median": 33.96208572387695,
  "summary_bg_n": 63834.0,
  "summary_bg_p05": 23.905214309692383,
  "summary_bg_p95": 136.23104171752925,
  "summary_bg_stdv": 54.042701721191406,
  "summary_fg_k": 1.1208632837571049,
  "summary_fg_mad": 162.36955643975656,
  "summary_fg_mean": 942.71533203125,
  "summary_fg_median": 913.7061767578125,
  "summary_fg_n": 28851.0,
  "summary_fg_p05": 687.2132873535156,
  "summary_fg_p95": 1295.8696899414062,
  "summary_fg_stdv": 189.74102783203125,
  "tsnr": 22.02098244568333
}