{
  "aor": 0.007666824644549763,
  "aqi": 0.02434664691943128,
  "bids_meta": {
    "AcquisitionDateTime": "2013-12-11T11:20:42.687500",
    "ConversionSoftware": "dcm2niix",
    "ConversionSoftwareVersion": "v1.0.20170207",
    "EchoTime": 0.03,
    "EffectiveEchoSpacing": 0.000265001,
    "FlipAngle": 90,
    "ImageType": [
      "ORIGINAL",
      "PRIMARY",
      "M",
      "ND",
      "MOSAIC"
    ],
    "MagneticFieldStrength": 3,
    "Manufacturer": "Siemens",
    "ManufacturersModelName": "TrioTim",
    "PhaseEncodingDirection": "j",
    "ProcedureStepDescription": "Studies_bbsrc_age",
    "ProtocolName": "ep2d_bold_PtoA_iPAT2_block_3",
    "RepetitionTime": 2,
    "TaskName": "Emoreg Run3",
    "dataset": "ds002366",
    "modality": "bold",
    "session_id": "1",
    "subject_id": "ER046",
    "task_id": "emoregRun3"
  },
  "dummy_trs": 0,
  "dvars_nstd": 50.876269058952396,
  "dvars_std": 1.0969841680952388,
  "dvars_vstd": 1.0259273361428578,
  "efc": 0.5741696020753719,
  "fber": 728.8702392578125,
  "fd_mean": 0.5987184609402763,
  "fd_num": 176,
  "fd_perc": 83.41232227488152,
  "fwhm_avg": 1.864629113145696,
  "fwhm_x": 1.8261066666666668,
  "fwhm_y": 2.1271766666666667,
  "fwhm_z": 1.6406040061037546,
  "gcor": 0.026793,
  "gsr_x": 0.0055698310025036335,
  "gsr_y": 0.033521682024002075,
  "provenance": {
    "md5sum": "28ac1dee11134cf0e0274b40fd188199",
    "settings": {
      "fd_thres": 0.2,
      "testing": false
    },
    "software": "mriqc",
    "version": "23.0.1",
    "webapi_port": null,
    "webapi_url": "https://mriqc.nimh.nih.gov/api/v1"
  },
  "size_t": 211,
  "size_x": 64,
  "size_y": 64,
  "size_z": 30,
  "snr": 4.8259531278801076,
  "spacing_tr": 2.0,
  "spacing_x": 3.0,
  "spacing_y": 3.0,
  "spacing_z": 3.990000009536743,
  "summary_bg_k": 56.41032942482124,
  "summary_bg_mad": 13.090469739870947,
  "summary_bg_mean": 52.49197769165039,
  "summary_bg_median": 34.2701416015625,
  "summary_bg_n": 63826.0,
  "summary_bg_p05": 22.385071277618408,
  "summary_bg_p95": 141.72038650512695,
  "summary_bg_stdv": 55.32777786254883,
  "summary_fg_k": 1.1396557382533583,
  "summary_fg_mad": 161.15399274339515,
  "summary_fg_mean": 940.1489868164062,
  "summary_fg_median": 912.1848754882812,
  "summary_fg_n": 28837.0,
  "summary_fg_p05": 684.3166137695313,
  "summary_fg_p95": 1290.7829345703126,
  "summary_fg_stdv": 189.01324462890625,
  "tsnr": 26.4634717667941
}