{
  "aor": 0.007507251184834122,
  "aqi": 0.025540671374407586,
  "bids_meta": {
    "AcquisitionDateTime": "2013-12-11T11:13:2.703125",
    "ConversionSoftware": "dcm2niix",
    "ConversionSoftwareVersion": "v1.0.20170207",
    "EchoTime": 0.03,
    "EffectiveEchoSpacing": 0.000265001,
    "FlipAngle": 90,
    "ImageType": [
      "ORIGINAL",
      "PRIMARY",
      "M",
      "ND",
      "MOSAIC"
    ],
    "MagneticFieldStrength": 3,
    "Manufacturer": "Siemens",
    "ManufacturersModelName": "TrioTim",
    "PhaseEncodingDirection": "j",
    "ProcedureStepDescription": "Studies_bbsrc_age",
    "ProtocolName": "ep2d_bold_PtoA_iPAT2_block_2",
    "RepetitionTime": 2,
    "TaskName": "Emoreg Run2",
    "dataset": "ds002366",
    "modality": "bold",
    "session_id": "1",
    "subject_id": "ER046",
    "task_id": "emoregRun2"
  },
  "dummy_trs": 0,
  "dvars_nstd": 49.53383979833331,
  "dvars_std": 1.0580886995238097,
  "dvars_vstd": 1.011177967190477,
  "efc": 0.5737148389854703,
  "fber": 735.482666015625,
  "fd_mean": 0.484325810019684,
  "fd_num": 150,
  "fd_perc": 71.09004739336493,
  "fwhm_avg": 1.869671961905319,
  "fwhm_x": 1.8210033333333333,
  "fwhm_y": 2.11099,
  "fwhm_z": 1.6770225523826232,
  "gcor": 0.0282536,
  "gsr_x": 0.0050255414098501205,
  "gsr_y": 0.03355799615383148,
  "provenance": {
    "md5sum": "716f9e9199d9be977b8f71471cbde522",
    "settings": {
      "fd_thres": 0.2,
      "testing": false
    },
    "software": "mriqc",
    "version": "23.0.1",
    "webapi_port": null,
    "webapi_url": "https://mriqc.nimh.nih.gov/api/v1"
  },
  "size_t": 211,
  "size_x": 64,
  "size_y": 64,
  "size_z": 30,
  "snr": 4.822308211477724,
  "spacing_tr": 2.0,
  "spacing_x": 3.0,
  "spacing_y": 3.0,
  "spacing_z": 3.990000009536743,
  "summary_bg_k": 57.225928141036476,
  "summary_bg_mad": 11.671098008436926,
  "summary_bg_mean": 51.68759536743164,
  "summary_bg_median": 33.78199005126953,
  "summary_bg_n": 63866.0,
  "summary_bg_p05": 24.009479522705078,
  "summary_bg_p95": 136.48223114013672,
  "summary_bg_stdv": 55.20033264160156,
  "summary_fg_k": 1.1621280364832742,
  "summary_fg_mad": 160.24048753124828,
  "summary_fg_mean": 939.6122436523438,
  "summary_fg_median": 910.8578491210938,
  "summary_fg_n": 28760.0,
  "summary_fg_p05": 684.5986114501953,
  "summary_fg_p95": 1290.6509521484375,
  "summary_fg_stdv": 188.88092041015625,
  "tsnr": 26.72467504639644
}