{
  "aor": 0.007791848341232227,
  "aqi": 0.02446922412322275,
  "bids_meta": {
    "AcquisitionDateTime": "2013-12-11T11:28:25.476562",
    "ConversionSoftware": "dcm2niix",
    "ConversionSoftwareVersion": "v1.0.20170207",
    "EchoTime": 0.03,
    "EffectiveEchoSpacing": 0.000265001,
    "FlipAngle": 90,
    "ImageType": [
      "ORIGINAL",
      "PRIMARY",
      "M",
      "ND",
      "MOSAIC"
    ],
    "MagneticFieldStrength": 3,
    "Manufacturer": "Siemens",
    "ManufacturersModelName": "TrioTim",
    "PhaseEncodingDirection": "j",
    "ProcedureStepDescription": "Studies_bbsrc_age",
    "ProtocolName": "ep2d_bold_PtoA_iPAT2_block_4",
    "RepetitionTime": 2,
    "TaskName": "Emoreg Run4",
    "dataset": "ds002366",
    "modality": "bold",
    "session_id": "1",
    "subject_id": "ER046",
    "task_id": "emoregRun4"
  },
  "dummy_trs": 0,
  "dvars_nstd": 49.11653708509522,
  "dvars_std": 1.1134711239047617,
  "dvars_vstd": 1.0419960330952382,
  "efc": 0.5742676625952802,
  "fber": 731.5015258789062,
  "fd_mean": 0.5389280997878879,
  "fd_num": 151,
  "fd_perc": 71.56398104265404,
  "fwhm_avg": 1.8656302158539964,
  "fwhm_x": 1.80303,
  "fwhm_y": 2.0922666666666667,
  "fwhm_z": 1.7015939808953222,
  "gcor": 0.0235366,
  "gsr_x": 0.005737515166401863,
  "gsr_y": 0.034356992691755295,
  "provenance": {
    "md5sum": "c6e71e3d0f39428c15151ded27b0745a",
    "settings": {
      "fd_thres": 0.2,
      "testing": false
    },
    "software": "mriqc",
    "version": "23.0.1",
    "webapi_port": null,
    "webapi_url": "https://mriqc.nimh.nih.gov/api/v1"
  },
  "size_t": 211,
  "size_x": 64,
  "size_y": 64,
  "size_z": 30,
  "snr": 4.841078409874463,
  "spacing_tr": 2.0,
  "spacing_x": 3.0,
  "spacing_y": 3.0,
  "spacing_z": 3.990000009536743,
  "summary_bg_k": 54.59024340300595,
  "summary_bg_mad": 12.472131567529308,
  "summary_bg_mean": 52.3149299621582,
  "summary_bg_median": 33.843605041503906,
  "summary_bg_n": 63887.0,
  "summary_bg_p05": 22.909954071044922,
  "summary_bg_p95": 140.1990509033203,
  "summary_bg_stdv": 56.58808517456055,
  "summary_fg_k": 1.147192631583497,
  "summary_fg_mad": 159.5975952301391,
  "summary_fg_mean": 941.0360717773438,
  "summary_fg_median": 912.2061767578125,
  "summary_fg_n": 28790.0,
  "summary_fg_p05": 686.7052307128906,
  "summary_fg_p95": 1292.8557678222655,
  "summary_fg_stdv": 188.42709350585938,
  "tsnr": 27.24091830739053
}