{
  "aor": 0.0008919905213270142,
  "aqi": 0.006145028246445496,
  "bids_meta": {
    "AcquisitionDateTime": "2014-04-30T15:56:43.562500",
    "ConversionSoftware": "dcm2niix",
    "ConversionSoftwareVersion": "v1.0.20170207",
    "EchoTime": 0.03,
    "EffectiveEchoSpacing": 0.000265001,
    "FlipAngle": 90,
    "ImageType": [
      "ORIGINAL",
      "PRIMARY",
      "M",
      "ND",
      "MOSAIC"
    ],
    "MagneticFieldStrength": 3,
    "Manufacturer": "Siemens",
    "ManufacturersModelName": "TrioTim",
    "PhaseEncodingDirection": "j",
    "ProcedureStepDescription": "Studies_bbsrc_age",
    "ProtocolName": "ep2d_bold_PtoA_iPAT2_block_1",
    "RepetitionTime": 2,
    "TaskName": "Emoreg Run1",
    "dataset": "ds002366",
    "modality": "bold",
    "session_id": "1",
    "subject_id": "ER069",
    "task_id": "emoregRun1"
  },
  "dummy_trs": 0,
  "dvars_nstd": 48.36245306066667,
  "dvars_std": 1.0819415358571425,
  "dvars_vstd": 1.011640827476191,
  "efc": 0.5732160378075372,
  "fber": 643.7489013671875,
  "fd_mean": 0.25397871480431145,
  "fd_num": 132,
  "fd_perc": 62.55924170616114,
  "fwhm_avg": 3.0208710420933476,
  "fwhm_x": 3.001796666666667,
  "fwhm_y": 3.3195633333333334,
  "fwhm_z": 2.7412531262800433,
  "gcor": 0.0113746,
  "gsr_x": 0.005582165438681841,
  "gsr_y": 0.03098398447036743,
  "provenance": {
    "md5sum": "4884a4d1741f714fe667e46777289587",
    "settings": {
      "fd_thres": 0.2,
      "testing": false
    },
    "software": "mriqc",
    "version": "23.0.1",
    "webapi_port": null,
    "webapi_url": "https://mriqc.nimh.nih.gov/api/v1"
  },
  "size_t": 211,
  "size_x": 64,
  "size_y": 64,
  "size_z": 30,
  "snr": 3.2310715177976554,
  "spacing_tr": 2.0,
  "spacing_x": 3.0,
  "spacing_y": 3.0,
  "spacing_z": 3.990000009536743,
  "summary_bg_k": 28.475792136534114,
  "summary_bg_mad": 10.336058101039074,
  "summary_bg_mean": 40.627872467041016,
  "summary_bg_median": 27.03791618347168,
  "summary_bg_n": 61948.0,
  "summary_bg_p05": 17.592418670654297,
  "summary_bg_p95": 114.95403251647944,
  "summary_bg_stdv": 42.102840423583984,
  "summary_fg_k": -0.3217388285478764,
  "summary_fg_mad": 251.91944531527363,
  "summary_fg_mean": 707.7005004882812,
  "summary_fg_median": 704.0782470703125,
  "summary_fg_n": 30062.0,
  "summary_fg_p05": 381.5623458862305,
  "summary_fg_p95": 1063.5436218261718,
  "summary_fg_stdv": 217.90496826171875,
  "tsnr": 32.16487134178169
}