{
  "aor": 0.0007476777251184835,
  "aqi": 0.016099317819905215,
  "bids_meta": {
    "AcquisitionDateTime": "2014-04-30T16:13:6.875000",
    "ConversionSoftware": "dcm2niix",
    "ConversionSoftwareVersion": "v1.0.20170207",
    "EchoTime": 0.03,
    "EffectiveEchoSpacing": 0.000265001,
    "FlipAngle": 90,
    "ImageType": [
      "ORIGINAL",
      "PRIMARY",
      "M",
      "ND",
      "MOSAIC"
    ],
    "MagneticFieldStrength": 3,
    "Manufacturer": "Siemens",
    "ManufacturersModelName": "TrioTim",
    "PhaseEncodingDirection": "j",
    "ProcedureStepDescription": "Studies_bbsrc_age",
    "ProtocolName": "ep2d_bold_PtoA_iPAT2_block_3",
    "RepetitionTime": 2,
    "TaskName": "Emoreg Run3",
    "dataset": "ds002366",
    "modality": "bold",
    "session_id": "1",
    "subject_id": "ER069",
    "task_id": "emoregRun3"
  },
  "dummy_trs": 0,
  "dvars_nstd": 38.39567420561905,
  "dvars_std": 1.0856772660952383,
  "dvars_vstd": 0.9911655008571426,
  "efc": 0.6025638873587619,
  "fber": 584.676025390625,
  "fd_mean": 0.23253943282325704,
  "fd_num": 124,
  "fd_perc": 58.76777251184834,
  "fwhm_avg": 1.7774288124469528,
  "fwhm_x": 1.79065,
  "fwhm_y": 1.9677266666666666,
  "fwhm_z": 1.573909770674192,
  "gcor": 0.0114676,
  "gsr_x": 0.00031125766690820456,
  "gsr_y": 0.04029553011059761,
  "provenance": {
    "md5sum": "dfe93ee28cf149eb5cdf1c3479146882",
    "settings": {
      "fd_thres": 0.2,
      "testing": false
    },
    "software": "mriqc",
    "version": "23.0.1",
    "webapi_port": null,
    "webapi_url": "https://mriqc.nimh.nih.gov/api/v1"
  },
  "size_t": 211,
  "size_x": 64,
  "size_y": 64,
  "size_z": 30,
  "snr": 5.649608654086447,
  "spacing_tr": 2.0,
  "spacing_x": 3.0,
  "spacing_y": 3.0,
  "spacing_z": 3.990000009536743,
  "summary_bg_k": 133.93363875981393,
  "summary_bg_mad": 11.263563945631875,
  "summary_bg_mean": 61.78911590576172,
  "summary_bg_median": 37.22275161743164,
  "summary_bg_n": 61070.0,
  "summary_bg_p05": 27.635072708129883,
  "summary_bg_p95": 168.67796859741188,
  "summary_bg_stdv": 84.51588439941406,
  "summary_fg_k": 1.875522659066247,
  "summary_fg_mad": 128.79667892605812,
  "summary_fg_mean": 921.7645874023438,
  "summary_fg_median": 908.0948486328125,
  "summary_fg_n": 30626.0,
  "summary_fg_p05": 680.6362915039062,
  "summary_fg_p95": 1203.7381896972656,
  "summary_fg_stdv": 160.73326110839844,
  "tsnr": 41.42036845651455
}