{
  "aor": 0.001795450236966825,
  "aqi": 0.0135278982464455,
  "bids_meta": {
    "AcquisitionDateTime": "2014-04-30T16:04:58.203125",
    "ConversionSoftware": "dcm2niix",
    "ConversionSoftwareVersion": "v1.0.20170207",
    "EchoTime": 0.03,
    "EffectiveEchoSpacing": 0.000265001,
    "FlipAngle": 90,
    "ImageType": [
      "ORIGINAL",
      "PRIMARY",
      "M",
      "ND",
      "MOSAIC"
    ],
    "MagneticFieldStrength": 3,
    "Manufacturer": "Siemens",
    "ManufacturersModelName": "TrioTim",
    "PhaseEncodingDirection": "j",
    "ProcedureStepDescription": "Studies_bbsrc_age",
    "ProtocolName": "ep2d_bold_PtoA_iPAT2_block_2",
    "RepetitionTime": 2,
    "TaskName": "Emoreg Run2",
    "dataset": "ds002366",
    "modality": "bold",
    "session_id": "1",
    "subject_id": "ER069",
    "task_id": "emoregRun2"
  },
  "dummy_trs": 0,
  "dvars_nstd": 40.77408203828572,
  "dvars_std": 1.1237870058571424,
  "dvars_vstd": 1.0145033240952381,
  "efc": 0.6017628220570389,
  "fber": 586.074951171875,
  "fd_mean": 0.23205142020411654,
  "fd_num": 106,
  "fd_perc": 50.23696682464455,
  "fwhm_avg": 1.795247183350068,
  "fwhm_x": 1.7904666666666669,
  "fwhm_y": 1.9909866666666665,
  "fwhm_z": 1.604288216716871,
  "gcor": 0.0154858,
  "gsr_x": 0.0008377471240237355,
  "gsr_y": 0.0410456620156765,
  "provenance": {
    "md5sum": "4078f94dae6f77660bfcdc381a60354d",
    "settings": {
      "fd_thres": 0.2,
      "testing": false
    },
    "software": "mriqc",
    "version": "23.0.1",
    "webapi_port": null,
    "webapi_url": "https://mriqc.nimh.nih.gov/api/v1"
  },
  "size_t": 211,
  "size_x": 64,
  "size_y": 64,
  "size_z": 30,
  "snr": 5.654006062128432,
  "spacing_tr": 2.0,
  "spacing_x": 3.0,
  "spacing_y": 3.0,
  "spacing_z": 3.990000009536743,
  "summary_bg_k": 131.8270566555117,
  "summary_bg_mad": 10.581983974861396,
  "summary_bg_mean": 61.13682174682617,
  "summary_bg_median": 37.12322235107422,
  "summary_bg_n": 61177.0,
  "summary_bg_p05": 28.109004974365234,
  "summary_bg_p95": 166.0341339111328,
  "summary_bg_stdv": 82.62445068359375,
  "summary_fg_k": 1.8865023123732811,
  "summary_fg_mad": 128.83889291134454,
  "summary_fg_mean": 919.0489501953125,
  "summary_fg_median": 906.4550170898438,
  "summary_fg_n": 30587.0,
  "summary_fg_p05": 674.1303527832031,
  "summary_fg_p95": 1199.0564453124998,
  "summary_fg_stdv": 160.31822204589844,
  "tsnr": 43.014805570128374
}