{
  "aor": 0.0015172985781990523,
  "aqi": 0.014640464123222747,
  "bids_meta": {
    "AcquisitionDateTime": "2014-04-30T16:20:58.593750",
    "ConversionSoftware": "dcm2niix",
    "ConversionSoftwareVersion": "v1.0.20170207",
    "EchoTime": 0.03,
    "EffectiveEchoSpacing": 0.000265001,
    "FlipAngle": 90,
    "ImageType": [
      "ORIGINAL",
      "PRIMARY",
      "M",
      "ND",
      "MOSAIC"
    ],
    "MagneticFieldStrength": 3,
    "Manufacturer": "Siemens",
    "ManufacturersModelName": "TrioTim",
    "PhaseEncodingDirection": "j",
    "ProcedureStepDescription": "Studies_bbsrc_age",
    "ProtocolName": "ep2d_bold_PtoA_iPAT2_block_4",
    "RepetitionTime": 2,
    "TaskName": "Emoreg Run4",
    "dataset": "ds002366",
    "modality": "bold",
    "session_id": "1",
    "subject_id": "ER069",
    "task_id": "emoregRun4"
  },
  "dummy_trs": 0,
  "dvars_nstd": 40.04139728514285,
  "dvars_std": 1.1239683224285713,
  "dvars_vstd": 1.013538834904762,
  "efc": 0.6023381698711185,
  "fber": 585.5328369140625,
  "fd_mean": 0.24191459760943052,
  "fd_num": 116,
  "fd_perc": 54.976303317535546,
  "fwhm_avg": 1.7844156963156668,
  "fwhm_x": 1.7930133333333333,
  "fwhm_y": 1.9767299999999999,
  "fwhm_z": 1.583503755613667,
  "gcor": 0.012176,
  "gsr_x": 0.001260100514627993,
  "gsr_y": 0.04110274836421013,
  "provenance": {
    "md5sum": "80a5a050d8f23ef934fb0af5fc0abb2b",
    "settings": {
      "fd_thres": 0.2,
      "testing": false
    },
    "software": "mriqc",
    "version": "23.0.1",
    "webapi_port": null,
    "webapi_url": "https://mriqc.nimh.nih.gov/api/v1"
  },
  "size_t": 211,
  "size_x": 64,
  "size_y": 64,
  "size_z": 30,
  "snr": 5.644129078346498,
  "spacing_tr": 2.0,
  "spacing_x": 3.0,
  "spacing_y": 3.0,
  "spacing_z": 3.990000009536743,
  "summary_bg_k": 128.57732799202245,
  "summary_bg_mad": 11.713258264776382,
  "summary_bg_mean": 62.07963943481445,
  "summary_bg_median": 37.20853042602539,
  "summary_bg_n": 61179.0,
  "summary_bg_p05": 26.900474548339844,
  "summary_bg_p95": 172.32370300292968,
  "summary_bg_stdv": 84.59373474121094,
  "summary_fg_k": 1.8895395117702778,
  "summary_fg_mad": 128.69836060877256,
  "summary_fg_mean": 920.310302734375,
  "summary_fg_median": 907.1279907226562,
  "summary_fg_n": 30563.0,
  "summary_fg_p05": 676.9706298828125,
  "summary_fg_p95": 1202.1014648437497,
  "summary_fg_stdv": 160.71800231933594,
  "tsnr": 42.16741878935136
}