{
  "bids_meta": {
    "AcquisitionDateTime": "2013-08-20T10:45:32.843750",
    "ConversionSoftware": "dcm2niix",
    "ConversionSoftwareVersion": "v1.0.20170207",
    "EchoTime": 0.00302,
    "FlipAngle": 9,
    "ImageType": [
      "ORIGINAL",
      "PRIMARY",
      "M",
      "ND",
      "NORM"
    ],
    "MagneticFieldStrength": 3,
    "Manufacturer": "Siemens",
    "ManufacturersModelName": "TrioTim",
    "PhaseEncodingDirection": "i-",
    "ProcedureStepDescription": "Studies_bbsrc_age",
    "ProtocolName": "MPRAGE",
    "RepetitionTime": 2.02,
    "dataset": "ds002366",
    "modality": "T1w",
    "session_id": "1",
    "subject_id": "ER026"
  },
  "cjv": 0.4037040706118721,
  "cnr": 3.4176237488683427,
  "efc": 0.5331519916474273,
  "fber": 9219.254524561908,
  "fwhm_avg": 4.2335937066666665,
  "fwhm_x": 4.30052,
  "fwhm_y": 4.5198336,
  "fwhm_z": 3.88042752,
  "icvs_csf": 0.2652462890482134,
  "icvs_gm": 0.3734145438457005,
  "icvs_wm": 0.36133916710608605,
  "inu_med": 0.6078890562057495,
  "inu_range": 0.30279240012168884,
  "provenance": {
    "md5sum": "a79ba80fbf4dce8f7b954c8411357996",
    "settings": {
      "testing": false
    },
    "software": "mriqc",
    "version": "23.0.1",
    "warnings": {
      "large_rot_frame": true,
      "small_air_mask": false
    },
    "webapi_port": null,
    "webapi_url": "https://mriqc.nimh.nih.gov/api/v1"
  },
  "qi_1": 0.0,
  "qi_2": 0.006299228280413731,
  "rpve_csf": 21.04340797569773,
  "rpve_gm": 13.751658946341896,
  "rpve_wm": 17.039006826194584,
  "size_x": 192,
  "size_y": 256,
  "size_z": 256,
  "snr_csf": 2.980708283058885,
  "snr_gm": 11.98218605143661,
  "snr_total": 11.967630544549701,
  "snr_wm": 20.939997299153607,
  "snrd_csf": 25.076848149785445,
  "snrd_gm": 67.35679969471609,
  "snrd_total": 61.449144528969505,
  "snrd_wm": 91.91378574240699,
  "spacing_x": 1.0,
  "spacing_y": 0.9765625,
  "spacing_z": 0.9765625,
  "summary_bg_k": 8.388171665977797,
  "summary_bg_mad": 7.12789541977988,
  "summary_bg_mean": 7.169784948590899,
  "summary_bg_median": 4.807692401111126,
  "summary_bg_n": 4092094.0,
  "summary_bg_p05": 0.0,
  "summary_bg_p95": 25.688160378485918,
  "summary_bg_stdv": 9.521704874611684,
  "summary_csf_k": 1.859922103950975,
  "summary_csf_mad": 65.96797329678634,
  "summary_csf_mean": 277.81840526174983,
  "summary_csf_median": 272.8365437630564,
  "summary_csf_n": 90815.0,
  "summary_csf_p05": 124.30948582421988,
  "summary_csf_p95": 441.6242544334382,
  "summary_csf_stdv": 91.53362747836847,
  "summary_gm_k": -0.005183151093404614,
  "summary_gm_mad": 61.146161689288185,
  "summary_gm_mean": 730.5441583711023,
  "summary_gm_median": 732.8431514948606,
  "summary_gm_n": 11037.0,
  "summary_gm_p05": 626.7911132350564,
  "summary_gm_p95": 827.3095937527715,
  "summary_gm_stdv": 61.158285158931484,
  "summary_wm_k": 0.18857935618147836,
  "summary_wm_mad": 46.71566753061617,
  "summary_wm_mean": 1000.0657597002005,
  "summary_wm_median": 1000.0235865507275,
  "summary_wm_n": 206167.0,
  "summary_wm_p05": 921.9928535111248,
  "summary_wm_p95": 1078.8320345375687,
  "summary_wm_stdv": 47.75650860817513,
  "tpm_overlap_csf": 0.158091632744528,
  "tpm_overlap_gm": 0.4279990264743119,
  "tpm_overlap_wm": 0.4931520512631856,
  "wm2max": 0.7827010831213848
}