{
  "aor": 0.003898428571428572,
  "aqi": 0.017340366666666666,
  "bids_meta": {
    "AcquisitionDateTime": "2014-02-04T14:05:54.937500",
    "ConversionSoftware": "dcm2niix",
    "ConversionSoftwareVersion": "v1.0.20170207",
    "EchoTime": 0.03,
    "EffectiveEchoSpacing": 0.000265001,
    "FlipAngle": 90,
    "ImageType": [
      "ORIGINAL",
      "PRIMARY",
      "M",
      "ND",
      "MOSAIC"
    ],
    "MagneticFieldStrength": 3,
    "Manufacturer": "Siemens",
    "ManufacturersModelName": "TrioTim",
    "PhaseEncodingDirection": "j",
    "ProcedureStepDescription": "Studies_bbsrc_age",
    "ProtocolName": "ep2d_bold_PtoA_iPAT2_block_4",
    "RepetitionTime": 2,
    "TaskName": "Emoreg Run4",
    "dataset": "ds002366",
    "modality": "bold",
    "session_id": "1",
    "subject_id": "ER051",
    "task_id": "emoregRun4"
  },
  "dummy_trs": 1,
  "dvars_nstd": 39.11655900564597,
  "dvars_std": 1.1225662522488036,
  "dvars_vstd": 1.0369290425358857,
  "efc": 0.5632699672804091,
  "fber": 635.2325439453125,
  "fd_mean": 0.310965802807301,
  "fd_num": 118,
  "fd_perc": 56.19047619047619,
  "fwhm_avg": 1.7086187958014722,
  "fwhm_x": 1.6969666666666667,
  "fwhm_y": 1.934,
  "fwhm_z": 1.4948897207377496,
  "gcor": 0.0121593,
  "gsr_x": 0.0010766328778117895,
  "gsr_y": 0.03567982837557793,
  "provenance": {
    "md5sum": "46a49bc69e6b9f07f1209d4beba86ae2",
    "settings": {
      "fd_thres": 0.2,
      "testing": false
    },
    "software": "mriqc",
    "version": "23.0.1",
    "webapi_port": null,
    "webapi_url": "https://mriqc.nimh.nih.gov/api/v1"
  },
  "size_t": 210,
  "size_x": 64,
  "size_y": 64,
  "size_z": 30,
  "snr": 5.945903003602737,
  "spacing_tr": 2.0,
  "spacing_x": 3.0,
  "spacing_y": 3.0,
  "spacing_z": 3.990000009536743,
  "summary_bg_k": 46.64354630255693,
  "summary_bg_mad": 9.626324162053717,
  "summary_bg_mean": 58.66673278808594,
  "summary_bg_median": 36.55952453613281,
  "summary_bg_n": 67842.0,
  "summary_bg_p05": 26.76666831970215,
  "summary_bg_p95": 162.50428466796873,
  "summary_bg_stdv": 73.34475708007812,
  "summary_fg_k": 1.8564496542513522,
  "summary_fg_mad": 128.65456303347003,
  "summary_fg_mean": 926.2556762695312,
  "summary_fg_median": 920.1762084960938,
  "summary_fg_n": 25235.0,
  "summary_fg_p05": 687.322900390625,
  "summary_fg_p95": 1183.32861328125,
  "summary_fg_stdv": 154.7549591064453,
  "tsnr": 37.39267029147595
}