{
  "aor": 0.003737772511848341,
  "aqi": 0.017503966398104268,
  "bids_meta": {
    "AcquisitionDateTime": "2014-02-04T13:58:19.125000",
    "ConversionSoftware": "dcm2niix",
    "ConversionSoftwareVersion": "v1.0.20170207",
    "EchoTime": 0.03,
    "EffectiveEchoSpacing": 0.000265001,
    "FlipAngle": 90,
    "ImageType": [
      "ORIGINAL",
      "PRIMARY",
      "M",
      "ND",
      "MOSAIC"
    ],
    "MagneticFieldStrength": 3,
    "Manufacturer": "Siemens",
    "ManufacturersModelName": "TrioTim",
    "PhaseEncodingDirection": "j",
    "ProcedureStepDescription": "Studies_bbsrc_age",
    "ProtocolName": "ep2d_bold_PtoA_iPAT2_block_3",
    "RepetitionTime": 2,
    "TaskName": "Emoreg Run3",
    "dataset": "ds002366",
    "modality": "bold",
    "session_id": "1",
    "subject_id": "ER051",
    "task_id": "emoregRun3"
  },
  "dummy_trs": 0,
  "dvars_nstd": 39.97261189061905,
  "dvars_std": 1.1282970417142852,
  "dvars_vstd": 1.0345146134285716,
  "efc": 0.5627731867434922,
  "fber": 647.265380859375,
  "fd_mean": 0.3286304236834514,
  "fd_num": 125,
  "fd_perc": 59.241706161137444,
  "fwhm_avg": 1.6959225635620045,
  "fwhm_x": 1.6747833333333333,
  "fwhm_y": 1.9279066666666667,
  "fwhm_z": 1.485077690686014,
  "gcor": 0.0131334,
  "gsr_x": 0.0011921360855922103,
  "gsr_y": 0.03557427600026131,
  "provenance": {
    "md5sum": "a8ba220295882ac278805696b44a8cb8",
    "settings": {
      "fd_thres": 0.2,
      "testing": false
    },
    "software": "mriqc",
    "version": "23.0.1",
    "webapi_port": null,
    "webapi_url": "https://mriqc.nimh.nih.gov/api/v1"
  },
  "size_t": 211,
  "size_x": 64,
  "size_y": 64,
  "size_z": 30,
  "snr": 5.949034241919907,
  "spacing_tr": 2.0,
  "spacing_x": 3.0,
  "spacing_y": 3.0,
  "spacing_z": 3.990000009536743,
  "summary_bg_k": 45.93249671407159,
  "summary_bg_mad": 9.338286105160286,
  "summary_bg_mean": 58.600467681884766,
  "summary_bg_median": 36.360191345214844,
  "summary_bg_n": 67917.0,
  "summary_bg_p05": 26.848342895507812,
  "summary_bg_p95": 160.391470336914,
  "summary_bg_stdv": 73.3725814819336,
  "summary_fg_k": 1.981780717271194,
  "summary_fg_mad": 128.50860127941428,
  "summary_fg_mean": 928.2684326171875,
  "summary_fg_median": 922.331787109375,
  "summary_fg_n": 25271.0,
  "summary_fg_p05": 692.2037963867188,
  "summary_fg_p95": 1187.8364868164062,
  "summary_fg_stdv": 155.0358428955078,
  "tsnr": 37.506215231493115
}