{
  "aor": 0.005564123222748817,
  "aqi": 0.02282270521327014,
  "bids_meta": {
    "AcquisitionDateTime": "2014-02-04T13:50:1.828125",
    "ConversionSoftware": "dcm2niix",
    "ConversionSoftwareVersion": "v1.0.20170207",
    "EchoTime": 0.03,
    "EffectiveEchoSpacing": 0.000265001,
    "FlipAngle": 90,
    "ImageType": [
      "ORIGINAL",
      "PRIMARY",
      "M",
      "ND",
      "MOSAIC"
    ],
    "MagneticFieldStrength": 3,
    "Manufacturer": "Siemens",
    "ManufacturersModelName": "TrioTim",
    "PhaseEncodingDirection": "j",
    "ProcedureStepDescription": "Studies_bbsrc_age",
    "ProtocolName": "ep2d_bold_PtoA_iPAT2_block_2",
    "RepetitionTime": 2,
    "TaskName": "Emoreg Run2",
    "dataset": "ds002366",
    "modality": "bold",
    "session_id": "1",
    "subject_id": "ER051",
    "task_id": "emoregRun2"
  },
  "dummy_trs": 0,
  "dvars_nstd": 43.793330328714305,
  "dvars_std": 1.153678710714286,
  "dvars_vstd": 1.0628167046190475,
  "efc": 0.5731377082528468,
  "fber": 454.7547912597656,
  "fd_mean": 0.40350382277759983,
  "fd_num": 143,
  "fd_perc": 67.77251184834124,
  "fwhm_avg": 1.7107527390102597,
  "fwhm_x": 1.7152433333333335,
  "fwhm_y": 1.9440600000000001,
  "fwhm_z": 1.4729548836974455,
  "gcor": 0.0144605,
  "gsr_x": 0.0019292577635496855,
  "gsr_y": 0.03273915499448776,
  "provenance": {
    "md5sum": "550b91d6025fa3efa83ffc6eeacfb229",
    "settings": {
      "fd_thres": 0.2,
      "testing": false
    },
    "software": "mriqc",
    "version": "23.0.1",
    "webapi_port": null,
    "webapi_url": "https://mriqc.nimh.nih.gov/api/v1"
  },
  "size_t": 211,
  "size_x": 64,
  "size_y": 64,
  "size_z": 30,
  "snr": 5.953778534117067,
  "spacing_tr": 2.0,
  "spacing_x": 3.0,
  "spacing_y": 3.0,
  "spacing_z": 3.990000009536743,
  "summary_bg_k": 43.96075785854219,
  "summary_bg_mad": 11.291669840578408,
  "summary_bg_mean": 64.58946228027344,
  "summary_bg_median": 43.30805969238281,
  "summary_bg_n": 67620.0,
  "summary_bg_p05": 30.331754684448242,
  "summary_bg_p95": 167.38579177856428,
  "summary_bg_stdv": 73.5134048461914,
  "summary_fg_k": 1.9335857338630555,
  "summary_fg_mad": 128.16428356448424,
  "summary_fg_mean": 930.8493041992188,
  "summary_fg_median": 924.9478759765625,
  "summary_fg_n": 25327.0,
  "summary_fg_p05": 689.7223083496094,
  "summary_fg_p95": 1192.2981811523427,
  "summary_fg_stdv": 155.35169982910156,
  "tsnr": 32.53240057709627
}