{
  "aor": 0.003521800947867299,
  "aqi": 0.01778349004739337,
  "bids_meta": {
    "AcquisitionDateTime": "2014-02-04T13:42:4.062500",
    "ConversionSoftware": "dcm2niix",
    "ConversionSoftwareVersion": "v1.0.20170207",
    "EchoTime": 0.03,
    "EffectiveEchoSpacing": 0.000265001,
    "FlipAngle": 90,
    "ImageType": [
      "ORIGINAL",
      "PRIMARY",
      "M",
      "ND",
      "MOSAIC"
    ],
    "MagneticFieldStrength": 3,
    "Manufacturer": "Siemens",
    "ManufacturersModelName": "TrioTim",
    "PhaseEncodingDirection": "j",
    "ProcedureStepDescription": "Studies_bbsrc_age",
    "ProtocolName": "ep2d_bold_PtoA_iPAT2_block_1",
    "RepetitionTime": 2,
    "TaskName": "Emoreg Run1",
    "dataset": "ds002366",
    "modality": "bold",
    "session_id": "1",
    "subject_id": "ER051",
    "task_id": "emoregRun1"
  },
  "dummy_trs": 0,
  "dvars_nstd": 42.09924705157145,
  "dvars_std": 1.123145874285714,
  "dvars_vstd": 1.0347516986190473,
  "efc": 0.5758025177390074,
  "fber": 411.81744384765625,
  "fd_mean": 0.3352784525813082,
  "fd_num": 129,
  "fd_perc": 61.13744075829384,
  "fwhm_avg": 1.7068898985655425,
  "fwhm_x": 1.7045333333333332,
  "fwhm_y": 1.9302566666666667,
  "fwhm_z": 1.4858796956966283,
  "gcor": 0.0115543,
  "gsr_x": 0.002106951316818595,
  "gsr_y": 0.0326567068696022,
  "provenance": {
    "md5sum": "d0ff6c5cf6ae25121711f4868a19aa58",
    "settings": {
      "fd_thres": 0.2,
      "testing": false
    },
    "software": "mriqc",
    "version": "23.0.1",
    "webapi_port": null,
    "webapi_url": "https://mriqc.nimh.nih.gov/api/v1"
  },
  "size_t": 211,
  "size_x": 64,
  "size_y": 64,
  "size_z": 30,
  "snr": 5.93433031661763,
  "spacing_tr": 2.0,
  "spacing_x": 3.0,
  "spacing_y": 3.0,
  "spacing_z": 3.990000009536743,
  "summary_bg_k": 44.08234783324495,
  "summary_bg_mad": 12.1840397816889,
  "summary_bg_mean": 66.84725952148438,
  "summary_bg_median": 45.76777267456055,
  "summary_bg_n": 67612.0,
  "summary_bg_p05": 31.90308141708374,
  "summary_bg_p95": 168.0421821594238,
  "summary_bg_stdv": 75.61565399169922,
  "summary_fg_k": 1.883541954903528,
  "summary_fg_mad": 128.91617210413042,
  "summary_fg_mean": 934.1097412109375,
  "summary_fg_median": 927.976318359375,
  "summary_fg_n": 25321.0,
  "summary_fg_p05": 691.8009643554688,
  "summary_fg_p95": 1197.8863525390625,
  "summary_fg_stdv": 156.3711395263672,
  "tsnr": 35.538711628178135
}