{
  "bids_meta": {
    "AcquisitionDateTime": "2013-09-10T12:19:21.804688",
    "ConversionSoftware": "dcm2niix",
    "ConversionSoftwareVersion": "v1.0.20170207",
    "EchoTime": 0.00302,
    "FlipAngle": 9,
    "ImageType": [
      "ORIGINAL",
      "PRIMARY",
      "M",
      "ND",
      "NORM"
    ],
    "MagneticFieldStrength": 3,
    "Manufacturer": "Siemens",
    "ManufacturersModelName": "TrioTim",
    "PhaseEncodingDirection": "i-",
    "ProcedureStepDescription": "Studies_bbsrc_age",
    "ProtocolName": "MPRAGE",
    "RepetitionTime": 2.02,
    "dataset": "ds002366",
    "modality": "T1w",
    "session_id": "1",
    "subject_id": "ER024"
  },
  "cjv": 0.43032269272850354,
  "cnr": 3.1510447057386215,
  "efc": 0.5341715729636736,
  "fber": 10936.117366868622,
  "fwhm_avg": 4.162314826666666,
  "fwhm_x": 4.29518,
  "fwhm_y": 4.379228159999999,
  "fwhm_z": 3.81253632,
  "icvs_csf": 0.24797227087041715,
  "icvs_gm": 0.42176119958563824,
  "icvs_wm": 0.3302665295439446,
  "inu_med": 0.6230142116546631,
  "inu_range": 0.3134528696537018,
  "provenance": {
    "md5sum": "1d4235b245d7ce2efca1884e89395a5d",
    "settings": {
      "testing": false
    },
    "software": "mriqc",
    "version": "23.0.1",
    "warnings": {
      "large_rot_frame": true,
      "small_air_mask": false
    },
    "webapi_port": null,
    "webapi_url": "https://mriqc.nimh.nih.gov/api/v1"
  },
  "qi_1": 1.0690072155441794e-05,
  "qi_2": 0.011242148133020817,
  "rpve_csf": 26.59976962589711,
  "rpve_gm": 15.46778866770663,
  "rpve_wm": 21.714636618975042,
  "size_x": 192,
  "size_y": 256,
  "size_z": 256,
  "snr_csf": 2.8136178471539544,
  "snr_gm": 13.756919536606679,
  "snr_total": 11.961698006254187,
  "snr_wm": 19.314556635001928,
  "snrd_csf": 26.231769069779567,
  "snrd_gm": 66.69305656638528,
  "snrd_total": 60.308073470533714,
  "snrd_wm": 87.99939477543629,
  "spacing_x": 1.0,
  "spacing_y": 0.9765625,
  "spacing_z": 0.9765625,
  "summary_bg_k": 106.0778859679288,
  "summary_bg_mad": 7.444971873726285,
  "summary_bg_mean": 8.99413285365597,
  "summary_bg_median": 5.021557219326496,
  "summary_bg_n": 3691306.0,
  "summary_bg_p05": 0.0,
  "summary_bg_p95": 35.125539135187864,
  "summary_bg_stdv": 13.733459583759393,
  "summary_csf_k": 1.2335594538205772,
  "summary_csf_mad": 82.12029581928387,
  "summary_csf_mean": 306.93490941328963,
  "summary_csf_median": 298.0978967472911,
  "summary_csf_n": 47356.0,
  "summary_csf_p05": 136.4823746252805,
  "summary_csf_p95": 500.46284847613424,
  "summary_csf_stdv": 105.94713479585492,
  "summary_gm_k": 0.07956862322985314,
  "summary_gm_mad": 54.4460569351296,
  "summary_gm_mean": 755.3028059635733,
  "summary_gm_median": 757.9000805169344,
  "summary_gm_n": 21718.0,
  "summary_gm_p05": 661.6789285466075,
  "summary_gm_p95": 842.5894038628786,
  "summary_gm_stdv": 55.091012899902815,
  "summary_wm_k": 0.3218160147681086,
  "summary_wm_mad": 49.745948428989266,
  "summary_wm_mean": 1001.1250636722658,
  "summary_wm_median": 1000.0253672488034,
  "summary_wm_n": 158023.0,
  "summary_wm_p05": 918.2094905339181,
  "summary_wm_p95": 1088.3084009885788,
  "summary_wm_stdv": 51.77557124220613,
  "tpm_overlap_csf": 0.1596540275473989,
  "tpm_overlap_gm": 0.4602962340798093,
  "tpm_overlap_wm": 0.5049779966649462,
  "wm2max": 0.7348578031234858
}