{
  "aor": 0.0026698104265402843,
  "aqi": 0.014177982559241707,
  "bids_meta": {
    "AcquisitionDateTime": "2013-10-07T12:15:14.414062",
    "ConversionSoftware": "dcm2niix",
    "ConversionSoftwareVersion": "v1.0.20170207",
    "EchoTime": 0.03,
    "EffectiveEchoSpacing": 0.000265001,
    "FlipAngle": 90,
    "ImageType": [
      "ORIGINAL",
      "PRIMARY",
      "M",
      "ND",
      "MOSAIC"
    ],
    "MagneticFieldStrength": 3,
    "Manufacturer": "Siemens",
    "ManufacturersModelName": "TrioTim",
    "PhaseEncodingDirection": "j",
    "ProcedureStepDescription": "Studies_bbsrc_age",
    "ProtocolName": "ep2d_bold_PtoA_iPAT2_block_3",
    "RepetitionTime": 2,
    "TaskName": "Emoreg Run3",
    "dataset": "ds002366",
    "modality": "bold",
    "session_id": "1",
    "subject_id": "ER040",
    "task_id": "emoregRun3"
  },
  "dummy_trs": 0,
  "dvars_nstd": 40.293061629000015,
  "dvars_std": 1.1181989376666674,
  "dvars_vstd": 1.0321690400476191,
  "efc": 0.5654113713127322,
  "fber": 798.7787475585938,
  "fd_mean": 0.25869928968453354,
  "fd_num": 135,
  "fd_perc": 63.981042654028435,
  "fwhm_avg": 1.8884141005596717,
  "fwhm_x": 1.8725866666666666,
  "fwhm_y": 2.0834,
  "fwhm_z": 1.709255635012348,
  "gcor": 0.00818965,
  "gsr_x": -0.005881912540644407,
  "gsr_y": 0.02623896859586239,
  "provenance": {
    "md5sum": "286ce76dc644e476a6a7cf627e61da6f",
    "settings": {
      "fd_thres": 0.2,
      "testing": false
    },
    "software": "mriqc",
    "version": "23.0.1",
    "webapi_port": null,
    "webapi_url": "https://mriqc.nimh.nih.gov/api/v1"
  },
  "size_t": 211,
  "size_x": 64,
  "size_y": 64,
  "size_z": 30,
  "snr": 5.046316382444773,
  "spacing_tr": 2.0,
  "spacing_x": 3.0,
  "spacing_y": 3.0,
  "spacing_z": 3.990000009536743,
  "summary_bg_k": 99.87201654005072,
  "summary_bg_mad": 8.50212512610354,
  "summary_bg_mean": 51.64717483520508,
  "summary_bg_median": 34.014217376708984,
  "summary_bg_n": 65471.0,
  "summary_bg_p05": 26.142181396484375,
  "summary_bg_p95": 129.2606658935547,
  "summary_bg_stdv": 62.58641052246094,
  "summary_fg_k": 2.2027441616191066,
  "summary_fg_mad": 149.26150319502824,
  "summary_fg_mean": 977.5867919921875,
  "summary_fg_median": 963.2275390625,
  "summary_fg_n": 27610.0,
  "summary_fg_p05": 700.1993133544922,
  "summary_fg_p95": 1309.803869628906,
  "summary_fg_stdv": 190.8739013671875,
  "tsnr": 37.70290256571025
}