{
  "bids_meta": {
    "AcquisitionDateTime": "2013-10-01T15:54:37.859375",
    "ConversionSoftware": "dcm2niix",
    "ConversionSoftwareVersion": "v1.0.20170207",
    "EchoTime": 0.00302,
    "FlipAngle": 9,
    "ImageType": [
      "ORIGINAL",
      "PRIMARY",
      "M",
      "ND",
      "NORM"
    ],
    "MagneticFieldStrength": 3,
    "Manufacturer": "Siemens",
    "ManufacturersModelName": "TrioTim",
    "PhaseEncodingDirection": "i-",
    "ProcedureStepDescription": "Studies_bbsrc_age",
    "ProtocolName": "MPRAGE",
    "RepetitionTime": 2.02,
    "dataset": "ds002366",
    "modality": "T1w",
    "session_id": "1",
    "subject_id": "ER032"
  },
  "cjv": 0.38933088972296265,
  "cnr": 3.5064246939395614,
  "efc": 0.551109083171757,
  "fber": 13722.13323246707,
  "fwhm_avg": 4.623685999999999,
  "fwhm_x": 4.72853,
  "fwhm_y": 4.878448639999999,
  "fwhm_z": 4.264079359999999,
  "icvs_csf": 0.2531899165014503,
  "icvs_gm": 0.38541620478626437,
  "icvs_wm": 0.36139387871228534,
  "inu_med": 0.5312260985374451,
  "inu_range": 0.26600634753704067,
  "provenance": {
    "md5sum": "edc00093d621cbf320e262edc60f4bce",
    "settings": {
      "testing": false
    },
    "software": "mriqc",
    "version": "23.0.1",
    "warnings": {
      "large_rot_frame": true,
      "small_air_mask": false
    },
    "webapi_port": null,
    "webapi_url": "https://mriqc.nimh.nih.gov/api/v1"
  },
  "qi_1": 0.0,
  "qi_2": 0.005798622982564473,
  "rpve_csf": 19.68024133680922,
  "rpve_gm": 12.196310473770051,
  "rpve_wm": 15.573706063792237,
  "size_x": 192,
  "size_y": 256,
  "size_z": 256,
  "snr_csf": 2.8504540486032086,
  "snr_gm": 11.488171266250658,
  "snr_total": 13.083684759263756,
  "snr_wm": 24.912428962937405,
  "snrd_csf": 23.623418623244262,
  "snrd_gm": 67.62367156408513,
  "snrd_total": 61.117347674093445,
  "snrd_wm": 92.10495283495094,
  "spacing_x": 1.0,
  "spacing_y": 0.9765625,
  "spacing_z": 0.9765625,
  "summary_bg_k": 6.27710802599724,
  "summary_bg_mad": 0.0,
  "summary_bg_mean": 4.746957238717889,
  "summary_bg_median": 0.0,
  "summary_bg_n": 3009656.0,
  "summary_bg_p05": 0.0,
  "summary_bg_p95": 18.559862468391657,
  "summary_bg_stdv": 7.112772883183585,
  "summary_csf_k": 1.29524568070517,
  "summary_csf_mad": 73.62357105989491,
  "summary_csf_mean": 266.7099949451908,
  "summary_csf_median": 256.4779050461948,
  "summary_csf_n": 94161.0,
  "summary_csf_p05": 137.76694996282458,
  "summary_csf_p95": 437.5211321376264,
  "summary_csf_stdv": 89.97743473771082,
  "summary_gm_k": 0.04528572766648642,
  "summary_gm_mad": 64.26180907226069,
  "summary_gm_mean": 733.1119113029714,
  "summary_gm_median": 734.1857624799013,
  "summary_gm_n": 24303.0,
  "summary_gm_p05": 626.3942307345569,
  "summary_gm_p95": 836.1612692791969,
  "summary_gm_stdv": 63.90666020476111,
  "summary_wm_k": 0.21189174557933121,
  "summary_wm_mad": 39.21909575533912,
  "summary_wm_mean": 999.3872351712661,
  "summary_wm_median": 999.9774259701371,
  "summary_wm_n": 255972.0,
  "summary_wm_p05": 932.413212172687,
  "summary_wm_p95": 1064.1814702562988,
  "summary_wm_stdv": 40.139621638715205,
  "tpm_overlap_csf": 0.1556328457931286,
  "tpm_overlap_gm": 0.44107507832848714,
  "tpm_overlap_wm": 0.5086648133908341,
  "wm2max": 0.8166921321975238
}